{
  "aor": 0.003452513227513227,
  "aqi": 0.007762403359788359,
  "bids_meta": {
    "AcquisitionMatrixPE": 90,
    "AcquisitionNumber": 1,
    "AcquisitionTime": "15:03:17.550000",
    "BandwidthPerPixelPhaseEncode": 21.786,
    "BaseResolution": 90,
    "BodyPartExamined": "BRAIN",
    "ConsistencyInfo": "N4_VE11C_LATEST_20160120",
    "ConversionSoftware": "dcm2niix",
    "ConversionSoftwareVersion": "v1.0.20190902",
    "Dcm2bidsVersion": "2.1.4",
    "DerivedVendorReportedEchoSpacing": 0.000510012,
    "DeviceSerialNumber": "166095",
    "DwellTime": 2e-06,
    "EchoTime": 0.03,
    "EchoTrainLength": 90,
    "EffectiveEchoSpacing": 0.000510012,
    "FlipAngle": 52,
    "ImageComments": "SMS_ABCD_V1.2;_MB=6;_FOVshift=3;_K_PE=5;_K_RO=5;_LeakBlockOn;",
    "ImageOrientationPatientDICOM": [
      1,
      0,
      0,
      0,
      1,
      0
    ],
    "ImageType": [
      "ORIGINAL",
      "PRIMARY",
      "M",
      "ND",
      "MOSAIC"
    ],
    "ImagingFrequency": 123.261,
    "InPlanePhaseEncodingDirectionDICOM": "COL",
    "InstitutionAddress": "Hillhouse_Ave._10_New_Haven_Northeast_US_06519",
    "InstitutionName": "Yale_University_-_Dunham_Lab._Bldg.",
    "InstitutionalDepartmentName": "Department",
    "MRAcquisitionType": "2D",
    "MagneticFieldStrength": 3,
    "Manufacturer": "Siemens",
    "ManufacturersModelName": "Prisma",
    "Modality": "MR",
    "MultibandAccelerationFactor": 6,
    "PartialFourier": 1,
    "PatientPosition": "HFS",
    "PercentPhaseFOV": 100,
    "PhaseEncodingAxis": "j",
    "PhaseEncodingDirection": "j",
    "PhaseEncodingSteps": 90,
    "PhaseResolution": 1,
    "PixelBandwidth": 2780,
    "ProcedureStepDescription": "ABCDadult",
    "ProtocolName": "ABCD_fMRI_rest",
    "PulseSequenceDetails": "%CustomerSeq%_ep2d_bold_sms_abcd",
    "ReceiveCoilActiveElements": "HEA;HEP",
    "ReceiveCoilName": "Head_32",
    "ReconMatrixPE": 90,
    "RefLinesPE": 22,
    "RepetitionTime": 0.8,
    "SAR": 0.0542265,
    "ScanOptions": "FS_CT",
    "ScanningSequence": "EP",
    "SequenceName": "epfid2d1_90",
    "SequenceVariant": "SK",
    "SeriesDescription": "ABCD_fMRI_rest",
    "SeriesNumber": 10,
    "ShimSetting": [
      -2121,
      -659,
      -4053,
      533,
      96,
      -180,
      -6,
      91
    ],
    "SliceThickness": 2.4,
    "SliceTiming": [
      0.545,
      0,
      0.39,
      0.0775,
      0.4675,
      0.235,
      0.625,
      0.3125,
      0.7025,
      0.155,
      0.545,
      0,
      0.39,
      0.0775,
      0.4675,
      0.235,
      0.625,
      0.3125,
      0.7025,
      0.155,
      0.545,
      0,
      0.39,
      0.0775,
      0.4675,
      0.235,
      0.625,
      0.3125,
      0.7025,
      0.155,
      0.545,
      0,
      0.39,
      0.0775,
      0.4675,
      0.235,
      0.625,
      0.3125,
      0.7025,
      0.155,
      0.545,
      0,
      0.39,
      0.0775,
      0.4675,
      0.235,
      0.625,
      0.3125,
      0.7025,
      0.155,
      0.545,
      0,
      0.39,
      0.0775,
      0.4675,
      0.235,
      0.625,
      0.3125,
      0.7025,
      0.155
    ],
    "SoftwareVersions": "syngo_MR_E11",
    "SpacingBetweenSlices": 2.4,
    "StationName": "AWP166095",
    "TotalReadoutTime": 0.045391,
    "TxRefAmp": 218.324,
    "WipMemBlock": "3d48ff1b-d229-4011-b9e4-c1ef989c402b",
    "dataset": "ds004097",
    "modality": "bold",
    "run_id": 2,
    "session_id": "03",
    "subject_id": "NDARTR918TJX",
    "task_id": "rest"
  },
  "dummy_trs": 5,
  "dvars_nstd": 31.18721940236075,
  "dvars_std": 1.0909744915915118,
  "dvars_vstd": 1.004172883448275,
  "efc": 0.4777004750720254,
  "fber": 1182.3416748046875,
  "fd_mean": 0.15280919278062538,
  "fd_num": 99,
  "fd_perc": 26.19047619047619,
  "fwhm_avg": 3.039115157014191,
  "fwhm_x": 2.9106748843401715,
  "fwhm_y": 3.0932623770847965,
  "fwhm_z": 3.1134082096176066,
  "gcor": 0.0145432,
  "gsr_x": -0.02483624592423439,
  "gsr_y": 0.07685721665620804,
  "provenance": {
    "md5sum": "c9bd7d48bf7c016a1e17aecafaa7584d",
    "settings": {
      "fd_thres": 0.2,
      "testing": false
    },
    "software": "mriqc",
    "version": "23.0.1",
    "webapi_port": null,
    "webapi_url": "https://mriqc.nimh.nih.gov/api/v1"
  },
  "size_t": 378,
  "size_x": 90,
  "size_y": 90,
  "size_z": 60,
  "snr": 2.5701080378396433,
  "spacing_tr": 0.800000011920929,
  "spacing_x": 2.4000000953674316,
  "spacing_y": 2.4000000953674316,
  "spacing_z": 2.4000000953674316,
  "summary_bg_k": 34.69968379341245,
  "summary_bg_mad": 4.816496810538449,
  "summary_bg_mean": 21.76852798461914,
  "summary_bg_median": 8.957672119140625,
  "summary_bg_n": 344556.0,
  "summary_bg_p05": 5.423280239105225,
  "summary_bg_p95": 87.45237731933594,
  "summary_bg_stdv": 36.9418830871582,
  "summary_fg_k": 0.7268778041640171,
  "summary_fg_mad": 114.07015143944245,
  "summary_fg_mean": 328.1358337402344,
  "summary_fg_median": 306.1587219238281,
  "summary_fg_n": 73163.0,
  "summary_fg_p05": 172.44734802246094,
  "summary_fg_p95": 551.9388793945312,
  "summary_fg_stdv": 119.12208557128906,
  "tsnr": 37.003839059732854
}