{
  "bids_meta": {
    "AcquisitionMatrixPE": 256,
    "AcquisitionNumber": 1,
    "AcquisitionTime": "12:30:25.730000",
    "BaseResolution": 256,
    "BodyPartExamined": "BRAIN",
    "ConsistencyInfo": "N4_VE11C_LATEST_20160120",
    "ConversionSoftware": "dcm2niix",
    "ConversionSoftwareVersion": "v1.0.20190902",
    "Dcm2bidsVersion": "2.1.4",
    "DeviceSerialNumber": "166095",
    "DwellTime": 0.000510012,
    "EchoTime": 0.0029,
    "FlipAngle": 8,
    "ImageOrientationPatientDICOM": [
      0,
      1,
      0,
      -0.0836778,
      0,
      -0.996493
    ],
    "ImageType": [
      "ORIGINAL",
      "PRIMARY",
      "M",
      "ND"
    ],
    "ImagingFrequency": 123.261,
    "InPlanePhaseEncodingDirectionDICOM": "ROW",
    "InstitutionAddress": "Hillhouse_Ave._10_New_Haven_Northeast_US_06519",
    "InstitutionName": "Yale_University_-_Dunham_Lab._Bldg.",
    "InstitutionalDepartmentName": "Department",
    "InversionTime": 1.07,
    "MRAcquisitionType": "3D",
    "MagneticFieldStrength": 3,
    "Manufacturer": "Siemens",
    "ManufacturersModelName": "Prisma",
    "Modality": "MR",
    "ParallelReductionFactorInPlane": 2,
    "PartialFourier": 1,
    "PatientPosition": "HFS",
    "PercentPhaseFOV": 100,
    "PhaseEncodingSteps": 255,
    "PhaseResolution": 1,
    "PixelBandwidth": 240,
    "ProcedureStepDescription": "ABCDadult",
    "ProtocolName": "ABCD_T1w_MPR_vNav",
    "PulseSequenceDetails": "%CustomerSeq%_tfl_mgh_epinav_ABCD",
    "ReceiveCoilActiveElements": "HEA;HEP",
    "ReceiveCoilName": "Head_32",
    "ReconMatrixPE": 256,
    "RefLinesPE": 32,
    "RepetitionTime": 2.5,
    "SAR": 0.0328241,
    "ScanOptions": "IR_WE",
    "ScanningSequence": "GR_IR",
    "SequenceName": "tfl3d1_16ns",
    "SequenceVariant": "SK_SP_MP",
    "SeriesDescription": "ABCD_T1w_MPR_vNav",
    "SeriesNumber": 4,
    "ShimSetting": [
      -2128,
      -696,
      -4011,
      572,
      -57,
      -52,
      68,
      49
    ],
    "SliceThickness": 1,
    "SoftwareVersions": "syngo_MR_E11",
    "StationName": "AWP166095",
    "TxRefAmp": 219.191,
    "WipMemBlock": "Prisma_epi_moco_navigator_ABCD_tfl.prot",
    "dataset": "ds004097",
    "modality": "T1w",
    "session_id": "04",
    "subject_id": "NDARUD216XXV"
  },
  "cjv": 0.3285474108672434,
  "cnr": 3.870289692268642,
  "efc": 0.535860284531215,
  "fber": 28300.608876782568,
  "fwhm_avg": 3.8053466666666664,
  "fwhm_x": 3.96974,
  "fwhm_y": 3.86812,
  "fwhm_z": 3.57818,
  "icvs_csf": 0.2543942925841886,
  "icvs_gm": 0.42823265661768584,
  "icvs_wm": 0.31737305079812556,
  "inu_med": 0.4582640081644058,
  "inu_range": 0.11935807317495345,
  "provenance": {
    "md5sum": "0c86239c83ef562689173874311f7526",
    "settings": {
      "testing": false
    },
    "software": "mriqc",
    "version": "23.0.1",
    "warnings": {
      "large_rot_frame": true,
      "small_air_mask": false
    },
    "webapi_port": null,
    "webapi_url": "https://mriqc.nimh.nih.gov/api/v1"
  },
  "qi_1": 0.0,
  "qi_2": 0.0019041729408715,
  "rpve_csf": 24.730222296982557,
  "rpve_gm": 14.51512121651567,
  "rpve_wm": 22.41561832887045,
  "size_x": 176,
  "size_y": 256,
  "size_z": 256,
  "snr_csf": 1.7560351045696165,
  "snr_gm": 10.033067340666085,
  "snr_total": 13.475278713298936,
  "snr_wm": 28.63673369466111,
  "snrd_csf": 21.888734182593094,
  "snrd_gm": 80.70440596647035,
  "snrd_total": 72.74113791142507,
  "snrd_wm": 115.6302735852118,
  "spacing_x": 1.0,
  "spacing_y": 1.0,
  "spacing_z": 1.0,
  "summary_bg_k": 8.591896471241443,
  "summary_bg_mad": 0.0,
  "summary_bg_mean": 3.7414324201773383,
  "summary_bg_median": 0.0,
  "summary_bg_n": 2257603.0,
  "summary_bg_p05": 0.0,
  "summary_bg_p95": 15.07668791897595,
  "summary_bg_stdv": 5.6655584794298735,
  "summary_csf_k": 0.5587455452455727,
  "summary_csf_mad": 91.31581700959467,
  "summary_csf_mean": 214.14925123006728,
  "summary_csf_median": 189.29173154197633,
  "summary_csf_n": 52745.0,
  "summary_csf_p05": 73.54051023274661,
  "summary_csf_p95": 429.4306470535695,
  "summary_csf_stdv": 107.7939368275647,
  "summary_gm_k": 0.20751737045213048,
  "summary_gm_mad": 66.13551023315493,
  "summary_gm_mean": 698.1020690402203,
  "summary_gm_median": 697.9241751041263,
  "summary_gm_n": 28779.0,
  "summary_gm_p05": 581.2053155023605,
  "summary_gm_p95": 814.1230796897784,
  "summary_gm_stdv": 69.56118460296679,
  "summary_wm_k": 0.4927240678381444,
  "summary_wm_mad": 33.09751907257799,
  "summary_wm_mean": 998.7963581868501,
  "summary_wm_median": 999.9598205648363,
  "summary_wm_n": 159262.0,
  "summary_wm_p05": 939.5526914726943,
  "summary_wm_p95": 1053.7621156685054,
  "summary_wm_stdv": 34.918670958330075,
  "tpm_overlap_csf": 0.1368946997339625,
  "tpm_overlap_gm": 0.46913128772514523,
  "tpm_overlap_wm": 0.4990193611455584,
  "wm2max": 0.9060180031288401
}