{
  "bids_meta": {
    "AcquisitionMatrixPE": 256,
    "AcquisitionNumber": 1,
    "AcquisitionTime": "13:00:6.827500",
    "BaseResolution": 256,
    "BodyPartExamined": "BRAIN",
    "ConsistencyInfo": "N4_VE11C_LATEST_20160120",
    "ConversionSoftware": "dcm2niix",
    "ConversionSoftwareVersion": "v1.0.20190902",
    "Dcm2bidsVersion": "2.1.4",
    "DeviceSerialNumber": "166095",
    "DwellTime": 0.000510012,
    "EchoTime": 0.565,
    "EchoTrainLength": 190,
    "FlipAngle": 120,
    "ImageOrientationPatientDICOM": [
      0,
      1,
      0,
      -0.0836778,
      0,
      -0.996493
    ],
    "ImageType": [
      "ORIGINAL",
      "PRIMARY",
      "M",
      "ND",
      "NORM"
    ],
    "ImagingFrequency": 123.261,
    "InPlanePhaseEncodingDirectionDICOM": "ROW",
    "InstitutionAddress": "Hillhouse_Ave._10_New_Haven_Northeast_US_06519",
    "InstitutionName": "Yale_University_-_Dunham_Lab._Bldg.",
    "InstitutionalDepartmentName": "Department",
    "MRAcquisitionType": "3D",
    "MagneticFieldStrength": 3,
    "Manufacturer": "Siemens",
    "ManufacturersModelName": "Prisma",
    "Modality": "MR",
    "ParallelReductionFactorInPlane": 2,
    "PartialFourier": 1,
    "PatientPosition": "HFS",
    "PercentPhaseFOV": 100,
    "PhaseEncodingSteps": 227,
    "PhaseResolution": 1,
    "PixelBandwidth": 240,
    "ProcedureStepDescription": "ABCDadult",
    "ProtocolName": "ABCD_T2w_SPC_vNav",
    "PulseSequenceDetails": "%CustomerSeq%_tse_vfl_mgh_epinav_ABCD",
    "ReceiveCoilActiveElements": "HEA;HEP",
    "ReceiveCoilName": "Head_32",
    "ReconMatrixPE": 256,
    "RefLinesPE": 32,
    "RepetitionTime": 3.2,
    "SAR": 0.0719367,
    "ScanOptions": "PFP",
    "ScanningSequence": "SE",
    "SequenceName": "spc_200ns",
    "SequenceVariant": "SK_SP",
    "SeriesDescription": "ABCD_T2w_SPC_vNav",
    "SeriesNumber": 18,
    "ShimSetting": [
      -2128,
      -696,
      -4011,
      572,
      -57,
      -52,
      68,
      49
    ],
    "SliceThickness": 1,
    "SoftwareVersions": "syngo_MR_E11",
    "StationName": "AWP166095",
    "TxRefAmp": 219.191,
    "WipMemBlock": "Prisma_epi_moco_navigator_ABCD_tse_vfl.prot",
    "dataset": "ds004097",
    "modality": "T2w",
    "session_id": "04",
    "subject_id": "NDARUD216XXV"
  },
  "cjv": 0.3307611321420147,
  "cnr": 0.9217004248239224,
  "efc": 0.48569556591184637,
  "fber": 2324.470801267542,
  "fwhm_avg": 3.2490099999999997,
  "fwhm_x": 3.29873,
  "fwhm_y": 3.34061,
  "fwhm_z": 3.10769,
  "icvs_csf": 0.3544930949181791,
  "icvs_gm": 0.5578422176907437,
  "icvs_wm": 0.0876646873910772,
  "inu_med": 0.7927507758140564,
  "inu_range": 0.593617343902588,
  "provenance": {
    "md5sum": "da223e488e86d2c9aa4fd478502c225b",
    "settings": {
      "testing": false
    },
    "software": "mriqc",
    "version": "23.0.1",
    "warnings": {
      "large_rot_frame": true,
      "small_air_mask": false
    },
    "webapi_port": null,
    "webapi_url": "https://mriqc.nimh.nih.gov/api/v1"
  },
  "qi_1": 0.0,
  "qi_2": 0.002955076429196642,
  "rpve_csf": 15.639425036679784,
  "rpve_gm": 12.176839971691921,
  "rpve_wm": 76.70232372328384,
  "size_x": 176,
  "size_y": 256,
  "size_z": 256,
  "snr_csf": 6.307867492444856,
  "snr_gm": 9.998159867301453,
  "snr_total": 5.508194623609346,
  "snr_wm": 0.21855651108173021,
  "snrd_csf": 49.63864931366787,
  "snrd_gm": 24.383237054142498,
  "snrd_total": 26.223208002375472,
  "snrd_wm": 4.647737639316051,
  "spacing_x": 1.0,
  "spacing_y": 1.0,
  "spacing_z": 1.0,
  "summary_bg_k": 1.2513956740268268,
  "summary_bg_mad": 140.9361624319934,
  "summary_bg_mean": 124.19306261938455,
  "summary_bg_median": 95.05999699234962,
  "summary_bg_n": 2272051.0,
  "summary_bg_p05": 0.0,
  "summary_bg_p95": 372.4481849372387,
  "summary_bg_stdv": 123.70418072844512,
  "summary_csf_k": -0.7037486733066616,
  "summary_csf_mad": 1833.0942831728453,
  "summary_csf_mean": 10320.793294243857,
  "summary_csf_median": 10678.51021951437,
  "summary_csf_n": 57931.0,
  "summary_csf_p05": 7513.947336032987,
  "summary_csf_p95": 12514.72652207315,
  "summary_csf_stdv": 1692.8729188015539,
  "summary_gm_k": 0.9991286250729257,
  "summary_gm_mad": 474.1000087056565,
  "summary_gm_mean": 5306.539309322241,
  "summary_gm_median": 5245.441801249981,
  "summary_gm_n": 222648.0,
  "summary_gm_p05": 4561.633167147636,
  "summary_gm_p95": 6280.5049160420895,
  "summary_gm_stdv": 524.6395427940203,
  "summary_wm_k": 1.9254659811538053,
  "summary_wm_mad": 930.1786720511565,
  "summary_wm_mean": 2975.21260444841,
  "summary_wm_median": 999.8441650867462,
  "summary_wm_n": 15937.0,
  "summary_wm_p05": 170.79632246494293,
  "summary_wm_p95": 14381.486692517994,
  "summary_wm_stdv": 4574.6191271170965,
  "tpm_overlap_csf": 0.13317585988914718,
  "tpm_overlap_gm": 0.3746226306256352,
  "tpm_overlap_wm": 0.015847059081816044,
  "wm2max": 0.07167113494191242
}