{
  "aor": 0.0005844197530864198,
  "aqi": 0.005278338962962963,
  "bids_meta": {
    "AcquisitionMatrixPE": 90,
    "AcquisitionNumber": 1,
    "AcquisitionTime": "16:20:43.185000",
    "BandwidthPerPixelPhaseEncode": 21.786,
    "BaseResolution": 90,
    "BodyPartExamined": "BRAIN",
    "ConsistencyInfo": "N4_VE11C_LATEST_20160120",
    "ConversionSoftware": "dcm2niix",
    "ConversionSoftwareVersion": "v1.0.20190902",
    "Dcm2bidsVersion": "2.1.4",
    "DerivedVendorReportedEchoSpacing": 0.000510012,
    "DeviceSerialNumber": "166095",
    "DwellTime": 2e-06,
    "EchoTime": 0.03,
    "EchoTrainLength": 90,
    "EffectiveEchoSpacing": 0.000510012,
    "FlipAngle": 52,
    "ImageComments": "SMS_ABCD_V1.2;_MB=6;_FOVshift=3;_K_PE=5;_K_RO=5;_LeakBlockOn;",
    "ImageOrientationPatientDICOM": [
      1,
      0,
      0,
      0,
      1,
      0
    ],
    "ImageType": [
      "ORIGINAL",
      "PRIMARY",
      "M",
      "ND",
      "MOSAIC"
    ],
    "ImagingFrequency": 123.261,
    "InPlanePhaseEncodingDirectionDICOM": "COL",
    "InstitutionAddress": "Hillhouse_Ave._10_New_Haven_Northeast_US_06519",
    "InstitutionName": "Yale_University_-_Dunham_Lab._Bldg.",
    "InstitutionalDepartmentName": "Department",
    "MRAcquisitionType": "2D",
    "MagneticFieldStrength": 3,
    "Manufacturer": "Siemens",
    "ManufacturersModelName": "Prisma",
    "Modality": "MR",
    "MultibandAccelerationFactor": 6,
    "PartialFourier": 1,
    "PatientPosition": "HFS",
    "PercentPhaseFOV": 100,
    "PhaseEncodingAxis": "j",
    "PhaseEncodingDirection": "j",
    "PhaseEncodingSteps": 90,
    "PhaseResolution": 1,
    "PixelBandwidth": 2780,
    "ProcedureStepDescription": "ABCDadult",
    "ProtocolName": "ABCD_fMRI_task_Monetary_Incentive",
    "PulseSequenceDetails": "%CustomerSeq%_ep2d_bold_sms_abcd",
    "ReceiveCoilActiveElements": "HEA;HEP",
    "ReceiveCoilName": "Head_32",
    "ReconMatrixPE": 90,
    "RefLinesPE": 22,
    "RepetitionTime": 0.8,
    "SAR": 0.0680666,
    "ScanOptions": "FS_CT",
    "ScanningSequence": "EP",
    "SequenceName": "epfid2d1_90",
    "SequenceVariant": "SK",
    "SeriesDescription": "ABCD_fMRI_task_Monetary_Incentive",
    "SeriesNumber": 41,
    "ShimSetting": [
      -2110,
      -648,
      -3934,
      543,
      50,
      -57,
      -36,
      58
    ],
    "SliceThickness": 2.4,
    "SliceTiming": [
      0.5475,
      0,
      0.39,
      0.0775,
      0.4675,
      0.235,
      0.625,
      0.3125,
      0.7025,
      0.1575,
      0.5475,
      0,
      0.39,
      0.0775,
      0.4675,
      0.235,
      0.625,
      0.3125,
      0.7025,
      0.1575,
      0.5475,
      0,
      0.39,
      0.0775,
      0.4675,
      0.235,
      0.625,
      0.3125,
      0.7025,
      0.1575,
      0.5475,
      0,
      0.39,
      0.0775,
      0.4675,
      0.235,
      0.625,
      0.3125,
      0.7025,
      0.1575,
      0.5475,
      0,
      0.39,
      0.0775,
      0.4675,
      0.235,
      0.625,
      0.3125,
      0.7025,
      0.1575,
      0.5475,
      0,
      0.39,
      0.0775,
      0.4675,
      0.235,
      0.625,
      0.3125,
      0.7025,
      0.1575
    ],
    "SoftwareVersions": "syngo_MR_E11",
    "SpacingBetweenSlices": 2.4,
    "StationName": "AWP166095",
    "TotalReadoutTime": 0.045391,
    "TxRefAmp": 239.431,
    "WipMemBlock": "d7e0e783-52cc-4969-a0ab-bcda32d513c6",
    "dataset": "ds004097",
    "modality": "bold",
    "run_id": 2,
    "session_id": "05",
    "subject_id": "NDARTR918TJX",
    "task_id": "MID"
  },
  "dummy_trs": 6,
  "dvars_nstd": 30.968392848886158,
  "dvars_std": 1.0315551192079206,
  "dvars_vstd": 0.9968909860148525,
  "efc": 0.47149343211209527,
  "fber": 1308.8585205078125,
  "fd_mean": 0.12248533967708766,
  "fd_num": 32,
  "fd_perc": 7.901234567901234,
  "fwhm_avg": 2.8846859964839884,
  "fwhm_x": 2.7740748897681677,
  "fwhm_y": 2.819895721280745,
  "fwhm_z": 3.0600873784030527,
  "gcor": 0.0055152,
  "gsr_x": -0.010846670717000961,
  "gsr_y": 0.07050110399723053,
  "provenance": {
    "md5sum": "9c92f9f04f23135ef2bc5ba00ccf0040",
    "settings": {
      "fd_thres": 0.2,
      "testing": false
    },
    "software": "mriqc",
    "version": "23.0.1",
    "webapi_port": null,
    "webapi_url": "https://mriqc.nimh.nih.gov/api/v1"
  },
  "size_t": 405,
  "size_x": 90,
  "size_y": 90,
  "size_z": 60,
  "snr": 2.760671894489703,
  "spacing_tr": 0.800000011920929,
  "spacing_x": 2.4000000953674316,
  "spacing_y": 2.4000000953674316,
  "spacing_z": 2.4000000953674316,
  "summary_bg_k": 37.21774841381333,
  "summary_bg_mad": 2.5332364286094617,
  "summary_bg_mean": 15.848152160644531,
  "summary_bg_median": 6.972839832305908,
  "summary_bg_n": 346833.0,
  "summary_bg_p05": 5.093827247619629,
  "summary_bg_p95": 57.25333633422817,
  "summary_bg_stdv": 27.088272094726562,
  "summary_fg_k": 2.1918669309165058,
  "summary_fg_mad": 73.6688677103753,
  "summary_fg_mean": 270.8003234863281,
  "summary_fg_median": 251.35308837890625,
  "summary_fg_n": 71400.0,
  "summary_fg_p05": 157.5924819946289,
  "summary_fg_p95": 448.5111389160156,
  "summary_fg_stdv": 91.04715728759766,
  "tsnr": 43.67306847963482
}