{
  "bids_meta": {
    "AcquisitionMatrixPE": 256,
    "AcquisitionNumber": 1,
    "AcquisitionTime": "12:55:23.345000",
    "BaseResolution": 256,
    "BodyPartExamined": "BRAIN",
    "ConsistencyInfo": "N4_VE11C_LATEST_20160120",
    "ConversionSoftware": "dcm2niix",
    "ConversionSoftwareVersion": "v1.0.20190902",
    "Dcm2bidsVersion": "2.1.4",
    "DeviceSerialNumber": "166095",
    "DwellTime": 0.000510012,
    "EchoTime": 0.565,
    "EchoTrainLength": 190,
    "FlipAngle": 120,
    "ImageOrientationPatientDICOM": [
      0.0384723,
      0.99926,
      3.39259e-08,
      -0.066176,
      0.00254786,
      -0.997805
    ],
    "ImageType": [
      "ORIGINAL",
      "PRIMARY",
      "M",
      "ND",
      "NORM"
    ],
    "ImagingFrequency": 123.261,
    "InPlanePhaseEncodingDirectionDICOM": "ROW",
    "InstitutionAddress": "Hillhouse_Ave._10_New_Haven_Northeast_US_06519",
    "InstitutionName": "Yale_University_-_Dunham_Lab._Bldg.",
    "InstitutionalDepartmentName": "Department",
    "MRAcquisitionType": "3D",
    "MagneticFieldStrength": 3,
    "Manufacturer": "Siemens",
    "ManufacturersModelName": "Prisma",
    "Modality": "MR",
    "ParallelReductionFactorInPlane": 2,
    "PartialFourier": 1,
    "PatientPosition": "HFS",
    "PercentPhaseFOV": 100,
    "PhaseEncodingSteps": 227,
    "PhaseResolution": 1,
    "PixelBandwidth": 240,
    "ProcedureStepDescription": "ABCDadult",
    "ProtocolName": "ABCD_T2w_SPC_vNav",
    "PulseSequenceDetails": "%CustomerSeq%_tse_vfl_mgh_epinav_ABCD",
    "ReceiveCoilActiveElements": "HEA;HEP",
    "ReceiveCoilName": "Head_32",
    "ReconMatrixPE": 256,
    "RefLinesPE": 32,
    "RepetitionTime": 3.2,
    "SAR": 0.06852,
    "ScanOptions": "PFP",
    "ScanningSequence": "SE",
    "SequenceName": "spc_200ns",
    "SequenceVariant": "SK_SP",
    "SeriesDescription": "ABCD_T2w_SPC_vNav",
    "SeriesNumber": 18,
    "ShimSetting": [
      -2138,
      -666,
      -4110,
      381,
      28,
      -268,
      -14,
      134
    ],
    "SliceThickness": 1,
    "SoftwareVersions": "syngo_MR_E11",
    "StationName": "AWP166095",
    "TxRefAmp": 236.214,
    "WipMemBlock": "Prisma_epi_moco_navigator_ABCD_tse_vfl.prot",
    "dataset": "ds004097",
    "modality": "T2w",
    "session_id": "02",
    "subject_id": "NDARNC943BP8"
  },
  "cjv": 0.8101997480424146,
  "cnr": 0.6057460456575664,
  "efc": 0.5706755261894797,
  "fber": 3061.017229366682,
  "fwhm_avg": 3.7230066666666666,
  "fwhm_x": 3.59821,
  "fwhm_y": 4.05482,
  "fwhm_z": 3.51599,
  "icvs_csf": 0.46485767061997296,
  "icvs_gm": 0.39542522626968485,
  "icvs_wm": 0.13971710311034222,
  "inu_med": 1.0202338695526123,
  "inu_range": 1.1428541839122772,
  "provenance": {
    "md5sum": "ff180e4d22fcbdfce3220c32f9ec5e63",
    "settings": {
      "testing": false
    },
    "software": "mriqc",
    "version": "23.0.1",
    "warnings": {
      "large_rot_frame": true,
      "small_air_mask": false
    },
    "webapi_port": null,
    "webapi_url": "https://mriqc.nimh.nih.gov/api/v1"
  },
  "qi_1": 0.007428624757778598,
  "qi_2": 0.0015971429456812525,
  "rpve_csf": 12.715608079665197,
  "rpve_gm": 15.240059931004698,
  "rpve_wm": 42.62690398577567,
  "size_x": 176,
  "size_y": 256,
  "size_z": 256,
  "snr_csf": 12.37990246591709,
  "snr_gm": 12.254994384229146,
  "snr_total": 8.327327221212956,
  "snr_wm": 0.3470848134926308,
  "snrd_csf": 66.24099150579337,
  "snrd_gm": 42.669306598478535,
  "snrd_total": 41.47346130675419,
  "snrd_wm": 15.510085815990644,
  "spacing_x": 1.0,
  "spacing_y": 1.0,
  "spacing_z": 1.0,
  "summary_bg_k": 20.09664072328554,
  "summary_bg_mad": 42.745537777169986,
  "summary_bg_mean": 48.908993192237475,
  "summary_bg_median": 28.831427097320557,
  "summary_bg_n": 2727246.0,
  "summary_bg_p05": 0.0,
  "summary_bg_p95": 173.34895542263985,
  "summary_bg_stdv": 74.7626392012828,
  "summary_csf_k": 0.18998834989136792,
  "summary_csf_mad": 339.5598657173941,
  "summary_csf_mean": 4330.736997233071,
  "summary_csf_median": 4322.01111830771,
  "summary_csf_n": 111195.0,
  "summary_csf_p05": 3776.0159676522017,
  "summary_csf_p95": 4925.128533899784,
  "summary_csf_stdv": 349.1135488171852,
  "summary_gm_k": -0.10322630057725268,
  "summary_gm_mad": 231.89454244114717,
  "summary_gm_mean": 2785.183362493192,
  "summary_gm_median": 2784.0346790850163,
  "summary_gm_n": 211602.0,
  "summary_gm_p05": 2414.10043996349,
  "summary_gm_p95": 3159.3838206082582,
  "summary_gm_stdv": 227.17497971197076,
  "summary_wm_k": -1.1950445708623891,
  "summary_wm_mad": 1203.8212076495497,
  "summary_wm_mean": 2759.776630955936,
  "summary_wm_median": 1011.9830911159515,
  "summary_wm_n": 26934.0,
  "summary_wm_p05": 136.22849303483963,
  "summary_wm_p95": 7775.844897968322,
  "summary_wm_stdv": 2915.6110127914267,
  "tpm_overlap_csf": 0.10842479189644938,
  "tpm_overlap_gm": 0.2385422071783121,
  "tpm_overlap_wm": 0.021841107809266284,
  "wm2max": 0.13209766194665287
}