{
  "bids_meta": {
    "AcquisitionMatrixPE": 256,
    "AcquisitionNumber": 1,
    "AcquisitionTime": "13:03:45.355000",
    "BaseResolution": 256,
    "BodyPartExamined": "BRAIN",
    "ConsistencyInfo": "N4_VE11C_LATEST_20160120",
    "ConversionSoftware": "dcm2niix",
    "ConversionSoftwareVersion": "v1.0.20190902",
    "Dcm2bidsVersion": "2.1.4",
    "DeviceSerialNumber": "166095",
    "DwellTime": 0.000510012,
    "EchoTime": 0.565,
    "EchoTrainLength": 190,
    "FlipAngle": 120,
    "ImageOrientationPatientDICOM": [
      0,
      1,
      0,
      -0.0174524,
      0,
      -0.999848
    ],
    "ImageType": [
      "ORIGINAL",
      "PRIMARY",
      "M",
      "ND",
      "NORM"
    ],
    "ImagingFrequency": 123.261,
    "InPlanePhaseEncodingDirectionDICOM": "ROW",
    "InstitutionAddress": "Hillhouse_Ave._10_New_Haven_Northeast_US_06519",
    "InstitutionName": "Yale_University_-_Dunham_Lab._Bldg.",
    "InstitutionalDepartmentName": "Department",
    "MRAcquisitionType": "3D",
    "MagneticFieldStrength": 3,
    "Manufacturer": "Siemens",
    "ManufacturersModelName": "Prisma",
    "Modality": "MR",
    "ParallelReductionFactorInPlane": 2,
    "PartialFourier": 1,
    "PatientPosition": "HFS",
    "PercentPhaseFOV": 100,
    "PhaseEncodingSteps": 227,
    "PhaseResolution": 1,
    "PixelBandwidth": 240,
    "ProcedureStepDescription": "ABCDadult",
    "ProtocolName": "ABCD_T2w_SPC_vNav",
    "PulseSequenceDetails": "%CustomerSeq%_tse_vfl_mgh_epinav_ABCD",
    "ReceiveCoilActiveElements": "HEA;HEP",
    "ReceiveCoilName": "Head_32",
    "ReconMatrixPE": 256,
    "RefLinesPE": 32,
    "RepetitionTime": 3.2,
    "SAR": 0.0779047,
    "ScanOptions": "PFP",
    "ScanningSequence": "SE",
    "SequenceName": "spc_200ns",
    "SequenceVariant": "SK_SP",
    "SeriesDescription": "ABCD_T2w_SPC_vNav",
    "SeriesNumber": 18,
    "ShimSetting": [
      -2136,
      -711,
      -4029,
      407,
      -72,
      -199,
      80,
      93
    ],
    "SliceThickness": 1,
    "SoftwareVersions": "syngo_MR_E11",
    "StationName": "AWP166095",
    "TxRefAmp": 247.004,
    "WipMemBlock": "Prisma_epi_moco_navigator_ABCD_tse_vfl.prot",
    "dataset": "ds004097",
    "modality": "T2w",
    "session_id": "01",
    "subject_id": "NDARMC914MYN"
  },
  "cjv": 0.7774256326122962,
  "cnr": 0.5507359818618501,
  "efc": 0.5646062145598378,
  "fber": 1585.9388885216765,
  "fwhm_avg": 3.6422466666666664,
  "fwhm_x": 3.60091,
  "fwhm_y": 3.89742,
  "fwhm_z": 3.42841,
  "icvs_csf": 0.4826780259232154,
  "icvs_gm": 0.3943408359772154,
  "icvs_wm": 0.12298113809956918,
  "inu_med": 0.8269723951816559,
  "inu_range": 0.8069419860839844,
  "provenance": {
    "md5sum": "4767193c58b07e1aa2169b84e5a9201a",
    "settings": {
      "testing": false
    },
    "software": "mriqc",
    "version": "23.0.1",
    "warnings": {
      "large_rot_frame": true,
      "small_air_mask": false
    },
    "webapi_port": null,
    "webapi_url": "https://mriqc.nimh.nih.gov/api/v1"
  },
  "qi_1": 0.0,
  "qi_2": 0.0014370762240578027,
  "rpve_csf": 11.54890110502782,
  "rpve_gm": 13.972211229451858,
  "rpve_wm": 45.854766724580394,
  "size_x": 176,
  "size_y": 256,
  "size_z": 256,
  "snr_csf": 8.42475974269458,
  "snr_gm": 11.457847289336051,
  "snr_total": 6.727824636292397,
  "snr_wm": 0.30086687684655916,
  "snrd_csf": 75.61105462686163,
  "snrd_gm": 46.325682083721766,
  "snrd_total": 46.09055679841024,
  "snrd_wm": 16.334933684647318,
  "spacing_x": 1.0,
  "spacing_y": 1.0,
  "spacing_z": 1.0,
  "summary_bg_k": 3.7785102067057457,
  "summary_bg_mad": 40.434605175964336,
  "summary_bg_mean": 58.738282335698415,
  "summary_bg_median": 27.272726744413376,
  "summary_bg_n": 2316800.0,
  "summary_bg_p05": 0.0,
  "summary_bg_p95": 213.5353493988514,
  "summary_bg_stdv": 75.46100960437123,
  "summary_csf_k": 0.054801466810516786,
  "summary_csf_mad": 484.915746517676,
  "summary_csf_mean": 4765.485078736423,
  "summary_csf_median": 4666.666576266289,
  "summary_csf_n": 141573.0,
  "summary_csf_p05": 4007.8787102401257,
  "summary_csf_p95": 5912.72715818882,
  "summary_csf_stdv": 553.920852021771,
  "summary_gm_k": 0.5187918621151821,
  "summary_gm_mad": 238.71392833513758,
  "summary_gm_mean": 2870.6934561301478,
  "summary_gm_median": 2859.1918638050556,
  "summary_gm_n": 194571.0,
  "summary_gm_p05": 2479.9999519586563,
  "summary_gm_p95": 3295.7575119137764,
  "summary_gm_stdv": 249.53941557862836,
  "summary_wm_k": -1.3482362700439456,
  "summary_wm_mad": 1200.3087425383487,
  "summary_wm_mean": 3109.971633405069,
  "summary_wm_median": 1008.1817986518145,
  "summary_wm_n": 22674.0,
  "summary_wm_p05": 124.4444420337677,
  "summary_wm_p95": 8602.29276265353,
  "summary_wm_stdv": 3350.849308710039,
  "tpm_overlap_csf": 0.1123373449457134,
  "tpm_overlap_gm": 0.2448309634953946,
  "tpm_overlap_wm": 0.024471070389499867,
  "wm2max": 0.1216018698008294
}