{
  "aor": 0.0009231278538812784,
  "aqi": 0.008308634520547946,
  "bids_meta": {
    "AcquisitionMatrixPE": 90,
    "AcquisitionNumber": 1,
    "AcquisitionTime": "15:26:24.482500",
    "BandwidthPerPixelPhaseEncode": 21.786,
    "BaseResolution": 90,
    "BodyPartExamined": "BRAIN",
    "ConsistencyInfo": "N4_VE11C_LATEST_20160120",
    "ConversionSoftware": "dcm2niix",
    "ConversionSoftwareVersion": "v1.0.20190902",
    "Dcm2bidsVersion": "2.1.4",
    "DerivedVendorReportedEchoSpacing": 0.000510012,
    "DeviceSerialNumber": "166095",
    "DwellTime": 2e-06,
    "EchoTime": 0.03,
    "EchoTrainLength": 90,
    "EffectiveEchoSpacing": 0.000510012,
    "FlipAngle": 52,
    "ImageComments": "SMS_ABCD_V1.2;_MB=6;_FOVshift=3;_K_PE=5;_K_RO=5;_LeakBlockOn;",
    "ImageOrientationPatientDICOM": [
      1,
      0,
      0,
      0,
      1,
      0
    ],
    "ImageType": [
      "ORIGINAL",
      "PRIMARY",
      "M",
      "ND",
      "MOSAIC"
    ],
    "ImagingFrequency": 123.261,
    "InPlanePhaseEncodingDirectionDICOM": "COL",
    "InstitutionAddress": "Hillhouse_Ave._10_New_Haven_Northeast_US_06519",
    "InstitutionName": "Yale_University_-_Dunham_Lab._Bldg.",
    "InstitutionalDepartmentName": "Department",
    "MRAcquisitionType": "2D",
    "MagneticFieldStrength": 3,
    "Manufacturer": "Siemens",
    "ManufacturersModelName": "Prisma",
    "Modality": "MR",
    "MultibandAccelerationFactor": 6,
    "PartialFourier": 1,
    "PatientPosition": "HFS",
    "PercentPhaseFOV": 100,
    "PhaseEncodingAxis": "j",
    "PhaseEncodingDirection": "j",
    "PhaseEncodingSteps": 90,
    "PhaseResolution": 1,
    "PixelBandwidth": 2780,
    "ProcedureStepDescription": "ABCDadult",
    "ProtocolName": "ABCD_fMRI_task_Stop",
    "PulseSequenceDetails": "%CustomerSeq%_ep2d_bold_sms_abcd",
    "ReceiveCoilActiveElements": "HEA;HEP",
    "ReceiveCoilName": "Head_32",
    "ReconMatrixPE": 90,
    "RefLinesPE": 22,
    "RepetitionTime": 0.8,
    "SAR": 0.0583482,
    "ScanOptions": "FS_CT",
    "ScanningSequence": "EP",
    "SequenceName": "epfid2d1_90",
    "SequenceVariant": "SK",
    "SeriesDescription": "ABCD_fMRI_task_Stop",
    "SeriesNumber": 27,
    "ShimSetting": [
      -2117,
      -616,
      -4031,
      537,
      25,
      -68,
      -121,
      43
    ],
    "SliceThickness": 2.4,
    "SliceTiming": [
      0.545,
      0,
      0.39,
      0.0775,
      0.4675,
      0.235,
      0.625,
      0.3125,
      0.7025,
      0.155,
      0.545,
      0,
      0.39,
      0.0775,
      0.4675,
      0.235,
      0.625,
      0.3125,
      0.7025,
      0.155,
      0.545,
      0,
      0.39,
      0.0775,
      0.4675,
      0.235,
      0.625,
      0.3125,
      0.7025,
      0.155,
      0.545,
      0,
      0.39,
      0.0775,
      0.4675,
      0.235,
      0.625,
      0.3125,
      0.7025,
      0.155,
      0.545,
      0,
      0.39,
      0.0775,
      0.4675,
      0.235,
      0.625,
      0.3125,
      0.7025,
      0.155,
      0.545,
      0,
      0.39,
      0.0775,
      0.4675,
      0.235,
      0.625,
      0.3125,
      0.7025,
      0.155
    ],
    "SoftwareVersions": "syngo_MR_E11",
    "SpacingBetweenSlices": 2.4,
    "StationName": "AWP166095",
    "TotalReadoutTime": 0.045391,
    "TxRefAmp": 221.685,
    "WipMemBlock": "e76bfbe2-19ae-4529-b624-948c2b6ff54e",
    "dataset": "ds004097",
    "modality": "bold",
    "run_id": 1,
    "session_id": "01",
    "subject_id": "NDARTR918TJX",
    "task_id": "SST"
  },
  "dummy_trs": 7,
  "dvars_nstd": 34.05480874524028,
  "dvars_std": 1.021880530732266,
  "dvars_vstd": 0.9766295093135002,
  "efc": 0.4802690062455957,
  "fber": 1111.331298828125,
  "fd_mean": 0.12751496319121966,
  "fd_num": 32,
  "fd_perc": 7.30593607305936,
  "fwhm_avg": 2.848347208792557,
  "fwhm_x": 2.711641558915712,
  "fwhm_y": 2.8209457212390214,
  "fwhm_z": 3.012454346222938,
  "gcor": 0.00643173,
  "gsr_x": -0.01677984930574894,
  "gsr_y": 0.06664177030324936,
  "provenance": {
    "md5sum": "83cb1c1f6cbc65efbe4ff0d569f47bbf",
    "settings": {
      "fd_thres": 0.2,
      "testing": false
    },
    "software": "mriqc",
    "version": "23.0.1",
    "webapi_port": null,
    "webapi_url": "https://mriqc.nimh.nih.gov/api/v1"
  },
  "size_t": 438,
  "size_x": 90,
  "size_y": 90,
  "size_z": 60,
  "snr": 2.7835361323990186,
  "spacing_tr": 0.800000011920929,
  "spacing_x": 2.4000000953674316,
  "spacing_y": 2.4000000953674316,
  "spacing_z": 2.3999998569488525,
  "summary_bg_k": 33.68719029539959,
  "summary_bg_mad": 3.110756861326192,
  "summary_bg_mean": 16.346603393554688,
  "summary_bg_median": 7.278538703918457,
  "summary_bg_n": 345056.0,
  "summary_bg_p05": 4.9337897300720215,
  "summary_bg_p95": 60.07077217102051,
  "summary_bg_stdv": 27.263818740844727,
  "summary_fg_k": 1.907004263147388,
  "summary_fg_mad": 69.20672956521274,
  "summary_fg_mean": 259.8560485839844,
  "summary_fg_median": 240.78880310058594,
  "summary_fg_n": 72924.0,
  "summary_fg_p05": 152.3199691772461,
  "summary_fg_p95": 430.96733093261713,
  "summary_fg_stdv": 86.5040512084961,
  "tsnr": 35.43004789494444
}