{
  "aor": 0.00035265193370165744,
  "aqi": 0.0050267596961325964,
  "bids_meta": {
    "AcquisitionMatrixPE": 90,
    "AcquisitionNumber": 1,
    "AcquisitionTime": "15:45:33.155000",
    "BandwidthPerPixelPhaseEncode": 21.786,
    "BaseResolution": 90,
    "BodyPartExamined": "BRAIN",
    "ConsistencyInfo": "N4_VE11C_LATEST_20160120",
    "ConversionSoftware": "dcm2niix",
    "ConversionSoftwareVersion": "v1.0.20190902",
    "Dcm2bidsVersion": "2.1.4",
    "DerivedVendorReportedEchoSpacing": 0.000510012,
    "DeviceSerialNumber": "166095",
    "DwellTime": 2e-06,
    "EchoTime": 0.03,
    "EchoTrainLength": 90,
    "EffectiveEchoSpacing": 0.000510012,
    "FlipAngle": 52,
    "ImageComments": "SMS_ABCD_V1.2;_MB=6;_FOVshift=3;_K_PE=5;_K_RO=5;_LeakBlockOn;",
    "ImageOrientationPatientDICOM": [
      1,
      0,
      0,
      0,
      1,
      0
    ],
    "ImageType": [
      "ORIGINAL",
      "PRIMARY",
      "M",
      "ND",
      "MOSAIC"
    ],
    "ImagingFrequency": 123.261,
    "InPlanePhaseEncodingDirectionDICOM": "COL",
    "InstitutionAddress": "Hillhouse_Ave._10_New_Haven_Northeast_US_06519",
    "InstitutionName": "Yale_University_-_Dunham_Lab._Bldg.",
    "InstitutionalDepartmentName": "Department",
    "MRAcquisitionType": "2D",
    "MagneticFieldStrength": 3,
    "Manufacturer": "Siemens",
    "ManufacturersModelName": "Prisma",
    "Modality": "MR",
    "MultibandAccelerationFactor": 6,
    "PartialFourier": 1,
    "PatientPosition": "HFS",
    "PercentPhaseFOV": 100,
    "PhaseEncodingAxis": "j",
    "PhaseEncodingDirection": "j",
    "PhaseEncodingSteps": 90,
    "PhaseResolution": 1,
    "PixelBandwidth": 2780,
    "ProcedureStepDescription": "ABCDadult",
    "ProtocolName": "ABCD_fMRI_task_Emotional_n-back",
    "PulseSequenceDetails": "%CustomerSeq%_ep2d_bold_sms_abcd",
    "ReceiveCoilActiveElements": "HEA;HEP",
    "ReceiveCoilName": "Head_32",
    "ReconMatrixPE": 90,
    "RefLinesPE": 22,
    "RepetitionTime": 0.8,
    "SAR": 0.0582703,
    "ScanOptions": "FS_CT",
    "ScanningSequence": "EP",
    "SequenceName": "epfid2d1_90",
    "SequenceVariant": "SK",
    "SeriesDescription": "ABCD_fMRI_task_Emotional_n-back",
    "SeriesNumber": 35,
    "ShimSetting": [
      -2117,
      -616,
      -4031,
      537,
      25,
      -68,
      -121,
      43
    ],
    "SliceThickness": 2.4,
    "SliceTiming": [
      0.545,
      0,
      0.39,
      0.0775,
      0.4675,
      0.235,
      0.625,
      0.3125,
      0.7025,
      0.155,
      0.545,
      0,
      0.39,
      0.0775,
      0.4675,
      0.235,
      0.625,
      0.3125,
      0.7025,
      0.155,
      0.545,
      0,
      0.39,
      0.0775,
      0.4675,
      0.235,
      0.625,
      0.3125,
      0.7025,
      0.155,
      0.545,
      0,
      0.39,
      0.0775,
      0.4675,
      0.235,
      0.625,
      0.3125,
      0.7025,
      0.155,
      0.545,
      0,
      0.39,
      0.0775,
      0.4675,
      0.235,
      0.625,
      0.3125,
      0.7025,
      0.155,
      0.545,
      0,
      0.39,
      0.0775,
      0.4675,
      0.235,
      0.625,
      0.3125,
      0.7025,
      0.155
    ],
    "SoftwareVersions": "syngo_MR_E11",
    "SpacingBetweenSlices": 2.4,
    "StationName": "AWP166095",
    "TotalReadoutTime": 0.045391,
    "TxRefAmp": 221.685,
    "WipMemBlock": "81f3ddb8-6bf0-40d1-801f-f7f424158550",
    "dataset": "ds004097",
    "modality": "bold",
    "run_id": 2,
    "session_id": "01",
    "subject_id": "NDARTR918TJX",
    "task_id": "nback"
  },
  "dummy_trs": 8,
  "dvars_nstd": 34.00961271487534,
  "dvars_std": 1.0629964293351808,
  "dvars_vstd": 1.0023665165927975,
  "efc": 0.4811711855694625,
  "fber": 1094.4923095703125,
  "fd_mean": 0.1067796042540036,
  "fd_num": 8,
  "fd_perc": 2.2099447513812156,
  "fwhm_avg": 2.8439972095751167,
  "fwhm_x": 2.7164165587259705,
  "fwhm_y": 2.7847082226789706,
  "fwhm_z": 3.030866847320408,
  "gcor": 0.00286111,
  "gsr_x": -0.0161769837141037,
  "gsr_y": 0.06558401882648468,
  "provenance": {
    "md5sum": "22323389fa83ea52171a70a7a4641613",
    "settings": {
      "fd_thres": 0.2,
      "testing": false
    },
    "software": "mriqc",
    "version": "23.0.1",
    "webapi_port": null,
    "webapi_url": "https://mriqc.nimh.nih.gov/api/v1"
  },
  "size_t": 362,
  "size_x": 90,
  "size_y": 90,
  "size_z": 60,
  "snr": 2.7871311619235954,
  "spacing_tr": 0.800000011920929,
  "spacing_x": 2.4000000953674316,
  "spacing_y": 2.4000000953674316,
  "spacing_z": 2.3999998569488525,
  "summary_bg_k": 34.58543495991881,
  "summary_bg_mad": 3.006160033802694,
  "summary_bg_mean": 16.567487716674805,
  "summary_bg_median": 7.30939245223999,
  "summary_bg_n": 345279.0,
  "summary_bg_p05": 5.099447727203369,
  "summary_bg_p95": 61.878732299804625,
  "summary_bg_stdv": 27.855295181274414,
  "summary_fg_k": 1.848758451971694,
  "summary_fg_mad": 69.23179553289621,
  "summary_fg_mean": 259.23626708984375,
  "summary_fg_median": 240.37017822265625,
  "summary_fg_n": 72573.0,
  "summary_fg_p05": 151.89669189453124,
  "summary_fg_p95": 429.6143798828125,
  "summary_fg_stdv": 86.24227142333984,
  "tsnr": 43.09267583722249
}