{
  "aor": 0.00035594164456233425,
  "aqi": 0.005228820450928383,
  "bids_meta": {
    "AcquisitionMatrixPE": 90,
    "AcquisitionNumber": 1,
    "AcquisitionTime": "15:13:34.655000",
    "BandwidthPerPixelPhaseEncode": 21.786,
    "BaseResolution": 90,
    "BodyPartExamined": "BRAIN",
    "ConsistencyInfo": "N4_VE11C_LATEST_20160120",
    "ConversionSoftware": "dcm2niix",
    "ConversionSoftwareVersion": "v1.0.20190902",
    "Dcm2bidsVersion": "2.1.4",
    "DerivedVendorReportedEchoSpacing": 0.000510012,
    "DeviceSerialNumber": "166095",
    "DwellTime": 2e-06,
    "EchoTime": 0.03,
    "EchoTrainLength": 90,
    "EffectiveEchoSpacing": 0.000510012,
    "FlipAngle": 52,
    "ImageComments": "SMS_ABCD_V1.2;_MB=6;_FOVshift=3;_K_PE=5;_K_RO=5;_LeakBlockOn;",
    "ImageOrientationPatientDICOM": [
      1,
      0,
      0,
      0,
      1,
      0
    ],
    "ImageType": [
      "ORIGINAL",
      "PRIMARY",
      "M",
      "ND",
      "MOSAIC"
    ],
    "ImagingFrequency": 123.261,
    "InPlanePhaseEncodingDirectionDICOM": "COL",
    "InstitutionAddress": "Hillhouse_Ave._10_New_Haven_Northeast_US_06519",
    "InstitutionName": "Yale_University_-_Dunham_Lab._Bldg.",
    "InstitutionalDepartmentName": "Department",
    "MRAcquisitionType": "2D",
    "MagneticFieldStrength": 3,
    "Manufacturer": "Siemens",
    "ManufacturersModelName": "Prisma",
    "Modality": "MR",
    "MultibandAccelerationFactor": 6,
    "PartialFourier": 1,
    "PatientPosition": "HFS",
    "PercentPhaseFOV": 100,
    "PhaseEncodingAxis": "j",
    "PhaseEncodingDirection": "j",
    "PhaseEncodingSteps": 90,
    "PhaseResolution": 1,
    "PixelBandwidth": 2780,
    "ProcedureStepDescription": "ABCDadult",
    "ProtocolName": "ABCD_fMRI_rest",
    "PulseSequenceDetails": "%CustomerSeq%_ep2d_bold_sms_abcd",
    "ReceiveCoilActiveElements": "HEA;HEP",
    "ReceiveCoilName": "Head_32",
    "ReconMatrixPE": 90,
    "RefLinesPE": 22,
    "RepetitionTime": 0.8,
    "SAR": 0.058286,
    "ScanOptions": "FS_CT",
    "ScanningSequence": "EP",
    "SequenceName": "epfid2d1_90",
    "SequenceVariant": "SK",
    "SeriesDescription": "ABCD_fMRI_rest",
    "SeriesNumber": 21,
    "ShimSetting": [
      -2117,
      -616,
      -4031,
      537,
      25,
      -68,
      -121,
      43
    ],
    "SliceThickness": 2.4,
    "SliceTiming": [
      0.545,
      0,
      0.39,
      0.0775,
      0.4675,
      0.235,
      0.625,
      0.3125,
      0.7025,
      0.155,
      0.545,
      0,
      0.39,
      0.0775,
      0.4675,
      0.235,
      0.625,
      0.3125,
      0.7025,
      0.155,
      0.545,
      0,
      0.39,
      0.0775,
      0.4675,
      0.235,
      0.625,
      0.3125,
      0.7025,
      0.155,
      0.545,
      0,
      0.39,
      0.0775,
      0.4675,
      0.235,
      0.625,
      0.3125,
      0.7025,
      0.155,
      0.545,
      0,
      0.39,
      0.0775,
      0.4675,
      0.235,
      0.625,
      0.3125,
      0.7025,
      0.155,
      0.545,
      0,
      0.39,
      0.0775,
      0.4675,
      0.235,
      0.625,
      0.3125,
      0.7025,
      0.155
    ],
    "SoftwareVersions": "syngo_MR_E11",
    "SpacingBetweenSlices": 2.4,
    "StationName": "AWP166095",
    "TotalReadoutTime": 0.045391,
    "TxRefAmp": 221.685,
    "WipMemBlock": "4620ba3f-2d29-4059-a357-defc588ea8a3",
    "dataset": "ds004097",
    "modality": "bold",
    "run_id": 3,
    "session_id": "01",
    "subject_id": "NDARTR918TJX",
    "task_id": "rest"
  },
  "dummy_trs": 6,
  "dvars_nstd": 33.99643984220745,
  "dvars_std": 1.0654771746808513,
  "dvars_vstd": 1.004093530930851,
  "efc": 0.48092255936898026,
  "fber": 1112.8291015625,
  "fd_mean": 0.11156822232745313,
  "fd_num": 15,
  "fd_perc": 3.9787798408488064,
  "fwhm_avg": 2.8146333201200933,
  "fwhm_x": 2.693404059640405,
  "fwhm_y": 2.771962389852111,
  "fwhm_z": 2.978533510867765,
  "gcor": 0.00422708,
  "gsr_x": -0.0174985621124506,
  "gsr_y": 0.067070372402668,
  "provenance": {
    "md5sum": "3fa4cefd8f9747bdf1ad11f172a71b9c",
    "settings": {
      "fd_thres": 0.2,
      "testing": false
    },
    "software": "mriqc",
    "version": "23.0.1",
    "webapi_port": null,
    "webapi_url": "https://mriqc.nimh.nih.gov/api/v1"
  },
  "size_t": 377,
  "size_x": 90,
  "size_y": 90,
  "size_z": 60,
  "snr": 2.8092336448731428,
  "spacing_tr": 0.800000011920929,
  "spacing_x": 2.4000000953674316,
  "spacing_y": 2.4000000953674316,
  "spacing_z": 2.3999998569488525,
  "summary_bg_k": 36.63031098317822,
  "summary_bg_mad": 3.0241938720709065,
  "summary_bg_mean": 16.518001556396484,
  "summary_bg_median": 7.307692050933838,
  "summary_bg_n": 344931.0,
  "summary_bg_p05": 5.119363307952881,
  "summary_bg_p95": 61.49602127075195,
  "summary_bg_stdv": 27.779855728149414,
  "summary_fg_k": 1.832256724470784,
  "summary_fg_mad": 69.82387721720299,
  "summary_fg_mean": 260.9748229980469,
  "summary_fg_median": 242.4933624267578,
  "summary_fg_n": 72807.0,
  "summary_fg_p05": 153.15277709960938,
  "summary_fg_p95": 430.79495849609367,
  "summary_fg_stdv": 86.31951904296875,
  "tsnr": 44.57752722594887
}