{
  "aor": 0.0004741379310344828,
  "aqi": 0.009410287427055703,
  "bids_meta": {
    "AcquisitionMatrixPE": 90,
    "AcquisitionNumber": 1,
    "AcquisitionTime": "12:13:35.010000",
    "BandwidthPerPixelPhaseEncode": 21.786,
    "BaseResolution": 90,
    "BodyPartExamined": "BRAIN",
    "ConsistencyInfo": "N4_VE11C_LATEST_20160120",
    "ConversionSoftware": "dcm2niix",
    "ConversionSoftwareVersion": "v1.0.20190902",
    "Dcm2bidsVersion": "2.1.4",
    "DerivedVendorReportedEchoSpacing": 0.000510012,
    "DeviceSerialNumber": "166095",
    "DwellTime": 2e-06,
    "EchoTime": 0.03,
    "EchoTrainLength": 90,
    "EffectiveEchoSpacing": 0.000510012,
    "FlipAngle": 52,
    "ImageComments": "SMS_ABCD_V1.2;_MB=6;_FOVshift=3;_K_PE=5;_K_RO=5;_LeakBlockOn;",
    "ImageOrientationPatientDICOM": [
      1,
      0,
      0,
      0,
      1,
      0
    ],
    "ImageType": [
      "ORIGINAL",
      "PRIMARY",
      "M",
      "ND",
      "MOSAIC"
    ],
    "ImagingFrequency": 123.261,
    "InPlanePhaseEncodingDirectionDICOM": "COL",
    "InstitutionAddress": "Hillhouse_Ave._10_New_Haven_Northeast_US_06519",
    "InstitutionName": "Yale_University_-_Dunham_Lab._Bldg.",
    "InstitutionalDepartmentName": "Department",
    "MRAcquisitionType": "2D",
    "MagneticFieldStrength": 3,
    "Manufacturer": "Siemens",
    "ManufacturersModelName": "Prisma",
    "Modality": "MR",
    "MultibandAccelerationFactor": 6,
    "PartialFourier": 1,
    "PatientPosition": "HFS",
    "PercentPhaseFOV": 100,
    "PhaseEncodingAxis": "j",
    "PhaseEncodingDirection": "j",
    "PhaseEncodingSteps": 90,
    "PhaseResolution": 1,
    "PixelBandwidth": 2780,
    "ProcedureStepDescription": "ABCDadult",
    "ProtocolName": "ABCD_fMRI_rest",
    "PulseSequenceDetails": "%CustomerSeq%_ep2d_bold_sms_abcd",
    "ReceiveCoilActiveElements": "HEA;HEP",
    "ReceiveCoilName": "Head_32",
    "ReconMatrixPE": 90,
    "RefLinesPE": 22,
    "RepetitionTime": 0.8,
    "SAR": 0.0661248,
    "ScanOptions": "FS_CT",
    "ScanningSequence": "EP",
    "SequenceName": "epfid2d1_90",
    "SequenceVariant": "SK",
    "SeriesDescription": "ABCD_fMRI_rest",
    "SeriesNumber": 21,
    "ShimSetting": [
      -2116,
      -627,
      -4048,
      461,
      -19,
      39,
      -195,
      89
    ],
    "SliceThickness": 2.4,
    "SliceTiming": [
      0.5475,
      0,
      0.39,
      0.0775,
      0.4675,
      0.235,
      0.625,
      0.3125,
      0.7025,
      0.1575,
      0.5475,
      0,
      0.39,
      0.0775,
      0.4675,
      0.235,
      0.625,
      0.3125,
      0.7025,
      0.1575,
      0.5475,
      0,
      0.39,
      0.0775,
      0.4675,
      0.235,
      0.625,
      0.3125,
      0.7025,
      0.1575,
      0.5475,
      0,
      0.39,
      0.0775,
      0.4675,
      0.235,
      0.625,
      0.3125,
      0.7025,
      0.1575,
      0.5475,
      0,
      0.39,
      0.0775,
      0.4675,
      0.235,
      0.625,
      0.3125,
      0.7025,
      0.1575,
      0.5475,
      0,
      0.39,
      0.0775,
      0.4675,
      0.235,
      0.625,
      0.3125,
      0.7025,
      0.1575
    ],
    "SoftwareVersions": "syngo_MR_E11",
    "SpacingBetweenSlices": 2.4,
    "StationName": "AWP166095",
    "TotalReadoutTime": 0.045391,
    "TxRefAmp": 246.663,
    "WipMemBlock": "897670be-9a94-4241-b78b-28d90594c177",
    "dataset": "ds004097",
    "modality": "bold",
    "run_id": 3,
    "session_id": "04",
    "subject_id": "NDARFT076LW8",
    "task_id": "rest"
  },
  "dummy_trs": 6,
  "dvars_nstd": 32.142748802393584,
  "dvars_std": 0.9876877900531905,
  "dvars_vstd": 0.9747892345478721,
  "efc": 0.5305873546275255,
  "fber": 545.2134399414062,
  "fd_mean": 0.10211057232832518,
  "fd_num": 36,
  "fd_perc": 9.549071618037136,
  "fwhm_avg": 2.88014016333129,
  "fwhm_x": 2.6475207281303117,
  "fwhm_y": 3.0179623800769493,
  "fwhm_z": 2.9749373817866096,
  "gcor": 0.0310802,
  "gsr_x": -0.013268053531646729,
  "gsr_y": 0.06195507198572159,
  "provenance": {
    "md5sum": "a5841cd2cf351add23aa361481266f06",
    "settings": {
      "fd_thres": 0.2,
      "testing": false
    },
    "software": "mriqc",
    "version": "23.0.1",
    "webapi_port": null,
    "webapi_url": "https://mriqc.nimh.nih.gov/api/v1"
  },
  "size_t": 377,
  "size_x": 90,
  "size_y": 90,
  "size_z": 60,
  "snr": 2.7144359973014494,
  "spacing_tr": 0.800000011920929,
  "spacing_x": 2.4000000953674316,
  "spacing_y": 2.4000000953674316,
  "spacing_z": 2.4000000953674316,
  "summary_bg_k": 70.8484928639099,
  "summary_bg_mad": 6.516370407092835,
  "summary_bg_mean": 21.45850944519043,
  "summary_bg_median": 10.493368148803711,
  "summary_bg_n": 320115.0,
  "summary_bg_p05": 5.477453708648682,
  "summary_bg_p95": 78.59045028686518,
  "summary_bg_stdv": 33.76622772216797,
  "summary_fg_k": 0.6547542806651809,
  "summary_fg_mad": 81.76729049594489,
  "summary_fg_mean": 261.97344970703125,
  "summary_fg_median": 245.01856994628906,
  "summary_fg_n": 89219.0,
  "summary_fg_p05": 145.59336547851564,
  "summary_fg_p95": 439.4087432861328,
  "summary_fg_stdv": 90.26449584960938,
  "tsnr": 32.480040254071355
}