{
  "aor": 0.0016092364532019703,
  "aqi": 0.005937632733990148,
  "bids_meta": {
    "AcquisitionMatrixPE": 90,
    "AcquisitionNumber": 1,
    "AcquisitionTime": "12:36:44.377500",
    "BandwidthPerPixelPhaseEncode": 21.786,
    "BaseResolution": 90,
    "BodyPartExamined": "BRAIN",
    "ConsistencyInfo": "N4_VE11C_LATEST_20160120",
    "ConversionSoftware": "dcm2niix",
    "ConversionSoftwareVersion": "v1.0.20190902",
    "Dcm2bidsVersion": "2.1.4",
    "DerivedVendorReportedEchoSpacing": 0.000510012,
    "DeviceSerialNumber": "166095",
    "DwellTime": 2e-06,
    "EchoTime": 0.03,
    "EchoTrainLength": 90,
    "EffectiveEchoSpacing": 0.000510012,
    "FlipAngle": 52,
    "ImageComments": "SMS_ABCD_V1.2;_MB=6;_FOVshift=3;_K_PE=5;_K_RO=5;_LeakBlockOn;",
    "ImageOrientationPatientDICOM": [
      1,
      0,
      0,
      0,
      1,
      0
    ],
    "ImageType": [
      "ORIGINAL",
      "PRIMARY",
      "M",
      "ND",
      "MOSAIC"
    ],
    "ImagingFrequency": 123.261,
    "InPlanePhaseEncodingDirectionDICOM": "COL",
    "InstitutionAddress": "Hillhouse_Ave._10_New_Haven_Northeast_US_06519",
    "InstitutionName": "Yale_University_-_Dunham_Lab._Bldg.",
    "InstitutionalDepartmentName": "Department",
    "MRAcquisitionType": "2D",
    "MagneticFieldStrength": 3,
    "Manufacturer": "Siemens",
    "ManufacturersModelName": "Prisma",
    "Modality": "MR",
    "MultibandAccelerationFactor": 6,
    "PartialFourier": 1,
    "PatientPosition": "HFS",
    "PercentPhaseFOV": 100,
    "PhaseEncodingAxis": "j",
    "PhaseEncodingDirection": "j",
    "PhaseEncodingSteps": 90,
    "PhaseResolution": 1,
    "PixelBandwidth": 2780,
    "ProcedureStepDescription": "ABCDadult",
    "ProtocolName": "ABCD_fMRI_task_Monetary_Incentive",
    "PulseSequenceDetails": "%CustomerSeq%_ep2d_bold_sms_abcd",
    "ReceiveCoilActiveElements": "HEA;HEP",
    "ReceiveCoilName": "Head_32",
    "ReconMatrixPE": 90,
    "RefLinesPE": 22,
    "RepetitionTime": 0.8,
    "SAR": 0.0661593,
    "ScanOptions": "FS_CT",
    "ScanningSequence": "EP",
    "SequenceName": "epfid2d1_90",
    "SequenceVariant": "SK",
    "SeriesDescription": "ABCD_fMRI_task_Monetary_Incentive",
    "SeriesNumber": 33,
    "ShimSetting": [
      -2116,
      -627,
      -4048,
      461,
      -19,
      39,
      -195,
      89
    ],
    "SliceThickness": 2.4,
    "SliceTiming": [
      0.5475,
      0,
      0.39,
      0.0775,
      0.4675,
      0.235,
      0.625,
      0.3125,
      0.7025,
      0.1575,
      0.5475,
      0,
      0.39,
      0.0775,
      0.4675,
      0.235,
      0.625,
      0.3125,
      0.7025,
      0.1575,
      0.5475,
      0,
      0.39,
      0.0775,
      0.4675,
      0.235,
      0.625,
      0.3125,
      0.7025,
      0.1575,
      0.5475,
      0,
      0.39,
      0.0775,
      0.4675,
      0.235,
      0.625,
      0.3125,
      0.7025,
      0.1575,
      0.5475,
      0,
      0.39,
      0.0775,
      0.4675,
      0.235,
      0.625,
      0.3125,
      0.7025,
      0.1575,
      0.5475,
      0,
      0.39,
      0.0775,
      0.4675,
      0.235,
      0.625,
      0.3125,
      0.7025,
      0.1575
    ],
    "SoftwareVersions": "syngo_MR_E11",
    "SpacingBetweenSlices": 2.4,
    "StationName": "AWP166095",
    "TotalReadoutTime": 0.045391,
    "TxRefAmp": 246.663,
    "WipMemBlock": "36226e76-a14e-47b6-bf78-7845d220f2c3",
    "dataset": "ds004097",
    "modality": "bold",
    "run_id": 1,
    "session_id": "04",
    "subject_id": "NDARFT076LW8",
    "task_id": "MID"
  },
  "dummy_trs": 5,
  "dvars_nstd": 32.14767106622224,
  "dvars_std": 1.0343655564938279,
  "dvars_vstd": 1.015616723111111,
  "efc": 0.5309245084445736,
  "fber": 567.436279296875,
  "fd_mean": 0.09677004667021882,
  "fd_num": 26,
  "fd_perc": 6.403940886699507,
  "fwhm_avg": 2.879259607810725,
  "fwhm_x": 2.6547373945102137,
  "fwhm_y": 2.98006238158296,
  "fwhm_z": 3.0029790473390006,
  "gcor": 0.0146295,
  "gsr_x": -0.010736784897744656,
  "gsr_y": 0.059754058718681335,
  "provenance": {
    "md5sum": "320265c93312297e0320189a32f43e80",
    "settings": {
      "fd_thres": 0.2,
      "testing": false
    },
    "software": "mriqc",
    "version": "23.0.1",
    "webapi_port": null,
    "webapi_url": "https://mriqc.nimh.nih.gov/api/v1"
  },
  "size_t": 406,
  "size_x": 90,
  "size_y": 90,
  "size_z": 60,
  "snr": 2.7128821519326767,
  "spacing_tr": 0.800000011920929,
  "spacing_x": 2.4000000953674316,
  "spacing_y": 2.4000000953674316,
  "spacing_z": 2.4000000953674316,
  "summary_bg_k": 66.99524700409175,
  "summary_bg_mad": 6.240806656375366,
  "summary_bg_mean": 21.35685157775879,
  "summary_bg_median": 10.290639877319336,
  "summary_bg_n": 319111.0,
  "summary_bg_p05": 5.448275566101074,
  "summary_bg_p95": 79.61822509765625,
  "summary_bg_stdv": 34.06804275512695,
  "summary_fg_k": 0.6935206643944665,
  "summary_fg_mad": 82.4670110559177,
  "summary_fg_mean": 263.4800720214844,
  "summary_fg_median": 246.2783203125,
  "summary_fg_n": 89821.0,
  "summary_fg_p05": 146.9310302734375,
  "summary_fg_p95": 441.1305236816406,
  "summary_fg_stdv": 90.78055572509766,
  "tsnr": 38.769009835552424
}