{
  "aor": 0.0021907598039215687,
  "aqi": 0.0069185826470588236,
  "bids_meta": {
    "AcquisitionMatrixPE": 90,
    "AcquisitionNumber": 1,
    "AcquisitionTime": "12:42:26.707500",
    "BandwidthPerPixelPhaseEncode": 21.786,
    "BaseResolution": 90,
    "BodyPartExamined": "BRAIN",
    "ConsistencyInfo": "N4_VE11C_LATEST_20160120",
    "ConversionSoftware": "dcm2niix",
    "ConversionSoftwareVersion": "v1.0.20190902",
    "Dcm2bidsVersion": "2.1.4",
    "DerivedVendorReportedEchoSpacing": 0.000510012,
    "DeviceSerialNumber": "166095",
    "DwellTime": 2e-06,
    "EchoTime": 0.03,
    "EchoTrainLength": 90,
    "EffectiveEchoSpacing": 0.000510012,
    "FlipAngle": 52,
    "ImageComments": "SMS_ABCD_V1.2;_MB=6;_FOVshift=3;_K_PE=5;_K_RO=5;_LeakBlockOn;",
    "ImageOrientationPatientDICOM": [
      1,
      0,
      0,
      0,
      1,
      0
    ],
    "ImageType": [
      "ORIGINAL",
      "PRIMARY",
      "M",
      "ND",
      "MOSAIC"
    ],
    "ImagingFrequency": 123.261,
    "InPlanePhaseEncodingDirectionDICOM": "COL",
    "InstitutionAddress": "Hillhouse_Ave._10_New_Haven_Northeast_US_06519",
    "InstitutionName": "Yale_University_-_Dunham_Lab._Bldg.",
    "InstitutionalDepartmentName": "Department",
    "MRAcquisitionType": "2D",
    "MagneticFieldStrength": 3,
    "Manufacturer": "Siemens",
    "ManufacturersModelName": "Prisma",
    "Modality": "MR",
    "MultibandAccelerationFactor": 6,
    "PartialFourier": 1,
    "PatientPosition": "HFS",
    "PercentPhaseFOV": 100,
    "PhaseEncodingAxis": "j",
    "PhaseEncodingDirection": "j",
    "PhaseEncodingSteps": 90,
    "PhaseResolution": 1,
    "PixelBandwidth": 2780,
    "ProcedureStepDescription": "ABCDadult",
    "ProtocolName": "ABCD_fMRI_task_Monetary_Incentive",
    "PulseSequenceDetails": "%CustomerSeq%_ep2d_bold_sms_abcd",
    "ReceiveCoilActiveElements": "HEA;HEP",
    "ReceiveCoilName": "Head_32",
    "ReconMatrixPE": 90,
    "RefLinesPE": 22,
    "RepetitionTime": 0.8,
    "SAR": 0.0661593,
    "ScanOptions": "FS_CT",
    "ScanningSequence": "EP",
    "SequenceName": "epfid2d1_90",
    "SequenceVariant": "SK",
    "SeriesDescription": "ABCD_fMRI_task_Monetary_Incentive",
    "SeriesNumber": 35,
    "ShimSetting": [
      -2116,
      -627,
      -4048,
      461,
      -19,
      39,
      -195,
      89
    ],
    "SliceThickness": 2.4,
    "SliceTiming": [
      0.545,
      0,
      0.39,
      0.0775,
      0.4675,
      0.2325,
      0.6225,
      0.31,
      0.7,
      0.155,
      0.545,
      0,
      0.39,
      0.0775,
      0.4675,
      0.2325,
      0.6225,
      0.31,
      0.7,
      0.155,
      0.545,
      0,
      0.39,
      0.0775,
      0.4675,
      0.2325,
      0.6225,
      0.31,
      0.7,
      0.155,
      0.545,
      0,
      0.39,
      0.0775,
      0.4675,
      0.2325,
      0.6225,
      0.31,
      0.7,
      0.155,
      0.545,
      0,
      0.39,
      0.0775,
      0.4675,
      0.2325,
      0.6225,
      0.31,
      0.7,
      0.155,
      0.545,
      0,
      0.39,
      0.0775,
      0.4675,
      0.2325,
      0.6225,
      0.31,
      0.7,
      0.155
    ],
    "SoftwareVersions": "syngo_MR_E11",
    "SpacingBetweenSlices": 2.4,
    "StationName": "AWP166095",
    "TotalReadoutTime": 0.045391,
    "TxRefAmp": 246.663,
    "WipMemBlock": "7a8d58b5-0dee-4adf-baef-71f2c23b4376",
    "dataset": "ds004097",
    "modality": "bold",
    "run_id": 2,
    "session_id": "04",
    "subject_id": "NDARFT076LW8",
    "task_id": "MID"
  },
  "dummy_trs": 3,
  "dvars_nstd": 32.65695308056509,
  "dvars_std": 1.017197455675676,
  "dvars_vstd": 1.0089209699754296,
  "efc": 0.5313880080201283,
  "fber": 570.4744873046875,
  "fd_mean": 0.10605765072431898,
  "fd_num": 42,
  "fd_perc": 10.294117647058824,
  "fwhm_avg": 2.8681234971421232,
  "fwhm_x": 2.663441560831008,
  "fwhm_y": 2.981029048211215,
  "fwhm_z": 2.9598998823841463,
  "gcor": 0.0349236,
  "gsr_x": -0.010033807717263699,
  "gsr_y": 0.060774944722652435,
  "provenance": {
    "md5sum": "1c3dd50279b6ea4a78b758a223be83d0",
    "settings": {
      "fd_thres": 0.2,
      "testing": false
    },
    "software": "mriqc",
    "version": "23.0.1",
    "webapi_port": null,
    "webapi_url": "https://mriqc.nimh.nih.gov/api/v1"
  },
  "size_t": 408,
  "size_x": 90,
  "size_y": 90,
  "size_z": 60,
  "snr": 2.7181964408310026,
  "spacing_tr": 0.800000011920929,
  "spacing_x": 2.4000000953674316,
  "spacing_y": 2.4000000953674316,
  "spacing_z": 2.4000000953674316,
  "summary_bg_k": 66.49125486492244,
  "summary_bg_mad": 6.021255332879289,
  "summary_bg_mean": 21.286502838134766,
  "summary_bg_median": 10.198530197143555,
  "summary_bg_n": 318806.0,
  "summary_bg_p05": 5.502450942993164,
  "summary_bg_p95": 79.63174247741699,
  "summary_bg_stdv": 34.29472351074219,
  "summary_fg_k": 0.7185353851352856,
  "summary_fg_mad": 81.38686692864768,
  "summary_fg_mean": 261.2502746582031,
  "summary_fg_median": 244.16912841796875,
  "summary_fg_n": 90069.0,
  "summary_fg_p05": 146.02892150878907,
  "summary_fg_p95": 437.32551879882806,
  "summary_fg_stdv": 89.8271255493164,
  "tsnr": 36.915082074701786
}