{
  "bids_meta": {
    "AcquisitionMatrixPE": 256,
    "AcquisitionNumber": 1,
    "AcquisitionTime": "12:30:8.465000",
    "BaseResolution": 256,
    "BodyPartExamined": "BRAIN",
    "ConsistencyInfo": "N4_VE11C_LATEST_20160120",
    "ConversionSoftware": "dcm2niix",
    "ConversionSoftwareVersion": "v1.0.20190902",
    "Dcm2bidsVersion": "2.1.4",
    "DeviceSerialNumber": "166095",
    "DwellTime": 0.000510012,
    "EchoTime": 0.0029,
    "FlipAngle": 8,
    "ImageOrientationPatientDICOM": [
      0,
      1,
      0,
      0.00523601,
      0,
      -0.999986
    ],
    "ImageType": [
      "ORIGINAL",
      "PRIMARY",
      "M",
      "ND",
      "NORM"
    ],
    "ImagingFrequency": 123.261,
    "InPlanePhaseEncodingDirectionDICOM": "ROW",
    "InstitutionAddress": "Hillhouse_Ave._10_New_Haven_Northeast_US_06519",
    "InstitutionName": "Yale_University_-_Dunham_Lab._Bldg.",
    "InstitutionalDepartmentName": "Department",
    "InversionTime": 1.07,
    "MRAcquisitionType": "3D",
    "MagneticFieldStrength": 3,
    "Manufacturer": "Siemens",
    "ManufacturersModelName": "Prisma",
    "Modality": "MR",
    "ParallelReductionFactorInPlane": 2,
    "PartialFourier": 1,
    "PatientPosition": "HFS",
    "PercentPhaseFOV": 100,
    "PhaseEncodingSteps": 255,
    "PhaseResolution": 1,
    "PixelBandwidth": 240,
    "ProcedureStepDescription": "Casey_ABCD-Adult",
    "ProtocolName": "ABCD_T1w_MPR_vNav",
    "PulseSequenceDetails": "%CustomerSeq%_tfl_mgh_epinav_ABCD",
    "ReceiveCoilActiveElements": "HEA;HEP",
    "ReceiveCoilName": "Head_32",
    "ReconMatrixPE": 256,
    "RefLinesPE": 32,
    "RepetitionTime": 2.5,
    "SAR": 0.0376931,
    "ScanOptions": "IR_WE",
    "ScanningSequence": "GR_IR",
    "SequenceName": "tfl3d1_16ns",
    "SequenceVariant": "SK_SP_MP",
    "SeriesDescription": "ABCD_T1w_MPR_vNav",
    "SeriesNumber": 5,
    "ShimSetting": [
      -2140,
      -720,
      -4019,
      454,
      -81,
      -247,
      83,
      67
    ],
    "SliceThickness": 1,
    "SoftwareVersions": "syngo_MR_E11",
    "StationName": "AWP166095",
    "TxRefAmp": 250.712,
    "WipMemBlock": "Prisma_epi_moco_navigator_ABCD_tfl.prot",
    "dataset": "ds004097",
    "modality": "T1w",
    "session_id": "02",
    "subject_id": "NDARMC914MYN"
  },
  "cjv": 0.3020609641024562,
  "cnr": 4.20596557636012,
  "efc": 0.5497533155450273,
  "fber": 34318.26956471068,
  "fwhm_avg": 3.66679,
  "fwhm_x": 3.77604,
  "fwhm_y": 3.79958,
  "fwhm_z": 3.42475,
  "icvs_csf": 0.2052397117795799,
  "icvs_gm": 0.45641496342211013,
  "icvs_wm": 0.33834532479831,
  "inu_med": 0.4249362647533417,
  "inu_range": 0.13617470860481262,
  "provenance": {
    "md5sum": "ee01d61143930e2f5517cf4e342f8721",
    "settings": {
      "testing": false
    },
    "software": "mriqc",
    "version": "23.0.1",
    "warnings": {
      "large_rot_frame": true,
      "small_air_mask": false
    },
    "webapi_port": null,
    "webapi_url": "https://mriqc.nimh.nih.gov/api/v1"
  },
  "qi_1": 1.6387761134421522e-05,
  "qi_2": 0.001561357116447908,
  "rpve_csf": 23.96097833501425,
  "rpve_gm": 11.509658106861332,
  "rpve_wm": 17.654069485292418,
  "size_x": 176,
  "size_y": 256,
  "size_z": 256,
  "snr_csf": 1.8816316215290083,
  "snr_gm": 10.570019355346025,
  "snr_total": 13.085004202886454,
  "snr_wm": 26.803361631784327,
  "snrd_csf": 36.00952120091964,
  "snrd_gm": 101.94747477419955,
  "snrd_total": 95.59813442847853,
  "snrd_wm": 148.83740731031642,
  "spacing_x": 1.0,
  "spacing_y": 1.0,
  "spacing_z": 1.0,
  "summary_bg_k": 43.46240289537838,
  "summary_bg_mad": 0.0,
  "summary_bg_mean": 2.4019211748746687,
  "summary_bg_median": 0.0,
  "summary_bg_n": 3071345.0,
  "summary_bg_p05": 0.0,
  "summary_bg_p95": 11.227871123701334,
  "summary_bg_stdv": 4.401595804934219,
  "summary_csf_k": 0.24300659823104542,
  "summary_csf_mad": 119.82223655089247,
  "summary_csf_mean": 259.6921604324918,
  "summary_csf_median": 241.93337060138583,
  "summary_csf_n": 30515.0,
  "summary_csf_p05": 67.77709854245187,
  "summary_csf_p95": 494.3816970143467,
  "summary_csf_stdv": 128.57426694449353,
  "summary_gm_k": 0.3135527070841331,
  "summary_gm_mad": 60.638391089688234,
  "summary_gm_mean": 687.1641224320624,
  "summary_gm_median": 684.943741928786,
  "summary_gm_n": 48025.0,
  "summary_gm_p05": 582.0659200675785,
  "summary_gm_p95": 798.4171858601271,
  "summary_gm_stdv": 64.79993912487207,
  "summary_wm_k": 0.6659447879380296,
  "summary_wm_mad": 34.52121624935343,
  "summary_wm_mean": 998.2860911330649,
  "summary_wm_median": 999.9781841374934,
  "summary_wm_n": 197121.0,
  "summary_wm_p05": 935.074548535049,
  "summary_wm_p95": 1057.0768141821027,
  "summary_wm_stdv": 37.30784449405412,
  "tpm_overlap_csf": 0.1477090450016285,
  "tpm_overlap_gm": 0.4772901984019029,
  "tpm_overlap_wm": 0.5076561063887777,
  "wm2max": 0.7972363793175608
}