{
  "aor": 0.0006281527093596059,
  "aqi": 0.004329444630541871,
  "bids_meta": {
    "AcquisitionMatrixPE": 90,
    "AcquisitionNumber": 1,
    "AcquisitionTime": "13:34:38.820000",
    "BandwidthPerPixelPhaseEncode": 21.786,
    "BaseResolution": 90,
    "BodyPartExamined": "BRAIN",
    "ConsistencyInfo": "N4_VE11C_LATEST_20160120",
    "ConversionSoftware": "dcm2niix",
    "ConversionSoftwareVersion": "v1.0.20190902",
    "Dcm2bidsVersion": "2.1.4",
    "DerivedVendorReportedEchoSpacing": 0.000510012,
    "DeviceSerialNumber": "166095",
    "DwellTime": 2e-06,
    "EchoTime": 0.03,
    "EchoTrainLength": 90,
    "EffectiveEchoSpacing": 0.000510012,
    "FlipAngle": 52,
    "ImageComments": "SMS_ABCD_V1.2;_MB=6;_FOVshift=3;_K_PE=5;_K_RO=5;_LeakBlockOn;",
    "ImageOrientationPatientDICOM": [
      1,
      0,
      0,
      0,
      1,
      0
    ],
    "ImageType": [
      "ORIGINAL",
      "PRIMARY",
      "M",
      "ND",
      "MOSAIC"
    ],
    "ImagingFrequency": 123.261,
    "InPlanePhaseEncodingDirectionDICOM": "COL",
    "InstitutionAddress": "Hillhouse_Ave._10_New_Haven_Northeast_US_06519",
    "InstitutionName": "Yale_University_-_Dunham_Lab._Bldg.",
    "InstitutionalDepartmentName": "Department",
    "MRAcquisitionType": "2D",
    "MagneticFieldStrength": 3,
    "Manufacturer": "Siemens",
    "ManufacturersModelName": "Prisma",
    "Modality": "MR",
    "MultibandAccelerationFactor": 6,
    "PartialFourier": 1,
    "PatientPosition": "HFS",
    "PercentPhaseFOV": 100,
    "PhaseEncodingAxis": "j",
    "PhaseEncodingDirection": "j",
    "PhaseEncodingSteps": 90,
    "PhaseResolution": 1,
    "PixelBandwidth": 2780,
    "ProcedureStepDescription": "ABCDadult",
    "ProtocolName": "ABCD_fMRI_task_Monetary_Incentive",
    "PulseSequenceDetails": "%CustomerSeq%_ep2d_bold_sms_abcd",
    "ReceiveCoilActiveElements": "HEA;HEP",
    "ReceiveCoilName": "Head_32",
    "ReconMatrixPE": 90,
    "RefLinesPE": 22,
    "RepetitionTime": 0.8,
    "SAR": 0.0562116,
    "ScanOptions": "FS_CT",
    "ScanningSequence": "EP",
    "SequenceName": "epfid2d1_90",
    "SequenceVariant": "SK",
    "SeriesDescription": "ABCD_fMRI_task_Monetary_Incentive",
    "SeriesNumber": 35,
    "ShimSetting": [
      -2135,
      -652,
      -4108,
      481,
      29,
      -197,
      -45,
      122
    ],
    "SliceThickness": 2.4,
    "SliceTiming": [
      0.545,
      0,
      0.39,
      0.0775,
      0.4675,
      0.2325,
      0.6225,
      0.31,
      0.7,
      0.155,
      0.545,
      0,
      0.39,
      0.0775,
      0.4675,
      0.2325,
      0.6225,
      0.31,
      0.7,
      0.155,
      0.545,
      0,
      0.39,
      0.0775,
      0.4675,
      0.2325,
      0.6225,
      0.31,
      0.7,
      0.155,
      0.545,
      0,
      0.39,
      0.0775,
      0.4675,
      0.2325,
      0.6225,
      0.31,
      0.7,
      0.155,
      0.545,
      0,
      0.39,
      0.0775,
      0.4675,
      0.2325,
      0.6225,
      0.31,
      0.7,
      0.155,
      0.545,
      0,
      0.39,
      0.0775,
      0.4675,
      0.2325,
      0.6225,
      0.31,
      0.7,
      0.155
    ],
    "SoftwareVersions": "syngo_MR_E11",
    "SpacingBetweenSlices": 2.4,
    "StationName": "AWP166095",
    "TotalReadoutTime": 0.045391,
    "TxRefAmp": 236.214,
    "WipMemBlock": "4de351c3-2508-46b2-8d1e-997d5d91c201",
    "dataset": "ds004097",
    "modality": "bold",
    "run_id": 2,
    "session_id": "02",
    "subject_id": "NDARNC943BP8",
    "task_id": "MID"
  },
  "dummy_trs": 5,
  "dvars_nstd": 29.392715708543207,
  "dvars_std": 1.0238233537037036,
  "dvars_vstd": 1.0008103869629634,
  "efc": 0.5279890824540696,
  "fber": 444.073486328125,
  "fd_mean": 0.13199856043773386,
  "fd_num": 44,
  "fd_perc": 10.83743842364532,
  "fwhm_avg": 3.1439345972934856,
  "fwhm_x": 2.872979052504736,
  "fwhm_y": 3.197820706263355,
  "fwhm_z": 3.3610040331123656,
  "gcor": 0.0121914,
  "gsr_x": -0.018357662484049797,
  "gsr_y": 0.07237617671489716,
  "provenance": {
    "md5sum": "d1618bcb167c197a91231113365e0da4",
    "settings": {
      "fd_thres": 0.2,
      "testing": false
    },
    "software": "mriqc",
    "version": "23.0.1",
    "webapi_port": null,
    "webapi_url": "https://mriqc.nimh.nih.gov/api/v1"
  },
  "size_t": 406,
  "size_x": 90,
  "size_y": 90,
  "size_z": 60,
  "snr": 2.479225455958091,
  "spacing_tr": 0.800000011920929,
  "spacing_x": 2.4000000953674316,
  "spacing_y": 2.4000000953674316,
  "spacing_z": 2.4000000953674316,
  "summary_bg_k": 28.010411539680437,
  "summary_bg_mad": 10.15180881658503,
  "summary_bg_mean": 27.844074249267578,
  "summary_bg_median": 13.394088745117188,
  "summary_bg_n": 328296.0,
  "summary_bg_p05": 5.901477813720703,
  "summary_bg_p95": 103.52032089233398,
  "summary_bg_stdv": 40.368988037109375,
  "summary_fg_k": 0.7993110822583653,
  "summary_fg_mad": 111.50007533416371,
  "summary_fg_mean": 310.85443115234375,
  "summary_fg_median": 287.8595886230469,
  "summary_fg_n": 82208.0,
  "summary_fg_p05": 164.09691925048827,
  "summary_fg_p95": 529.4333892822265,
  "summary_fg_stdv": 116.10797119140625,
  "tsnr": 44.348091980675235
}