{
  "aor": 0.0004473120728929385,
  "aqi": 0.005182351503416858,
  "bids_meta": {
    "AcquisitionMatrixPE": 90,
    "AcquisitionNumber": 1,
    "AcquisitionTime": "15:28:34.890000",
    "BandwidthPerPixelPhaseEncode": 21.786,
    "BaseResolution": 90,
    "BodyPartExamined": "BRAIN",
    "ConsistencyInfo": "N4_VE11C_LATEST_20160120",
    "ConversionSoftware": "dcm2niix",
    "ConversionSoftwareVersion": "v1.0.20190902",
    "Dcm2bidsVersion": "2.1.4",
    "DerivedVendorReportedEchoSpacing": 0.000510012,
    "DeviceSerialNumber": "166095",
    "DwellTime": 2e-06,
    "EchoTime": 0.03,
    "EchoTrainLength": 90,
    "EffectiveEchoSpacing": 0.000510012,
    "FlipAngle": 52,
    "ImageComments": "SMS_ABCD_V1.2;_MB=6;_FOVshift=3;_K_PE=5;_K_RO=5;_LeakBlockOn;",
    "ImageOrientationPatientDICOM": [
      1,
      0,
      0,
      0,
      1,
      0
    ],
    "ImageType": [
      "ORIGINAL",
      "PRIMARY",
      "M",
      "ND",
      "MOSAIC"
    ],
    "ImagingFrequency": 123.261,
    "InPlanePhaseEncodingDirectionDICOM": "COL",
    "InstitutionAddress": "Hillhouse_Ave._10_New_Haven_Northeast_US_06519",
    "InstitutionName": "Yale_University_-_Dunham_Lab._Bldg.",
    "InstitutionalDepartmentName": "Department",
    "MRAcquisitionType": "2D",
    "MagneticFieldStrength": 3,
    "Manufacturer": "Siemens",
    "ManufacturersModelName": "Prisma",
    "Modality": "MR",
    "MultibandAccelerationFactor": 6,
    "PartialFourier": 1,
    "PatientPosition": "HFS",
    "PercentPhaseFOV": 100,
    "PhaseEncodingAxis": "j",
    "PhaseEncodingDirection": "j",
    "PhaseEncodingSteps": 90,
    "PhaseResolution": 1,
    "PixelBandwidth": 2780,
    "ProcedureStepDescription": "Casey_ABCD-Adult",
    "ProtocolName": "ABCD_fMRI_task_Stop",
    "PulseSequenceDetails": "%CustomerSeq%_ep2d_bold_sms_abcd",
    "ReceiveCoilActiveElements": "HEA;HEP",
    "ReceiveCoilName": "Head_32",
    "ReconMatrixPE": 90,
    "RefLinesPE": 22,
    "RepetitionTime": 0.8,
    "SAR": 0.0539326,
    "ScanOptions": "FS_CT",
    "ScanningSequence": "EP",
    "SequenceName": "epfid2d1_90",
    "SequenceVariant": "SK",
    "SeriesDescription": "ABCD_fMRI_task_Stop",
    "SeriesNumber": 29,
    "ShimSetting": [
      -2124,
      -625,
      -4057,
      543,
      15,
      -91,
      -26,
      81
    ],
    "SliceThickness": 2.4,
    "SliceTiming": [
      0.545,
      0,
      0.39,
      0.0775,
      0.4675,
      0.235,
      0.625,
      0.3125,
      0.7025,
      0.155,
      0.545,
      0,
      0.39,
      0.0775,
      0.4675,
      0.235,
      0.625,
      0.3125,
      0.7025,
      0.155,
      0.545,
      0,
      0.39,
      0.0775,
      0.4675,
      0.235,
      0.625,
      0.3125,
      0.7025,
      0.155,
      0.545,
      0,
      0.39,
      0.0775,
      0.4675,
      0.235,
      0.625,
      0.3125,
      0.7025,
      0.155,
      0.545,
      0,
      0.39,
      0.0775,
      0.4675,
      0.235,
      0.625,
      0.3125,
      0.7025,
      0.155,
      0.545,
      0,
      0.39,
      0.0775,
      0.4675,
      0.235,
      0.625,
      0.3125,
      0.7025,
      0.155
    ],
    "SoftwareVersions": "syngo_MR_E11",
    "SpacingBetweenSlices": 2.4,
    "StationName": "AWP166095",
    "TotalReadoutTime": 0.045391,
    "TxRefAmp": 219.29,
    "WipMemBlock": "15a00f74-a01f-4049-8cdf-a09f91064a96",
    "dataset": "ds004097",
    "modality": "bold",
    "run_id": 2,
    "session_id": "04",
    "subject_id": "NDARTR918TJX",
    "task_id": "SST"
  },
  "dummy_trs": 6,
  "dvars_nstd": 29.86661135883559,
  "dvars_std": 1.0212853804566213,
  "dvars_vstd": 0.979934729063926,
  "efc": 0.4843610147892034,
  "fber": 1115.128173828125,
  "fd_mean": 0.12087833709312415,
  "fd_num": 39,
  "fd_perc": 8.883826879271071,
  "fwhm_avg": 2.818231832457973,
  "fwhm_x": 2.6940915596130863,
  "fwhm_y": 2.8346040540296213,
  "fwhm_z": 2.925999883731211,
  "gcor": 0.00643852,
  "gsr_x": -0.024796100333333015,
  "gsr_y": 0.07493305206298828,
  "provenance": {
    "md5sum": "3f6c82a25cd538ec0a25e3148420e72e",
    "settings": {
      "fd_thres": 0.2,
      "testing": false
    },
    "software": "mriqc",
    "version": "23.0.1",
    "webapi_port": null,
    "webapi_url": "https://mriqc.nimh.nih.gov/api/v1"
  },
  "size_t": 439,
  "size_x": 90,
  "size_y": 90,
  "size_z": 60,
  "snr": 2.787132275316219,
  "spacing_tr": 0.800000011920929,
  "spacing_x": 2.4000000953674316,
  "spacing_y": 2.4000000953674316,
  "spacing_z": 2.4000000953674316,
  "summary_bg_k": 30.165358595638864,
  "summary_bg_mad": 3.9209596893957466,
  "summary_bg_mean": 19.293363571166992,
  "summary_bg_median": 8.191344261169434,
  "summary_bg_n": 344447.0,
  "summary_bg_p05": 5.346241474151611,
  "summary_bg_p95": 74.84738159179688,
  "summary_bg_stdv": 32.02794647216797,
  "summary_fg_k": 1.2032909075106257,
  "summary_fg_mad": 85.54177729932879,
  "summary_fg_mean": 290.1700744628906,
  "summary_fg_median": 271.1867980957031,
  "summary_fg_n": 72901.0,
  "summary_fg_p05": 164.0,
  "summary_fg_p95": 476.6446533203125,
  "summary_fg_stdv": 97.29891204833984,
  "tsnr": 43.06459710421041
}