{
  "bids_meta": {
    "AcquisitionMatrixPE": 256,
    "AcquisitionNumber": 1,
    "AcquisitionTime": "14:36:33.267500",
    "BaseResolution": 256,
    "BodyPartExamined": "BRAIN",
    "ConsistencyInfo": "N4_VE11C_LATEST_20160120",
    "ConversionSoftware": "dcm2niix",
    "ConversionSoftwareVersion": "v1.0.20190902",
    "Dcm2bidsVersion": "2.1.4",
    "DeviceSerialNumber": "166095",
    "DwellTime": 0.000510012,
    "EchoTime": 0.0029,
    "FlipAngle": 8,
    "ImageOrientationPatientDICOM": [
      -0.0261913,
      0.999657,
      3.61057e-08,
      -0.0331324,
      -0.000868044,
      -0.999451
    ],
    "ImageType": [
      "ORIGINAL",
      "PRIMARY",
      "M",
      "ND",
      "NORM"
    ],
    "ImagingFrequency": 123.261,
    "InPlanePhaseEncodingDirectionDICOM": "ROW",
    "InstitutionAddress": "Hillhouse_Ave._10_New_Haven_Northeast_US_06519",
    "InstitutionName": "Yale_University_-_Dunham_Lab._Bldg.",
    "InstitutionalDepartmentName": "Department",
    "InversionTime": 1.07,
    "MRAcquisitionType": "3D",
    "MagneticFieldStrength": 3,
    "Manufacturer": "Siemens",
    "ManufacturersModelName": "Prisma",
    "Modality": "MR",
    "ParallelReductionFactorInPlane": 2,
    "PartialFourier": 1,
    "PatientPosition": "HFS",
    "PercentPhaseFOV": 100,
    "PhaseEncodingSteps": 255,
    "PhaseResolution": 1,
    "PixelBandwidth": 240,
    "ProcedureStepDescription": "ABCDadult",
    "ProtocolName": "ABCD_T1w_MPR_vNav",
    "PulseSequenceDetails": "%CustomerSeq%_tfl_mgh_epinav_ABCD",
    "ReceiveCoilActiveElements": "HEA;HEP",
    "ReceiveCoilName": "Head_32",
    "ReconMatrixPE": 256,
    "RefLinesPE": 32,
    "RepetitionTime": 2.5,
    "SAR": 0.0324358,
    "ScanOptions": "IR_WE",
    "ScanningSequence": "GR_IR",
    "SequenceName": "tfl3d1_16ns",
    "SequenceVariant": "SK_SP_MP",
    "SeriesDescription": "ABCD_T1w_MPR_vNav",
    "SeriesNumber": 5,
    "ShimSetting": [
      -2124,
      -630,
      -4032,
      554,
      -10,
      -129,
      -118,
      44
    ],
    "SliceThickness": 1,
    "SoftwareVersions": "syngo_MR_E11",
    "StationName": "AWP166095",
    "TxRefAmp": 221.685,
    "WipMemBlock": "Prisma_epi_moco_navigator_ABCD_tfl.prot",
    "dataset": "ds004097",
    "modality": "T1w",
    "session_id": "01",
    "subject_id": "NDARTR918TJX"
  },
  "cjv": 0.35412781092433726,
  "cnr": 3.533762393602864,
  "efc": 0.4818690375427419,
  "fber": 26807.9222265625,
  "fwhm_avg": 3.5853566666666663,
  "fwhm_x": 3.57008,
  "fwhm_y": 3.81577,
  "fwhm_z": 3.37022,
  "icvs_csf": 0.24186377931391106,
  "icvs_gm": 0.4171949138562542,
  "icvs_wm": 0.34094130682983476,
  "inu_med": 0.4092157185077667,
  "inu_range": 0.09912195205688473,
  "provenance": {
    "md5sum": "898eeac9525d21dd93087285b885f343",
    "settings": {
      "testing": false
    },
    "software": "mriqc",
    "version": "23.0.1",
    "warnings": {
      "large_rot_frame": true,
      "small_air_mask": false
    },
    "webapi_port": null,
    "webapi_url": "https://mriqc.nimh.nih.gov/api/v1"
  },
  "qi_1": 0.00068703139324297,
  "qi_2": 0.0024161885972620806,
  "rpve_csf": 24.835253683409867,
  "rpve_gm": 14.352335089607765,
  "rpve_wm": 20.814635872128886,
  "size_x": 176,
  "size_y": 256,
  "size_z": 256,
  "snr_csf": 2.0343600710006817,
  "snr_gm": 8.917180350768732,
  "snr_total": 12.485337739245567,
  "snr_wm": 26.504472795967292,
  "snrd_csf": 36.01173439861959,
  "snrd_gm": 119.10967644904406,
  "snrd_total": 108.93038692928462,
  "snrd_wm": 171.6697499401902,
  "spacing_x": 1.0,
  "spacing_y": 1.0,
  "spacing_z": 1.0,
  "summary_bg_k": 133.63870228379636,
  "summary_bg_mad": 3.816183733164111,
  "summary_bg_mean": 3.5154947370424283,
  "summary_bg_median": 2.5739768128842115,
  "summary_bg_n": 3506248.0,
  "summary_bg_p05": 0.0,
  "summary_bg_p95": 13.668016409501433,
  "summary_bg_stdv": 5.422966760037608,
  "summary_csf_k": 1.3450087263455384,
  "summary_csf_mad": 82.6839808852224,
  "summary_csf_mean": 227.13816860538722,
  "summary_csf_median": 209.76913359574974,
  "summary_csf_n": 39140.0,
  "summary_csf_p05": 85.53983408398926,
  "summary_csf_p95": 431.7905963539145,
  "summary_csf_stdv": 103.11176317333152,
  "summary_gm_k": 0.3243938670100843,
  "summary_gm_mad": 72.62582220866582,
  "summary_gm_mean": 693.2683909036684,
  "summary_gm_median": 693.8164475783706,
  "summary_gm_n": 18355.0,
  "summary_gm_p05": 557.9284298358485,
  "summary_gm_p95": 821.2083465075119,
  "summary_gm_stdv": 77.80458845723132,
  "summary_wm_k": 0.518443031004435,
  "summary_wm_mad": 35.79521176068662,
  "summary_wm_mean": 998.431473030657,
  "summary_wm_median": 999.9800151512027,
  "summary_wm_n": 166556.0,
  "summary_wm_p05": 934.9322290271521,
  "summary_wm_p95": 1058.4432094283402,
  "summary_wm_stdv": 37.72861361594471,
  "tpm_overlap_csf": 0.16036695665460274,
  "tpm_overlap_gm": 0.4604993273194612,
  "tpm_overlap_wm": 0.5109934723065036,
  "wm2max": 0.9129096307630654
}