{
  "bids_meta": {
    "AcquisitionMatrixPE": 256,
    "AcquisitionNumber": 1,
    "AcquisitionTime": "14:56:7.557500",
    "BaseResolution": 256,
    "BodyPartExamined": "BRAIN",
    "ConsistencyInfo": "N4_VE11C_LATEST_20160120",
    "ConversionSoftware": "dcm2niix",
    "ConversionSoftwareVersion": "v1.0.20190902",
    "Dcm2bidsVersion": "2.1.4",
    "DeviceSerialNumber": "166095",
    "DwellTime": 0.000510012,
    "EchoTime": 0.0029,
    "FlipAngle": 8,
    "ImageOrientationPatientDICOM": [
      -0.00523594,
      0.999986,
      -1.97907e-08,
      -0.113202,
      -0.000592745,
      -0.993572
    ],
    "ImageType": [
      "ORIGINAL",
      "PRIMARY",
      "M",
      "ND",
      "NORM"
    ],
    "ImagingFrequency": 123.261,
    "InPlanePhaseEncodingDirectionDICOM": "ROW",
    "InstitutionAddress": "Hillhouse_Ave._10_New_Haven_Northeast_US_06519",
    "InstitutionName": "Yale_University_-_Dunham_Lab._Bldg.",
    "InstitutionalDepartmentName": "Department",
    "InversionTime": 1.07,
    "MRAcquisitionType": "3D",
    "MagneticFieldStrength": 3,
    "Manufacturer": "Siemens",
    "ManufacturersModelName": "Prisma",
    "Modality": "MR",
    "ParallelReductionFactorInPlane": 2,
    "PartialFourier": 1,
    "PatientPosition": "HFS",
    "PercentPhaseFOV": 100,
    "PhaseEncodingSteps": 255,
    "PhaseResolution": 1,
    "PixelBandwidth": 240,
    "ProcedureStepDescription": "ABCDadult",
    "ProtocolName": "ABCD_T1w_MPR_vNav",
    "PulseSequenceDetails": "%CustomerSeq%_tfl_mgh_epinav_ABCD",
    "ReceiveCoilActiveElements": "HEA;HEP",
    "ReceiveCoilName": "Head_32",
    "ReconMatrixPE": 256,
    "RefLinesPE": 32,
    "RepetitionTime": 2.5,
    "SAR": 0.0284949,
    "ScanOptions": "IR_WE",
    "ScanningSequence": "GR_IR",
    "SequenceName": "tfl3d1_16ns",
    "SequenceVariant": "SK_SP_MP",
    "SeriesDescription": "ABCD_T1w_MPR_vNav",
    "SeriesNumber": 5,
    "ShimSetting": [
      -2131,
      -663,
      -4065,
      633,
      -53,
      -65,
      34,
      88
    ],
    "SliceThickness": 1,
    "SoftwareVersions": "syngo_MR_E11",
    "StationName": "AWP166095",
    "TxRefAmp": 230.394,
    "WipMemBlock": "Prisma_epi_moco_navigator_ABCD_tfl.prot",
    "dataset": "ds004097",
    "modality": "T1w",
    "session_id": "01",
    "subject_id": "NDARTW625MMA"
  },
  "cjv": 0.4214333748017917,
  "cnr": 3.132670867609174,
  "efc": 0.5143371507631962,
  "fber": 17260.704400000002,
  "fwhm_avg": 3.840716666666667,
  "fwhm_x": 3.92908,
  "fwhm_y": 3.93929,
  "fwhm_z": 3.65378,
  "icvs_csf": 0.18988259948916963,
  "icvs_gm": 0.42894003226129357,
  "icvs_wm": 0.3811773682495368,
  "inu_med": 0.8942927122116089,
  "inu_range": 0.7425811886787415,
  "provenance": {
    "md5sum": "417172be126bd8b05448ff4c9577e04c",
    "settings": {
      "testing": false
    },
    "software": "mriqc",
    "version": "23.0.1",
    "warnings": {
      "large_rot_frame": true,
      "small_air_mask": false
    },
    "webapi_port": null,
    "webapi_url": "https://mriqc.nimh.nih.gov/api/v1"
  },
  "qi_1": 0.0,
  "qi_2": 0.0011887778819222035,
  "rpve_csf": 29.99732744080229,
  "rpve_gm": 13.840343107773991,
  "rpve_wm": 17.519396446228402,
  "size_x": 176,
  "size_y": 256,
  "size_z": 256,
  "snr_csf": 2.216187347781857,
  "snr_gm": 11.137968295048308,
  "snr_total": 10.043906100637516,
  "snr_wm": 16.777562659082385,
  "snrd_csf": 12.82084257738695,
  "snrd_gm": 42.3918805681141,
  "snrd_total": 37.9772349375861,
  "snrd_wm": 58.71898166725723,
  "spacing_x": 1.0,
  "spacing_y": 1.0,
  "spacing_z": 1.0,
  "summary_bg_k": 188.50698931072884,
  "summary_bg_mad": 0.0,
  "summary_bg_mean": 7.275388774658664,
  "summary_bg_median": 0.0,
  "summary_bg_n": 3720331.0,
  "summary_bg_p05": 0.0,
  "summary_bg_p95": 28.1955585218966,
  "summary_bg_stdv": 11.157973256585255,
  "summary_csf_k": 3.276389998898482,
  "summary_csf_mad": 75.38748298872629,
  "summary_csf_mean": 233.04143410778948,
  "summary_csf_median": 218.3585259579122,
  "summary_csf_n": 31771.0,
  "summary_csf_p05": 103.39603243023157,
  "summary_csf_p95": 426.1113831140101,
  "summary_csf_stdv": 98.52736038106082,
  "summary_gm_k": 0.18130977184706598,
  "summary_gm_mad": 63.77255101662602,
  "summary_gm_mean": 720.750991027082,
  "summary_gm_median": 721.9984566196799,
  "summary_gm_n": 24850.0,
  "summary_gm_p05": 611.6182032711804,
  "summary_gm_p95": 823.3620438091457,
  "summary_gm_stdv": 64.8218696817967,
  "summary_wm_k": 0.9447606683412273,
  "summary_wm_mad": 53.417729588668706,
  "summary_wm_mean": 1008.4508554885483,
  "summary_wm_median": 1000.0739191062748,
  "summary_wm_n": 185627.0,
  "summary_wm_p05": 925.5016555450857,
  "summary_wm_p95": 1118.9165353663266,
  "summary_wm_stdv": 59.60765849314165,
  "tpm_overlap_csf": 0.14809966918239623,
  "tpm_overlap_gm": 0.45217468528442484,
  "tpm_overlap_wm": 0.4813103737082429,
  "wm2max": 0.604397374468128
}