{
  "bids_meta": {
    "AcquisitionMatrixPE": 256,
    "AcquisitionNumber": 1,
    "AcquisitionTime": "15:26:23.867500",
    "BaseResolution": 256,
    "BodyPartExamined": "BRAIN",
    "ConsistencyInfo": "N4_VE11C_LATEST_20160120",
    "ConversionSoftware": "dcm2niix",
    "ConversionSoftwareVersion": "v1.0.20190902",
    "Dcm2bidsVersion": "2.1.4",
    "DeviceSerialNumber": "166095",
    "DwellTime": 0.000510012,
    "EchoTime": 0.565,
    "EchoTrainLength": 190,
    "FlipAngle": 120,
    "ImageOrientationPatientDICOM": [
      -0.00523594,
      0.999986,
      -1.97907e-08,
      -0.113202,
      -0.000592745,
      -0.993572
    ],
    "ImageType": [
      "ORIGINAL",
      "PRIMARY",
      "M",
      "ND"
    ],
    "ImagingFrequency": 123.261,
    "InPlanePhaseEncodingDirectionDICOM": "ROW",
    "InstitutionAddress": "Hillhouse_Ave._10_New_Haven_Northeast_US_06519",
    "InstitutionName": "Yale_University_-_Dunham_Lab._Bldg.",
    "InstitutionalDepartmentName": "Department",
    "MRAcquisitionType": "3D",
    "MagneticFieldStrength": 3,
    "Manufacturer": "Siemens",
    "ManufacturersModelName": "Prisma",
    "Modality": "MR",
    "ParallelReductionFactorInPlane": 2,
    "PartialFourier": 1,
    "PatientPosition": "HFS",
    "PercentPhaseFOV": 100,
    "PhaseEncodingSteps": 227,
    "PhaseResolution": 1,
    "PixelBandwidth": 240,
    "ProcedureStepDescription": "ABCDadult",
    "ProtocolName": "ABCD_T2w_SPC_vNav",
    "PulseSequenceDetails": "%CustomerSeq%_tse_vfl_mgh_epinav_ABCD",
    "ReceiveCoilActiveElements": "HEA;HEP",
    "ReceiveCoilName": "Head_32",
    "ReconMatrixPE": 256,
    "RefLinesPE": 32,
    "RepetitionTime": 3.2,
    "SAR": 0.0624489,
    "ScanOptions": "PFP",
    "ScanningSequence": "SE",
    "SequenceName": "spc_200ns",
    "SequenceVariant": "SK_SP",
    "SeriesDescription": "ABCD_T2w_SPC_vNav",
    "SeriesNumber": 17,
    "ShimSetting": [
      -2131,
      -663,
      -4065,
      633,
      -53,
      -65,
      34,
      88
    ],
    "SliceThickness": 1,
    "SoftwareVersions": "syngo_MR_E11",
    "StationName": "AWP166095",
    "TxRefAmp": 230.394,
    "WipMemBlock": "Prisma_epi_moco_navigator_ABCD_tse_vfl.prot",
    "dataset": "ds004097",
    "modality": "T2w",
    "session_id": "01",
    "subject_id": "NDARTW625MMA"
  },
  "cjv": 0.8824745216798844,
  "cnr": 1.0186171941215425,
  "efc": 0.4807569214753389,
  "fber": 7394.2539101754755,
  "fwhm_avg": 3.7008500000000004,
  "fwhm_x": 3.61376,
  "fwhm_y": 3.94234,
  "fwhm_z": 3.54645,
  "icvs_csf": 0.3457742148342397,
  "icvs_gm": 0.4994569060871686,
  "icvs_wm": 0.15476887907859174,
  "inu_med": 0.9998705387115479,
  "inu_range": 1.0242588877677916,
  "provenance": {
    "md5sum": "1f13883154e3bfa3acd85c61445641d0",
    "settings": {
      "testing": false
    },
    "software": "mriqc",
    "version": "23.0.1",
    "warnings": {
      "large_rot_frame": true,
      "small_air_mask": false
    },
    "webapi_port": null,
    "webapi_url": "https://mriqc.nimh.nih.gov/api/v1"
  },
  "qi_1": 3.859052734063406e-05,
  "qi_2": 0.0027127691640725033,
  "rpve_csf": 15.85644422399572,
  "rpve_gm": 12.31010944631893,
  "rpve_wm": 45.73738272468005,
  "size_x": 176,
  "size_y": 256,
  "size_z": 256,
  "snr_csf": 11.843729376814721,
  "snr_gm": 11.909048285951721,
  "snr_total": 8.584664991575124,
  "snr_wm": 2.001217311958928,
  "snrd_csf": 53.615277681462295,
  "snrd_gm": 35.091725690518594,
  "snrd_total": 53.479630609967614,
  "snrd_wm": 71.73188845792197,
  "spacing_x": 1.0,
  "spacing_y": 1.0,
  "spacing_z": 1.0,
  "summary_bg_k": 5.793434973700299,
  "summary_bg_mad": 0.0,
  "summary_bg_mean": 6.307881333834371,
  "summary_bg_median": 0.0,
  "summary_bg_n": 4393460.0,
  "summary_bg_p05": 0.0,
  "summary_bg_p95": 25.206219838932157,
  "summary_bg_stdv": 9.138507641627742,
  "summary_csf_k": 1.2198901388242342,
  "summary_csf_mad": 58.71945141471326,
  "summary_csf_mean": 749.8164409695521,
  "summary_csf_median": 747.8803266007453,
  "summary_csf_n": 31512.0,
  "summary_csf_p05": 653.5955559386872,
  "summary_csf_p95": 855.4019553549588,
  "summary_csf_stdv": 63.14467648804438,
  "summary_gm_k": 0.7471252759102183,
  "summary_gm_mad": 39.373565389836756,
  "summary_gm_mean": 491.3223245349006,
  "summary_gm_median": 489.49501719139516,
  "summary_gm_n": 178591.0,
  "summary_gm_p05": 427.9021675735712,
  "summary_gm_p95": 560.716240407899,
  "summary_gm_stdv": 41.102667064592396,
  "summary_wm_k": -1.6851895129989525,
  "summary_wm_mad": 411.6540351174437,
  "summary_wm_mean": 717.4616071018327,
  "summary_wm_median": 1000.5892067989334,
  "summary_wm_n": 34756.0,
  "summary_wm_p05": 36.01299140043557,
  "summary_wm_p95": 1315.7603643801995,
  "summary_wm_stdv": 499.98308841049123,
  "tpm_overlap_csf": 0.11896721518084549,
  "tpm_overlap_gm": 0.3239980307833914,
  "tpm_overlap_wm": 0.037215755947298486,
  "wm2max": 0.7710972800567024
}