{
  "aor": 0.0006721010638297872,
  "aqi": 0.0047947163829787235,
  "bids_meta": {
    "AcquisitionMatrixPE": 90,
    "AcquisitionNumber": 1,
    "AcquisitionTime": "15:09:39.490000",
    "BandwidthPerPixelPhaseEncode": 21.786,
    "BaseResolution": 90,
    "BodyPartExamined": "BRAIN",
    "ConsistencyInfo": "N4_VE11C_LATEST_20160120",
    "ConversionSoftware": "dcm2niix",
    "ConversionSoftwareVersion": "v1.0.20190902",
    "Dcm2bidsVersion": "2.1.4",
    "DerivedVendorReportedEchoSpacing": 0.000510012,
    "DeviceSerialNumber": "166095",
    "DwellTime": 2e-06,
    "EchoTime": 0.03,
    "EchoTrainLength": 90,
    "EffectiveEchoSpacing": 0.000510012,
    "FlipAngle": 52,
    "ImageComments": "SMS_ABCD_V1.2;_MB=6;_FOVshift=3;_K_PE=5;_K_RO=5;_LeakBlockOn;",
    "ImageOrientationPatientDICOM": [
      1,
      0,
      0,
      0,
      1,
      0
    ],
    "ImageType": [
      "ORIGINAL",
      "PRIMARY",
      "M",
      "ND",
      "MOSAIC"
    ],
    "ImagingFrequency": 123.261,
    "InPlanePhaseEncodingDirectionDICOM": "COL",
    "InstitutionAddress": "Hillhouse_Ave._10_New_Haven_Northeast_US_06519",
    "InstitutionName": "Yale_University_-_Dunham_Lab._Bldg.",
    "InstitutionalDepartmentName": "Department",
    "MRAcquisitionType": "2D",
    "MagneticFieldStrength": 3,
    "Manufacturer": "Siemens",
    "ManufacturersModelName": "Prisma",
    "Modality": "MR",
    "MultibandAccelerationFactor": 6,
    "PartialFourier": 1,
    "PatientPosition": "HFS",
    "PercentPhaseFOV": 100,
    "PhaseEncodingAxis": "j",
    "PhaseEncodingDirection": "j",
    "PhaseEncodingSteps": 90,
    "PhaseResolution": 1,
    "PixelBandwidth": 2780,
    "ProcedureStepDescription": "Casey_ABCD-Adult",
    "ProtocolName": "ABCD_fMRI_rest",
    "PulseSequenceDetails": "%CustomerSeq%_ep2d_bold_sms_abcd",
    "ReceiveCoilActiveElements": "HEA;HEP",
    "ReceiveCoilName": "Head_32",
    "ReconMatrixPE": 90,
    "RefLinesPE": 22,
    "RepetitionTime": 0.8,
    "SAR": 0.0538751,
    "ScanOptions": "FS_CT",
    "ScanningSequence": "EP",
    "SequenceName": "epfid2d1_90",
    "SequenceVariant": "SK",
    "SeriesDescription": "ABCD_fMRI_rest",
    "SeriesNumber": 21,
    "ShimSetting": [
      -2124,
      -625,
      -4057,
      543,
      15,
      -91,
      -26,
      81
    ],
    "SliceThickness": 2.4,
    "SliceTiming": [
      0.545,
      0,
      0.39,
      0.0775,
      0.4675,
      0.235,
      0.6225,
      0.3125,
      0.7025,
      0.155,
      0.545,
      0,
      0.39,
      0.0775,
      0.4675,
      0.235,
      0.6225,
      0.3125,
      0.7025,
      0.155,
      0.545,
      0,
      0.39,
      0.0775,
      0.4675,
      0.235,
      0.6225,
      0.3125,
      0.7025,
      0.155,
      0.545,
      0,
      0.39,
      0.0775,
      0.4675,
      0.235,
      0.6225,
      0.3125,
      0.7025,
      0.155,
      0.545,
      0,
      0.39,
      0.0775,
      0.4675,
      0.235,
      0.6225,
      0.3125,
      0.7025,
      0.155,
      0.545,
      0,
      0.39,
      0.0775,
      0.4675,
      0.235,
      0.6225,
      0.3125,
      0.7025,
      0.155
    ],
    "SoftwareVersions": "syngo_MR_E11",
    "SpacingBetweenSlices": 2.4,
    "StationName": "AWP166095",
    "TotalReadoutTime": 0.045391,
    "TxRefAmp": 219.29,
    "WipMemBlock": "6488c5bc-ed5c-48ac-b0c7-31c2363d1a0e",
    "dataset": "ds004097",
    "modality": "bold",
    "run_id": 3,
    "session_id": "04",
    "subject_id": "NDARTR918TJX",
    "task_id": "rest"
  },
  "dummy_trs": 7,
  "dvars_nstd": 30.212283137146663,
  "dvars_std": 1.067431728826666,
  "dvars_vstd": 1.0073045685333328,
  "efc": 0.48335720255205855,
  "fber": 1149.82421875,
  "fd_mean": 0.14671393124703047,
  "fd_num": 105,
  "fd_perc": 27.925531914893618,
  "fwhm_avg": 2.8594082197106587,
  "fwhm_x": 2.736087391277655,
  "fwhm_y": 2.8806582188662597,
  "fwhm_z": 2.9614790489880622,
  "gcor": 0.00910847,
  "gsr_x": -0.027200140058994293,
  "gsr_y": 0.07643517106771469,
  "provenance": {
    "md5sum": "e82b8b8cadd73647eb067c413a75a224",
    "settings": {
      "fd_thres": 0.2,
      "testing": false
    },
    "software": "mriqc",
    "version": "23.0.1",
    "webapi_port": null,
    "webapi_url": "https://mriqc.nimh.nih.gov/api/v1"
  },
  "size_t": 376,
  "size_x": 90,
  "size_y": 90,
  "size_z": 60,
  "snr": 2.768310849877268,
  "spacing_tr": 0.800000011920929,
  "spacing_x": 2.4000000953674316,
  "spacing_y": 2.4000000953674316,
  "spacing_z": 2.4000000953674316,
  "summary_bg_k": 32.99694519248591,
  "summary_bg_mad": 3.9982940250482546,
  "summary_bg_mean": 19.926572799682617,
  "summary_bg_median": 8.292552947998047,
  "summary_bg_n": 344994.0,
  "summary_bg_p05": 5.4335103034973145,
  "summary_bg_p95": 77.26954498291009,
  "summary_bg_stdv": 33.17713928222656,
  "summary_fg_k": 0.9248786607555464,
  "summary_fg_mad": 90.88232151506696,
  "summary_fg_mean": 298.65911865234375,
  "summary_fg_median": 279.47869873046875,
  "summary_fg_n": 72452.0,
  "summary_fg_p05": 167.3902900695801,
  "summary_fg_p95": 492.6801803588866,
  "summary_fg_stdv": 100.95570373535156,
  "tsnr": 46.837646330706775
}