{
  "bids_meta": {
    "AcquisitionMatrixPE": 256,
    "AcquisitionNumber": 1,
    "AcquisitionTime": "14:25:3.022500",
    "BaseResolution": 256,
    "BodyPartExamined": "BRAIN",
    "ConsistencyInfo": "N4_VE11C_LATEST_20160120",
    "ConversionSoftware": "dcm2niix",
    "ConversionSoftwareVersion": "v1.0.20190902",
    "Dcm2bidsVersion": "2.1.4",
    "DeviceSerialNumber": "166095",
    "DwellTime": 0.000510012,
    "EchoTime": 0.0029,
    "FlipAngle": 8,
    "ImageOrientationPatientDICOM": [
      0,
      1,
      0,
      -0.052336,
      0,
      -0.99863
    ],
    "ImageType": [
      "ORIGINAL",
      "PRIMARY",
      "M",
      "ND"
    ],
    "ImagingFrequency": 123.261,
    "InPlanePhaseEncodingDirectionDICOM": "ROW",
    "InstitutionAddress": "Hillhouse_Ave._10_New_Haven_Northeast_US_06519",
    "InstitutionName": "Yale_University_-_Dunham_Lab._Bldg.",
    "InstitutionalDepartmentName": "Department",
    "InversionTime": 1.07,
    "MRAcquisitionType": "3D",
    "MagneticFieldStrength": 3,
    "Manufacturer": "Siemens",
    "ManufacturersModelName": "Prisma",
    "Modality": "MR",
    "ParallelReductionFactorInPlane": 2,
    "PartialFourier": 1,
    "PatientPosition": "HFS",
    "PercentPhaseFOV": 100,
    "PhaseEncodingSteps": 255,
    "PhaseResolution": 1,
    "PixelBandwidth": 240,
    "ProcedureStepDescription": "ABCDadult",
    "ProtocolName": "ABCD_T1w_MPR_vNav",
    "PulseSequenceDetails": "%CustomerSeq%_tfl_mgh_epinav_ABCD",
    "ReceiveCoilActiveElements": "HEA;HEP",
    "ReceiveCoilName": "Head_32",
    "ReconMatrixPE": 256,
    "RefLinesPE": 32,
    "RepetitionTime": 2.5,
    "SAR": 0.0311773,
    "ScanOptions": "IR_WE",
    "ScanningSequence": "GR_IR",
    "SequenceName": "tfl3d1_16ns",
    "SequenceVariant": "SK_SP_MP",
    "SeriesDescription": "ABCD_T1w_MPR_vNav",
    "SeriesNumber": 4,
    "ShimSetting": [
      -2128,
      -673,
      -4048,
      485,
      -8,
      -80,
      96,
      78
    ],
    "SliceThickness": 1,
    "SoftwareVersions": "syngo_MR_E11",
    "StationName": "AWP166095",
    "TxRefAmp": 234.685,
    "WipMemBlock": "Prisma_epi_moco_navigator_ABCD_tfl.prot",
    "dataset": "ds004097",
    "modality": "T1w",
    "session_id": "02",
    "subject_id": "NDARTW625MMA"
  },
  "cjv": 0.30448368455529234,
  "cnr": 4.195106554696967,
  "efc": 0.5156372592063052,
  "fber": 17308.290303390837,
  "fwhm_avg": 3.7911099999999998,
  "fwhm_x": 3.91567,
  "fwhm_y": 3.97187,
  "fwhm_z": 3.48579,
  "icvs_csf": 0.2046048963376875,
  "icvs_gm": 0.4596099717683449,
  "icvs_wm": 0.33578513189396764,
  "inu_med": 0.5192742943763733,
  "inu_range": 0.17136682271957399,
  "provenance": {
    "md5sum": "c9be467af5a498ba33a551c63feafc31",
    "settings": {
      "testing": false
    },
    "software": "mriqc",
    "version": "23.0.1",
    "warnings": {
      "large_rot_frame": true,
      "small_air_mask": false
    },
    "webapi_port": null,
    "webapi_url": "https://mriqc.nimh.nih.gov/api/v1"
  },
  "qi_1": 0.0,
  "qi_2": 0.0016069339228156542,
  "rpve_csf": 28.32115164266382,
  "rpve_gm": 13.4062752382016,
  "rpve_wm": 20.399668799960157,
  "size_x": 176,
  "size_y": 256,
  "size_z": 256,
  "snr_csf": 1.8321458807084263,
  "snr_gm": 10.614089855397644,
  "snr_total": 12.564256677374402,
  "snr_wm": 25.24653429601713,
  "snrd_csf": 23.629443791524345,
  "snrd_gm": 85.89338805320622,
  "snrd_total": 78.46126926034829,
  "snrd_wm": 125.86097593631428,
  "spacing_x": 1.0,
  "spacing_y": 1.0,
  "spacing_z": 1.0,
  "summary_bg_k": 13.23330918249599,
  "summary_bg_mad": 0.0,
  "summary_bg_mean": 3.022307716394715,
  "summary_bg_median": 0.0,
  "summary_bg_n": 2946192.0,
  "summary_bg_p05": 0.0,
  "summary_bg_p95": 12.406762955710292,
  "summary_bg_stdv": 5.2052385825466185,
  "summary_csf_k": 1.6690040818951735,
  "summary_csf_mad": 90.97618895687275,
  "summary_csf_mean": 206.6556275836837,
  "summary_csf_median": 187.74241899512708,
  "summary_csf_n": 38969.0,
  "summary_csf_p05": 73.5305826958269,
  "summary_csf_p95": 401.26803074590845,
  "summary_csf_stdv": 102.47001185203065,
  "summary_gm_k": 0.4126375426863187,
  "summary_gm_mad": 59.385186551670174,
  "summary_gm_mean": 683.4338621326107,
  "summary_gm_median": 682.4465523213148,
  "summary_gm_n": 44239.0,
  "summary_gm_p05": 577.647943386808,
  "summary_gm_p95": 792.543520345725,
  "summary_gm_stdv": 64.29555886535135,
  "summary_wm_k": 0.5603869663681706,
  "summary_wm_mad": 37.30466094990082,
  "summary_wm_mean": 999.6608091188872,
  "summary_wm_median": 1000.0000121816993,
  "summary_wm_n": 173832.0,
  "summary_wm_p05": 934.1757945722901,
  "summary_wm_p95": 1063.823981134221,
  "summary_wm_stdv": 39.60928355995823,
  "tpm_overlap_csf": 0.13522411186696495,
  "tpm_overlap_gm": 0.4593274213471328,
  "tpm_overlap_wm": 0.49964923783161713,
  "wm2max": 0.8612604124285317
}