{
  "bids_meta": {
    "AcquisitionMatrixPE": 256,
    "AcquisitionNumber": 1,
    "AcquisitionTime": "14:26:56.842500",
    "BaseResolution": 256,
    "BodyPartExamined": "BRAIN",
    "ConsistencyInfo": "N4_VE11C_LATEST_20160120",
    "ConversionSoftware": "dcm2niix",
    "ConversionSoftwareVersion": "v1.0.20190902",
    "Dcm2bidsVersion": "2.1.4",
    "DeviceSerialNumber": "166095",
    "DwellTime": 0.000510012,
    "EchoTime": 0.565,
    "EchoTrainLength": 190,
    "FlipAngle": 120,
    "ImageOrientationPatientDICOM": [
      0,
      1,
      0,
      0,
      0,
      -1
    ],
    "ImageType": [
      "ORIGINAL",
      "PRIMARY",
      "M",
      "ND",
      "NORM"
    ],
    "ImagingFrequency": 123.261,
    "InPlanePhaseEncodingDirectionDICOM": "ROW",
    "InstitutionAddress": "Hillhouse_Ave._10_New_Haven_Northeast_US_06519",
    "InstitutionName": "Yale_University_-_Dunham_Lab._Bldg.",
    "InstitutionalDepartmentName": "Department",
    "MRAcquisitionType": "3D",
    "MagneticFieldStrength": 3,
    "Manufacturer": "Siemens",
    "ManufacturersModelName": "Prisma",
    "Modality": "MR",
    "ParallelReductionFactorInPlane": 2,
    "PartialFourier": 1,
    "PatientPosition": "HFS",
    "PercentPhaseFOV": 100,
    "PhaseEncodingSteps": 227,
    "PhaseResolution": 1,
    "PixelBandwidth": 240,
    "ProcedureStepDescription": "ABCDadult",
    "ProtocolName": "ABCD_T2w_SPC_vNav",
    "PulseSequenceDetails": "%CustomerSeq%_tse_vfl_mgh_epinav_ABCD",
    "ReceiveCoilActiveElements": "HEA;HEP",
    "ReceiveCoilName": "Head_32",
    "ReconMatrixPE": 256,
    "RefLinesPE": 32,
    "RepetitionTime": 3.2,
    "SAR": 0.0827138,
    "ScanOptions": "PFP",
    "ScanningSequence": "SE",
    "SequenceName": "spc_200ns",
    "SequenceVariant": "SK_SP",
    "SeriesDescription": "ABCD_T2w_SPC_vNav",
    "SeriesNumber": 18,
    "ShimSetting": [
      -2131,
      -715,
      -4022,
      448,
      -77,
      -263,
      70,
      42
    ],
    "SliceThickness": 1,
    "SoftwareVersions": "syngo_MR_E11",
    "StationName": "AWP166095",
    "TxRefAmp": 250.29,
    "WipMemBlock": "Prisma_epi_moco_navigator_ABCD_tse_vfl.prot",
    "dataset": "ds004097",
    "modality": "T2w",
    "session_id": "04",
    "subject_id": "NDARMC914MYN"
  },
  "cjv": 0.7948346760384691,
  "cnr": 0.5521154330702643,
  "efc": 0.5580671920011485,
  "fber": 2848.424079417086,
  "fwhm_avg": 3.61871,
  "fwhm_x": 3.61316,
  "fwhm_y": 3.82653,
  "fwhm_z": 3.41644,
  "icvs_csf": 0.4803248613030345,
  "icvs_gm": 0.39668693268910227,
  "icvs_wm": 0.1229882060078633,
  "inu_med": 0.8473986387252808,
  "inu_range": 0.840248703956604,
  "provenance": {
    "md5sum": "9aa5fe55cc4221afb3bb4eedc2720214",
    "settings": {
      "testing": false
    },
    "software": "mriqc",
    "version": "23.0.1",
    "warnings": {
      "large_rot_frame": true,
      "small_air_mask": false
    },
    "webapi_port": null,
    "webapi_url": "https://mriqc.nimh.nih.gov/api/v1"
  },
  "qi_1": 0.0,
  "qi_2": 0.002071813835117001,
  "rpve_csf": 11.611319331927078,
  "rpve_gm": 13.933388877215444,
  "rpve_wm": 46.15595645861242,
  "size_x": 176,
  "size_y": 256,
  "size_z": 256,
  "snr_csf": 9.22230396791839,
  "snr_gm": 11.297900986756645,
  "snr_total": 6.944236948322161,
  "snr_wm": 0.31250589029145365,
  "snrd_csf": 77.85320061904348,
  "snrd_gm": 47.857542411227016,
  "snrd_total": 47.657876855718854,
  "snrd_wm": 17.262887536886073,
  "spacing_x": 1.0,
  "spacing_y": 1.0,
  "spacing_z": 1.0,
  "summary_bg_k": 3.839725562680041,
  "summary_bg_mad": 38.306469631169776,
  "summary_bg_mean": 51.86969047673036,
  "summary_bg_median": 25.837321132421494,
  "summary_bg_n": 2861731.0,
  "summary_bg_p05": 0.0,
  "summary_bg_p95": 190.4306261241436,
  "summary_bg_stdv": 68.36248746224662,
  "summary_csf_k": 0.03563227715054129,
  "summary_csf_mad": 443.7875444677743,
  "summary_csf_mean": 4622.262499811656,
  "summary_csf_median": 4552.153208404779,
  "summary_csf_n": 141889.0,
  "summary_csf_p05": 3920.8421899795535,
  "summary_csf_p95": 5603.75131725073,
  "summary_csf_stdv": 493.600859716212,
  "summary_gm_k": 0.3194169520606871,
  "summary_gm_mad": 240.33762798222816,
  "summary_gm_mean": 2813.1300969654403,
  "summary_gm_median": 2798.2775724232197,
  "summary_gm_n": 195492.0,
  "summary_gm_p05": 2431.0048372149467,
  "summary_gm_p95": 3243.445046156645,
  "summary_gm_stdv": 247.68055753729692,
  "summary_wm_k": -1.2734325663778043,
  "summary_wm_mad": 1181.5417744014144,
  "summary_wm_mean": 3003.951742686333,
  "summary_wm_median": 1009.378012239933,
  "summary_wm_n": 23011.0,
  "summary_wm_p05": 133.77990719676018,
  "summary_wm_p95": 8509.186786726117,
  "summary_wm_stdv": 3229.878574606964,
  "tpm_overlap_csf": 0.1115849828120446,
  "tpm_overlap_gm": 0.24497377249552235,
  "tpm_overlap_wm": 0.0241022718798378,
  "wm2max": 0.1250330941192264
}