{
  "aor": 0.0008791798941798942,
  "aqi": 0.0076109576190476185,
  "bids_meta": {
    "AcquisitionMatrixPE": 90,
    "AcquisitionNumber": 1,
    "AcquisitionTime": "13:43:11.177500",
    "BandwidthPerPixelPhaseEncode": 21.786,
    "BaseResolution": 90,
    "BodyPartExamined": "BRAIN",
    "ConsistencyInfo": "N4_VE11C_LATEST_20160120",
    "ConversionSoftware": "dcm2niix",
    "ConversionSoftwareVersion": "v1.0.20190902",
    "Dcm2bidsVersion": "2.1.4",
    "DerivedVendorReportedEchoSpacing": 0.000510012,
    "DeviceSerialNumber": "166095",
    "DwellTime": 2e-06,
    "EchoTime": 0.03,
    "EchoTrainLength": 90,
    "EffectiveEchoSpacing": 0.000510012,
    "FlipAngle": 52,
    "ImageComments": "SMS_ABCD_V1.2;_MB=6;_FOVshift=3;_K_PE=5;_K_RO=5;_LeakBlockOn;",
    "ImageOrientationPatientDICOM": [
      1,
      0,
      0,
      0,
      1,
      0
    ],
    "ImageType": [
      "ORIGINAL",
      "PRIMARY",
      "M",
      "ND",
      "MOSAIC"
    ],
    "ImagingFrequency": 123.261,
    "InPlanePhaseEncodingDirectionDICOM": "COL",
    "InstitutionAddress": "Hillhouse_Ave._10_New_Haven_Northeast_US_06519",
    "InstitutionName": "Yale_University_-_Dunham_Lab._Bldg.",
    "InstitutionalDepartmentName": "Department",
    "MRAcquisitionType": "2D",
    "MagneticFieldStrength": 3,
    "Manufacturer": "Siemens",
    "ManufacturersModelName": "Prisma",
    "Modality": "MR",
    "MultibandAccelerationFactor": 6,
    "PartialFourier": 1,
    "PatientPosition": "HFS",
    "PercentPhaseFOV": 100,
    "PhaseEncodingAxis": "j",
    "PhaseEncodingDirection": "j",
    "PhaseEncodingSteps": 90,
    "PhaseResolution": 1,
    "PixelBandwidth": 2780,
    "ProcedureStepDescription": "ABCDadult",
    "ProtocolName": "ABCD_fMRI_rest",
    "PulseSequenceDetails": "%CustomerSeq%_ep2d_bold_sms_abcd",
    "ReceiveCoilActiveElements": "HEA;HEP",
    "ReceiveCoilName": "Head_32",
    "ReconMatrixPE": 90,
    "RefLinesPE": 22,
    "RepetitionTime": 0.8,
    "SAR": 0.0721359,
    "ScanOptions": "FS_CT",
    "ScanningSequence": "EP",
    "SequenceName": "epfid2d1_90",
    "SequenceVariant": "SK",
    "SeriesDescription": "ABCD_fMRI_rest",
    "SeriesNumber": 25,
    "ShimSetting": [
      -2141,
      -653,
      -4022,
      387,
      -19,
      -32,
      77,
      110
    ],
    "SliceThickness": 2.4,
    "SliceTiming": [
      0.545,
      0,
      0.39,
      0.0775,
      0.4675,
      0.235,
      0.625,
      0.3125,
      0.7025,
      0.155,
      0.545,
      0,
      0.39,
      0.0775,
      0.4675,
      0.235,
      0.625,
      0.3125,
      0.7025,
      0.155,
      0.545,
      0,
      0.39,
      0.0775,
      0.4675,
      0.235,
      0.625,
      0.3125,
      0.7025,
      0.155,
      0.545,
      0,
      0.39,
      0.0775,
      0.4675,
      0.235,
      0.625,
      0.3125,
      0.7025,
      0.155,
      0.545,
      0,
      0.39,
      0.0775,
      0.4675,
      0.235,
      0.625,
      0.3125,
      0.7025,
      0.155,
      0.545,
      0,
      0.39,
      0.0775,
      0.4675,
      0.235,
      0.625,
      0.3125,
      0.7025,
      0.155
    ],
    "SoftwareVersions": "syngo_MR_E11",
    "SpacingBetweenSlices": 2.4,
    "StationName": "AWP166095",
    "TotalReadoutTime": 0.045391,
    "TxRefAmp": 251.085,
    "WipMemBlock": "222c1b2f-9248-4b67-aa99-14cfc903b0d7",
    "dataset": "ds004097",
    "modality": "bold",
    "run_id": 5,
    "session_id": "03",
    "subject_id": "NDARJZ387ZJA",
    "task_id": "rest"
  },
  "dummy_trs": 5,
  "dvars_nstd": 32.96006332721486,
  "dvars_std": 1.099958702997347,
  "dvars_vstd": 1.0139172757294426,
  "efc": 0.5644551857022483,
  "fber": 538.469970703125,
  "fd_mean": 0.06264824846432632,
  "fd_num": 5,
  "fd_perc": 1.3227513227513228,
  "fwhm_avg": 2.743493044368377,
  "fwhm_x": 2.6202457292141226,
  "fwhm_y": 2.6558832277980158,
  "fwhm_z": 2.954350176092993,
  "gcor": 0.0492778,
  "gsr_x": -0.018148865550756454,
  "gsr_y": 0.10654905438423157,
  "provenance": {
    "md5sum": "10da451490a29df9b8859165c341e10a",
    "settings": {
      "fd_thres": 0.2,
      "testing": false
    },
    "software": "mriqc",
    "version": "23.0.1",
    "webapi_port": null,
    "webapi_url": "https://mriqc.nimh.nih.gov/api/v1"
  },
  "size_t": 378,
  "size_x": 90,
  "size_y": 90,
  "size_z": 60,
  "snr": 2.3441069919178203,
  "spacing_tr": 0.800000011920929,
  "spacing_x": 2.4000000953674316,
  "spacing_y": 2.4000000953674316,
  "spacing_z": 2.3999998569488525,
  "summary_bg_k": 26.482144331854677,
  "summary_bg_mad": 6.52266447044702,
  "summary_bg_mean": 29.67763328552246,
  "summary_bg_median": 11.455025672912598,
  "summary_bg_n": 286643.0,
  "summary_bg_p05": 6.404761791229248,
  "summary_bg_p95": 134.77989654540997,
  "summary_bg_stdv": 53.58243179321289,
  "summary_fg_k": 1.0236670994328492,
  "summary_fg_mad": 115.2330947018402,
  "summary_fg_mean": 306.73394775390625,
  "summary_fg_median": 283.984130859375,
  "summary_fg_n": 99212.0,
  "summary_fg_p05": 154.21480865478514,
  "summary_fg_p95": 535.130938720703,
  "summary_fg_stdv": 121.14749908447266,
  "tsnr": 41.6510082220193
}