{
  "aor": 0.0013376052631578945,
  "aqi": 0.00435632752631579,
  "bids_meta": {
    "AcquisitionMatrixPE": 90,
    "AcquisitionNumber": 1,
    "AcquisitionTime": "12:38:41.837500",
    "BandwidthPerPixelPhaseEncode": 21.786,
    "BaseResolution": 90,
    "BodyPartExamined": "BRAIN",
    "ConsistencyInfo": "N4_VE11C_LATEST_20160120",
    "ConversionSoftware": "dcm2niix",
    "ConversionSoftwareVersion": "v1.0.20190902",
    "Dcm2bidsVersion": "2.1.4",
    "DerivedVendorReportedEchoSpacing": 0.000510012,
    "DeviceSerialNumber": "166095",
    "DwellTime": 2e-06,
    "EchoTime": 0.03,
    "EchoTrainLength": 90,
    "EffectiveEchoSpacing": 0.000510012,
    "FlipAngle": 52,
    "ImageComments": "SMS_ABCD_V1.2;_MB=6;_FOVshift=3;_K_PE=5;_K_RO=5;_LeakBlockOn;",
    "ImageOrientationPatientDICOM": [
      1,
      0,
      0,
      0,
      1,
      0
    ],
    "ImageType": [
      "ORIGINAL",
      "PRIMARY",
      "M",
      "ND",
      "MOSAIC"
    ],
    "ImagingFrequency": 123.261,
    "InPlanePhaseEncodingDirectionDICOM": "COL",
    "InstitutionAddress": "Hillhouse_Ave._10_New_Haven_Northeast_US_06519",
    "InstitutionName": "Yale_University_-_Dunham_Lab._Bldg.",
    "InstitutionalDepartmentName": "Department",
    "MRAcquisitionType": "2D",
    "MagneticFieldStrength": 3,
    "Manufacturer": "Siemens",
    "ManufacturersModelName": "Prisma",
    "Modality": "MR",
    "MultibandAccelerationFactor": 6,
    "PartialFourier": 1,
    "PatientPosition": "HFS",
    "PercentPhaseFOV": 100,
    "PhaseEncodingAxis": "j",
    "PhaseEncodingDirection": "j",
    "PhaseEncodingSteps": 90,
    "PhaseResolution": 1,
    "PixelBandwidth": 2780,
    "ProcedureStepDescription": "ABCDadult",
    "ProtocolName": "ABCD_fMRI_rest",
    "PulseSequenceDetails": "%CustomerSeq%_ep2d_bold_sms_abcd",
    "ReceiveCoilActiveElements": "HEA;HEP",
    "ReceiveCoilName": "Head_32",
    "ReconMatrixPE": 90,
    "RefLinesPE": 22,
    "RepetitionTime": 0.8,
    "SAR": 0.0895631,
    "ScanOptions": "FS_CT",
    "ScanningSequence": "EP",
    "SequenceName": "epfid2d1_90",
    "SequenceVariant": "SK",
    "SeriesDescription": "ABCD_fMRI_rest",
    "SeriesNumber": 8,
    "ShimSetting": [
      -2141,
      -649,
      -3983,
      567,
      -90,
      -5,
      -4,
      85
    ],
    "SliceThickness": 2.4,
    "SliceTiming": [
      0.545,
      0,
      0.39,
      0.0775,
      0.4675,
      0.2325,
      0.6225,
      0.3125,
      0.7025,
      0.155,
      0.545,
      0,
      0.39,
      0.0775,
      0.4675,
      0.2325,
      0.6225,
      0.3125,
      0.7025,
      0.155,
      0.545,
      0,
      0.39,
      0.0775,
      0.4675,
      0.2325,
      0.6225,
      0.3125,
      0.7025,
      0.155,
      0.545,
      0,
      0.39,
      0.0775,
      0.4675,
      0.2325,
      0.6225,
      0.3125,
      0.7025,
      0.155,
      0.545,
      0,
      0.39,
      0.0775,
      0.4675,
      0.2325,
      0.6225,
      0.3125,
      0.7025,
      0.155,
      0.545,
      0,
      0.39,
      0.0775,
      0.4675,
      0.2325,
      0.6225,
      0.3125,
      0.7025,
      0.155
    ],
    "SoftwareVersions": "syngo_MR_E11",
    "SpacingBetweenSlices": 2.4,
    "StationName": "AWP166095",
    "TotalReadoutTime": 0.045391,
    "TxRefAmp": 249.214,
    "WipMemBlock": "cc30420e-d5fd-4db9-bed8-05da693fc378",
    "dataset": "ds004097",
    "modality": "bold",
    "run_id": 1,
    "session_id": "05",
    "subject_id": "NDARMC914MYN",
    "task_id": "rest"
  },
  "dummy_trs": 3,
  "dvars_nstd": 29.979146796306054,
  "dvars_std": 1.0851706320844317,
  "dvars_vstd": 1.018881572058048,
  "efc": 0.5281271962341137,
  "fber": 688.8247680664062,
  "fd_mean": 0.07353467166222714,
  "fd_num": 3,
  "fd_perc": 0.7894736842105263,
  "fwhm_avg": 3.038345712600322,
  "fwhm_x": 2.829183220911693,
  "fwhm_y": 3.0273915463689347,
  "fwhm_z": 3.2584623705203386,
  "gcor": 0.0335463,
  "gsr_x": -0.007899935357272625,
  "gsr_y": 0.08658486604690552,
  "provenance": {
    "md5sum": "9290b64e105472ac8014719ceefb9f1d",
    "settings": {
      "fd_thres": 0.2,
      "testing": false
    },
    "software": "mriqc",
    "version": "23.0.1",
    "webapi_port": null,
    "webapi_url": "https://mriqc.nimh.nih.gov/api/v1"
  },
  "size_t": 380,
  "size_x": 90,
  "size_y": 90,
  "size_z": 60,
  "snr": 2.528607148899068,
  "spacing_tr": 0.800000011920929,
  "spacing_x": 2.4000000953674316,
  "spacing_y": 2.4000000953674316,
  "spacing_z": 2.4000000953674316,
  "summary_bg_k": 18.771251443643333,
  "summary_bg_mad": 6.617087439076879,
  "summary_bg_mean": 25.16924476623535,
  "summary_bg_median": 10.471053123474121,
  "summary_bg_n": 319581.0,
  "summary_bg_p05": 5.6105265617370605,
  "summary_bg_p95": 105.80526733398438,
  "summary_bg_stdv": 39.09756851196289,
  "summary_fg_k": 0.5911235834050941,
  "summary_fg_mad": 107.10045506056551,
  "summary_fg_mean": 299.8193359375,
  "summary_fg_median": 279.5434265136719,
  "summary_fg_n": 88624.0,
  "summary_fg_p05": 158.7052764892578,
  "summary_fg_p95": 508.2789611816406,
  "summary_fg_stdv": 110.55171203613281,
  "tsnr": 46.821185199311
}