{
  "aor": 0.0012686732186732185,
  "aqi": 0.0036882246928746933,
  "bids_meta": {
    "AcquisitionMatrixPE": 90,
    "AcquisitionNumber": 1,
    "AcquisitionTime": "13:40:47.262500",
    "BandwidthPerPixelPhaseEncode": 21.786,
    "BaseResolution": 90,
    "BodyPartExamined": "BRAIN",
    "ConsistencyInfo": "N4_VE11C_LATEST_20160120",
    "ConversionSoftware": "dcm2niix",
    "ConversionSoftwareVersion": "v1.0.20190902",
    "Dcm2bidsVersion": "2.1.4",
    "DerivedVendorReportedEchoSpacing": 0.000510012,
    "DeviceSerialNumber": "166095",
    "DwellTime": 2e-06,
    "EchoTime": 0.03,
    "EchoTrainLength": 90,
    "EffectiveEchoSpacing": 0.000510012,
    "FlipAngle": 52,
    "ImageComments": "SMS_ABCD_V1.2;_MB=6;_FOVshift=3;_K_PE=5;_K_RO=5;_LeakBlockOn;",
    "ImageOrientationPatientDICOM": [
      1,
      0,
      0,
      0,
      1,
      0
    ],
    "ImageType": [
      "ORIGINAL",
      "PRIMARY",
      "M",
      "ND",
      "MOSAIC"
    ],
    "ImagingFrequency": 123.261,
    "InPlanePhaseEncodingDirectionDICOM": "COL",
    "InstitutionAddress": "Hillhouse_Ave._10_New_Haven_Northeast_US_06519",
    "InstitutionName": "Yale_University_-_Dunham_Lab._Bldg.",
    "InstitutionalDepartmentName": "Department",
    "MRAcquisitionType": "2D",
    "MagneticFieldStrength": 3,
    "Manufacturer": "Siemens",
    "ManufacturersModelName": "Prisma",
    "Modality": "MR",
    "MultibandAccelerationFactor": 6,
    "PartialFourier": 1,
    "PatientPosition": "HFS",
    "PercentPhaseFOV": 100,
    "PhaseEncodingAxis": "j",
    "PhaseEncodingDirection": "j",
    "PhaseEncodingSteps": 90,
    "PhaseResolution": 1,
    "PixelBandwidth": 2780,
    "ProcedureStepDescription": "ABCDadult",
    "ProtocolName": "ABCD_fMRI_task_Monetary_Incentive",
    "PulseSequenceDetails": "%CustomerSeq%_ep2d_bold_sms_abcd",
    "ReceiveCoilActiveElements": "HEA;HEP",
    "ReceiveCoilName": "Head_32",
    "ReconMatrixPE": 90,
    "RefLinesPE": 22,
    "RepetitionTime": 0.8,
    "SAR": 0.0896098,
    "ScanOptions": "FS_CT",
    "ScanningSequence": "EP",
    "SequenceName": "epfid2d1_90",
    "SequenceVariant": "SK",
    "SeriesDescription": "ABCD_fMRI_task_Monetary_Incentive",
    "SeriesNumber": 35,
    "ShimSetting": [
      -2141,
      -649,
      -3983,
      567,
      -90,
      -5,
      -4,
      85
    ],
    "SliceThickness": 2.4,
    "SliceTiming": [
      0.545,
      0,
      0.39,
      0.0775,
      0.4675,
      0.2325,
      0.6225,
      0.3125,
      0.7025,
      0.155,
      0.545,
      0,
      0.39,
      0.0775,
      0.4675,
      0.2325,
      0.6225,
      0.3125,
      0.7025,
      0.155,
      0.545,
      0,
      0.39,
      0.0775,
      0.4675,
      0.2325,
      0.6225,
      0.3125,
      0.7025,
      0.155,
      0.545,
      0,
      0.39,
      0.0775,
      0.4675,
      0.2325,
      0.6225,
      0.3125,
      0.7025,
      0.155,
      0.545,
      0,
      0.39,
      0.0775,
      0.4675,
      0.2325,
      0.6225,
      0.3125,
      0.7025,
      0.155,
      0.545,
      0,
      0.39,
      0.0775,
      0.4675,
      0.2325,
      0.6225,
      0.3125,
      0.7025,
      0.155
    ],
    "SoftwareVersions": "syngo_MR_E11",
    "SpacingBetweenSlices": 2.4,
    "StationName": "AWP166095",
    "TotalReadoutTime": 0.045391,
    "TxRefAmp": 249.214,
    "WipMemBlock": "7f256378-e210-4efd-bf76-4870919b4803",
    "dataset": "ds004097",
    "modality": "bold",
    "run_id": 2,
    "session_id": "05",
    "subject_id": "NDARMC914MYN",
    "task_id": "MID"
  },
  "dummy_trs": 4,
  "dvars_nstd": 29.67892709746305,
  "dvars_std": 1.0689682833743839,
  "dvars_vstd": 1.028827415049262,
  "efc": 0.533644900586984,
  "fber": 652.603759765625,
  "fd_mean": 0.07670439693326482,
  "fd_num": 3,
  "fd_perc": 0.7371007371007371,
  "fwhm_avg": 2.9773943261334233,
  "fwhm_x": 2.766449890071158,
  "fwhm_y": 2.989029047893324,
  "fwhm_z": 3.1767040404357894,
  "gcor": 0.0313895,
  "gsr_x": -0.005984258837997913,
  "gsr_y": 0.08697901666164398,
  "provenance": {
    "md5sum": "3e4d0498951f8bad198563b286f199af",
    "settings": {
      "fd_thres": 0.2,
      "testing": false
    },
    "software": "mriqc",
    "version": "23.0.1",
    "webapi_port": null,
    "webapi_url": "https://mriqc.nimh.nih.gov/api/v1"
  },
  "size_t": 407,
  "size_x": 90,
  "size_y": 90,
  "size_z": 60,
  "snr": 2.560897714599674,
  "spacing_tr": 0.800000011920929,
  "spacing_x": 2.4000000953674316,
  "spacing_y": 2.4000000953674316,
  "spacing_z": 2.4000000953674316,
  "summary_bg_k": 18.10017782580647,
  "summary_bg_mad": 6.575176739556926,
  "summary_bg_mean": 25.75296401977539,
  "summary_bg_median": 10.562653541564941,
  "summary_bg_n": 318671.0,
  "summary_bg_p05": 5.683046340942383,
  "summary_bg_p95": 110.20146942138672,
  "summary_bg_stdv": 40.32316970825195,
  "summary_fg_k": 0.6686423362867746,
  "summary_fg_mad": 102.92973141243786,
  "summary_fg_mean": 293.4076232910156,
  "summary_fg_median": 274.2899169921875,
  "summary_fg_n": 89084.0,
  "summary_fg_p05": 156.5237144470215,
  "summary_fg_p95": 495.7738204956053,
  "summary_fg_stdv": 107.10633850097656,
  "tsnr": 47.803054633084685
}