{
  "bids_meta": {
    "AcquisitionMatrixPE": 256,
    "AcquisitionNumber": 1,
    "AcquisitionTime": "12:03:59.345000",
    "BaseResolution": 256,
    "BodyPartExamined": "BRAIN",
    "ConsistencyInfo": "N4_VE11C_LATEST_20160120",
    "ConversionSoftware": "dcm2niix",
    "ConversionSoftwareVersion": "v1.0.20190902",
    "Dcm2bidsVersion": "2.1.4",
    "DeviceSerialNumber": "166095",
    "DwellTime": 0.000510012,
    "EchoTime": 0.565,
    "EchoTrainLength": 190,
    "FlipAngle": 120,
    "ImageOrientationPatientDICOM": [
      0,
      1,
      0,
      -0.0610485,
      0,
      -0.998135
    ],
    "ImageType": [
      "ORIGINAL",
      "PRIMARY",
      "M",
      "ND"
    ],
    "ImagingFrequency": 123.261,
    "InPlanePhaseEncodingDirectionDICOM": "ROW",
    "InstitutionAddress": "Hillhouse_Ave._10_New_Haven_Northeast_US_06519",
    "InstitutionName": "Yale_University_-_Dunham_Lab._Bldg.",
    "InstitutionalDepartmentName": "Department",
    "MRAcquisitionType": "3D",
    "MagneticFieldStrength": 3,
    "Manufacturer": "Siemens",
    "ManufacturersModelName": "Prisma",
    "Modality": "MR",
    "ParallelReductionFactorInPlane": 2,
    "PartialFourier": 1,
    "PatientPosition": "HFS",
    "PercentPhaseFOV": 100,
    "PhaseEncodingSteps": 227,
    "PhaseResolution": 1,
    "PixelBandwidth": 240,
    "ProcedureStepDescription": "ABCDadult",
    "ProtocolName": "ABCD_T2w_SPC_vNav",
    "PulseSequenceDetails": "%CustomerSeq%_tse_vfl_mgh_epinav_ABCD",
    "ReceiveCoilActiveElements": "HEA;HEP",
    "ReceiveCoilName": "Head_32",
    "ReconMatrixPE": 256,
    "RefLinesPE": 32,
    "RepetitionTime": 3.2,
    "SAR": 0.0726481,
    "ScanOptions": "PFP",
    "ScanningSequence": "SE",
    "SequenceName": "spc_200ns",
    "SequenceVariant": "SK_SP",
    "SeriesDescription": "ABCD_T2w_SPC_vNav",
    "SeriesNumber": 17,
    "ShimSetting": [
      -2151,
      -657,
      -4099,
      483,
      -52,
      -106,
      0,
      116
    ],
    "SliceThickness": 1,
    "SoftwareVersions": "syngo_MR_E11",
    "StationName": "AWP166095",
    "TxRefAmp": 238.025,
    "WipMemBlock": "Prisma_epi_moco_navigator_ABCD_tse_vfl.prot",
    "dataset": "ds004097",
    "modality": "T2w",
    "session_id": "01",
    "subject_id": "NDARFT076LW8"
  },
  "cjv": 4.7219187001333065,
  "cnr": 0.19147967567581636,
  "efc": 0.5331689189627306,
  "fber": 3990.685791015625,
  "fwhm_avg": 3.79492,
  "fwhm_x": 3.71116,
  "fwhm_y": 4.03649,
  "fwhm_z": 3.63711,
  "icvs_csf": 0.37634330968604474,
  "icvs_gm": 0.4924350843444597,
  "icvs_wm": 0.13122160596949559,
  "inu_med": 0.9350773096084595,
  "inu_range": 0.9352582216262812,
  "provenance": {
    "md5sum": "346f43552cf66e8d499c9994ffafba59",
    "settings": {
      "testing": false
    },
    "software": "mriqc",
    "version": "23.0.1",
    "warnings": {
      "large_rot_frame": true,
      "small_air_mask": false
    },
    "webapi_port": null,
    "webapi_url": "https://mriqc.nimh.nih.gov/api/v1"
  },
  "qi_1": 0.0045771039717115445,
  "qi_2": 0.0018864379137336434,
  "rpve_csf": 12.77793868606568,
  "rpve_gm": 10.778560499929764,
  "rpve_wm": 45.39548641628863,
  "size_x": 176,
  "size_y": 256,
  "size_z": 256,
  "snr_csf": 5.519139952267122,
  "snr_gm": 9.928941812609436,
  "snr_total": 5.347921423153664,
  "snr_wm": 0.5956825045844316,
  "snrd_csf": 66.83396514507916,
  "snrd_gm": 37.62777073415827,
  "snrd_total": 44.30439386288342,
  "snrd_wm": 28.45144570941283,
  "spacing_x": 1.0,
  "spacing_y": 1.0,
  "spacing_z": 1.0,
  "summary_bg_k": 13.255333131058773,
  "summary_bg_mad": 23.557933225817052,
  "summary_bg_mean": 25.60304762700154,
  "summary_bg_median": 15.889584496617317,
  "summary_bg_n": 3112366.0,
  "summary_bg_p05": 0.0,
  "summary_bg_p95": 91.51008881628513,
  "summary_bg_stdv": 36.988713383712316,
  "summary_csf_k": 0.41576058656017256,
  "summary_csf_mad": 317.77416497306507,
  "summary_csf_mean": 2510.8508534575863,
  "summary_csf_median": 2403.270659521222,
  "summary_csf_n": 49505.0,
  "summary_csf_p05": 1983.4376817047596,
  "summary_csf_p95": 3488.262521192431,
  "summary_csf_stdv": 435.4385660037596,
  "summary_gm_k": 1.228916077390294,
  "summary_gm_mad": 123.80811622327211,
  "summary_gm_mean": 1359.7321060989152,
  "summary_gm_median": 1353.0503119528294,
  "summary_gm_n": 243371.0,
  "summary_gm_p05": 1149.6172374486923,
  "summary_gm_p95": 1593.5977444052696,
  "summary_gm_stdv": 136.27308505540637,
  "summary_wm_k": -1.8116223013191186,
  "summary_wm_mad": 1434.282635303212,
  "summary_wm_mean": 1933.7076149073423,
  "summary_wm_median": 1023.080473318696,
  "summary_wm_n": 34683.0,
  "summary_wm_p05": 71.09719194471836,
  "summary_wm_p95": 4205.288720279932,
  "summary_wm_stdv": 1717.4681417020952,
  "tpm_overlap_csf": 0.11765773751752343,
  "tpm_overlap_gm": 0.3313825100884121,
  "tpm_overlap_wm": 0.024693726127958896,
  "wm2max": 0.2423751167774908
}