{
  "aor": 0.0008256878306878307,
  "aqi": 0.004301700317460318,
  "bids_meta": {
    "AcquisitionMatrixPE": 90,
    "AcquisitionNumber": 1,
    "AcquisitionTime": "12:10:47.252500",
    "BandwidthPerPixelPhaseEncode": 21.786,
    "BaseResolution": 90,
    "BodyPartExamined": "BRAIN",
    "ConsistencyInfo": "N4_VE11C_LATEST_20160120",
    "ConversionSoftware": "dcm2niix",
    "ConversionSoftwareVersion": "v1.0.20190902",
    "Dcm2bidsVersion": "2.1.4",
    "DerivedVendorReportedEchoSpacing": 0.000510012,
    "DeviceSerialNumber": "166095",
    "DwellTime": 2e-06,
    "EchoTime": 0.03,
    "EchoTrainLength": 90,
    "EffectiveEchoSpacing": 0.000510012,
    "FlipAngle": 52,
    "ImageComments": "SMS_ABCD_V1.2;_MB=6;_FOVshift=3;_K_PE=5;_K_RO=5;_LeakBlockOn;",
    "ImageOrientationPatientDICOM": [
      1,
      0,
      0,
      0,
      1,
      0
    ],
    "ImageType": [
      "ORIGINAL",
      "PRIMARY",
      "M",
      "ND",
      "MOSAIC"
    ],
    "ImagingFrequency": 123.261,
    "InPlanePhaseEncodingDirectionDICOM": "COL",
    "InstitutionAddress": "Hillhouse_Ave._10_New_Haven_Northeast_US_06519",
    "InstitutionName": "Yale_University_-_Dunham_Lab._Bldg.",
    "InstitutionalDepartmentName": "Department",
    "MRAcquisitionType": "2D",
    "MagneticFieldStrength": 3,
    "Manufacturer": "Siemens",
    "ManufacturersModelName": "Prisma",
    "Modality": "MR",
    "MultibandAccelerationFactor": 6,
    "PartialFourier": 1,
    "PatientPosition": "HFS",
    "PercentPhaseFOV": 100,
    "PhaseEncodingAxis": "j",
    "PhaseEncodingDirection": "j",
    "PhaseEncodingSteps": 90,
    "PhaseResolution": 1,
    "PixelBandwidth": 2780,
    "ProcedureStepDescription": "ABCDadult",
    "ProtocolName": "ABCD_fMRI_rest",
    "PulseSequenceDetails": "%CustomerSeq%_ep2d_bold_sms_abcd",
    "ReceiveCoilActiveElements": "HEA;HEP",
    "ReceiveCoilName": "Head_32",
    "ReconMatrixPE": 90,
    "RefLinesPE": 22,
    "RepetitionTime": 0.8,
    "SAR": 0.0700945,
    "ScanOptions": "FS_CT",
    "ScanningSequence": "EP",
    "SequenceName": "epfid2d1_90",
    "SequenceVariant": "SK",
    "SeriesDescription": "ABCD_fMRI_rest",
    "SeriesNumber": 21,
    "ShimSetting": [
      -2142,
      -664,
      -3972,
      463,
      -29,
      -68,
      -69,
      64
    ],
    "SliceThickness": 2.4,
    "SliceTiming": [
      0.545,
      0,
      0.39,
      0.0775,
      0.4675,
      0.2325,
      0.6225,
      0.3125,
      0.7025,
      0.155,
      0.545,
      0,
      0.39,
      0.0775,
      0.4675,
      0.2325,
      0.6225,
      0.3125,
      0.7025,
      0.155,
      0.545,
      0,
      0.39,
      0.0775,
      0.4675,
      0.2325,
      0.6225,
      0.3125,
      0.7025,
      0.155,
      0.545,
      0,
      0.39,
      0.0775,
      0.4675,
      0.2325,
      0.6225,
      0.3125,
      0.7025,
      0.155,
      0.545,
      0,
      0.39,
      0.0775,
      0.4675,
      0.2325,
      0.6225,
      0.3125,
      0.7025,
      0.155,
      0.545,
      0,
      0.39,
      0.0775,
      0.4675,
      0.2325,
      0.6225,
      0.3125,
      0.7025,
      0.155
    ],
    "SoftwareVersions": "syngo_MR_E11",
    "SpacingBetweenSlices": 2.4,
    "StationName": "AWP166095",
    "TotalReadoutTime": 0.045391,
    "TxRefAmp": 254.718,
    "WipMemBlock": "125198cc-eddc-4f75-8bbf-c2a5525d0d90",
    "dataset": "ds004097",
    "modality": "bold",
    "run_id": 3,
    "session_id": "03",
    "subject_id": "NDARDD890AYU",
    "task_id": "rest"
  },
  "dummy_trs": 5,
  "dvars_nstd": 31.62618824779839,
  "dvars_std": 1.0757374512997349,
  "dvars_vstd": 1.0178135485411142,
  "efc": 0.5426044837845246,
  "fber": 658.5678100585938,
  "fd_mean": 0.06684078348889878,
  "fd_num": 1,
  "fd_perc": 0.26455026455026454,
  "fwhm_avg": 2.9585748824367966,
  "fwhm_x": 2.7481748907973413,
  "fwhm_y": 3.029337379624948,
  "fwhm_z": 3.0982123768881014,
  "gcor": 0.00860602,
  "gsr_x": -0.019179321825504303,
  "gsr_y": 0.1010047122836113,
  "provenance": {
    "md5sum": "b4bca549a3c9fb70dd98a7772b9f44c1",
    "settings": {
      "fd_thres": 0.2,
      "testing": false
    },
    "software": "mriqc",
    "version": "23.0.1",
    "webapi_port": null,
    "webapi_url": "https://mriqc.nimh.nih.gov/api/v1"
  },
  "size_t": 378,
  "size_x": 90,
  "size_y": 90,
  "size_z": 60,
  "snr": 2.485051363332784,
  "spacing_tr": 0.800000011920929,
  "spacing_x": 2.4000000953674316,
  "spacing_y": 2.4000000953674316,
  "spacing_z": 2.4000000953674316,
  "summary_bg_k": 15.199181464855297,
  "summary_bg_mad": 6.01669756286419,
  "summary_bg_mean": 26.27986717224121,
  "summary_bg_median": 10.145502090454102,
  "summary_bg_n": 313365.0,
  "summary_bg_p05": 5.775132179260254,
  "summary_bg_p95": 116.20687561035145,
  "summary_bg_stdv": 41.95475769042969,
  "summary_fg_k": 0.7677786275842715,
  "summary_fg_mad": 103.0487042680763,
  "summary_fg_mean": 283.96533203125,
  "summary_fg_median": 263.7962951660156,
  "summary_fg_n": 95751.0,
  "summary_fg_p05": 147.46163940429688,
  "summary_fg_p95": 481.3875427246094,
  "summary_fg_stdv": 106.15270233154297,
  "tsnr": 42.495409169467166
}