{
  "aor": 0.0005918181818181819,
  "aqi": 0.004168269631449632,
  "bids_meta": {
    "AcquisitionMatrixPE": 90,
    "AcquisitionNumber": 1,
    "AcquisitionTime": "12:28:45.770000",
    "BandwidthPerPixelPhaseEncode": 21.786,
    "BaseResolution": 90,
    "BodyPartExamined": "BRAIN",
    "ConsistencyInfo": "N4_VE11C_LATEST_20160120",
    "ConversionSoftware": "dcm2niix",
    "ConversionSoftwareVersion": "v1.0.20190902",
    "Dcm2bidsVersion": "2.1.4",
    "DerivedVendorReportedEchoSpacing": 0.000510012,
    "DeviceSerialNumber": "166095",
    "DwellTime": 2e-06,
    "EchoTime": 0.03,
    "EchoTrainLength": 90,
    "EffectiveEchoSpacing": 0.000510012,
    "FlipAngle": 52,
    "ImageComments": "SMS_ABCD_V1.2;_MB=6;_FOVshift=3;_K_PE=5;_K_RO=5;_LeakBlockOn;",
    "ImageOrientationPatientDICOM": [
      1,
      0,
      0,
      0,
      1,
      0
    ],
    "ImageType": [
      "ORIGINAL",
      "PRIMARY",
      "M",
      "ND",
      "MOSAIC"
    ],
    "ImagingFrequency": 123.261,
    "InPlanePhaseEncodingDirectionDICOM": "COL",
    "InstitutionAddress": "Hillhouse_Ave._10_New_Haven_Northeast_US_06519",
    "InstitutionName": "Yale_University_-_Dunham_Lab._Bldg.",
    "InstitutionalDepartmentName": "Department",
    "MRAcquisitionType": "2D",
    "MagneticFieldStrength": 3,
    "Manufacturer": "Siemens",
    "ManufacturersModelName": "Prisma",
    "Modality": "MR",
    "MultibandAccelerationFactor": 6,
    "PartialFourier": 1,
    "PatientPosition": "HFS",
    "PercentPhaseFOV": 100,
    "PhaseEncodingAxis": "j",
    "PhaseEncodingDirection": "j",
    "PhaseEncodingSteps": 90,
    "PhaseResolution": 1,
    "PixelBandwidth": 2780,
    "ProcedureStepDescription": "ABCDadult",
    "ProtocolName": "ABCD_fMRI_task_Monetary_Incentive",
    "PulseSequenceDetails": "%CustomerSeq%_ep2d_bold_sms_abcd",
    "ReceiveCoilActiveElements": "HEA;HEP",
    "ReceiveCoilName": "Head_32",
    "ReconMatrixPE": 90,
    "RefLinesPE": 22,
    "RepetitionTime": 0.8,
    "SAR": 0.0701311,
    "ScanOptions": "FS_CT",
    "ScanningSequence": "EP",
    "SequenceName": "epfid2d1_90",
    "SequenceVariant": "SK",
    "SeriesDescription": "ABCD_fMRI_task_Monetary_Incentive",
    "SeriesNumber": 29,
    "ShimSetting": [
      -2142,
      -664,
      -3972,
      463,
      -29,
      -68,
      -69,
      64
    ],
    "SliceThickness": 2.4,
    "SliceTiming": [
      0.545,
      0,
      0.39,
      0.0775,
      0.4675,
      0.235,
      0.625,
      0.3125,
      0.7025,
      0.155,
      0.545,
      0,
      0.39,
      0.0775,
      0.4675,
      0.235,
      0.625,
      0.3125,
      0.7025,
      0.155,
      0.545,
      0,
      0.39,
      0.0775,
      0.4675,
      0.235,
      0.625,
      0.3125,
      0.7025,
      0.155,
      0.545,
      0,
      0.39,
      0.0775,
      0.4675,
      0.235,
      0.625,
      0.3125,
      0.7025,
      0.155,
      0.545,
      0,
      0.39,
      0.0775,
      0.4675,
      0.235,
      0.625,
      0.3125,
      0.7025,
      0.155,
      0.545,
      0,
      0.39,
      0.0775,
      0.4675,
      0.235,
      0.625,
      0.3125,
      0.7025,
      0.155
    ],
    "SoftwareVersions": "syngo_MR_E11",
    "SpacingBetweenSlices": 2.4,
    "StationName": "AWP166095",
    "TotalReadoutTime": 0.045391,
    "TxRefAmp": 254.718,
    "WipMemBlock": "3b3abf49-e5af-4e13-affe-fe055ce7a984",
    "dataset": "ds004097",
    "modality": "bold",
    "run_id": 2,
    "session_id": "03",
    "subject_id": "NDARDD890AYU",
    "task_id": "MID"
  },
  "dummy_trs": 4,
  "dvars_nstd": 33.02532727396552,
  "dvars_std": 1.0731408956157629,
  "dvars_vstd": 1.0060969424384243,
  "efc": 0.5444168125922996,
  "fber": 642.7293090820312,
  "fd_mean": 0.06933924708854414,
  "fd_num": 4,
  "fd_perc": 0.9828009828009828,
  "fwhm_avg": 2.920502661727429,
  "fwhm_x": 2.730399891503656,
  "fwhm_y": 3.0038790473032377,
  "fwhm_z": 3.027229046375392,
  "gcor": 0.0158914,
  "gsr_x": -0.018400756642222404,
  "gsr_y": 0.1001143530011177,
  "provenance": {
    "md5sum": "70c4c03a535cc18c3ff8964c0261b58c",
    "settings": {
      "fd_thres": 0.2,
      "testing": false
    },
    "software": "mriqc",
    "version": "23.0.1",
    "webapi_port": null,
    "webapi_url": "https://mriqc.nimh.nih.gov/api/v1"
  },
  "size_t": 407,
  "size_x": 90,
  "size_y": 90,
  "size_z": 60,
  "snr": 2.492862207238437,
  "spacing_tr": 0.800000011920929,
  "spacing_x": 2.4000000953674316,
  "spacing_y": 2.4000000953674316,
  "spacing_z": 2.4000000953674316,
  "summary_bg_k": 15.28697841034155,
  "summary_bg_mad": 6.13440283952992,
  "summary_bg_mean": 26.44669532775879,
  "summary_bg_median": 10.260441780090332,
  "summary_bg_n": 312947.0,
  "summary_bg_p05": 5.776412487030029,
  "summary_bg_p95": 116.66093444824219,
  "summary_bg_stdv": 42.1523551940918,
  "summary_fg_k": 0.7643162783099609,
  "summary_fg_mad": 102.60921279317841,
  "summary_fg_mean": 282.1166076660156,
  "summary_fg_median": 262.6142578125,
  "summary_fg_n": 96180.0,
  "summary_fg_p05": 146.24803085327147,
  "summary_fg_p95": 478.0370803833008,
  "summary_fg_stdv": 105.34593200683594,
  "tsnr": 43.46151846693829
}