{
  "bids_meta": {
    "AcquisitionMatrixPE": 256,
    "AcquisitionNumber": 1,
    "AcquisitionTime": "12:48:17.822500",
    "BaseResolution": 256,
    "BodyPartExamined": "BRAIN",
    "ConsistencyInfo": "N4_VE11C_LATEST_20160120",
    "ConversionSoftware": "dcm2niix",
    "ConversionSoftwareVersion": "v1.0.20190902",
    "Dcm2bidsVersion": "2.1.4",
    "DeviceSerialNumber": "166095",
    "DwellTime": 0.000510012,
    "EchoTime": 0.565,
    "EchoTrainLength": 190,
    "FlipAngle": 120,
    "ImageOrientationPatientDICOM": [
      0,
      1,
      0,
      -0.0593063,
      0,
      -0.99824
    ],
    "ImageType": [
      "ORIGINAL",
      "PRIMARY",
      "M",
      "ND"
    ],
    "ImagingFrequency": 123.261,
    "InPlanePhaseEncodingDirectionDICOM": "ROW",
    "InstitutionAddress": "Hillhouse_Ave._10_New_Haven_Northeast_US_06519",
    "InstitutionName": "Yale_University_-_Dunham_Lab._Bldg.",
    "InstitutionalDepartmentName": "Department",
    "MRAcquisitionType": "3D",
    "MagneticFieldStrength": 3,
    "Manufacturer": "Siemens",
    "ManufacturersModelName": "Prisma",
    "Modality": "MR",
    "ParallelReductionFactorInPlane": 2,
    "PartialFourier": 1,
    "PatientPosition": "HFS",
    "PercentPhaseFOV": 100,
    "PhaseEncodingSteps": 227,
    "PhaseResolution": 1,
    "PixelBandwidth": 240,
    "ProcedureStepDescription": "ABCDadult",
    "ProtocolName": "ABCD_T2w_SPC_vNav",
    "PulseSequenceDetails": "%CustomerSeq%_tse_vfl_mgh_epinav_ABCD",
    "ReceiveCoilActiveElements": "HEA;HEP",
    "ReceiveCoilName": "Head_32",
    "ReconMatrixPE": 256,
    "RefLinesPE": 32,
    "RepetitionTime": 3.2,
    "SAR": 0.0648193,
    "ScanOptions": "PFP",
    "ScanningSequence": "SE",
    "SequenceName": "spc_200ns",
    "SequenceVariant": "SK_SP",
    "SeriesDescription": "ABCD_T2w_SPC_vNav",
    "SeriesNumber": 17,
    "ShimSetting": [
      -2134,
      -683,
      -4087,
      371,
      -1,
      -312,
      -70,
      84
    ],
    "SliceThickness": 1,
    "SoftwareVersions": "syngo_MR_E11",
    "StationName": "AWP166095",
    "TxRefAmp": 230.925,
    "WipMemBlock": "Prisma_epi_moco_navigator_ABCD_tse_vfl.prot",
    "dataset": "ds004097",
    "modality": "T2w",
    "session_id": "01",
    "subject_id": "NDARNC943BP8"
  },
  "cjv": 6.500319182703113,
  "cnr": 0.2355328116175069,
  "efc": 0.5373925732516401,
  "fber": 13459.515381083564,
  "fwhm_avg": 2.5454566666666665,
  "fwhm_x": 2.45125,
  "fwhm_y": 2.88938,
  "fwhm_z": 2.29574,
  "icvs_csf": 0.4289513658492226,
  "icvs_gm": 0.45629478942973783,
  "icvs_wm": 0.1147538447210396,
  "inu_med": 0.7080617547035217,
  "inu_range": 0.11385739147663121,
  "provenance": {
    "md5sum": "1c055330cf2e23f875ef970f2736761a",
    "settings": {
      "testing": false
    },
    "software": "mriqc",
    "version": "23.0.1",
    "warnings": {
      "large_rot_frame": true,
      "small_air_mask": false
    },
    "webapi_port": null,
    "webapi_url": "https://mriqc.nimh.nih.gov/api/v1"
  },
  "qi_1": 0.00035855511912632874,
  "qi_2": 0.005812851084973304,
  "rpve_csf": 13.204460342347893,
  "rpve_gm": 12.963923024261323,
  "rpve_wm": 53.4056325095877,
  "size_x": 176,
  "size_y": 256,
  "size_z": 256,
  "snr_csf": 8.844215153473886,
  "snr_gm": 12.39397911158723,
  "snr_total": 7.519744875030303,
  "snr_wm": 1.32104036002979,
  "snrd_csf": 97.36826241347791,
  "snrd_gm": 61.9590269457855,
  "snrd_total": 78.26436784369052,
  "snrd_wm": 75.46581417180815,
  "spacing_x": 1.0,
  "spacing_y": 1.0,
  "spacing_z": 1.0,
  "summary_bg_k": 11.124426325840272,
  "summary_bg_mad": 0.0,
  "summary_bg_mean": 5.004515896220736,
  "summary_bg_median": 0.0,
  "summary_bg_n": 3080404.0,
  "summary_bg_p05": 0.0,
  "summary_bg_p95": 23.617786571383476,
  "summary_bg_stdv": 8.767723160122095,
  "summary_csf_k": 0.5927297998840957,
  "summary_csf_mad": 133.97548150309967,
  "summary_csf_mean": 1316.1719394804004,
  "summary_csf_median": 1303.0843186601996,
  "summary_csf_n": 100568.0,
  "summary_csf_p05": 1101.696534782648,
  "summary_csf_p95": 1599.6435066461563,
  "summary_csf_stdv": 147.3367412945906,
  "summary_gm_k": -0.060198474073977604,
  "summary_gm_mad": 68.52145091317391,
  "summary_gm_mean": 828.6959500905452,
  "summary_gm_median": 829.2007519826293,
  "summary_gm_n": 202419.0,
  "summary_gm_p05": 718.9738046824932,
  "summary_gm_p95": 936.4675184860826,
  "summary_gm_stdv": 66.90334849574819,
  "summary_wm_k": -1.8893987309231062,
  "summary_wm_mad": 1106.4892972184493,
  "summary_wm_mean": 963.696713140689,
  "summary_wm_median": 1009.9627599865198,
  "summary_wm_n": 11673.0,
  "summary_wm_p05": 39.37358758598566,
  "summary_wm_p95": 1787.0579639673233,
  "summary_wm_stdv": 764.4879967204441,
  "tpm_overlap_csf": 0.1130427893425162,
  "tpm_overlap_gm": 0.278097660292254,
  "tpm_overlap_wm": 0.021180365519964165,
  "wm2max": 0.5514616427404498
}