{
  "bids_meta": {
    "AcquisitionMatrixPE": 256,
    "AcquisitionNumber": 1,
    "AcquisitionTime": "12:18:22.837500",
    "BaseResolution": 256,
    "BodyPartExamined": "BRAIN",
    "ConsistencyInfo": "N4_VE11C_LATEST_20160120",
    "ConversionSoftware": "dcm2niix",
    "ConversionSoftwareVersion": "v1.0.20190902",
    "Dcm2bidsVersion": "2.1.4",
    "DeviceSerialNumber": "166095",
    "DwellTime": 0.000510012,
    "EchoTime": 0.0029,
    "FlipAngle": 8,
    "ImageOrientationPatientDICOM": [
      0,
      1,
      0,
      -0.0593063,
      0,
      -0.99824
    ],
    "ImageType": [
      "ORIGINAL",
      "PRIMARY",
      "M",
      "ND",
      "NORM"
    ],
    "ImagingFrequency": 123.261,
    "InPlanePhaseEncodingDirectionDICOM": "ROW",
    "InstitutionAddress": "Hillhouse_Ave._10_New_Haven_Northeast_US_06519",
    "InstitutionName": "Yale_University_-_Dunham_Lab._Bldg.",
    "InstitutionalDepartmentName": "Department",
    "InversionTime": 1.07,
    "MRAcquisitionType": "3D",
    "MagneticFieldStrength": 3,
    "Manufacturer": "Siemens",
    "ManufacturersModelName": "Prisma",
    "Modality": "MR",
    "ParallelReductionFactorInPlane": 2,
    "PartialFourier": 1,
    "PatientPosition": "HFS",
    "PercentPhaseFOV": 100,
    "PhaseEncodingSteps": 255,
    "PhaseResolution": 1,
    "PixelBandwidth": 240,
    "ProcedureStepDescription": "ABCDadult",
    "ProtocolName": "ABCD_T1w_MPR_vNav",
    "PulseSequenceDetails": "%CustomerSeq%_tfl_mgh_epinav_ABCD",
    "ReceiveCoilActiveElements": "HEA;HEP",
    "ReceiveCoilName": "Head_32",
    "ReconMatrixPE": 256,
    "RefLinesPE": 32,
    "RepetitionTime": 2.5,
    "SAR": 0.0295765,
    "ScanOptions": "IR_WE",
    "ScanningSequence": "GR_IR",
    "SequenceName": "tfl3d1_16ns",
    "SequenceVariant": "SK_SP_MP",
    "SeriesDescription": "ABCD_T1w_MPR_vNav",
    "SeriesNumber": 5,
    "ShimSetting": [
      -2134,
      -683,
      -4087,
      371,
      -1,
      -312,
      -70,
      84
    ],
    "SliceThickness": 1,
    "SoftwareVersions": "syngo_MR_E11",
    "StationName": "AWP166095",
    "TxRefAmp": 230.925,
    "WipMemBlock": "Prisma_epi_moco_navigator_ABCD_tfl.prot",
    "dataset": "ds004097",
    "modality": "T1w",
    "session_id": "01",
    "subject_id": "NDARNC943BP8"
  },
  "cjv": 0.4854582872296792,
  "cnr": 2.7330075490769796,
  "efc": 0.5484227580242609,
  "fber": 13335.1548983564,
  "fwhm_avg": 3.9447966666666674,
  "fwhm_x": 4.02493,
  "fwhm_y": 4.03518,
  "fwhm_z": 3.77428,
  "icvs_csf": 0.1769129232866905,
  "icvs_gm": 0.42167007133005635,
  "icvs_wm": 0.4014170053832531,
  "inu_med": 0.9870024919509888,
  "inu_range": 0.8145280182361603,
  "provenance": {
    "md5sum": "a729b34aa163ae831d5f9f8320b67675",
    "settings": {
      "testing": false
    },
    "software": "mriqc",
    "version": "23.0.1",
    "warnings": {
      "large_rot_frame": true,
      "small_air_mask": false
    },
    "webapi_port": null,
    "webapi_url": "https://mriqc.nimh.nih.gov/api/v1"
  },
  "qi_1": 0.0,
  "qi_2": 0.0009101244214089833,
  "rpve_csf": 28.649825962453868,
  "rpve_gm": 12.683089169844136,
  "rpve_wm": 15.10671732727448,
  "size_x": 176,
  "size_y": 256,
  "size_z": 256,
  "snr_csf": 1.8826795118531987,
  "snr_gm": 10.103367923124798,
  "snr_total": 8.786672909702588,
  "snr_wm": 14.37397129412977,
  "snrd_csf": 18.705123050575416,
  "snrd_gm": 57.96902999457606,
  "snrd_total": 52.21956074059205,
  "snrd_wm": 79.98452917662468,
  "spacing_x": 1.0,
  "spacing_y": 1.0,
  "spacing_z": 1.0,
  "summary_bg_k": 102.81125967005802,
  "summary_bg_mad": 8.191555817622165,
  "summary_bg_mean": 8.633808679696953,
  "summary_bg_median": 5.525120437145233,
  "summary_bg_n": 3402726.0,
  "summary_bg_p05": 0.0,
  "summary_bg_p95": 31.418269604444504,
  "summary_bg_stdv": 12.548255849013678,
  "summary_csf_k": 2.7287107721341783,
  "summary_csf_mad": 92.74507264697637,
  "summary_csf_mean": 256.1195032941027,
  "summary_csf_median": 233.88115748763084,
  "summary_csf_n": 25163.0,
  "summary_csf_p05": 91.44542554020882,
  "summary_csf_p95": 503.0200750529766,
  "summary_csf_stdv": 124.22534406221753,
  "summary_gm_k": 0.03278413354353171,
  "summary_gm_mad": 71.15546367002304,
  "summary_gm_mean": 722.3565000557135,
  "summary_gm_median": 724.8208844661713,
  "summary_gm_n": 22543.0,
  "summary_gm_p05": 600.0842671394348,
  "summary_gm_p95": 837.4303306639194,
  "summary_gm_stdv": 71.73893036419737,
  "summary_wm_k": 1.5507010120128006,
  "summary_wm_mad": 62.47796810050803,
  "summary_wm_mean": 1010.0788209630359,
  "summary_wm_median": 1000.0936221778393,
  "summary_wm_n": 219224.0,
  "summary_wm_p05": 915.9525931477547,
  "summary_wm_p95": 1137.3319950699806,
  "summary_wm_stdv": 69.57655060838749,
  "tpm_overlap_csf": 0.15779959590253284,
  "tpm_overlap_gm": 0.44783157279739566,
  "tpm_overlap_wm": 0.49087486564023053,
  "wm2max": 0.5392869767206989
}