{
  "aor": 0.001846021220159151,
  "aqi": 0.004455249442970822,
  "bids_meta": {
    "AcquisitionMatrixPE": 90,
    "AcquisitionNumber": 1,
    "AcquisitionTime": "13:14:34.262500",
    "BandwidthPerPixelPhaseEncode": 21.786,
    "BaseResolution": 90,
    "BodyPartExamined": "BRAIN",
    "ConsistencyInfo": "N4_VE11C_LATEST_20160120",
    "ConversionSoftware": "dcm2niix",
    "ConversionSoftwareVersion": "v1.0.20190902",
    "Dcm2bidsVersion": "2.1.4",
    "DerivedVendorReportedEchoSpacing": 0.000510012,
    "DeviceSerialNumber": "166095",
    "DwellTime": 2e-06,
    "EchoTime": 0.03,
    "EchoTrainLength": 90,
    "EffectiveEchoSpacing": 0.000510012,
    "FlipAngle": 52,
    "ImageComments": "SMS_ABCD_V1.2;_MB=6;_FOVshift=3;_K_PE=5;_K_RO=5;_LeakBlockOn;",
    "ImageOrientationPatientDICOM": [
      1,
      0,
      0,
      0,
      1,
      0
    ],
    "ImageType": [
      "ORIGINAL",
      "PRIMARY",
      "M",
      "ND",
      "MOSAIC"
    ],
    "ImagingFrequency": 123.261,
    "InPlanePhaseEncodingDirectionDICOM": "COL",
    "InstitutionAddress": "Hillhouse_Ave._10_New_Haven_Northeast_US_06519",
    "InstitutionName": "Yale_University_-_Dunham_Lab._Bldg.",
    "InstitutionalDepartmentName": "Department",
    "MRAcquisitionType": "2D",
    "MagneticFieldStrength": 3,
    "Manufacturer": "Siemens",
    "ManufacturersModelName": "Prisma",
    "Modality": "MR",
    "MultibandAccelerationFactor": 6,
    "PartialFourier": 1,
    "PatientPosition": "HFS",
    "PercentPhaseFOV": 100,
    "PhaseEncodingAxis": "j",
    "PhaseEncodingDirection": "j",
    "PhaseEncodingSteps": 90,
    "PhaseResolution": 1,
    "PixelBandwidth": 2780,
    "ProcedureStepDescription": "ABCDadult",
    "ProtocolName": "ABCD_fMRI_rest",
    "PulseSequenceDetails": "%CustomerSeq%_ep2d_bold_sms_abcd",
    "ReceiveCoilActiveElements": "HEA;HEP",
    "ReceiveCoilName": "Head_32",
    "ReconMatrixPE": 90,
    "RefLinesPE": 22,
    "RepetitionTime": 0.8,
    "SAR": 0.063507,
    "ScanOptions": "FS_CT",
    "ScanningSequence": "EP",
    "SequenceName": "epfid2d1_90",
    "SequenceVariant": "SK",
    "SeriesDescription": "ABCD_fMRI_rest",
    "SeriesNumber": 23,
    "ShimSetting": [
      -2116,
      -717,
      -3962,
      758,
      7,
      -113,
      116,
      40
    ],
    "SliceThickness": 2.4,
    "SliceTiming": [
      0.545,
      0,
      0.39,
      0.0775,
      0.4675,
      0.2325,
      0.6225,
      0.31,
      0.7,
      0.155,
      0.545,
      0,
      0.39,
      0.0775,
      0.4675,
      0.2325,
      0.6225,
      0.31,
      0.7,
      0.155,
      0.545,
      0,
      0.39,
      0.0775,
      0.4675,
      0.2325,
      0.6225,
      0.31,
      0.7,
      0.155,
      0.545,
      0,
      0.39,
      0.0775,
      0.4675,
      0.2325,
      0.6225,
      0.31,
      0.7,
      0.155,
      0.545,
      0,
      0.39,
      0.0775,
      0.4675,
      0.2325,
      0.6225,
      0.31,
      0.7,
      0.155,
      0.545,
      0,
      0.39,
      0.0775,
      0.4675,
      0.2325,
      0.6225,
      0.31,
      0.7,
      0.155
    ],
    "SoftwareVersions": "syngo_MR_E11",
    "SpacingBetweenSlices": 2.4,
    "StationName": "AWP166095",
    "TotalReadoutTime": 0.045391,
    "TxRefAmp": 222.835,
    "WipMemBlock": "5bef406f-a333-4d97-8051-e4b79abb2f05",
    "dataset": "ds004097",
    "modality": "bold",
    "run_id": 4,
    "session_id": "03",
    "subject_id": "NDARUD216XXV",
    "task_id": "rest"
  },
  "dummy_trs": 6,
  "dvars_nstd": 31.96672172744679,
  "dvars_std": 1.125753929840425,
  "dvars_vstd": 1.0221915687234042,
  "efc": 0.4739558371278005,
  "fber": 1281.0855712890625,
  "fd_mean": 0.10355595866791421,
  "fd_num": 18,
  "fd_perc": 4.774535809018568,
  "fwhm_avg": 2.800106927258886,
  "fwhm_x": 2.675874893670285,
  "fwhm_y": 2.8833040520944575,
  "fwhm_z": 2.8411418360119165,
  "gcor": 0.0086233,
  "gsr_x": -0.015732068568468094,
  "gsr_y": 0.048393696546554565,
  "provenance": {
    "md5sum": "4261a1c5783954832f04b92846d12d99",
    "settings": {
      "fd_thres": 0.2,
      "testing": false
    },
    "software": "mriqc",
    "version": "23.0.1",
    "webapi_port": null,
    "webapi_url": "https://mriqc.nimh.nih.gov/api/v1"
  },
  "size_t": 377,
  "size_x": 90,
  "size_y": 90,
  "size_z": 60,
  "snr": 2.733075279045941,
  "spacing_tr": 0.800000011920929,
  "spacing_x": 2.4000000953674316,
  "spacing_y": 2.4000000953674316,
  "spacing_z": 2.3999998569488525,
  "summary_bg_k": 30.692568148103625,
  "summary_bg_mad": 3.5668972401880357,
  "summary_bg_mean": 17.66014862060547,
  "summary_bg_median": 7.954906940460205,
  "summary_bg_n": 342330.0,
  "summary_bg_p05": 5.371352672576904,
  "summary_bg_p95": 67.417903137207,
  "summary_bg_stdv": 28.367507934570312,
  "summary_fg_k": 0.5319974775169669,
  "summary_fg_mad": 96.6876946459607,
  "summary_fg_mean": 306.0855407714844,
  "summary_fg_median": 284.8037109375,
  "summary_fg_n": 73057.0,
  "summary_fg_p05": 173.5246612548828,
  "summary_fg_p95": 507.51618041992185,
  "summary_fg_stdv": 104.20560455322266,
  "tsnr": 46.786593975964934
}