{
  "aor": 0.0008792482915717542,
  "aqi": 0.00482006681093394,
  "bids_meta": {
    "AcquisitionMatrixPE": 90,
    "AcquisitionNumber": 1,
    "AcquisitionTime": "15:55:39.362500",
    "BandwidthPerPixelPhaseEncode": 21.786,
    "BaseResolution": 90,
    "BodyPartExamined": "BRAIN",
    "ConsistencyInfo": "N4_VE11C_LATEST_20160120",
    "ConversionSoftware": "dcm2niix",
    "ConversionSoftwareVersion": "v1.0.20190902",
    "Dcm2bidsVersion": "2.1.4",
    "DerivedVendorReportedEchoSpacing": 0.000510012,
    "DeviceSerialNumber": "166095",
    "DwellTime": 2e-06,
    "EchoTime": 0.03,
    "EchoTrainLength": 90,
    "EffectiveEchoSpacing": 0.000510012,
    "FlipAngle": 52,
    "ImageComments": "SMS_ABCD_V1.2;_MB=6;_FOVshift=3;_K_PE=5;_K_RO=5;_LeakBlockOn;",
    "ImageOrientationPatientDICOM": [
      1,
      0,
      0,
      0,
      1,
      0
    ],
    "ImageType": [
      "ORIGINAL",
      "PRIMARY",
      "M",
      "ND",
      "MOSAIC"
    ],
    "ImagingFrequency": 123.261,
    "InPlanePhaseEncodingDirectionDICOM": "COL",
    "InstitutionAddress": "Hillhouse_Ave._10_New_Haven_Northeast_US_06519",
    "InstitutionName": "Yale_University_-_Dunham_Lab._Bldg.",
    "InstitutionalDepartmentName": "Department",
    "MRAcquisitionType": "2D",
    "MagneticFieldStrength": 3,
    "Manufacturer": "Siemens",
    "ManufacturersModelName": "Prisma",
    "Modality": "MR",
    "MultibandAccelerationFactor": 6,
    "PartialFourier": 1,
    "PatientPosition": "HFS",
    "PercentPhaseFOV": 100,
    "PhaseEncodingAxis": "j",
    "PhaseEncodingDirection": "j",
    "PhaseEncodingSteps": 90,
    "PhaseResolution": 1,
    "PixelBandwidth": 2780,
    "ProcedureStepDescription": "ABCDadult",
    "ProtocolName": "ABCD_fMRI_task_Stop",
    "PulseSequenceDetails": "%CustomerSeq%_ep2d_bold_sms_abcd",
    "ReceiveCoilActiveElements": "HEA;HEP",
    "ReceiveCoilName": "Head_32",
    "ReconMatrixPE": 90,
    "RefLinesPE": 22,
    "RepetitionTime": 0.8,
    "SAR": 0.0681038,
    "ScanOptions": "FS_CT",
    "ScanningSequence": "EP",
    "SequenceName": "epfid2d1_90",
    "SequenceVariant": "SK",
    "SeriesDescription": "ABCD_fMRI_task_Stop",
    "SeriesNumber": 29,
    "ShimSetting": [
      -2110,
      -648,
      -3934,
      543,
      50,
      -57,
      -36,
      58
    ],
    "SliceThickness": 2.4,
    "SliceTiming": [
      0.5475,
      0,
      0.39,
      0.0775,
      0.4675,
      0.235,
      0.625,
      0.3125,
      0.7025,
      0.1575,
      0.5475,
      0,
      0.39,
      0.0775,
      0.4675,
      0.235,
      0.625,
      0.3125,
      0.7025,
      0.1575,
      0.5475,
      0,
      0.39,
      0.0775,
      0.4675,
      0.235,
      0.625,
      0.3125,
      0.7025,
      0.1575,
      0.5475,
      0,
      0.39,
      0.0775,
      0.4675,
      0.235,
      0.625,
      0.3125,
      0.7025,
      0.1575,
      0.5475,
      0,
      0.39,
      0.0775,
      0.4675,
      0.235,
      0.625,
      0.3125,
      0.7025,
      0.1575,
      0.5475,
      0,
      0.39,
      0.0775,
      0.4675,
      0.235,
      0.625,
      0.3125,
      0.7025,
      0.1575
    ],
    "SoftwareVersions": "syngo_MR_E11",
    "SpacingBetweenSlices": 2.4,
    "StationName": "AWP166095",
    "TotalReadoutTime": 0.045391,
    "TxRefAmp": 239.431,
    "WipMemBlock": "40595750-8c94-475b-b74f-e7d17cbf086e",
    "dataset": "ds004097",
    "modality": "bold",
    "run_id": 2,
    "session_id": "05",
    "subject_id": "NDARTR918TJX",
    "task_id": "SST"
  },
  "dummy_trs": 6,
  "dvars_nstd": 31.774392410958885,
  "dvars_std": 1.0599496993150688,
  "dvars_vstd": 1.0054000318264844,
  "efc": 0.4723534070314482,
  "fber": 1335.170654296875,
  "fd_mean": 0.12467518138065771,
  "fd_num": 44,
  "fd_perc": 10.022779043280183,
  "fwhm_avg": 2.8227401656121613,
  "fwhm_x": 2.7187873919650953,
  "fwhm_y": 2.7582832237290056,
  "fwhm_z": 2.9911498811423822,
  "gcor": 0.00548934,
  "gsr_x": -0.011505134403705597,
  "gsr_y": 0.0711786150932312,
  "provenance": {
    "md5sum": "5dfd06707491b3070ad4d4dc06512891",
    "settings": {
      "fd_thres": 0.2,
      "testing": false
    },
    "software": "mriqc",
    "version": "23.0.1",
    "webapi_port": null,
    "webapi_url": "https://mriqc.nimh.nih.gov/api/v1"
  },
  "size_t": 439,
  "size_x": 90,
  "size_y": 90,
  "size_z": 60,
  "snr": 2.792317347146155,
  "spacing_tr": 0.800000011920929,
  "spacing_x": 2.4000000953674316,
  "spacing_y": 2.4000000953674316,
  "spacing_z": 2.4000000953674316,
  "summary_bg_k": 40.850781096028996,
  "summary_bg_mad": 2.499148239593166,
  "summary_bg_mean": 15.604093551635742,
  "summary_bg_median": 6.872437477111816,
  "summary_bg_n": 345848.0,
  "summary_bg_p05": 4.914236998558049,
  "summary_bg_p95": 56.27334976196289,
  "summary_bg_stdv": 26.674983978271484,
  "summary_fg_k": 2.198675293320986,
  "summary_fg_mad": 73.04771583791575,
  "summary_fg_mean": 269.2480163574219,
  "summary_fg_median": 250.55126953125,
  "summary_fg_n": 72102.0,
  "summary_fg_p05": 156.82278213500976,
  "summary_fg_p95": 442.8220993041992,
  "summary_fg_stdv": 89.7281723022461,
  "tsnr": 45.50369229936041
}