{
  "bids_meta": {
    "AcquisitionMatrixPE": 256,
    "AcquisitionNumber": 1,
    "AcquisitionTime": "11:22:40.220000",
    "BaseResolution": 256,
    "BodyPartExamined": "BRAIN",
    "ConsistencyInfo": "N4_VE11C_LATEST_20160120",
    "ConversionSoftware": "dcm2niix",
    "ConversionSoftwareVersion": "v1.0.20190902",
    "Dcm2bidsVersion": "2.1.4",
    "DeviceSerialNumber": "166095",
    "DwellTime": 0.000510012,
    "EchoTime": 0.0029,
    "FlipAngle": 8,
    "ImageOrientationPatientDICOM": [
      0,
      1,
      0,
      -0.045363,
      0,
      -0.998971
    ],
    "ImageType": [
      "ORIGINAL",
      "PRIMARY",
      "M",
      "ND",
      "NORM"
    ],
    "ImagingFrequency": 123.261,
    "InPlanePhaseEncodingDirectionDICOM": "ROW",
    "InstitutionAddress": "Hillhouse_Ave._10_New_Haven_Northeast_US_06519",
    "InstitutionName": "Yale_University_-_Dunham_Lab._Bldg.",
    "InstitutionalDepartmentName": "Department",
    "InversionTime": 1.07,
    "MRAcquisitionType": "3D",
    "MagneticFieldStrength": 3,
    "Manufacturer": "Siemens",
    "ManufacturersModelName": "Prisma",
    "Modality": "MR",
    "ParallelReductionFactorInPlane": 2,
    "PartialFourier": 1,
    "PatientPosition": "HFS",
    "PercentPhaseFOV": 100,
    "PhaseEncodingSteps": 255,
    "PhaseResolution": 1,
    "PixelBandwidth": 240,
    "ProcedureStepDescription": "ABCDadult",
    "ProtocolName": "ABCD_T1w_MPR_vNav",
    "PulseSequenceDetails": "%CustomerSeq%_tfl_mgh_epinav_ABCD",
    "ReceiveCoilActiveElements": "HEA;HEP",
    "ReceiveCoilName": "Head_32",
    "ReconMatrixPE": 256,
    "RefLinesPE": 32,
    "RepetitionTime": 2.5,
    "SAR": 0.0394802,
    "ScanOptions": "IR_WE",
    "ScanningSequence": "GR_IR",
    "SequenceName": "tfl3d1_16ns",
    "SequenceVariant": "SK_SP_MP",
    "SeriesDescription": "ABCD_T1w_MPR_vNav",
    "SeriesNumber": 5,
    "ShimSetting": [
      -2142,
      -729,
      -4020,
      378,
      -27,
      -228,
      -36,
      85
    ],
    "SliceThickness": 1,
    "SoftwareVersions": "syngo_MR_E11",
    "StationName": "AWP166095",
    "TxRefAmp": 254.824,
    "WipMemBlock": "Prisma_epi_moco_navigator_ABCD_tfl.prot",
    "dataset": "ds004097",
    "modality": "T1w",
    "session_id": "05",
    "subject_id": "NDARDD890AYU"
  },
  "cjv": 0.4686722647138011,
  "cnr": 2.724576054995334,
  "efc": 0.5510048426023914,
  "fber": 12944.306825612393,
  "fwhm_avg": 3.8719300000000003,
  "fwhm_x": 3.87353,
  "fwhm_y": 3.96005,
  "fwhm_z": 3.78221,
  "icvs_csf": 0.15930539381142075,
  "icvs_gm": 0.42809167087010147,
  "icvs_wm": 0.41260293531847775,
  "inu_med": 1.0461865067481995,
  "inu_range": 0.9101903349161147,
  "provenance": {
    "md5sum": "7ff7a02e11f61045070ccd616bd1d00f",
    "settings": {
      "testing": false
    },
    "software": "mriqc",
    "version": "23.0.1",
    "warnings": {
      "large_rot_frame": true,
      "small_air_mask": false
    },
    "webapi_port": null,
    "webapi_url": "https://mriqc.nimh.nih.gov/api/v1"
  },
  "qi_1": 0.00047761724014844676,
  "qi_2": 0.0006864168245539005,
  "rpve_csf": 28.37589693451976,
  "rpve_gm": 11.204090353307128,
  "rpve_wm": 13.025190485368466,
  "size_x": 176,
  "size_y": 256,
  "size_z": 256,
  "snr_csf": 1.9770857920651839,
  "snr_gm": 11.216795778901528,
  "snr_total": 8.675479860963037,
  "snr_wm": 12.8325580119224,
  "snrd_csf": 9.448794054137377,
  "snrd_gm": 28.65639694317389,
  "snrd_total": 25.948046956641758,
  "snrd_wm": 39.73894987261401,
  "spacing_x": 1.0,
  "spacing_y": 1.0,
  "spacing_z": 1.0,
  "summary_bg_k": 624.7906887283757,
  "summary_bg_mad": 0.0,
  "summary_bg_mean": 8.45335077976022,
  "summary_bg_median": 0.0,
  "summary_bg_n": 3519236.0,
  "summary_bg_p05": 0.0,
  "summary_bg_p95": 31.398076117038727,
  "summary_bg_stdv": 16.48679099849132,
  "summary_csf_k": 4.617209360529593,
  "summary_csf_mad": 94.02421636129027,
  "summary_csf_mean": 257.3534565289736,
  "summary_csf_median": 237.7829910814762,
  "summary_csf_n": 22701.0,
  "summary_csf_p05": 98.16685078665614,
  "summary_csf_p95": 483.08046074584126,
  "summary_csf_stdv": 120.26678594221526,
  "summary_gm_k": 0.24946738010965586,
  "summary_gm_mad": 62.51723367116734,
  "summary_gm_mean": 721.2113288252532,
  "summary_gm_median": 721.1506293527782,
  "summary_gm_n": 32648.0,
  "summary_gm_p05": 615.4214370623231,
  "summary_gm_p95": 826.2408516490831,
  "summary_gm_stdv": 64.2910505951945,
  "summary_wm_k": 1.4547028950303993,
  "summary_wm_mad": 68.19416748920752,
  "summary_wm_mean": 1015.1216084324307,
  "summary_wm_median": 1000.0478694960475,
  "summary_wm_n": 240701.0,
  "summary_wm_p05": 916.5270725078881,
  "summary_wm_p95": 1166.2279308959842,
  "summary_wm_stdv": 77.93035427537907,
  "tpm_overlap_csf": 0.14311209470407865,
  "tpm_overlap_gm": 0.43922672918849676,
  "tpm_overlap_wm": 0.4678219245766914,
  "wm2max": 0.49979667503887093
}