{
  "bids_meta": {
    "AcquisitionMatrixPE": 256,
    "AcquisitionNumber": 1,
    "AcquisitionTime": "12:54:15.350000",
    "BaseResolution": 256,
    "BodyPartExamined": "BRAIN",
    "ConsistencyInfo": "N4_VE11C_LATEST_20160120",
    "ConversionSoftware": "dcm2niix",
    "ConversionSoftwareVersion": "v1.0.20190902",
    "Dcm2bidsVersion": "2.1.4",
    "DeviceSerialNumber": "166095",
    "DwellTime": 0.000510012,
    "EchoTime": 0.565,
    "EchoTrainLength": 190,
    "FlipAngle": 120,
    "ImageOrientationPatientDICOM": [
      0,
      1,
      0,
      -0.127065,
      0,
      -0.991894
    ],
    "ImageType": [
      "ORIGINAL",
      "PRIMARY",
      "M",
      "ND"
    ],
    "ImagingFrequency": 123.261,
    "InPlanePhaseEncodingDirectionDICOM": "ROW",
    "InstitutionAddress": "Hillhouse_Ave._10_New_Haven_Northeast_US_06519",
    "InstitutionName": "Yale_University_-_Dunham_Lab._Bldg.",
    "InstitutionalDepartmentName": "Department",
    "MRAcquisitionType": "3D",
    "MagneticFieldStrength": 3,
    "Manufacturer": "Siemens",
    "ManufacturersModelName": "Prisma",
    "Modality": "MR",
    "ParallelReductionFactorInPlane": 2,
    "PartialFourier": 1,
    "PatientPosition": "HFS",
    "PercentPhaseFOV": 100,
    "PhaseEncodingSteps": 227,
    "PhaseResolution": 1,
    "PixelBandwidth": 240,
    "ProcedureStepDescription": "ABCDadult",
    "ProtocolName": "ABCD_T2w_SPC_vNav",
    "PulseSequenceDetails": "%CustomerSeq%_tse_vfl_mgh_epinav_ABCD",
    "ReceiveCoilActiveElements": "HEA;HEP",
    "ReceiveCoilName": "Head_32",
    "ReconMatrixPE": 256,
    "RefLinesPE": 32,
    "RepetitionTime": 3.2,
    "SAR": 0.0658309,
    "ScanOptions": "PFP",
    "ScanningSequence": "SE",
    "SequenceName": "spc_200ns",
    "SequenceVariant": "SK_SP",
    "SeriesDescription": "ABCD_T2w_SPC_vNav",
    "SeriesNumber": 17,
    "ShimSetting": [
      -2143,
      -646,
      -4133,
      428,
      -12,
      -239,
      -89,
      145
    ],
    "SliceThickness": 1,
    "SoftwareVersions": "syngo_MR_E11",
    "StationName": "AWP166095",
    "TxRefAmp": 236.46,
    "WipMemBlock": "Prisma_epi_moco_navigator_ABCD_tse_vfl.prot",
    "dataset": "ds004097",
    "modality": "T2w",
    "session_id": "04",
    "subject_id": "NDARNC943BP8"
  },
  "cjv": 0.954575332354263,
  "cnr": 0.56971548979248,
  "efc": 0.6186898707334543,
  "fber": 268.6115415083344,
  "fwhm_avg": 5.294536666666667,
  "fwhm_x": 5.04698,
  "fwhm_y": 5.69426,
  "fwhm_z": 5.14237,
  "icvs_csf": 0.4238781680697106,
  "icvs_gm": 0.46332013993548293,
  "icvs_wm": 0.11280169199480641,
  "inu_med": 1.0705803632736206,
  "inu_range": 1.0908697426319116,
  "provenance": {
    "md5sum": "c6b238ba59dcb33a89383b73449097de",
    "settings": {
      "testing": false
    },
    "software": "mriqc",
    "version": "23.0.1",
    "warnings": {
      "large_rot_frame": true,
      "small_air_mask": false
    },
    "webapi_port": null,
    "webapi_url": "https://mriqc.nimh.nih.gov/api/v1"
  },
  "qi_1": 0.0,
  "qi_2": 0.001577372598019348,
  "rpve_csf": 13.349808959288,
  "rpve_gm": 11.785068999931529,
  "rpve_wm": 48.08760107252961,
  "size_x": 176,
  "size_y": 256,
  "size_z": 256,
  "snr_csf": 13.62823643489081,
  "snr_gm": 10.769131316210789,
  "snr_total": 8.324539988389207,
  "snr_wm": 0.5762522140660236,
  "snrd_csf": 22.97950884283928,
  "snrd_gm": 16.16360720065002,
  "snrd_total": 15.746585332908118,
  "snrd_wm": 8.096639955235057,
  "spacing_x": 1.0,
  "spacing_y": 1.0,
  "spacing_z": 1.0,
  "summary_bg_k": 1.3000006283027652,
  "summary_bg_mad": 81.38618288978225,
  "summary_bg_mean": 98.13272144401579,
  "summary_bg_median": 54.89414616674185,
  "summary_bg_n": 3128153.0,
  "summary_bg_p05": 0.0,
  "summary_bg_p95": 326.67496421188116,
  "summary_bg_stdv": 113.44830802280812,
  "summary_csf_k": -0.014099703433086308,
  "summary_csf_mad": 210.4815074735748,
  "summary_csf_mean": 2859.4937377649926,
  "summary_csf_median": 2854.6948534697294,
  "summary_csf_n": 88441.0,
  "summary_csf_p05": 2523.2378220781684,
  "summary_csf_p95": 3210.7596055567265,
  "summary_csf_stdv": 209.46794752817553,
  "summary_gm_k": -0.015149896273923602,
  "summary_gm_mad": 186.40537714501852,
  "summary_gm_mean": 2009.8336464318954,
  "summary_gm_median": 2007.9700834676623,
  "summary_gm_n": 66346.0,
  "summary_gm_p05": 1705.6288673523813,
  "summary_gm_p95": 2319.701087743044,
  "summary_gm_stdv": 186.45468161622358,
  "summary_wm_k": -1.0069115746152637,
  "summary_wm_mad": 770.2146110322496,
  "summary_wm_mean": 1919.35518892642,
  "summary_wm_median": 1005.8281301259995,
  "summary_wm_n": 24050.0,
  "summary_wm_p05": 269.3897844552994,
  "summary_wm_p95": 5069.598931498081,
  "summary_wm_stdv": 1745.4288142754922,
  "tpm_overlap_csf": 0.11206473347132385,
  "tpm_overlap_gm": 0.30725249952029876,
  "tpm_overlap_wm": 0.0632819085892012,
  "wm2max": 0.20095541401273886
}