{
  "bids_meta": {
    "AcquisitionMatrixPE": 256,
    "AcquisitionNumber": 1,
    "AcquisitionTime": "12:24:18.810000",
    "BaseResolution": 256,
    "BodyPartExamined": "BRAIN",
    "ConsistencyInfo": "N4_VE11C_LATEST_20160120",
    "ConversionSoftware": "dcm2niix",
    "ConversionSoftwareVersion": "v1.0.20190902",
    "Dcm2bidsVersion": "2.1.4",
    "DeviceSerialNumber": "166095",
    "DwellTime": 0.000510012,
    "EchoTime": 0.0029,
    "FlipAngle": 8,
    "ImageOrientationPatientDICOM": [
      0,
      1,
      0,
      -0.127065,
      0,
      -0.991894
    ],
    "ImageType": [
      "ORIGINAL",
      "PRIMARY",
      "M",
      "ND"
    ],
    "ImagingFrequency": 123.261,
    "InPlanePhaseEncodingDirectionDICOM": "ROW",
    "InstitutionAddress": "Hillhouse_Ave._10_New_Haven_Northeast_US_06519",
    "InstitutionName": "Yale_University_-_Dunham_Lab._Bldg.",
    "InstitutionalDepartmentName": "Department",
    "InversionTime": 1.07,
    "MRAcquisitionType": "3D",
    "MagneticFieldStrength": 3,
    "Manufacturer": "Siemens",
    "ManufacturersModelName": "Prisma",
    "Modality": "MR",
    "ParallelReductionFactorInPlane": 2,
    "PartialFourier": 1,
    "PatientPosition": "HFS",
    "PercentPhaseFOV": 100,
    "PhaseEncodingSteps": 255,
    "PhaseResolution": 1,
    "PixelBandwidth": 240,
    "ProcedureStepDescription": "ABCDadult",
    "ProtocolName": "ABCD_T1w_MPR_vNav",
    "PulseSequenceDetails": "%CustomerSeq%_tfl_mgh_epinav_ABCD",
    "ReceiveCoilActiveElements": "HEA;HEP",
    "ReceiveCoilName": "Head_32",
    "ReconMatrixPE": 256,
    "RefLinesPE": 32,
    "RepetitionTime": 2.5,
    "SAR": 0.0300381,
    "ScanOptions": "IR_WE",
    "ScanningSequence": "GR_IR",
    "SequenceName": "tfl3d1_16ns",
    "SequenceVariant": "SK_SP_MP",
    "SeriesDescription": "ABCD_T1w_MPR_vNav",
    "SeriesNumber": 4,
    "ShimSetting": [
      -2143,
      -646,
      -4133,
      428,
      -12,
      -239,
      -89,
      145
    ],
    "SliceThickness": 1,
    "SoftwareVersions": "syngo_MR_E11",
    "StationName": "AWP166095",
    "TxRefAmp": 236.46,
    "WipMemBlock": "Prisma_epi_moco_navigator_ABCD_tfl.prot",
    "dataset": "ds004097",
    "modality": "T1w",
    "session_id": "04",
    "subject_id": "NDARNC943BP8"
  },
  "cjv": 0.47003593723496223,
  "cnr": 2.8917606382225465,
  "efc": 0.5431485512082057,
  "fber": 11989.41413670532,
  "fwhm_avg": 4.06741,
  "fwhm_x": 4.14642,
  "fwhm_y": 4.14114,
  "fwhm_z": 3.91467,
  "icvs_csf": 0.17417160599337703,
  "icvs_gm": 0.4261763831756886,
  "icvs_wm": 0.3996520108309343,
  "inu_med": 0.8884647488594055,
  "inu_range": 0.8255249321460725,
  "provenance": {
    "md5sum": "69fdfb54c55ed1fcd013587bc40dd4aa",
    "settings": {
      "testing": false
    },
    "software": "mriqc",
    "version": "23.0.1",
    "warnings": {
      "large_rot_frame": true,
      "small_air_mask": false
    },
    "webapi_port": null,
    "webapi_url": "https://mriqc.nimh.nih.gov/api/v1"
  },
  "qi_1": 2.8880707947017765e-05,
  "qi_2": 0.0008279275731834901,
  "rpve_csf": 29.33134859738506,
  "rpve_gm": 12.674753221238287,
  "rpve_wm": 15.247664522592713,
  "size_x": 176,
  "size_y": 256,
  "size_z": 256,
  "snr_csf": 1.872110368756303,
  "snr_gm": 10.288069449239664,
  "snr_total": 9.141621078000782,
  "snr_wm": 15.264683416006376,
  "snrd_csf": 22.256938260463407,
  "snrd_gm": 67.88715024273009,
  "snrd_total": 61.460469010433265,
  "snrd_wm": 94.2373185281063,
  "spacing_x": 1.0,
  "spacing_y": 1.0,
  "spacing_z": 1.0,
  "summary_bg_k": 61.13601041082174,
  "summary_bg_mad": 6.952327927885559,
  "summary_bg_mean": 8.200135572743473,
  "summary_bg_median": 4.689273927360773,
  "summary_bg_n": 3229031.0,
  "summary_bg_p05": 0.0,
  "summary_bg_p95": 32.13386659696698,
  "summary_bg_stdv": 12.459917859967039,
  "summary_csf_k": 1.5075896931525934,
  "summary_csf_mad": 96.67394939722972,
  "summary_csf_mean": 257.68187076490153,
  "summary_csf_median": 236.19132360443473,
  "summary_csf_n": 24653.0,
  "summary_csf_p05": 80.95167621970177,
  "summary_csf_p95": 508.63320270627725,
  "summary_csf_stdv": 126.16058175923831,
  "summary_gm_k": 0.06322627847182094,
  "summary_gm_mad": 69.23054968189199,
  "summary_gm_mean": 719.8504718105743,
  "summary_gm_median": 720.420557577163,
  "summary_gm_n": 25533.0,
  "summary_gm_p05": 603.7316779531538,
  "summary_gm_p95": 833.9207309305667,
  "summary_gm_stdv": 70.02348237996445,
  "summary_wm_k": 0.7858790279407852,
  "summary_wm_mad": 62.20503935476553,
  "summary_wm_mean": 1008.1590713120661,
  "summary_wm_median": 1000.0493659824133,
  "summary_wm_n": 218298.0,
  "summary_wm_p05": 915.4943529553711,
  "summary_wm_p95": 1127.1533698029816,
  "summary_wm_stdv": 65.5137776634842,
  "tpm_overlap_csf": 0.1515410234003391,
  "tpm_overlap_gm": 0.4480576985130343,
  "tpm_overlap_wm": 0.48829364315774937,
  "wm2max": 0.5462585401765864
}