{
  "bids_meta": {
    "AcquisitionMatrixPE": 256,
    "AcquisitionNumber": 1,
    "AcquisitionTime": "12:33:3.557500",
    "BaseResolution": 256,
    "BodyPartExamined": "BRAIN",
    "ConsistencyInfo": "N4_VE11C_LATEST_20160120",
    "ConversionSoftware": "dcm2niix",
    "ConversionSoftwareVersion": "v1.0.20190902",
    "Dcm2bidsVersion": "2.1.4",
    "DeviceSerialNumber": "166095",
    "DwellTime": 0.000510012,
    "EchoTime": 0.0029,
    "FlipAngle": 8,
    "ImageOrientationPatientDICOM": [
      0,
      1,
      0,
      -0.0174524,
      0,
      -0.999848
    ],
    "ImageType": [
      "ORIGINAL",
      "PRIMARY",
      "M",
      "ND",
      "NORM"
    ],
    "ImagingFrequency": 123.261,
    "InPlanePhaseEncodingDirectionDICOM": "ROW",
    "InstitutionAddress": "Hillhouse_Ave._10_New_Haven_Northeast_US_06519",
    "InstitutionName": "Yale_University_-_Dunham_Lab._Bldg.",
    "InstitutionalDepartmentName": "Department",
    "InversionTime": 1.07,
    "MRAcquisitionType": "3D",
    "MagneticFieldStrength": 3,
    "Manufacturer": "Siemens",
    "ManufacturersModelName": "Prisma",
    "Modality": "MR",
    "ParallelReductionFactorInPlane": 2,
    "PartialFourier": 1,
    "PatientPosition": "HFS",
    "PercentPhaseFOV": 100,
    "PhaseEncodingSteps": 255,
    "PhaseResolution": 1,
    "PixelBandwidth": 240,
    "ProcedureStepDescription": "ABCDadult",
    "ProtocolName": "ABCD_T1w_MPR_vNav",
    "PulseSequenceDetails": "%CustomerSeq%_tfl_mgh_epinav_ABCD",
    "ReceiveCoilActiveElements": "HEA;HEP",
    "ReceiveCoilName": "Head_32",
    "ReconMatrixPE": 256,
    "RefLinesPE": 32,
    "RepetitionTime": 2.5,
    "SAR": 0.0355472,
    "ScanOptions": "IR_WE",
    "ScanningSequence": "GR_IR",
    "SequenceName": "tfl3d1_16ns",
    "SequenceVariant": "SK_SP_MP",
    "SeriesDescription": "ABCD_T1w_MPR_vNav",
    "SeriesNumber": 5,
    "ShimSetting": [
      -2136,
      -711,
      -4029,
      407,
      -72,
      -199,
      80,
      93
    ],
    "SliceThickness": 1,
    "SoftwareVersions": "syngo_MR_E11",
    "StationName": "AWP166095",
    "TxRefAmp": 247.004,
    "WipMemBlock": "Prisma_epi_moco_navigator_ABCD_tfl.prot",
    "dataset": "ds004097",
    "modality": "T1w",
    "session_id": "01",
    "subject_id": "NDARMC914MYN"
  },
  "cjv": 0.31292034620418635,
  "cnr": 4.119085724820342,
  "efc": 0.5743661711621371,
  "fber": 16220.68807463494,
  "fwhm_avg": 3.65677,
  "fwhm_x": 3.74387,
  "fwhm_y": 3.81295,
  "fwhm_z": 3.41349,
  "icvs_csf": 0.1992664256269683,
  "icvs_gm": 0.459847567808861,
  "icvs_wm": 0.3408860065641707,
  "inu_med": 0.5115123391151428,
  "inu_range": 0.17174042463302602,
  "provenance": {
    "md5sum": "35383764a62dc6a4818171a71e98337b",
    "settings": {
      "testing": false
    },
    "software": "mriqc",
    "version": "23.0.1",
    "warnings": {
      "large_rot_frame": true,
      "small_air_mask": false
    },
    "webapi_port": null,
    "webapi_url": "https://mriqc.nimh.nih.gov/api/v1"
  },
  "qi_1": 0.0,
  "qi_2": 0.0016781719322848845,
  "rpve_csf": 24.35369728419217,
  "rpve_gm": 11.400867918099,
  "rpve_wm": 17.423788508739648,
  "size_x": 176,
  "size_y": 256,
  "size_z": 256,
  "snr_csf": 1.8085935230195835,
  "snr_gm": 10.546771104834198,
  "snr_total": 12.601061399502989,
  "snr_wm": 25.44781957065518,
  "snrd_csf": 29.607792824402583,
  "snrd_gm": 87.30238742832547,
  "snrd_total": 81.37874674018023,
  "snrd_wm": 127.22605996781262,
  "spacing_x": 1.0,
  "spacing_y": 1.0,
  "spacing_z": 1.0,
  "summary_bg_k": 231.11040895942844,
  "summary_bg_mad": 0.0,
  "summary_bg_mean": 2.829588490688894,
  "summary_bg_median": 0.0,
  "summary_bg_n": 2301463.0,
  "summary_bg_p05": 0.0,
  "summary_bg_p95": 12.102317217737436,
  "summary_bg_stdv": 5.149388359853391,
  "summary_csf_k": 0.5804767971481919,
  "summary_csf_mad": 116.21044844411944,
  "summary_csf_mean": 251.3472995663504,
  "summary_csf_median": 232.71798625588417,
  "summary_csf_n": 28138.0,
  "summary_csf_p05": 62.05076517499984,
  "summary_csf_p95": 492.63550086319447,
  "summary_csf_stdv": 128.67117346156954,
  "summary_gm_k": 0.3440656383428973,
  "summary_gm_mad": 60.416330854130365,
  "summary_gm_mean": 687.6084726070965,
  "summary_gm_median": 686.198931414634,
  "summary_gm_n": 48703.0,
  "summary_gm_p05": 581.672224085778,
  "summary_gm_p95": 798.7013849180192,
  "summary_gm_stdv": 65.06179757085563,
  "summary_wm_k": 0.454140947308284,
  "summary_wm_mad": 37.778404473847786,
  "summary_wm_mean": 999.5753601342166,
  "summary_wm_median": 999.9999881982803,
  "summary_wm_n": 200172.0,
  "summary_wm_p05": 934.5676932124421,
  "summary_wm_p95": 1062.5490840822458,
  "summary_wm_stdv": 39.295998919156,
  "tpm_overlap_csf": 0.15273709168014885,
  "tpm_overlap_gm": 0.482166592843304,
  "tpm_overlap_wm": 0.5115267819778654,
  "wm2max": 0.7442699041749565
}