{
  "aor": 0.0007379753086419753,
  "aqi": 0.0048275790864197535,
  "bids_meta": {
    "AcquisitionMatrixPE": 90,
    "AcquisitionNumber": 1,
    "AcquisitionTime": "12:53:53.537500",
    "BandwidthPerPixelPhaseEncode": 21.786,
    "BaseResolution": 90,
    "BodyPartExamined": "BRAIN",
    "ConsistencyInfo": "N4_VE11C_LATEST_20160120",
    "ConversionSoftware": "dcm2niix",
    "ConversionSoftwareVersion": "v1.0.20190902",
    "Dcm2bidsVersion": "2.1.4",
    "DerivedVendorReportedEchoSpacing": 0.000510012,
    "DeviceSerialNumber": "166095",
    "DwellTime": 2e-06,
    "EchoTime": 0.03,
    "EchoTrainLength": 90,
    "EffectiveEchoSpacing": 0.000510012,
    "FlipAngle": 52,
    "ImageComments": "SMS_ABCD_V1.2;_MB=6;_FOVshift=3;_K_PE=5;_K_RO=5;_LeakBlockOn;",
    "ImageOrientationPatientDICOM": [
      1,
      0,
      0,
      0,
      1,
      0
    ],
    "ImageType": [
      "ORIGINAL",
      "PRIMARY",
      "M",
      "ND",
      "MOSAIC"
    ],
    "ImagingFrequency": 123.261,
    "InPlanePhaseEncodingDirectionDICOM": "COL",
    "InstitutionAddress": "Hillhouse_Ave._10_New_Haven_Northeast_US_06519",
    "InstitutionName": "Yale_University_-_Dunham_Lab._Bldg.",
    "InstitutionalDepartmentName": "Department",
    "MRAcquisitionType": "2D",
    "MagneticFieldStrength": 3,
    "Manufacturer": "Siemens",
    "ManufacturersModelName": "Prisma",
    "Modality": "MR",
    "MultibandAccelerationFactor": 6,
    "PartialFourier": 1,
    "PatientPosition": "HFS",
    "PercentPhaseFOV": 100,
    "PhaseEncodingAxis": "j",
    "PhaseEncodingDirection": "j",
    "PhaseEncodingSteps": 90,
    "PhaseResolution": 1,
    "PixelBandwidth": 2780,
    "ProcedureStepDescription": "ABCDadult",
    "ProtocolName": "ABCD_fMRI_task_Monetary_Incentive",
    "PulseSequenceDetails": "%CustomerSeq%_ep2d_bold_sms_abcd",
    "ReceiveCoilActiveElements": "HEA;HEP",
    "ReceiveCoilName": "Head_32",
    "ReconMatrixPE": 90,
    "RefLinesPE": 22,
    "RepetitionTime": 0.8,
    "SAR": 0.0672749,
    "ScanOptions": "FS_CT",
    "ScanningSequence": "EP",
    "SequenceName": "epfid2d1_90",
    "SequenceVariant": "SK",
    "SeriesDescription": "ABCD_fMRI_task_Monetary_Incentive",
    "SeriesNumber": 40,
    "ShimSetting": [
      -2133,
      -638,
      -4064,
      479,
      -61,
      21,
      -106,
      107
    ],
    "SliceThickness": 2.4,
    "SliceTiming": [
      0.5475,
      0,
      0.39,
      0.08,
      0.47,
      0.235,
      0.625,
      0.3125,
      0.7025,
      0.1575,
      0.5475,
      0,
      0.39,
      0.08,
      0.47,
      0.235,
      0.625,
      0.3125,
      0.7025,
      0.1575,
      0.5475,
      0,
      0.39,
      0.08,
      0.47,
      0.235,
      0.625,
      0.3125,
      0.7025,
      0.1575,
      0.5475,
      0,
      0.39,
      0.08,
      0.47,
      0.235,
      0.625,
      0.3125,
      0.7025,
      0.1575,
      0.5475,
      0,
      0.39,
      0.08,
      0.47,
      0.235,
      0.625,
      0.3125,
      0.7025,
      0.1575,
      0.5475,
      0,
      0.39,
      0.08,
      0.47,
      0.235,
      0.625,
      0.3125,
      0.7025,
      0.1575
    ],
    "SoftwareVersions": "syngo_MR_E11",
    "SpacingBetweenSlices": 2.4,
    "StationName": "AWP166095",
    "TotalReadoutTime": 0.045391,
    "TxRefAmp": 245.556,
    "WipMemBlock": "56d1a329-d4ab-487f-871f-819f632b9758",
    "dataset": "ds004097",
    "modality": "bold",
    "run_id": 2,
    "session_id": "02",
    "subject_id": "NDARFT076LW8",
    "task_id": "MID"
  },
  "dummy_trs": 6,
  "dvars_nstd": 30.523042683787146,
  "dvars_std": 1.016891352797031,
  "dvars_vstd": 1.0039064249752478,
  "efc": 0.5327084335276376,
  "fber": 539.498046875,
  "fd_mean": 0.0852754507724704,
  "fd_num": 13,
  "fd_perc": 3.2098765432098766,
  "fwhm_avg": 2.8564291488590126,
  "fwhm_x": 2.6263998956362444,
  "fwhm_y": 3.05294571202017,
  "fwhm_z": 2.8899418389206235,
  "gcor": 0.0257521,
  "gsr_x": -0.012559592723846436,
  "gsr_y": 0.06540954858064651,
  "provenance": {
    "md5sum": "71eecdebe46d77dda735e3c954771f6a",
    "settings": {
      "fd_thres": 0.2,
      "testing": false
    },
    "software": "mriqc",
    "version": "23.0.1",
    "webapi_port": null,
    "webapi_url": "https://mriqc.nimh.nih.gov/api/v1"
  },
  "size_t": 405,
  "size_x": 90,
  "size_y": 90,
  "size_z": 60,
  "snr": 2.745525454762382,
  "spacing_tr": 0.800000011920929,
  "spacing_x": 2.4000000953674316,
  "spacing_y": 2.4000000953674316,
  "spacing_z": 2.3999998569488525,
  "summary_bg_k": 67.64660382234482,
  "summary_bg_mad": 6.750416527955064,
  "summary_bg_mean": 22.45218849182129,
  "summary_bg_median": 10.945679664611816,
  "summary_bg_n": 318448.0,
  "summary_bg_p05": 5.725926399230957,
  "summary_bg_p95": 85.57691650390616,
  "summary_bg_stdv": 34.87065124511719,
  "summary_fg_k": 0.5646121075090291,
  "summary_fg_mad": 90.63274772852897,
  "summary_fg_mean": 272.18841552734375,
  "summary_fg_median": 256.9259338378906,
  "summary_fg_n": 89383.0,
  "summary_fg_p05": 148.2323486328125,
  "summary_fg_p95": 446.031118774414,
  "summary_fg_stdv": 93.57935333251953,
  "tsnr": 41.109452152624726
}