{
  "aor": 0.0005567857142857143,
  "aqi": 0.0040601865659340665,
  "bids_meta": {
    "AcquisitionMatrixPE": 90,
    "AcquisitionNumber": 1,
    "AcquisitionTime": "12:36:22.045000",
    "BandwidthPerPixelPhaseEncode": 21.786,
    "BaseResolution": 90,
    "BodyPartExamined": "BRAIN",
    "ConsistencyInfo": "N4_VE11C_LATEST_20160120",
    "ConversionSoftware": "dcm2niix",
    "ConversionSoftwareVersion": "v1.0.20190902",
    "Dcm2bidsVersion": "2.1.4",
    "DerivedVendorReportedEchoSpacing": 0.000510012,
    "DeviceSerialNumber": "166095",
    "DwellTime": 2e-06,
    "EchoTime": 0.03,
    "EchoTrainLength": 90,
    "EffectiveEchoSpacing": 0.000510012,
    "FlipAngle": 52,
    "ImageComments": "SMS_ABCD_V1.2;_MB=6;_FOVshift=3;_K_PE=5;_K_RO=5;_LeakBlockOn;",
    "ImageOrientationPatientDICOM": [
      1,
      0,
      0,
      0,
      1,
      0
    ],
    "ImageType": [
      "ORIGINAL",
      "PRIMARY",
      "M",
      "ND",
      "MOSAIC"
    ],
    "ImagingFrequency": 123.261,
    "InPlanePhaseEncodingDirectionDICOM": "COL",
    "InstitutionAddress": "Hillhouse_Ave._10_New_Haven_Northeast_US_06519",
    "InstitutionName": "Yale_University_-_Dunham_Lab._Bldg.",
    "InstitutionalDepartmentName": "Department",
    "MRAcquisitionType": "2D",
    "MagneticFieldStrength": 3,
    "Manufacturer": "Siemens",
    "ManufacturersModelName": "Prisma",
    "Modality": "MR",
    "MultibandAccelerationFactor": 6,
    "PartialFourier": 1,
    "PatientPosition": "HFS",
    "PercentPhaseFOV": 100,
    "PhaseEncodingAxis": "j",
    "PhaseEncodingDirection": "j",
    "PhaseEncodingSteps": 90,
    "PhaseResolution": 1,
    "PixelBandwidth": 2780,
    "ProcedureStepDescription": "ABCDadult",
    "ProtocolName": "ABCD_fMRI_task_Emotional_n-back",
    "PulseSequenceDetails": "%CustomerSeq%_ep2d_bold_sms_abcd",
    "ReceiveCoilActiveElements": "HEA;HEP",
    "ReceiveCoilName": "Head_32",
    "ReconMatrixPE": 90,
    "RefLinesPE": 22,
    "RepetitionTime": 0.8,
    "SAR": 0.0672218,
    "ScanOptions": "FS_CT",
    "ScanningSequence": "EP",
    "SequenceName": "epfid2d1_90",
    "SequenceVariant": "SK",
    "SeriesDescription": "ABCD_fMRI_task_Emotional_n-back",
    "SeriesNumber": 32,
    "ShimSetting": [
      -2133,
      -638,
      -4064,
      479,
      -61,
      21,
      -106,
      107
    ],
    "SliceThickness": 2.4,
    "SliceTiming": [
      0.545,
      0,
      0.39,
      0.0775,
      0.4675,
      0.235,
      0.625,
      0.3125,
      0.7025,
      0.155,
      0.545,
      0,
      0.39,
      0.0775,
      0.4675,
      0.235,
      0.625,
      0.3125,
      0.7025,
      0.155,
      0.545,
      0,
      0.39,
      0.0775,
      0.4675,
      0.235,
      0.625,
      0.3125,
      0.7025,
      0.155,
      0.545,
      0,
      0.39,
      0.0775,
      0.4675,
      0.235,
      0.625,
      0.3125,
      0.7025,
      0.155,
      0.545,
      0,
      0.39,
      0.0775,
      0.4675,
      0.235,
      0.625,
      0.3125,
      0.7025,
      0.155,
      0.545,
      0,
      0.39,
      0.0775,
      0.4675,
      0.235,
      0.625,
      0.3125,
      0.7025,
      0.155
    ],
    "SoftwareVersions": "syngo_MR_E11",
    "SpacingBetweenSlices": 2.4,
    "StationName": "AWP166095",
    "TotalReadoutTime": 0.045391,
    "TxRefAmp": 245.556,
    "WipMemBlock": "8b3ddd19-40d2-4397-966b-f890694dcab6",
    "dataset": "ds004097",
    "modality": "bold",
    "run_id": 1,
    "session_id": "02",
    "subject_id": "NDARFT076LW8",
    "task_id": "nback"
  },
  "dummy_trs": 6,
  "dvars_nstd": 28.89191101024794,
  "dvars_std": 1.01070680738292,
  "dvars_vstd": 1.0021355845454543,
  "efc": 0.5315443087425484,
  "fber": 557.6317138671875,
  "fd_mean": 0.07126778235606226,
  "fd_num": 1,
  "fd_perc": 0.27472527472527475,
  "fwhm_avg": 2.835224981513626,
  "fwhm_x": 2.6213040625054016,
  "fwhm_y": 3.040370712519856,
  "fwhm_z": 2.8440001695156196,
  "gcor": 0.0256424,
  "gsr_x": -0.012554137967526913,
  "gsr_y": 0.06599985808134079,
  "provenance": {
    "md5sum": "b49f178856b5622972ed9742b10be716",
    "settings": {
      "fd_thres": 0.2,
      "testing": false
    },
    "software": "mriqc",
    "version": "23.0.1",
    "webapi_port": null,
    "webapi_url": "https://mriqc.nimh.nih.gov/api/v1"
  },
  "size_t": 364,
  "size_x": 90,
  "size_y": 90,
  "size_z": 60,
  "snr": 2.746614025775272,
  "spacing_tr": 0.800000011920929,
  "spacing_x": 2.4000000953674316,
  "spacing_y": 2.4000000953674316,
  "spacing_z": 2.3999998569488525,
  "summary_bg_k": 69.90672377744603,
  "summary_bg_mad": 6.745025959261852,
  "summary_bg_mean": 22.50640296936035,
  "summary_bg_median": 10.854395866394043,
  "summary_bg_n": 318722.0,
  "summary_bg_p05": 5.684066295623779,
  "summary_bg_p95": 85.37348937988284,
  "summary_bg_stdv": 35.188140869140625,
  "summary_fg_k": 0.5847795059721763,
  "summary_fg_mad": 90.94990687468282,
  "summary_fg_mean": 273.7588806152344,
  "summary_fg_median": 258.2912292480469,
  "summary_fg_n": 89320.0,
  "summary_fg_p05": 149.41195678710938,
  "summary_fg_p95": 448.9835205078125,
  "summary_fg_stdv": 94.03934478759766,
  "tsnr": 43.25087716104463
}