{
  "aor": 0.001004671201814059,
  "aqi": 0.005765513242630386,
  "bids_meta": {
    "AcquisitionMatrixPE": 90,
    "AcquisitionNumber": 1,
    "AcquisitionTime": "13:00:47.260000",
    "BandwidthPerPixelPhaseEncode": 21.786,
    "BaseResolution": 90,
    "BodyPartExamined": "BRAIN",
    "ConsistencyInfo": "N4_VE11C_LATEST_20160120",
    "ConversionSoftware": "dcm2niix",
    "ConversionSoftwareVersion": "v1.0.20190902",
    "Dcm2bidsVersion": "2.1.4",
    "DerivedVendorReportedEchoSpacing": 0.000510012,
    "DeviceSerialNumber": "166095",
    "DwellTime": 2e-06,
    "EchoTime": 0.03,
    "EchoTrainLength": 90,
    "EffectiveEchoSpacing": 0.000510012,
    "FlipAngle": 52,
    "ImageComments": "SMS_ABCD_V1.2;_MB=6;_FOVshift=3;_K_PE=5;_K_RO=5;_LeakBlockOn;",
    "ImageOrientationPatientDICOM": [
      1,
      0,
      0,
      0,
      1,
      0
    ],
    "ImageType": [
      "ORIGINAL",
      "PRIMARY",
      "M",
      "ND",
      "MOSAIC"
    ],
    "ImagingFrequency": 123.261,
    "InPlanePhaseEncodingDirectionDICOM": "COL",
    "InstitutionAddress": "Hillhouse_Ave._10_New_Haven_Northeast_US_06519",
    "InstitutionName": "Yale_University_-_Dunham_Lab._Bldg.",
    "InstitutionalDepartmentName": "Department",
    "MRAcquisitionType": "2D",
    "MagneticFieldStrength": 3,
    "Manufacturer": "Siemens",
    "ManufacturersModelName": "Prisma",
    "Modality": "MR",
    "MultibandAccelerationFactor": 6,
    "PartialFourier": 1,
    "PatientPosition": "HFS",
    "PercentPhaseFOV": 100,
    "PhaseEncodingAxis": "j",
    "PhaseEncodingDirection": "j",
    "PhaseEncodingSteps": 90,
    "PhaseResolution": 1,
    "PixelBandwidth": 2780,
    "ProcedureStepDescription": "ABCDadult",
    "ProtocolName": "ABCD_fMRI_task_Stop",
    "PulseSequenceDetails": "%CustomerSeq%_ep2d_bold_sms_abcd",
    "ReceiveCoilActiveElements": "HEA;HEP",
    "ReceiveCoilName": "Head_32",
    "ReconMatrixPE": 90,
    "RefLinesPE": 22,
    "RepetitionTime": 0.8,
    "SAR": 0.0673117,
    "ScanOptions": "FS_CT",
    "ScanningSequence": "EP",
    "SequenceName": "epfid2d1_90",
    "SequenceVariant": "SK",
    "SeriesDescription": "ABCD_fMRI_task_Stop",
    "SeriesNumber": 44,
    "ShimSetting": [
      -2133,
      -638,
      -4064,
      479,
      -61,
      21,
      -106,
      107
    ],
    "SliceThickness": 2.4,
    "SliceTiming": [
      0.5475,
      0,
      0.39,
      0.08,
      0.47,
      0.235,
      0.625,
      0.3125,
      0.7025,
      0.1575,
      0.5475,
      0,
      0.39,
      0.08,
      0.47,
      0.235,
      0.625,
      0.3125,
      0.7025,
      0.1575,
      0.5475,
      0,
      0.39,
      0.08,
      0.47,
      0.235,
      0.625,
      0.3125,
      0.7025,
      0.1575,
      0.5475,
      0,
      0.39,
      0.08,
      0.47,
      0.235,
      0.625,
      0.3125,
      0.7025,
      0.1575,
      0.5475,
      0,
      0.39,
      0.08,
      0.47,
      0.235,
      0.625,
      0.3125,
      0.7025,
      0.1575,
      0.5475,
      0,
      0.39,
      0.08,
      0.47,
      0.235,
      0.625,
      0.3125,
      0.7025,
      0.1575
    ],
    "SoftwareVersions": "syngo_MR_E11",
    "SpacingBetweenSlices": 2.4,
    "StationName": "AWP166095",
    "TotalReadoutTime": 0.045391,
    "TxRefAmp": 245.556,
    "WipMemBlock": "37aa605c-fe0c-4ff1-b854-9c50c17f9e9e",
    "dataset": "ds004097",
    "modality": "bold",
    "run_id": 1,
    "session_id": "02",
    "subject_id": "NDARFT076LW8",
    "task_id": "SST"
  },
  "dummy_trs": 4,
  "dvars_nstd": 29.711488845318193,
  "dvars_std": 1.0079441732500005,
  "dvars_vstd": 0.9961117298636364,
  "efc": 0.5324718428037278,
  "fber": 542.5578002929688,
  "fd_mean": 0.06244177816645853,
  "fd_num": 1,
  "fd_perc": 0.22675736961451248,
  "fwhm_avg": 2.8647847046503103,
  "fwhm_x": 2.6245332290437524,
  "fwhm_y": 3.06273321163125,
  "fwhm_z": 2.907087673275928,
  "gcor": 0.00887827,
  "gsr_x": -0.013823158107697964,
  "gsr_y": 0.06550921499729156,
  "provenance": {
    "md5sum": "9af8717062aeee169b2ed36e63085a4d",
    "settings": {
      "fd_thres": 0.2,
      "testing": false
    },
    "software": "mriqc",
    "version": "23.0.1",
    "webapi_port": null,
    "webapi_url": "https://mriqc.nimh.nih.gov/api/v1"
  },
  "size_t": 441,
  "size_x": 90,
  "size_y": 90,
  "size_z": 60,
  "snr": 2.7442553138218924,
  "spacing_tr": 0.800000011920929,
  "spacing_x": 2.4000000953674316,
  "spacing_y": 2.4000000953674316,
  "spacing_z": 2.3999998569488525,
  "summary_bg_k": 66.92309060816453,
  "summary_bg_mad": 6.804504610522959,
  "summary_bg_mean": 22.73455047607422,
  "summary_bg_median": 10.97278881072998,
  "summary_bg_n": 319468.0,
  "summary_bg_p05": 5.716553211212158,
  "summary_bg_p95": 87.75283813476562,
  "summary_bg_stdv": 35.406105041503906,
  "summary_fg_k": 0.5817110541276014,
  "summary_fg_mad": 91.09599305366842,
  "summary_fg_mean": 272.88232421875,
  "summary_fg_median": 257.60546875,
  "summary_fg_n": 89432.0,
  "summary_fg_p05": 148.56179275512696,
  "summary_fg_p95": 447.27086639404297,
  "summary_fg_stdv": 93.87028503417969,
  "tsnr": 39.11696068756282
}