{
  "bids_meta": {
    "AcquisitionMatrixPE": 256,
    "AcquisitionNumber": 1,
    "AcquisitionTime": "14:32:55.837500",
    "BaseResolution": 256,
    "BodyPartExamined": "BRAIN",
    "ConsistencyInfo": "N4_VE11C_LATEST_20160120",
    "ConversionSoftware": "dcm2niix",
    "ConversionSoftwareVersion": "v1.0.20190902",
    "Dcm2bidsVersion": "2.1.4",
    "DeviceSerialNumber": "166095",
    "DwellTime": 0.000510012,
    "EchoTime": 0.565,
    "EchoTrainLength": 190,
    "FlipAngle": 120,
    "ImageOrientationPatientDICOM": [
      0,
      1,
      0,
      -0.0174524,
      0,
      -0.999848
    ],
    "ImageType": [
      "ORIGINAL",
      "PRIMARY",
      "M",
      "ND",
      "NORM"
    ],
    "ImagingFrequency": 123.261,
    "InPlanePhaseEncodingDirectionDICOM": "ROW",
    "InstitutionAddress": "Hillhouse_Ave._10_New_Haven_Northeast_US_06519",
    "InstitutionName": "Yale_University_-_Dunham_Lab._Bldg.",
    "InstitutionalDepartmentName": "Department",
    "MRAcquisitionType": "3D",
    "MagneticFieldStrength": 3,
    "Manufacturer": "Siemens",
    "ManufacturersModelName": "Prisma",
    "Modality": "MR",
    "ParallelReductionFactorInPlane": 2,
    "PartialFourier": 1,
    "PatientPosition": "HFS",
    "PercentPhaseFOV": 100,
    "PhaseEncodingSteps": 227,
    "PhaseResolution": 1,
    "PixelBandwidth": 240,
    "ProcedureStepDescription": "ABCDadult",
    "ProtocolName": "ABCD_T2w_SPC_vNav",
    "PulseSequenceDetails": "%CustomerSeq%_tse_vfl_mgh_epinav_ABCD",
    "ReceiveCoilActiveElements": "HEA;HEP",
    "ReceiveCoilName": "Head_32",
    "ReconMatrixPE": 256,
    "RefLinesPE": 32,
    "RepetitionTime": 3.2,
    "SAR": 0.0619624,
    "ScanOptions": "PFP",
    "ScanningSequence": "SE",
    "SequenceName": "spc_200ns",
    "SequenceVariant": "SK_SP",
    "SeriesDescription": "ABCD_T2w_SPC_vNav",
    "SeriesNumber": 18,
    "ShimSetting": [
      -2127,
      -660,
      -4151,
      431,
      -25,
      -68,
      140,
      79
    ],
    "SliceThickness": 1,
    "SoftwareVersions": "syngo_MR_E11",
    "StationName": "AWP166095",
    "TxRefAmp": 230.699,
    "WipMemBlock": "Prisma_epi_moco_navigator_ABCD_tse_vfl.prot",
    "dataset": "ds004097",
    "modality": "T2w",
    "session_id": "03",
    "subject_id": "NDARTW625MMA"
  },
  "cjv": 0.605465398485646,
  "cnr": 1.1276482480888945,
  "efc": 0.4987193372333909,
  "fber": 4754.2979068662,
  "fwhm_avg": 3.6340066666666666,
  "fwhm_x": 3.54535,
  "fwhm_y": 3.87707,
  "fwhm_z": 3.4796,
  "icvs_csf": 0.3204681585382502,
  "icvs_gm": 0.5059793078840015,
  "icvs_wm": 0.1735525335777483,
  "inu_med": 0.9548789262771606,
  "inu_range": 0.9221723794937131,
  "provenance": {
    "md5sum": "b585c0f0900660acd458145c3875f518",
    "settings": {
      "testing": false
    },
    "software": "mriqc",
    "version": "23.0.1",
    "warnings": {
      "large_rot_frame": true,
      "small_air_mask": false
    },
    "webapi_port": null,
    "webapi_url": "https://mriqc.nimh.nih.gov/api/v1"
  },
  "qi_1": 3.7748333478484663e-06,
  "qi_2": 0.0036984851531324564,
  "rpve_csf": 16.062089069695475,
  "rpve_gm": 11.707642401832906,
  "rpve_wm": 40.50124050267632,
  "size_x": 176,
  "size_y": 256,
  "size_z": 256,
  "snr_csf": 12.799585119720176,
  "snr_gm": 12.837641697457512,
  "snr_total": 9.26595749792325,
  "snr_wm": 2.1606456765920616,
  "snrd_csf": 67.8444222866032,
  "snrd_gm": 45.28784747304761,
  "snrd_total": 69.40214474620296,
  "snrd_wm": 95.07416447895808,
  "spacing_x": 1.0,
  "spacing_y": 1.0,
  "spacing_z": 1.0,
  "summary_bg_k": 2.665139148999657,
  "summary_bg_mad": 6.890793122624784,
  "summary_bg_mean": 6.855547659668527,
  "summary_bg_median": 4.647769331932068,
  "summary_bg_n": 3482856.0,
  "summary_bg_p05": 0.0,
  "summary_bg_p95": 23.86035069823265,
  "summary_bg_stdv": 8.410872014812508,
  "summary_csf_k": 1.5188586753804723,
  "summary_csf_mad": 50.71944240257544,
  "summary_csf_mean": 715.4168783148396,
  "summary_csf_median": 713.5947239398956,
  "summary_csf_n": 20279.0,
  "summary_csf_p05": 628.7729336321354,
  "summary_csf_p95": 808.6064782887697,
  "summary_csf_stdv": 55.75002022508745,
  "summary_gm_k": 1.285675025693715,
  "summary_gm_mad": 34.57415386526272,
  "summary_gm_mean": 478.54564284329183,
  "summary_gm_median": 476.3423126935959,
  "summary_gm_n": 152139.0,
  "summary_gm_p05": 422.80919744074345,
  "summary_gm_p95": 542.3028065264225,
  "summary_gm_stdv": 37.10500405237622,
  "summary_wm_k": -1.5532444734688613,
  "summary_wm_mad": 282.4824552769032,
  "summary_wm_mean": 726.0842871214409,
  "summary_wm_median": 999.999998062849,
  "summary_wm_n": 42511.0,
  "summary_wm_p05": 39.10071060061455,
  "summary_wm_p95": 1228.9026376605034,
  "summary_wm_stdv": 462.8191689019897,
  "tpm_overlap_csf": 0.12077265677255301,
  "tpm_overlap_gm": 0.3416736023095652,
  "tpm_overlap_wm": 0.049278532308141026,
  "wm2max": 0.7936505808932462
}