{
  "bids_meta": {
    "AcquisitionMatrixPE": 256,
    "AcquisitionNumber": 1,
    "AcquisitionTime": "15:19:29.867500",
    "BaseResolution": 256,
    "BodyPartExamined": "BRAIN",
    "ConsistencyInfo": "N4_VE11C_LATEST_20160120",
    "ConversionSoftware": "dcm2niix",
    "ConversionSoftwareVersion": "v1.0.20190902",
    "Dcm2bidsVersion": "2.1.4",
    "DeviceSerialNumber": "166095",
    "DwellTime": 0.000510012,
    "EchoTime": 0.565,
    "EchoTrainLength": 190,
    "FlipAngle": 120,
    "ImageOrientationPatientDICOM": [
      -0.0471443,
      0.998888,
      1.83812e-08,
      -0.0487722,
      -0.00230187,
      -0.998807
    ],
    "ImageType": [
      "ORIGINAL",
      "PRIMARY",
      "M",
      "ND"
    ],
    "ImagingFrequency": 123.261,
    "InPlanePhaseEncodingDirectionDICOM": "ROW",
    "InstitutionAddress": "Hillhouse_Ave._10_New_Haven_Northeast_US_06519",
    "InstitutionName": "Yale_University_-_Dunham_Lab._Bldg.",
    "InstitutionalDepartmentName": "Department",
    "MRAcquisitionType": "3D",
    "MagneticFieldStrength": 3,
    "Manufacturer": "Siemens",
    "ManufacturersModelName": "Prisma",
    "Modality": "MR",
    "ParallelReductionFactorInPlane": 2,
    "PartialFourier": 1,
    "PatientPosition": "HFS",
    "PercentPhaseFOV": 100,
    "PhaseEncodingSteps": 227,
    "PhaseResolution": 1,
    "PixelBandwidth": 240,
    "ProcedureStepDescription": "ABCDadult",
    "ProtocolName": "ABCD_T2w_SPC_vNav",
    "PulseSequenceDetails": "%CustomerSeq%_tse_vfl_mgh_epinav_ABCD",
    "ReceiveCoilActiveElements": "HEA;HEP",
    "ReceiveCoilName": "Head_32",
    "ReconMatrixPE": 256,
    "RefLinesPE": 32,
    "RepetitionTime": 3.2,
    "SAR": 0.0661348,
    "ScanOptions": "PFP",
    "ScanningSequence": "SE",
    "SequenceName": "spc_200ns",
    "SequenceVariant": "SK_SP",
    "SeriesDescription": "ABCD_T2w_SPC_vNav",
    "SeriesNumber": 17,
    "ShimSetting": [
      -2130,
      -677,
      -4070,
      445,
      62,
      -253,
      14,
      101
    ],
    "SliceThickness": 1,
    "SoftwareVersions": "syngo_MR_E11",
    "StationName": "AWP166095",
    "TxRefAmp": 218.324,
    "WipMemBlock": "Prisma_epi_moco_navigator_ABCD_tse_vfl.prot",
    "dataset": "ds004097",
    "modality": "T2w",
    "session_id": "03",
    "subject_id": "NDARTR918TJX"
  },
  "cjv": 20.981566951518168,
  "cnr": 0.06554578492335612,
  "efc": 0.5025364086266727,
  "fber": 6111.013703433162,
  "fwhm_avg": 3.476656666666667,
  "fwhm_x": 3.4411,
  "fwhm_y": 3.66384,
  "fwhm_z": 3.32503,
  "icvs_csf": 0.3628724421709697,
  "icvs_gm": 0.5136464599305379,
  "icvs_wm": 0.12348109789849235,
  "inu_med": 0.8616527318954468,
  "inu_range": 0.7208893567323684,
  "provenance": {
    "md5sum": "d05966ff054ef65049299742ace33cf4",
    "settings": {
      "testing": false
    },
    "software": "mriqc",
    "version": "23.0.1",
    "warnings": {
      "large_rot_frame": true,
      "small_air_mask": false
    },
    "webapi_port": null,
    "webapi_url": "https://mriqc.nimh.nih.gov/api/v1"
  },
  "qi_1": 6.653505399319632e-06,
  "qi_2": 0.002931996718182959,
  "rpve_csf": 15.433927233155032,
  "rpve_gm": 12.554580704340415,
  "rpve_wm": 56.30833752890053,
  "size_x": 176,
  "size_y": 256,
  "size_z": 256,
  "snr_csf": 6.341212715967633,
  "snr_gm": 10.743468546782397,
  "snr_total": 6.002771372347367,
  "snr_wm": 0.9236328542920713,
  "snrd_csf": 75.44988481815672,
  "snrd_gm": 45.113670890931125,
  "snrd_total": 56.37847990465074,
  "snrd_wm": 48.57188400486438,
  "spacing_x": 1.0,
  "spacing_y": 1.0,
  "spacing_z": 1.0,
  "summary_bg_k": 34.887288553531555,
  "summary_bg_mad": 14.656621686009814,
  "summary_bg_mean": 14.796497691528618,
  "summary_bg_median": 9.885741099715233,
  "summary_bg_n": 2940690.0,
  "summary_bg_p05": 0.0,
  "summary_bg_p95": 47.85271778702736,
  "summary_bg_stdv": 17.905970961589258,
  "summary_csf_k": 0.2055238151254346,
  "summary_csf_mad": 194.9967928660436,
  "summary_csf_mean": 1754.9534522830731,
  "summary_csf_median": 1687.9544748738408,
  "summary_csf_n": 37468.0,
  "summary_csf_p05": 1428.8477679342031,
  "summary_csf_p95": 2326.587677076459,
  "summary_csf_stdv": 266.18440747019395,
  "summary_gm_k": 1.1019340627100709,
  "summary_gm_mad": 86.02799685266629,
  "summary_gm_mean": 1016.4104309064346,
  "summary_gm_median": 1009.276857636869,
  "summary_gm_n": 206629.0,
  "summary_gm_p05": 876.5357108414173,
  "summary_gm_p95": 1183.7100429832935,
  "summary_gm_stdv": 93.94306978189253,
  "summary_wm_k": -1.860611935586295,
  "summary_wm_mad": 1537.2459585746815,
  "summary_wm_mean": 1410.9363461668163,
  "summary_wm_median": 1086.6435271129012,
  "summary_wm_n": 24734.0,
  "summary_wm_p05": 56.495577668771155,
  "summary_wm_p95": 2860.442768992856,
  "summary_wm_stdv": 1176.4648206766176,
  "tpm_overlap_csf": 0.12526476770383554,
  "tpm_overlap_gm": 0.3330081838477504,
  "tpm_overlap_wm": 0.03277836884418048,
  "wm2max": 0.38828166995162156
}