{
  "aor": 0.0005931117021276595,
  "aqi": 0.006805836968085108,
  "bids_meta": {
    "AcquisitionMatrixPE": 90,
    "AcquisitionNumber": 1,
    "AcquisitionTime": "13:01:29.697500",
    "BandwidthPerPixelPhaseEncode": 21.786,
    "BaseResolution": 90,
    "BodyPartExamined": "BRAIN",
    "ConsistencyInfo": "N4_VE11C_LATEST_20160120",
    "ConversionSoftware": "dcm2niix",
    "ConversionSoftwareVersion": "v1.0.20190902",
    "Dcm2bidsVersion": "2.1.4",
    "DerivedVendorReportedEchoSpacing": 0.000510012,
    "DeviceSerialNumber": "166095",
    "DwellTime": 2e-06,
    "EchoTime": 0.03,
    "EchoTrainLength": 90,
    "EffectiveEchoSpacing": 0.000510012,
    "FlipAngle": 52,
    "ImageComments": "SMS_ABCD_V1.2;_MB=6;_FOVshift=3;_K_PE=5;_K_RO=5;_LeakBlockOn;",
    "ImageOrientationPatientDICOM": [
      1,
      0,
      0,
      0,
      1,
      0
    ],
    "ImageType": [
      "ORIGINAL",
      "PRIMARY",
      "M",
      "ND",
      "MOSAIC"
    ],
    "ImagingFrequency": 123.261,
    "InPlanePhaseEncodingDirectionDICOM": "COL",
    "InstitutionAddress": "Hillhouse_Ave._10_New_Haven_Northeast_US_06519",
    "InstitutionName": "Yale_University_-_Dunham_Lab._Bldg.",
    "InstitutionalDepartmentName": "Department",
    "MRAcquisitionType": "2D",
    "MagneticFieldStrength": 3,
    "Manufacturer": "Siemens",
    "ManufacturersModelName": "Prisma",
    "Modality": "MR",
    "MultibandAccelerationFactor": 6,
    "PartialFourier": 1,
    "PatientPosition": "HFS",
    "PercentPhaseFOV": 100,
    "PhaseEncodingAxis": "j",
    "PhaseEncodingDirection": "j",
    "PhaseEncodingSteps": 90,
    "PhaseResolution": 1,
    "PixelBandwidth": 2780,
    "ProcedureStepDescription": "ABCDadult",
    "ProtocolName": "ABCD_fMRI_rest",
    "PulseSequenceDetails": "%CustomerSeq%_ep2d_bold_sms_abcd",
    "ReceiveCoilActiveElements": "HEA;HEP",
    "ReceiveCoilName": "Head_32",
    "ReconMatrixPE": 90,
    "RefLinesPE": 22,
    "RepetitionTime": 0.8,
    "SAR": 0.0699816,
    "ScanOptions": "FS_CT",
    "ScanningSequence": "EP",
    "SequenceName": "epfid2d1_90",
    "SequenceVariant": "SK",
    "SeriesDescription": "ABCD_fMRI_rest",
    "SeriesNumber": 10,
    "ShimSetting": [
      -2106,
      -662,
      -3889,
      822,
      0,
      81,
      47,
      31
    ],
    "SliceThickness": 2.4,
    "SliceTiming": [
      0.545,
      0,
      0.39,
      0.0775,
      0.4675,
      0.235,
      0.625,
      0.3125,
      0.7025,
      0.155,
      0.545,
      0,
      0.39,
      0.0775,
      0.4675,
      0.235,
      0.625,
      0.3125,
      0.7025,
      0.155,
      0.545,
      0,
      0.39,
      0.0775,
      0.4675,
      0.235,
      0.625,
      0.3125,
      0.7025,
      0.155,
      0.545,
      0,
      0.39,
      0.0775,
      0.4675,
      0.235,
      0.625,
      0.3125,
      0.7025,
      0.155,
      0.545,
      0,
      0.39,
      0.0775,
      0.4675,
      0.235,
      0.625,
      0.3125,
      0.7025,
      0.155,
      0.545,
      0,
      0.39,
      0.0775,
      0.4675,
      0.235,
      0.625,
      0.3125,
      0.7025,
      0.155
    ],
    "SoftwareVersions": "syngo_MR_E11",
    "SpacingBetweenSlices": 2.4,
    "StationName": "AWP166095",
    "TotalReadoutTime": 0.045391,
    "TxRefAmp": 232.449,
    "WipMemBlock": "5d6bb204-a8b6-4ceb-9a1b-d3f5e2ed40d0",
    "dataset": "ds004097",
    "modality": "bold",
    "run_id": 2,
    "session_id": "02",
    "subject_id": "NDARUD216XXV",
    "task_id": "rest"
  },
  "dummy_trs": 7,
  "dvars_nstd": 32.778810083866674,
  "dvars_std": 1.0936798206666671,
  "dvars_vstd": 0.9924894959466669,
  "efc": 0.474540707798212,
  "fber": 1298.3118896484375,
  "fd_mean": 0.10784274463860265,
  "fd_num": 19,
  "fd_perc": 5.053191489361702,
  "fwhm_avg": 2.800343039562366,
  "fwhm_x": 2.6715165605101365,
  "fwhm_y": 2.8520790533352276,
  "fwhm_z": 2.8774335048417354,
  "gcor": 0.0128296,
  "gsr_x": -0.015395625494420528,
  "gsr_y": 0.04565636068582535,
  "provenance": {
    "md5sum": "79af534dfcdf7c4c1378fd30bf1991aa",
    "settings": {
      "fd_thres": 0.2,
      "testing": false
    },
    "software": "mriqc",
    "version": "23.0.1",
    "webapi_port": null,
    "webapi_url": "https://mriqc.nimh.nih.gov/api/v1"
  },
  "size_t": 376,
  "size_x": 90,
  "size_y": 90,
  "size_z": 60,
  "snr": 2.818397215395501,
  "spacing_tr": 0.800000011920929,
  "spacing_x": 2.4000000953674316,
  "spacing_y": 2.4000000953674316,
  "spacing_z": 2.3999998569488525,
  "summary_bg_k": 32.79714723283654,
  "summary_bg_mad": 2.9809767107876683,
  "summary_bg_mean": 16.196605682373047,
  "summary_bg_median": 7.369680404663086,
  "summary_bg_n": 342853.0,
  "summary_bg_p05": 5.1835103034973145,
  "summary_bg_p95": 59.267020416259676,
  "summary_bg_stdv": 26.83803367614746,
  "summary_fg_k": 1.5104136013189597,
  "summary_fg_mad": 80.7288739655992,
  "summary_fg_mean": 285.6490783691406,
  "summary_fg_median": 265.65692138671875,
  "summary_fg_n": 73642.0,
  "summary_fg_p05": 168.13311309814452,
  "summary_fg_p95": 468.3533004760742,
  "summary_fg_stdv": 94.25751495361328,
  "tsnr": 43.56529485457577
}