{
  "aor": 0.0012417195767195767,
  "aqi": 0.006573801243386243,
  "bids_meta": {
    "AcquisitionMatrixPE": 90,
    "AcquisitionNumber": 1,
    "AcquisitionTime": "12:55:30.695000",
    "BandwidthPerPixelPhaseEncode": 21.786,
    "BaseResolution": 90,
    "BodyPartExamined": "BRAIN",
    "ConsistencyInfo": "N4_VE11C_LATEST_20160120",
    "ConversionSoftware": "dcm2niix",
    "ConversionSoftwareVersion": "v1.0.20190902",
    "Dcm2bidsVersion": "2.1.4",
    "DerivedVendorReportedEchoSpacing": 0.000510012,
    "DeviceSerialNumber": "166095",
    "DwellTime": 2e-06,
    "EchoTime": 0.03,
    "EchoTrainLength": 90,
    "EffectiveEchoSpacing": 0.000510012,
    "FlipAngle": 52,
    "ImageComments": "SMS_ABCD_V1.2;_MB=6;_FOVshift=3;_K_PE=5;_K_RO=5;_LeakBlockOn;",
    "ImageOrientationPatientDICOM": [
      1,
      0,
      0,
      0,
      1,
      0
    ],
    "ImageType": [
      "ORIGINAL",
      "PRIMARY",
      "M",
      "ND",
      "MOSAIC"
    ],
    "ImagingFrequency": 123.261,
    "InPlanePhaseEncodingDirectionDICOM": "COL",
    "InstitutionAddress": "Hillhouse_Ave._10_New_Haven_Northeast_US_06519",
    "InstitutionName": "Yale_University_-_Dunham_Lab._Bldg.",
    "InstitutionalDepartmentName": "Department",
    "MRAcquisitionType": "2D",
    "MagneticFieldStrength": 3,
    "Manufacturer": "Siemens",
    "ManufacturersModelName": "Prisma",
    "Modality": "MR",
    "MultibandAccelerationFactor": 6,
    "PartialFourier": 1,
    "PatientPosition": "HFS",
    "PercentPhaseFOV": 100,
    "PhaseEncodingAxis": "j",
    "PhaseEncodingDirection": "j",
    "PhaseEncodingSteps": 90,
    "PhaseResolution": 1,
    "PixelBandwidth": 2780,
    "ProcedureStepDescription": "ABCDadult",
    "ProtocolName": "ABCD_fMRI_rest",
    "PulseSequenceDetails": "%CustomerSeq%_ep2d_bold_sms_abcd",
    "ReceiveCoilActiveElements": "HEA;HEP",
    "ReceiveCoilName": "Head_32",
    "ReconMatrixPE": 90,
    "RefLinesPE": 22,
    "RepetitionTime": 0.8,
    "SAR": 0.0699816,
    "ScanOptions": "FS_CT",
    "ScanningSequence": "EP",
    "SequenceName": "epfid2d1_90",
    "SequenceVariant": "SK",
    "SeriesDescription": "ABCD_fMRI_rest",
    "SeriesNumber": 8,
    "ShimSetting": [
      -2106,
      -662,
      -3889,
      822,
      0,
      81,
      47,
      31
    ],
    "SliceThickness": 2.4,
    "SliceTiming": [
      0.545,
      0,
      0.39,
      0.0775,
      0.4675,
      0.235,
      0.625,
      0.3125,
      0.7025,
      0.155,
      0.545,
      0,
      0.39,
      0.0775,
      0.4675,
      0.235,
      0.625,
      0.3125,
      0.7025,
      0.155,
      0.545,
      0,
      0.39,
      0.0775,
      0.4675,
      0.235,
      0.625,
      0.3125,
      0.7025,
      0.155,
      0.545,
      0,
      0.39,
      0.0775,
      0.4675,
      0.235,
      0.625,
      0.3125,
      0.7025,
      0.155,
      0.545,
      0,
      0.39,
      0.0775,
      0.4675,
      0.235,
      0.625,
      0.3125,
      0.7025,
      0.155,
      0.545,
      0,
      0.39,
      0.0775,
      0.4675,
      0.235,
      0.625,
      0.3125,
      0.7025,
      0.155
    ],
    "SoftwareVersions": "syngo_MR_E11",
    "SpacingBetweenSlices": 2.4,
    "StationName": "AWP166095",
    "TotalReadoutTime": 0.045391,
    "TxRefAmp": 232.449,
    "WipMemBlock": "c0e7ecc1-1087-4475-997d-d8b95b07f190",
    "dataset": "ds004097",
    "modality": "bold",
    "run_id": 1,
    "session_id": "02",
    "subject_id": "NDARUD216XXV",
    "task_id": "rest"
  },
  "dummy_trs": 5,
  "dvars_nstd": 32.934319751671055,
  "dvars_std": 1.104402114748011,
  "dvars_vstd": 1.009645081591512,
  "efc": 0.4737429429199866,
  "fber": 1336.293701171875,
  "fd_mean": 0.11544555977117711,
  "fd_num": 29,
  "fd_perc": 7.671957671957672,
  "fwhm_avg": 2.7875972059087686,
  "fwhm_x": 2.6702832272258115,
  "fwhm_y": 2.8400415538135544,
  "fwhm_z": 2.852466836686939,
  "gcor": 0.0123223,
  "gsr_x": -0.015764828771352768,
  "gsr_y": 0.04699523001909256,
  "provenance": {
    "md5sum": "2c3101b8770dc8ba0cdaae889e9a355b",
    "settings": {
      "fd_thres": 0.2,
      "testing": false
    },
    "software": "mriqc",
    "version": "23.0.1",
    "webapi_port": null,
    "webapi_url": "https://mriqc.nimh.nih.gov/api/v1"
  },
  "size_t": 378,
  "size_x": 90,
  "size_y": 90,
  "size_z": 60,
  "snr": 2.8239195338569947,
  "spacing_tr": 0.800000011920929,
  "spacing_x": 2.4000000953674316,
  "spacing_y": 2.4000000953674316,
  "spacing_z": 2.3999998569488525,
  "summary_bg_k": 32.51525035678488,
  "summary_bg_mad": 2.8867601744277662,
  "summary_bg_mean": 15.988389015197754,
  "summary_bg_median": 7.2513227462768555,
  "summary_bg_n": 342571.0,
  "summary_bg_p05": 5.076719284057617,
  "summary_bg_p95": 57.94576454162598,
  "summary_bg_stdv": 26.49944305419922,
  "summary_fg_k": 1.5752786052864058,
  "summary_fg_mad": 80.14092092669156,
  "summary_fg_mean": 285.6340637207031,
  "summary_fg_median": 265.30950927734375,
  "summary_fg_n": 73546.0,
  "summary_fg_p05": 169.27248001098633,
  "summary_fg_p95": 468.3670425415039,
  "summary_fg_stdv": 93.95016479492188,
  "tsnr": 44.461993956938386
}