{
  "aor": 0.0007867724867724867,
  "aqi": 0.005776437857142857,
  "bids_meta": {
    "AcquisitionMatrixPE": 90,
    "AcquisitionNumber": 1,
    "AcquisitionTime": "13:02:17.292500",
    "BandwidthPerPixelPhaseEncode": 21.786,
    "BaseResolution": 90,
    "BodyPartExamined": "BRAIN",
    "ConsistencyInfo": "N4_VE11C_LATEST_20160120",
    "ConversionSoftware": "dcm2niix",
    "ConversionSoftwareVersion": "v1.0.20190902",
    "Dcm2bidsVersion": "2.1.4",
    "DerivedVendorReportedEchoSpacing": 0.000510012,
    "DeviceSerialNumber": "166095",
    "DwellTime": 2e-06,
    "EchoTime": 0.03,
    "EchoTrainLength": 90,
    "EffectiveEchoSpacing": 0.000510012,
    "FlipAngle": 52,
    "ImageComments": "SMS_ABCD_V1.2;_MB=6;_FOVshift=3;_K_PE=5;_K_RO=5;_LeakBlockOn;",
    "ImageOrientationPatientDICOM": [
      1,
      0,
      0,
      0,
      1,
      0
    ],
    "ImageType": [
      "ORIGINAL",
      "PRIMARY",
      "M",
      "ND",
      "MOSAIC"
    ],
    "ImagingFrequency": 123.261,
    "InPlanePhaseEncodingDirectionDICOM": "COL",
    "InstitutionAddress": "Hillhouse_Ave._10_New_Haven_Northeast_US_06519",
    "InstitutionName": "Yale_University_-_Dunham_Lab._Bldg.",
    "InstitutionalDepartmentName": "Department",
    "MRAcquisitionType": "2D",
    "MagneticFieldStrength": 3,
    "Manufacturer": "Siemens",
    "ManufacturersModelName": "Prisma",
    "Modality": "MR",
    "MultibandAccelerationFactor": 6,
    "PartialFourier": 1,
    "PatientPosition": "HFS",
    "PercentPhaseFOV": 100,
    "PhaseEncodingAxis": "j",
    "PhaseEncodingDirection": "j",
    "PhaseEncodingSteps": 90,
    "PhaseResolution": 1,
    "PixelBandwidth": 2780,
    "ProcedureStepDescription": "ABCDadult",
    "ProtocolName": "ABCD_fMRI_rest",
    "PulseSequenceDetails": "%CustomerSeq%_ep2d_bold_sms_abcd",
    "ReceiveCoilActiveElements": "HEA;HEP",
    "ReceiveCoilName": "Head_32",
    "ReconMatrixPE": 90,
    "RefLinesPE": 22,
    "RepetitionTime": 0.8,
    "SAR": 0.0561823,
    "ScanOptions": "FS_CT",
    "ScanningSequence": "EP",
    "SequenceName": "epfid2d1_90",
    "SequenceVariant": "SK",
    "SeriesDescription": "ABCD_fMRI_rest",
    "SeriesNumber": 21,
    "ShimSetting": [
      -2135,
      -652,
      -4108,
      481,
      29,
      -197,
      -45,
      122
    ],
    "SliceThickness": 2.4,
    "SliceTiming": [
      0.5475,
      0,
      0.39,
      0.08,
      0.47,
      0.235,
      0.625,
      0.3125,
      0.7025,
      0.1575,
      0.5475,
      0,
      0.39,
      0.08,
      0.47,
      0.235,
      0.625,
      0.3125,
      0.7025,
      0.1575,
      0.5475,
      0,
      0.39,
      0.08,
      0.47,
      0.235,
      0.625,
      0.3125,
      0.7025,
      0.1575,
      0.5475,
      0,
      0.39,
      0.08,
      0.47,
      0.235,
      0.625,
      0.3125,
      0.7025,
      0.1575,
      0.5475,
      0,
      0.39,
      0.08,
      0.47,
      0.235,
      0.625,
      0.3125,
      0.7025,
      0.1575,
      0.5475,
      0,
      0.39,
      0.08,
      0.47,
      0.235,
      0.625,
      0.3125,
      0.7025,
      0.1575
    ],
    "SoftwareVersions": "syngo_MR_E11",
    "SpacingBetweenSlices": 2.4,
    "StationName": "AWP166095",
    "TotalReadoutTime": 0.045391,
    "TxRefAmp": 236.214,
    "WipMemBlock": "30348e5f-9c2e-4c2c-a6ca-c8340a2e63f3",
    "dataset": "ds004097",
    "modality": "bold",
    "run_id": 3,
    "session_id": "02",
    "subject_id": "NDARNC943BP8",
    "task_id": "rest"
  },
  "dummy_trs": 5,
  "dvars_nstd": 28.173218582838196,
  "dvars_std": 1.0322919980371348,
  "dvars_vstd": 1.0122340192307693,
  "efc": 0.5258212524138496,
  "fber": 463.4542236328125,
  "fd_mean": 0.1169605251536126,
  "fd_num": 14,
  "fd_perc": 3.7037037037037037,
  "fwhm_avg": 3.1413387640633013,
  "fwhm_x": 2.885458218675525,
  "fwhm_y": 3.171041540660797,
  "fwhm_z": 3.367516532853582,
  "gcor": 0.0160536,
  "gsr_x": -0.017592990770936012,
  "gsr_y": 0.07532017678022385,
  "provenance": {
    "md5sum": "4a7ed7ddffddc4b1c26b9211a194871f",
    "settings": {
      "fd_thres": 0.2,
      "testing": false
    },
    "software": "mriqc",
    "version": "23.0.1",
    "webapi_port": null,
    "webapi_url": "https://mriqc.nimh.nih.gov/api/v1"
  },
  "size_t": 378,
  "size_x": 90,
  "size_y": 90,
  "size_z": 60,
  "snr": 2.4821071634602205,
  "spacing_tr": 0.800000011920929,
  "spacing_x": 2.4000000953674316,
  "spacing_y": 2.4000000953674316,
  "spacing_z": 2.4000000953674316,
  "summary_bg_k": 36.71195400946241,
  "summary_bg_mad": 9.766348160508914,
  "summary_bg_mean": 27.37196922302246,
  "summary_bg_median": 13.031745910644531,
  "summary_bg_n": 328314.0,
  "summary_bg_p05": 5.828042030334473,
  "summary_bg_p95": 101.51243247985828,
  "summary_bg_stdv": 40.86603546142578,
  "summary_fg_k": 0.9091247397443323,
  "summary_fg_mad": 109.8890665880666,
  "summary_fg_mean": 309.6213684082031,
  "summary_fg_median": 286.7195739746094,
  "summary_fg_n": 81909.0,
  "summary_fg_p05": 164.21851196289063,
  "summary_fg_p95": 527.5301513671873,
  "summary_fg_stdv": 115.51387786865234,
  "tsnr": 44.41749252285808
}