{
  "bids_meta": {
    "AcquisitionMatrixPE": 256,
    "AcquisitionNumber": 1,
    "AcquisitionTime": "14:28:18.592500",
    "BaseResolution": 256,
    "BodyPartExamined": "BRAIN",
    "ConsistencyInfo": "N4_VE11C_LATEST_20160120",
    "ConversionSoftware": "dcm2niix",
    "ConversionSoftwareVersion": "v1.0.20190902",
    "Dcm2bidsVersion": "2.1.4",
    "DeviceSerialNumber": "166095",
    "DwellTime": 0.000510012,
    "EchoTime": 0.0029,
    "FlipAngle": 8,
    "ImageOrientationPatientDICOM": [
      0,
      1,
      0,
      -0.0680153,
      0,
      -0.997684
    ],
    "ImageType": [
      "ORIGINAL",
      "PRIMARY",
      "M",
      "ND"
    ],
    "ImagingFrequency": 123.261,
    "InPlanePhaseEncodingDirectionDICOM": "ROW",
    "InstitutionAddress": "Hillhouse_Ave._10_New_Haven_Northeast_US_06519",
    "InstitutionName": "Yale_University_-_Dunham_Lab._Bldg.",
    "InstitutionalDepartmentName": "Department",
    "InversionTime": 1.07,
    "MRAcquisitionType": "3D",
    "MagneticFieldStrength": 3,
    "Manufacturer": "Siemens",
    "ManufacturersModelName": "Prisma",
    "Modality": "MR",
    "ParallelReductionFactorInPlane": 2,
    "PartialFourier": 1,
    "PatientPosition": "HFS",
    "PercentPhaseFOV": 100,
    "PhaseEncodingSteps": 255,
    "PhaseResolution": 1,
    "PixelBandwidth": 240,
    "ProcedureStepDescription": "ABCDadult",
    "ProtocolName": "ABCD_T1w_MPR_vNav",
    "PulseSequenceDetails": "%CustomerSeq%_tfl_mgh_epinav_ABCD",
    "ReceiveCoilActiveElements": "HEA;HEP",
    "ReceiveCoilName": "Head_32",
    "ReconMatrixPE": 256,
    "RefLinesPE": 32,
    "RepetitionTime": 2.5,
    "SAR": 0.0264284,
    "ScanOptions": "IR_WE",
    "ScanningSequence": "GR_IR",
    "SequenceName": "tfl3d1_16ns",
    "SequenceVariant": "SK_SP_MP",
    "SeriesDescription": "ABCD_T1w_MPR_vNav",
    "SeriesNumber": 4,
    "ShimSetting": [
      -2128,
      -663,
      -4110,
      452,
      7,
      -90,
      105,
      58
    ],
    "SliceThickness": 1,
    "SoftwareVersions": "syngo_MR_E11",
    "StationName": "AWP166095",
    "TxRefAmp": 225.899,
    "WipMemBlock": "Prisma_epi_moco_navigator_ABCD_tfl.prot",
    "dataset": "ds004097",
    "modality": "T1w",
    "session_id": "04",
    "subject_id": "NDARTW625MMA"
  },
  "cjv": 0.44278337758892694,
  "cnr": 2.9023340471299344,
  "efc": 0.5381761036370357,
  "fber": 14026.162017985063,
  "fwhm_avg": 3.8630933333333335,
  "fwhm_x": 3.95238,
  "fwhm_y": 3.96475,
  "fwhm_z": 3.67215,
  "icvs_csf": 0.18898455005587037,
  "icvs_gm": 0.4215913131296045,
  "icvs_wm": 0.3894241368145251,
  "inu_med": 0.9616439938545227,
  "inu_range": 0.8189343810081482,
  "provenance": {
    "md5sum": "4751334439205085dcf365adc5b3e8be",
    "settings": {
      "testing": false
    },
    "software": "mriqc",
    "version": "23.0.1",
    "warnings": {
      "large_rot_frame": true,
      "small_air_mask": false
    },
    "webapi_port": null,
    "webapi_url": "https://mriqc.nimh.nih.gov/api/v1"
  },
  "qi_1": 0.0,
  "qi_2": 0.0011048590148844508,
  "rpve_csf": 30.376377823495613,
  "rpve_gm": 13.985863711046003,
  "rpve_wm": 17.038195612251883,
  "size_x": 176,
  "size_y": 256,
  "size_z": 256,
  "snr_csf": 2.1624414532523977,
  "snr_gm": 11.348374632827873,
  "snr_total": 9.184295064657036,
  "snr_wm": 14.042069107890837,
  "snrd_csf": 18.308456956750447,
  "snrd_gm": 61.71684549244651,
  "snrd_total": 55.20292162562955,
  "snrd_wm": 85.5834624276917,
  "spacing_x": 1.0,
  "spacing_y": 1.0,
  "spacing_z": 1.0,
  "summary_bg_k": 142.6096187620188,
  "summary_bg_mad": 7.655236208387476,
  "summary_bg_mean": 7.717187122756809,
  "summary_bg_median": 5.163378357887268,
  "summary_bg_n": 2958667.0,
  "summary_bg_p05": 0.0,
  "summary_bg_p95": 28.668309688568115,
  "summary_bg_stdv": 11.090319116349958,
  "summary_csf_k": 3.7703251296710745,
  "summary_csf_mad": 74.21008831862187,
  "summary_csf_mean": 228.85172748258708,
  "summary_csf_median": 213.9334077835083,
  "summary_csf_n": 32893.0,
  "summary_csf_p05": 99.56843042373657,
  "summary_csf_p95": 420.468542098999,
  "summary_csf_stdv": 98.92991806900972,
  "summary_gm_k": 0.3755154487956811,
  "summary_gm_mad": 60.9848108392062,
  "summary_gm_mean": 720.757898016988,
  "summary_gm_median": 721.1582660973072,
  "summary_gm_n": 22846.0,
  "summary_gm_p05": 616.0700300782919,
  "summary_gm_p95": 823.3661847114563,
  "summary_gm_stdv": 63.545882668273705,
  "summary_wm_k": 1.3026547829267487,
  "summary_wm_mad": 62.49871949235745,
  "summary_wm_mean": 1012.2348686242036,
  "summary_wm_median": 1000.0384964346886,
  "summary_wm_n": 188624.0,
  "summary_wm_p05": 919.5052071213722,
  "summary_wm_p95": 1150.3929916024208,
  "summary_wm_stdv": 71.21712889099938,
  "tpm_overlap_csf": 0.14817374438919528,
  "tpm_overlap_gm": 0.4477368863551149,
  "tpm_overlap_wm": 0.4743713041177102,
  "wm2max": 0.5520759938891342
}