{
  "bids_meta": {
    "AcquisitionMatrixPE": 256,
    "AcquisitionNumber": 1,
    "AcquisitionTime": "14:56:55.352500",
    "BaseResolution": 256,
    "BodyPartExamined": "BRAIN",
    "ConsistencyInfo": "N4_VE11C_LATEST_20160120",
    "ConversionSoftware": "dcm2niix",
    "ConversionSoftwareVersion": "v1.0.20190902",
    "Dcm2bidsVersion": "2.1.4",
    "DeviceSerialNumber": "166095",
    "DwellTime": 0.000510012,
    "EchoTime": 0.565,
    "EchoTrainLength": 190,
    "FlipAngle": 120,
    "ImageOrientationPatientDICOM": [
      0,
      1,
      0,
      -0.0680153,
      0,
      -0.997684
    ],
    "ImageType": [
      "ORIGINAL",
      "PRIMARY",
      "M",
      "ND",
      "NORM"
    ],
    "ImagingFrequency": 123.261,
    "InPlanePhaseEncodingDirectionDICOM": "ROW",
    "InstitutionAddress": "Hillhouse_Ave._10_New_Haven_Northeast_US_06519",
    "InstitutionName": "Yale_University_-_Dunham_Lab._Bldg.",
    "InstitutionalDepartmentName": "Department",
    "MRAcquisitionType": "3D",
    "MagneticFieldStrength": 3,
    "Manufacturer": "Siemens",
    "ManufacturersModelName": "Prisma",
    "Modality": "MR",
    "ParallelReductionFactorInPlane": 2,
    "PartialFourier": 1,
    "PatientPosition": "HFS",
    "PercentPhaseFOV": 100,
    "PhaseEncodingSteps": 227,
    "PhaseResolution": 1,
    "PixelBandwidth": 240,
    "ProcedureStepDescription": "ABCDadult",
    "ProtocolName": "ABCD_T2w_SPC_vNav",
    "PulseSequenceDetails": "%CustomerSeq%_tse_vfl_mgh_epinav_ABCD",
    "ReceiveCoilActiveElements": "HEA;HEP",
    "ReceiveCoilName": "Head_32",
    "ReconMatrixPE": 256,
    "RefLinesPE": 32,
    "RepetitionTime": 3.2,
    "SAR": 0.0579201,
    "ScanOptions": "PFP",
    "ScanningSequence": "SE",
    "SequenceName": "spc_200ns",
    "SequenceVariant": "SK_SP",
    "SeriesDescription": "ABCD_T2w_SPC_vNav",
    "SeriesNumber": 18,
    "ShimSetting": [
      -2128,
      -663,
      -4110,
      452,
      7,
      -90,
      105,
      58
    ],
    "SliceThickness": 1,
    "SoftwareVersions": "syngo_MR_E11",
    "StationName": "AWP166095",
    "TxRefAmp": 225.899,
    "WipMemBlock": "Prisma_epi_moco_navigator_ABCD_tse_vfl.prot",
    "dataset": "ds004097",
    "modality": "T2w",
    "session_id": "04",
    "subject_id": "NDARTW625MMA"
  },
  "cjv": 0.20677034438657918,
  "cnr": 1.2231804071280046,
  "efc": 0.5026356609237429,
  "fber": 13736.075578899523,
  "fwhm_avg": 2.4599166666666665,
  "fwhm_x": 2.42035,
  "fwhm_y": 2.71112,
  "fwhm_z": 2.24828,
  "icvs_csf": 0.33496165220807506,
  "icvs_gm": 0.5681095905420239,
  "icvs_wm": 0.09692875724990105,
  "inu_med": 0.7340608239173889,
  "inu_range": 0.12521150112152102,
  "provenance": {
    "md5sum": "0560708a1e5575faad0e90d6626d8687",
    "settings": {
      "testing": false
    },
    "software": "mriqc",
    "version": "23.0.1",
    "warnings": {
      "large_rot_frame": true,
      "small_air_mask": false
    },
    "webapi_port": null,
    "webapi_url": "https://mriqc.nimh.nih.gov/api/v1"
  },
  "qi_1": 2.0801798835554305e-05,
  "qi_2": 0.01730838390600708,
  "rpve_csf": 16.06004730666539,
  "rpve_gm": 11.390801236276667,
  "rpve_wm": 66.50453946912468,
  "size_x": 176,
  "size_y": 256,
  "size_z": 256,
  "snr_csf": 6.994097112186911,
  "snr_gm": 11.36316503875503,
  "snr_total": 6.8971878546676635,
  "snr_wm": 2.334301413061048,
  "snrd_csf": 120.68878906930902,
  "snrd_gm": 77.16821375270221,
  "snrd_total": 120.27320797875257,
  "snrd_wm": 162.96262111424645,
  "spacing_x": 1.0,
  "spacing_y": 1.0,
  "spacing_z": 1.0,
  "summary_bg_k": 8.172746829751771,
  "summary_bg_mad": 0.0,
  "summary_bg_mean": 2.5422638004890157,
  "summary_bg_median": 0.0,
  "summary_bg_n": 2843619.0,
  "summary_bg_p05": 0.0,
  "summary_bg_p95": 10.66411580145359,
  "summary_bg_stdv": 4.021303063949443,
  "summary_csf_k": 0.22367497253881163,
  "summary_csf_mad": 83.22910912279012,
  "summary_csf_mean": 765.4808256854543,
  "summary_csf_median": 740.8017586395144,
  "summary_csf_n": 39301.0,
  "summary_csf_p05": 632.0171487778425,
  "summary_csf_p95": 977.4849002063274,
  "summary_csf_stdv": 105.91679268648078,
  "summary_gm_k": 0.20712193937514956,
  "summary_gm_mad": 41.78526747060874,
  "summary_gm_mean": 475.138233497144,
  "summary_gm_median": 473.66742926090956,
  "summary_gm_n": 200072.0,
  "summary_gm_p05": 409.7004489302635,
  "summary_gm_p95": 545.0567759051919,
  "summary_gm_stdv": 41.68435853052613,
  "summary_wm_k": -1.5515031959990777,
  "summary_wm_mad": 67.10330508322144,
  "summary_wm_mean": 688.9504441959601,
  "summary_wm_median": 1000.2834334895015,
  "summary_wm_n": 8062.0,
  "summary_wm_p05": 38.24644388891757,
  "summary_wm_p95": 1055.0743141770363,
  "summary_wm_stdv": 428.4885358166388,
  "tpm_overlap_csf": 0.12343355112272575,
  "tpm_overlap_gm": 0.35264630599771574,
  "tpm_overlap_wm": 0.03179727422884313,
  "wm2max": 0.9465911186361122
}