{
  "aor": 0.004338901098901098,
  "aqi": 0.0069475996978021985,
  "bids_meta": {
    "AcquisitionMatrixPE": 90,
    "AcquisitionNumber": 1,
    "AcquisitionTime": "12:37:41.737500",
    "BandwidthPerPixelPhaseEncode": 21.786,
    "BaseResolution": 90,
    "BodyPartExamined": "BRAIN",
    "ConsistencyInfo": "N4_VE11C_LATEST_20160120",
    "ConversionSoftware": "dcm2niix",
    "ConversionSoftwareVersion": "v1.0.20190902",
    "Dcm2bidsVersion": "2.1.4",
    "DerivedVendorReportedEchoSpacing": 0.000510012,
    "DeviceSerialNumber": "166095",
    "DwellTime": 2e-06,
    "EchoTime": 0.03,
    "EchoTrainLength": 90,
    "EffectiveEchoSpacing": 0.000510012,
    "FlipAngle": 52,
    "ImageComments": "SMS_ABCD_V1.2;_MB=6;_FOVshift=3;_K_PE=5;_K_RO=5;_LeakBlockOn;",
    "ImageOrientationPatientDICOM": [
      1,
      0,
      0,
      0,
      1,
      0
    ],
    "ImageType": [
      "ORIGINAL",
      "PRIMARY",
      "M",
      "ND",
      "MOSAIC"
    ],
    "ImagingFrequency": 123.261,
    "InPlanePhaseEncodingDirectionDICOM": "COL",
    "InstitutionAddress": "Hillhouse_Ave._10_New_Haven_Northeast_US_06519",
    "InstitutionName": "Yale_University_-_Dunham_Lab._Bldg.",
    "InstitutionalDepartmentName": "Department",
    "MRAcquisitionType": "2D",
    "MagneticFieldStrength": 3,
    "Manufacturer": "Siemens",
    "ManufacturersModelName": "Prisma",
    "Modality": "MR",
    "MultibandAccelerationFactor": 6,
    "PartialFourier": 1,
    "PatientPosition": "HFS",
    "PercentPhaseFOV": 100,
    "PhaseEncodingAxis": "j",
    "PhaseEncodingDirection": "j",
    "PhaseEncodingSteps": 90,
    "PhaseResolution": 1,
    "PixelBandwidth": 2780,
    "ProcedureStepDescription": "ABCDadult",
    "ProtocolName": "ABCD_fMRI_task_Emotional_n-back",
    "PulseSequenceDetails": "%CustomerSeq%_ep2d_bold_sms_abcd",
    "ReceiveCoilActiveElements": "HEA;HEP",
    "ReceiveCoilName": "Head_32",
    "ReconMatrixPE": 90,
    "RefLinesPE": 22,
    "RepetitionTime": 0.8,
    "SAR": 0.0709256,
    "ScanOptions": "FS_CT",
    "ScanningSequence": "EP",
    "SequenceName": "epfid2d1_90",
    "SequenceVariant": "SK",
    "SeriesDescription": "ABCD_fMRI_task_Emotional_n-back",
    "SeriesNumber": 39,
    "ShimSetting": [
      -2140,
      -696,
      -3995,
      468,
      -31,
      -119,
      -57,
      80
    ],
    "SliceThickness": 2.4,
    "SliceTiming": [
      0.545,
      0,
      0.39,
      0.0775,
      0.4675,
      0.2325,
      0.6225,
      0.3125,
      0.7025,
      0.155,
      0.545,
      0,
      0.39,
      0.0775,
      0.4675,
      0.2325,
      0.6225,
      0.3125,
      0.7025,
      0.155,
      0.545,
      0,
      0.39,
      0.0775,
      0.4675,
      0.2325,
      0.6225,
      0.3125,
      0.7025,
      0.155,
      0.545,
      0,
      0.39,
      0.0775,
      0.4675,
      0.2325,
      0.6225,
      0.3125,
      0.7025,
      0.155,
      0.545,
      0,
      0.39,
      0.0775,
      0.4675,
      0.2325,
      0.6225,
      0.3125,
      0.7025,
      0.155,
      0.545,
      0,
      0.39,
      0.0775,
      0.4675,
      0.2325,
      0.6225,
      0.3125,
      0.7025,
      0.155
    ],
    "SoftwareVersions": "syngo_MR_E11",
    "SpacingBetweenSlices": 2.4,
    "StationName": "AWP166095",
    "TotalReadoutTime": 0.045391,
    "TxRefAmp": 254.824,
    "WipMemBlock": "36f9e237-2e33-4aec-86fc-f7b9f378235e",
    "dataset": "ds004097",
    "modality": "bold",
    "run_id": 1,
    "session_id": "05",
    "subject_id": "NDARDD890AYU",
    "task_id": "nback"
  },
  "dummy_trs": 6,
  "dvars_nstd": 31.449947866914567,
  "dvars_std": 1.0961313778236914,
  "dvars_vstd": 1.0495980024793374,
  "efc": 0.5490428753496798,
  "fber": 601.003662109375,
  "fd_mean": 0.08927345762705825,
  "fd_num": 21,
  "fd_perc": 5.769230769230769,
  "fwhm_avg": 2.966936095547324,
  "fwhm_x": 2.767687390021984,
  "fwhm_y": 3.0428082124229983,
  "fwhm_z": 3.09031268419699,
  "gcor": 0.0125017,
  "gsr_x": -0.023941075429320335,
  "gsr_y": 0.1017172709107399,
  "provenance": {
    "md5sum": "3764ad0c3457c1407ceab666d2f4951d",
    "settings": {
      "fd_thres": 0.2,
      "testing": false
    },
    "software": "mriqc",
    "version": "23.0.1",
    "webapi_port": null,
    "webapi_url": "https://mriqc.nimh.nih.gov/api/v1"
  },
  "size_t": 364,
  "size_x": 90,
  "size_y": 90,
  "size_z": 60,
  "snr": 2.3311409551023106,
  "spacing_tr": 0.800000011920929,
  "spacing_x": 2.4000000953674316,
  "spacing_y": 2.4000000953674316,
  "spacing_z": 2.3999998569488525,
  "summary_bg_k": 13.53359692461257,
  "summary_bg_mad": 6.854997802362332,
  "summary_bg_mean": 29.22553825378418,
  "summary_bg_median": 10.931319236755371,
  "summary_bg_n": 307709.0,
  "summary_bg_p05": 5.777472496032715,
  "summary_bg_p95": 133.32142639160156,
  "summary_bg_stdv": 47.01435089111328,
  "summary_fg_k": 1.2028134824951273,
  "summary_fg_mad": 114.0218745666658,
  "summary_fg_mean": 296.584228515625,
  "summary_fg_median": 274.02471923828125,
  "summary_fg_n": 97523.0,
  "summary_fg_p05": 147.03846740722656,
  "summary_fg_p95": 512.4656677246093,
  "summary_fg_stdv": 117.54901123046875,
  "tsnr": 37.48356569418684
}