{
  "aor": 0.0015866849315068492,
  "aqi": 0.005995162630136985,
  "bids_meta": {
    "AcquisitionMatrixPE": 90,
    "AcquisitionNumber": 1,
    "AcquisitionTime": "12:42:54.177500",
    "BandwidthPerPixelPhaseEncode": 21.786,
    "BaseResolution": 90,
    "BodyPartExamined": "BRAIN",
    "ConsistencyInfo": "N4_VE11C_LATEST_20160120",
    "ConversionSoftware": "dcm2niix",
    "ConversionSoftwareVersion": "v1.0.20190902",
    "Dcm2bidsVersion": "2.1.4",
    "DerivedVendorReportedEchoSpacing": 0.000510012,
    "DeviceSerialNumber": "166095",
    "DwellTime": 2e-06,
    "EchoTime": 0.03,
    "EchoTrainLength": 90,
    "EffectiveEchoSpacing": 0.000510012,
    "FlipAngle": 52,
    "ImageComments": "SMS_ABCD_V1.2;_MB=6;_FOVshift=3;_K_PE=5;_K_RO=5;_LeakBlockOn;",
    "ImageOrientationPatientDICOM": [
      1,
      0,
      0,
      0,
      1,
      0
    ],
    "ImageType": [
      "ORIGINAL",
      "PRIMARY",
      "M",
      "ND",
      "MOSAIC"
    ],
    "ImagingFrequency": 123.261,
    "InPlanePhaseEncodingDirectionDICOM": "COL",
    "InstitutionAddress": "Hillhouse_Ave._10_New_Haven_Northeast_US_06519",
    "InstitutionName": "Yale_University_-_Dunham_Lab._Bldg.",
    "InstitutionalDepartmentName": "Department",
    "MRAcquisitionType": "2D",
    "MagneticFieldStrength": 3,
    "Manufacturer": "Siemens",
    "ManufacturersModelName": "Prisma",
    "Modality": "MR",
    "MultibandAccelerationFactor": 6,
    "PartialFourier": 1,
    "PatientPosition": "HFS",
    "PercentPhaseFOV": 100,
    "PhaseEncodingAxis": "j",
    "PhaseEncodingDirection": "j",
    "PhaseEncodingSteps": 90,
    "PhaseResolution": 1,
    "PixelBandwidth": 2780,
    "ProcedureStepDescription": "ABCDadult",
    "ProtocolName": "ABCD_fMRI_task_Emotional_n-back",
    "PulseSequenceDetails": "%CustomerSeq%_ep2d_bold_sms_abcd",
    "ReceiveCoilActiveElements": "HEA;HEP",
    "ReceiveCoilName": "Head_32",
    "ReconMatrixPE": 90,
    "RefLinesPE": 22,
    "RepetitionTime": 0.8,
    "SAR": 0.0709256,
    "ScanOptions": "FS_CT",
    "ScanningSequence": "EP",
    "SequenceName": "epfid2d1_90",
    "SequenceVariant": "SK",
    "SeriesDescription": "ABCD_fMRI_task_Emotional_n-back",
    "SeriesNumber": 41,
    "ShimSetting": [
      -2140,
      -696,
      -3995,
      468,
      -31,
      -119,
      -57,
      80
    ],
    "SliceThickness": 2.4,
    "SliceTiming": [
      0.5475,
      0,
      0.39,
      0.08,
      0.47,
      0.235,
      0.625,
      0.3125,
      0.7025,
      0.1575,
      0.5475,
      0,
      0.39,
      0.08,
      0.47,
      0.235,
      0.625,
      0.3125,
      0.7025,
      0.1575,
      0.5475,
      0,
      0.39,
      0.08,
      0.47,
      0.235,
      0.625,
      0.3125,
      0.7025,
      0.1575,
      0.5475,
      0,
      0.39,
      0.08,
      0.47,
      0.235,
      0.625,
      0.3125,
      0.7025,
      0.1575,
      0.5475,
      0,
      0.39,
      0.08,
      0.47,
      0.235,
      0.625,
      0.3125,
      0.7025,
      0.1575,
      0.5475,
      0,
      0.39,
      0.08,
      0.47,
      0.235,
      0.625,
      0.3125,
      0.7025,
      0.1575
    ],
    "SoftwareVersions": "syngo_MR_E11",
    "SpacingBetweenSlices": 2.4,
    "StationName": "AWP166095",
    "TotalReadoutTime": 0.045391,
    "TxRefAmp": 254.824,
    "WipMemBlock": "5ac10321-a461-4b12-8c88-5fd7ca5e363a",
    "dataset": "ds004097",
    "modality": "bold",
    "run_id": 2,
    "session_id": "05",
    "subject_id": "NDARDD890AYU",
    "task_id": "nback"
  },
  "dummy_trs": 5,
  "dvars_nstd": 30.225762356923063,
  "dvars_std": 1.0496081266483523,
  "dvars_vstd": 1.0208375478021976,
  "efc": 0.5496698434425911,
  "fber": 589.1423950195312,
  "fd_mean": 0.06937007162371864,
  "fd_num": 1,
  "fd_perc": 0.273972602739726,
  "fwhm_avg": 2.972266652308329,
  "fwhm_x": 2.7619957235814843,
  "fwhm_y": 3.0216915465954326,
  "fwhm_z": 3.1331126867480688,
  "gcor": 0.0113679,
  "gsr_x": -0.02279815636575222,
  "gsr_y": 0.10186111927032471,
  "provenance": {
    "md5sum": "bb96294ee3923d49a22bdb66259e8037",
    "settings": {
      "fd_thres": 0.2,
      "testing": false
    },
    "software": "mriqc",
    "version": "23.0.1",
    "webapi_port": null,
    "webapi_url": "https://mriqc.nimh.nih.gov/api/v1"
  },
  "size_t": 365,
  "size_x": 90,
  "size_y": 90,
  "size_z": 60,
  "snr": 2.3369797151721015,
  "spacing_tr": 0.800000011920929,
  "spacing_x": 2.4000000953674316,
  "spacing_y": 2.4000000953674316,
  "spacing_z": 2.3999998569488525,
  "summary_bg_k": 13.976824835206145,
  "summary_bg_mad": 6.775289495605326,
  "summary_bg_mean": 29.30076026916504,
  "summary_bg_median": 10.934247016906738,
  "summary_bg_n": 308212.0,
  "summary_bg_p05": 5.926027774810791,
  "summary_bg_p95": 134.91356735229496,
  "summary_bg_stdv": 47.66468811035156,
  "summary_fg_k": 1.21180306404744,
  "summary_fg_mad": 113.70542803601919,
  "summary_fg_mean": 295.8834228515625,
  "summary_fg_median": 273.73150634765625,
  "summary_fg_n": 97785.0,
  "summary_fg_p05": 146.34192810058593,
  "summary_fg_p95": 511.34082641601566,
  "summary_fg_stdv": 117.1298599243164,
  "tsnr": 40.11188709293492
}