{
  "bids_meta": {
    "AcquisitionMatrixPE": 256,
    "AcquisitionNumber": 1,
    "AcquisitionTime": "12:26:38.727500",
    "BaseResolution": 256,
    "BodyPartExamined": "BRAIN",
    "ConsistencyInfo": "N4_VE11C_LATEST_20160120",
    "ConversionSoftware": "dcm2niix",
    "ConversionSoftwareVersion": "v1.0.20190902",
    "Dcm2bidsVersion": "2.1.4",
    "DeviceSerialNumber": "166095",
    "DwellTime": 0.000510012,
    "EchoTime": 0.0029,
    "FlipAngle": 8,
    "ImageOrientationPatientDICOM": [
      0.0384723,
      0.99926,
      3.39259e-08,
      -0.066176,
      0.00254786,
      -0.997805
    ],
    "ImageType": [
      "ORIGINAL",
      "PRIMARY",
      "M",
      "ND"
    ],
    "ImagingFrequency": 123.261,
    "InPlanePhaseEncodingDirectionDICOM": "ROW",
    "InstitutionAddress": "Hillhouse_Ave._10_New_Haven_Northeast_US_06519",
    "InstitutionName": "Yale_University_-_Dunham_Lab._Bldg.",
    "InstitutionalDepartmentName": "Department",
    "InversionTime": 1.07,
    "MRAcquisitionType": "3D",
    "MagneticFieldStrength": 3,
    "Manufacturer": "Siemens",
    "ManufacturersModelName": "Prisma",
    "Modality": "MR",
    "ParallelReductionFactorInPlane": 2,
    "PartialFourier": 1,
    "PatientPosition": "HFS",
    "PercentPhaseFOV": 100,
    "PhaseEncodingSteps": 255,
    "PhaseResolution": 1,
    "PixelBandwidth": 240,
    "ProcedureStepDescription": "ABCDadult",
    "ProtocolName": "ABCD_T1w_MPR_vNav",
    "PulseSequenceDetails": "%CustomerSeq%_tfl_mgh_epinav_ABCD",
    "ReceiveCoilActiveElements": "HEA;HEP",
    "ReceiveCoilName": "Head_32",
    "ReconMatrixPE": 256,
    "RefLinesPE": 32,
    "RepetitionTime": 2.5,
    "SAR": 0.0312651,
    "ScanOptions": "IR_WE",
    "ScanningSequence": "GR_IR",
    "SequenceName": "tfl3d1_16ns",
    "SequenceVariant": "SK_SP_MP",
    "SeriesDescription": "ABCD_T1w_MPR_vNav",
    "SeriesNumber": 4,
    "ShimSetting": [
      -2138,
      -666,
      -4110,
      381,
      28,
      -268,
      -14,
      134
    ],
    "SliceThickness": 1,
    "SoftwareVersions": "syngo_MR_E11",
    "StationName": "AWP166095",
    "TxRefAmp": 236.214,
    "WipMemBlock": "Prisma_epi_moco_navigator_ABCD_tfl.prot",
    "dataset": "ds004097",
    "modality": "T1w",
    "session_id": "02",
    "subject_id": "NDARNC943BP8"
  },
  "cjv": 0.49377256350160575,
  "cnr": 2.655558274900987,
  "efc": 0.5608463145663529,
  "fber": 10326.106076302867,
  "fwhm_avg": 4.089903333333333,
  "fwhm_x": 4.18389,
  "fwhm_y": 4.15529,
  "fwhm_z": 3.93053,
  "icvs_csf": 0.1720120677829813,
  "icvs_gm": 0.4199734038190184,
  "icvs_wm": 0.40801452839800034,
  "inu_med": 0.9920563101768494,
  "inu_range": 0.9527346462011332,
  "provenance": {
    "md5sum": "2293b9db08f79ddee618f3e1103e80aa",
    "settings": {
      "testing": false
    },
    "software": "mriqc",
    "version": "23.0.1",
    "warnings": {
      "large_rot_frame": true,
      "small_air_mask": false
    },
    "webapi_port": null,
    "webapi_url": "https://mriqc.nimh.nih.gov/api/v1"
  },
  "qi_1": 0.0,
  "qi_2": 0.0008636271301194753,
  "rpve_csf": 29.51642774417707,
  "rpve_gm": 12.686227428710357,
  "rpve_wm": 14.740738258925408,
  "size_x": 176,
  "size_y": 256,
  "size_z": 256,
  "snr_csf": 1.8517483619807698,
  "snr_gm": 10.113695056860154,
  "snr_total": 8.309307222814594,
  "snr_wm": 12.96247824960286,
  "snrd_csf": 12.328071293395011,
  "snrd_gm": 38.49011119640353,
  "snrd_total": 34.77261684295221,
  "snrd_wm": 53.499668039058086,
  "spacing_x": 1.0,
  "spacing_y": 1.0,
  "spacing_z": 1.0,
  "summary_bg_k": 98.93668749543463,
  "summary_bg_mad": 0.0,
  "summary_bg_mean": 8.153156522567205,
  "summary_bg_median": 0.0,
  "summary_bg_n": 3045178.0,
  "summary_bg_p05": 0.0,
  "summary_bg_p95": 31.215054363012314,
  "summary_bg_stdv": 12.24740281339153,
  "summary_csf_k": 2.4649552072888383,
  "summary_csf_mad": 90.61268321443055,
  "summary_csf_mean": 253.98797143938228,
  "summary_csf_median": 230.46628922224045,
  "summary_csf_n": 23077.0,
  "summary_csf_p05": 92.23513726890087,
  "summary_csf_p95": 506.2478910088539,
  "summary_csf_stdv": 124.45605487238211,
  "summary_gm_k": 0.10088731511770055,
  "summary_gm_mad": 70.35638728503119,
  "summary_gm_mean": 719.3311964200061,
  "summary_gm_median": 719.5507624894381,
  "summary_gm_n": 23743.0,
  "summary_gm_p05": 602.6158625781536,
  "summary_gm_p95": 836.0869654446839,
  "summary_gm_stdv": 71.14468108652298,
  "summary_wm_k": 1.748095272787693,
  "summary_wm_mad": 68.19379341356507,
  "summary_wm_mean": 1012.7477527025687,
  "summary_wm_median": 1000.145900696516,
  "summary_wm_n": 221817.0,
  "summary_wm_p05": 911.2170308679342,
  "summary_wm_p95": 1156.7657342076293,
  "summary_wm_stdv": 77.1568234866948,
  "tpm_overlap_csf": 0.1566394250089483,
  "tpm_overlap_gm": 0.44490387397424636,
  "tpm_overlap_wm": 0.48512837594738994,
  "wm2max": 0.49991493912071355
}