{
  "bids_meta": {
    "AcquisitionMatrixPE": 256,
    "AcquisitionNumber": 1,
    "AcquisitionTime": "15:29:54.840000",
    "BaseResolution": 256,
    "BodyPartExamined": "BRAIN",
    "ConsistencyInfo": "N4_VE11C_LATEST_20160120",
    "ConversionSoftware": "dcm2niix",
    "ConversionSoftwareVersion": "v1.0.20190902",
    "Dcm2bidsVersion": "2.1.4",
    "DeviceSerialNumber": "166095",
    "DwellTime": 0.000510012,
    "EchoTime": 0.565,
    "EchoTrainLength": 190,
    "FlipAngle": 120,
    "ImageOrientationPatientDICOM": [
      -0.012217,
      0.999925,
      4.82382e-09,
      -0.0418726,
      -0.000511589,
      -0.999123
    ],
    "ImageType": [
      "ORIGINAL",
      "PRIMARY",
      "M",
      "ND"
    ],
    "ImagingFrequency": 123.261,
    "InPlanePhaseEncodingDirectionDICOM": "ROW",
    "InstitutionAddress": "Hillhouse_Ave._10_New_Haven_Northeast_US_06519",
    "InstitutionName": "Yale_University_-_Dunham_Lab._Bldg.",
    "InstitutionalDepartmentName": "Department",
    "MRAcquisitionType": "3D",
    "MagneticFieldStrength": 3,
    "Manufacturer": "Siemens",
    "ManufacturersModelName": "Prisma",
    "Modality": "MR",
    "ParallelReductionFactorInPlane": 2,
    "PartialFourier": 1,
    "PatientPosition": "HFS",
    "PercentPhaseFOV": 100,
    "PhaseEncodingSteps": 227,
    "PhaseResolution": 1,
    "PixelBandwidth": 240,
    "ProcedureStepDescription": "ABCDadult",
    "ProtocolName": "ABCD_T2w_SPC_vNav",
    "PulseSequenceDetails": "%CustomerSeq%_tse_vfl_mgh_epinav_ABCD",
    "ReceiveCoilActiveElements": "HEA;HEP",
    "ReceiveCoilName": "Head_32",
    "ReconMatrixPE": 256,
    "RefLinesPE": 32,
    "RepetitionTime": 3.2,
    "SAR": 0.0829709,
    "ScanOptions": "PFP",
    "ScanningSequence": "SE",
    "SequenceName": "spc_200ns",
    "SequenceVariant": "SK_SP",
    "SeriesDescription": "ABCD_T2w_SPC_vNav",
    "SeriesNumber": 17,
    "ShimSetting": [
      -2123,
      -678,
      -3951,
      509,
      9,
      -150,
      -25,
      62
    ],
    "SliceThickness": 1,
    "SoftwareVersions": "syngo_MR_E11",
    "StationName": "AWP166095",
    "TxRefAmp": 239.431,
    "WipMemBlock": "Prisma_epi_moco_navigator_ABCD_tse_vfl.prot",
    "dataset": "ds004097",
    "modality": "T2w",
    "session_id": "05",
    "subject_id": "NDARTR918TJX"
  },
  "cjv": 13.211828053665304,
  "cnr": 0.08222785092144844,
  "efc": 0.4924740029104505,
  "fber": 2665.952968360311,
  "fwhm_avg": 3.1186233333333333,
  "fwhm_x": 3.0354,
  "fwhm_y": 3.34075,
  "fwhm_z": 2.97972,
  "icvs_csf": 0.36590205677617976,
  "icvs_gm": 0.5059090103143221,
  "icvs_wm": 0.12818893290949818,
  "inu_med": 0.8663270473480225,
  "inu_range": 0.6808458924293517,
  "provenance": {
    "md5sum": "ebb2938417c52ae912b4a2c8e73cf34c",
    "settings": {
      "testing": false
    },
    "software": "mriqc",
    "version": "23.0.1",
    "warnings": {
      "large_rot_frame": true,
      "small_air_mask": false
    },
    "webapi_port": null,
    "webapi_url": "https://mriqc.nimh.nih.gov/api/v1"
  },
  "qi_1": 0.00010207072790644976,
  "qi_2": 0.0037678630443965916,
  "rpve_csf": 15.58019098755273,
  "rpve_gm": 13.068421885281797,
  "rpve_wm": 55.4088180690093,
  "size_x": 176,
  "size_y": 256,
  "size_z": 256,
  "snr_csf": 7.591550008709268,
  "snr_gm": 10.545012294083397,
  "snr_total": 6.283101387835212,
  "snr_wm": 0.7127418607129719,
  "snrd_csf": 76.12246557770662,
  "snrd_gm": 43.491349450563646,
  "snrd_total": 52.86480042204323,
  "snrd_wm": 38.98058623785943,
  "spacing_x": 1.0,
  "spacing_y": 1.0,
  "spacing_z": 1.0,
  "summary_bg_k": 3.892129267170642,
  "summary_bg_mad": 17.55325639916753,
  "summary_bg_mean": 25.62926826057321,
  "summary_bg_median": 11.83949152380228,
  "summary_bg_n": 3291642.0,
  "summary_bg_p05": 0.0,
  "summary_bg_p95": 84.62455350905657,
  "summary_bg_stdv": 30.165135577791116,
  "summary_csf_k": -0.4301727853948947,
  "summary_csf_mad": 277.1411790539706,
  "summary_csf_mean": 2078.567769944977,
  "summary_csf_median": 2039.5709290802479,
  "summary_csf_n": 49466.0,
  "summary_csf_p05": 1690.0278202667832,
  "summary_csf_p95": 2517.9181705117226,
  "summary_csf_stdv": 268.66059115058897,
  "summary_gm_k": 0.5534665868755195,
  "summary_gm_mad": 106.61541638420547,
  "summary_gm_mean": 1169.436277734368,
  "summary_gm_median": 1165.2761288359761,
  "summary_gm_n": 210401.0,
  "summary_gm_p05": 996.5037798658013,
  "summary_gm_p95": 1355.9793480113149,
  "summary_gm_stdv": 110.50469427212884,
  "summary_wm_k": -1.8270019867848375,
  "summary_wm_mad": 1490.1418804904033,
  "summary_wm_mean": 1672.4525755168254,
  "summary_wm_median": 1044.4179636836052,
  "summary_wm_n": 27351.0,
  "summary_wm_p05": 58.3234011977911,
  "summary_wm_p95": 3577.7115812413394,
  "summary_wm_stdv": 1465.3255662550919,
  "tpm_overlap_csf": 0.12423562040104918,
  "tpm_overlap_gm": 0.3273444362810726,
  "tpm_overlap_wm": 0.03097367382505884,
  "wm2max": 0.30054535010165356
}