{
  "aor": 0.0004925619834710744,
  "aqi": 0.0031957840220385673,
  "bids_meta": {
    "AcquisitionMatrixPE": 90,
    "AcquisitionNumber": 1,
    "AcquisitionTime": "15:47:4.925000",
    "BandwidthPerPixelPhaseEncode": 21.786,
    "BaseResolution": 90,
    "BodyPartExamined": "BRAIN",
    "ConsistencyInfo": "N4_VE11C_LATEST_20160120",
    "ConversionSoftware": "dcm2niix",
    "ConversionSoftwareVersion": "v1.0.20190902",
    "Dcm2bidsVersion": "2.1.4",
    "DerivedVendorReportedEchoSpacing": 0.000510012,
    "DeviceSerialNumber": "166095",
    "DwellTime": 2e-06,
    "EchoTime": 0.03,
    "EchoTrainLength": 90,
    "EffectiveEchoSpacing": 0.000510012,
    "FlipAngle": 52,
    "ImageComments": "SMS_ABCD_V1.2;_MB=6;_FOVshift=3;_K_PE=5;_K_RO=5;_LeakBlockOn;",
    "ImageOrientationPatientDICOM": [
      1,
      0,
      0,
      0,
      1,
      0
    ],
    "ImageType": [
      "ORIGINAL",
      "PRIMARY",
      "M",
      "ND",
      "MOSAIC"
    ],
    "ImagingFrequency": 123.261,
    "InPlanePhaseEncodingDirectionDICOM": "COL",
    "InstitutionAddress": "Hillhouse_Ave._10_New_Haven_Northeast_US_06519",
    "InstitutionName": "Yale_University_-_Dunham_Lab._Bldg.",
    "InstitutionalDepartmentName": "Department",
    "MRAcquisitionType": "2D",
    "MagneticFieldStrength": 3,
    "Manufacturer": "Siemens",
    "ManufacturersModelName": "Prisma",
    "Modality": "MR",
    "MultibandAccelerationFactor": 6,
    "PartialFourier": 1,
    "PatientPosition": "HFS",
    "PercentPhaseFOV": 100,
    "PhaseEncodingAxis": "j",
    "PhaseEncodingDirection": "j",
    "PhaseEncodingSteps": 90,
    "PhaseResolution": 1,
    "PixelBandwidth": 2780,
    "ProcedureStepDescription": "ABCDadult",
    "ProtocolName": "ABCD_fMRI_task_Emotional_n-back",
    "PulseSequenceDetails": "%CustomerSeq%_ep2d_bold_sms_abcd",
    "ReceiveCoilActiveElements": "HEA;HEP",
    "ReceiveCoilName": "Head_32",
    "ReconMatrixPE": 90,
    "RefLinesPE": 22,
    "RepetitionTime": 0.8,
    "SAR": 0.0511906,
    "ScanOptions": "FS_CT",
    "ScanningSequence": "EP",
    "SequenceName": "epfid2d1_90",
    "SequenceVariant": "SK",
    "SeriesDescription": "ABCD_fMRI_task_Emotional_n-back",
    "SeriesNumber": 27,
    "ShimSetting": [
      -2126,
      -637,
      -4062,
      630,
      -22,
      92,
      8,
      67
    ],
    "SliceThickness": 2.4,
    "SliceTiming": [
      0.5475,
      0,
      0.39,
      0.08,
      0.4675,
      0.235,
      0.625,
      0.3125,
      0.7025,
      0.1575,
      0.5475,
      0,
      0.39,
      0.08,
      0.4675,
      0.235,
      0.625,
      0.3125,
      0.7025,
      0.1575,
      0.5475,
      0,
      0.39,
      0.08,
      0.4675,
      0.235,
      0.625,
      0.3125,
      0.7025,
      0.1575,
      0.5475,
      0,
      0.39,
      0.08,
      0.4675,
      0.235,
      0.625,
      0.3125,
      0.7025,
      0.1575,
      0.5475,
      0,
      0.39,
      0.08,
      0.4675,
      0.235,
      0.625,
      0.3125,
      0.7025,
      0.1575,
      0.5475,
      0,
      0.39,
      0.08,
      0.4675,
      0.235,
      0.625,
      0.3125,
      0.7025,
      0.1575
    ],
    "SoftwareVersions": "syngo_MR_E11",
    "SpacingBetweenSlices": 2.4,
    "StationName": "AWP166095",
    "TotalReadoutTime": 0.045391,
    "TxRefAmp": 230.394,
    "WipMemBlock": "fa43100d-3278-4a0d-a841-8d6c84d752c2",
    "dataset": "ds004097",
    "modality": "bold",
    "run_id": 1,
    "session_id": "01",
    "subject_id": "NDARTW625MMA",
    "task_id": "nback"
  },
  "dummy_trs": 7,
  "dvars_nstd": 26.601155296712722,
  "dvars_std": 1.0230646184254149,
  "dvars_vstd": 0.9979316992265197,
  "efc": 0.4888436681568476,
  "fber": 1110.110107421875,
  "fd_mean": 0.08624448116619092,
  "fd_num": 4,
  "fd_perc": 1.1019283746556474,
  "fwhm_avg": 3.021406824384524,
  "fwhm_x": 2.8424623870506927,
  "fwhm_y": 3.1582915411674364,
  "fwhm_z": 3.063466544935443,
  "gcor": 0.00846427,
  "gsr_x": -0.006578437983989716,
  "gsr_y": 0.06832358241081238,
  "provenance": {
    "md5sum": "d6f31c67fd70e93c7fbc33db91281e2a",
    "settings": {
      "fd_thres": 0.2,
      "testing": false
    },
    "software": "mriqc",
    "version": "23.0.1",
    "webapi_port": null,
    "webapi_url": "https://mriqc.nimh.nih.gov/api/v1"
  },
  "size_t": 363,
  "size_x": 90,
  "size_y": 90,
  "size_z": 60,
  "snr": 2.6471160521562593,
  "spacing_tr": 0.800000011920929,
  "spacing_x": 2.4000000953674316,
  "spacing_y": 2.4000000953674316,
  "spacing_z": 2.4000000953674316,
  "summary_bg_k": 25.310228754857633,
  "summary_bg_mad": 4.3702050890490804,
  "summary_bg_mean": 20.64736557006836,
  "summary_bg_median": 8.490358352661133,
  "summary_bg_n": 339406.0,
  "summary_bg_p05": 5.374655723571777,
  "summary_bg_p95": 85.3402214050293,
  "summary_bg_stdv": 32.70647430419922,
  "summary_fg_k": 0.7332598247839321,
  "summary_fg_mad": 101.17230845799467,
  "summary_fg_mean": 302.29669189453125,
  "summary_fg_median": 282.85125732421875,
  "summary_fg_n": 75945.0,
  "summary_fg_p05": 165.221484375,
  "summary_fg_p95": 503.9851257324219,
  "summary_fg_stdv": 106.8519058227539,
  "tsnr": 47.45898173563182
}