{
  "bids_meta": {
    "AcquisitionMatrixPE": 256,
    "AcquisitionNumber": 1,
    "AcquisitionTime": "13:27:4.365000",
    "BaseResolution": 256,
    "BodyPartExamined": "BRAIN",
    "ConsistencyInfo": "N4_VE11C_LATEST_20160120",
    "ConversionSoftware": "dcm2niix",
    "ConversionSoftwareVersion": "v1.0.20190902",
    "Dcm2bidsVersion": "2.1.4",
    "DeviceSerialNumber": "166095",
    "DwellTime": 0.000510012,
    "EchoTime": 0.565,
    "EchoTrainLength": 190,
    "FlipAngle": 120,
    "ImageOrientationPatientDICOM": [
      0,
      1,
      0,
      0,
      0,
      -1
    ],
    "ImageType": [
      "ORIGINAL",
      "PRIMARY",
      "M",
      "ND",
      "NORM"
    ],
    "ImagingFrequency": 123.261,
    "InPlanePhaseEncodingDirectionDICOM": "ROW",
    "InstitutionAddress": "Hillhouse_Ave._10_New_Haven_Northeast_US_06519",
    "InstitutionName": "Yale_University_-_Dunham_Lab._Bldg.",
    "InstitutionalDepartmentName": "Department",
    "MRAcquisitionType": "3D",
    "MagneticFieldStrength": 3,
    "Manufacturer": "Siemens",
    "ManufacturersModelName": "Prisma",
    "Modality": "MR",
    "ParallelReductionFactorInPlane": 2,
    "PartialFourier": 1,
    "PatientPosition": "HFS",
    "PercentPhaseFOV": 100,
    "PhaseEncodingSteps": 227,
    "PhaseResolution": 1,
    "PixelBandwidth": 240,
    "ProcedureStepDescription": "ABCDadult",
    "ProtocolName": "ABCD_T2w_SPC_vNav",
    "PulseSequenceDetails": "%CustomerSeq%_tse_vfl_mgh_epinav_ABCD",
    "ReceiveCoilActiveElements": "HEA;HEP",
    "ReceiveCoilName": "Head_32",
    "ReconMatrixPE": 256,
    "RefLinesPE": 32,
    "RepetitionTime": 3.2,
    "SAR": 0.0903062,
    "ScanOptions": "PFP",
    "ScanningSequence": "SE",
    "SequenceName": "spc_200ns",
    "SequenceVariant": "SK_SP",
    "SeriesDescription": "ABCD_T2w_SPC_vNav",
    "SeriesNumber": 18,
    "ShimSetting": [
      -2142,
      -666,
      -4021,
      372,
      -98,
      -101,
      3,
      80
    ],
    "SliceThickness": 1,
    "SoftwareVersions": "syngo_MR_E11",
    "StationName": "AWP166095",
    "TxRefAmp": 254.38,
    "WipMemBlock": "Prisma_epi_moco_navigator_ABCD_tse_vfl.prot",
    "dataset": "ds004097",
    "modality": "T2w",
    "session_id": "05",
    "subject_id": "NDARJZ387ZJA"
  },
  "cjv": 1.1514445203901358,
  "cnr": 0.46608287143792393,
  "efc": 0.5730151407093298,
  "fber": 2182.4763260946957,
  "fwhm_avg": 3.5796566666666667,
  "fwhm_x": 3.53807,
  "fwhm_y": 3.78213,
  "fwhm_z": 3.41877,
  "icvs_csf": 0.41546775728094126,
  "icvs_gm": 0.4537236944273072,
  "icvs_wm": 0.13080854829175154,
  "inu_med": 1.060509443283081,
  "inu_range": 1.1391471087932588,
  "provenance": {
    "md5sum": "4a4cfd069890d00cf739d027a4b944c4",
    "settings": {
      "testing": false
    },
    "software": "mriqc",
    "version": "23.0.1",
    "warnings": {
      "large_rot_frame": true,
      "small_air_mask": false
    },
    "webapi_port": null,
    "webapi_url": "https://mriqc.nimh.nih.gov/api/v1"
  },
  "qi_1": 0.0035397768692991857,
  "qi_2": 0.00035705604449747544,
  "rpve_csf": 11.101352091302342,
  "rpve_gm": 10.728310974486833,
  "rpve_wm": 40.36478666769539,
  "size_x": 176,
  "size_y": 256,
  "size_z": 256,
  "snr_csf": 10.048798281965063,
  "snr_gm": 9.950497122242275,
  "snr_total": 6.79127168216602,
  "snr_wm": 0.3745196422907211,
  "snrd_csf": 35.40023785182169,
  "snrd_gm": 22.01661604309163,
  "snrd_total": 22.398547481022252,
  "snrd_wm": 9.778788548153445,
  "spacing_x": 1.0,
  "spacing_y": 1.0,
  "spacing_z": 1.0,
  "summary_bg_k": 317.1728805148159,
  "summary_bg_mad": 67.35877821755807,
  "summary_bg_mean": 77.13381705987527,
  "summary_bg_median": 45.43280549347401,
  "summary_bg_n": 2951457.0,
  "summary_bg_p05": 0.0,
  "summary_bg_p95": 242.94594937562943,
  "summary_bg_stdv": 172.0037457709451,
  "summary_csf_k": 0.6680149941879536,
  "summary_csf_mad": 337.9756240389755,
  "summary_csf_mean": 3664.159586790169,
  "summary_csf_median": 3639.7256667613983,
  "summary_csf_n": 71843.0,
  "summary_csf_p05": 3117.168696910143,
  "summary_csf_p95": 4301.275138752161,
  "summary_csf_stdv": 362.20254735304775,
  "summary_gm_k": 0.44513894850718216,
  "summary_gm_mad": 223.8202209544824,
  "summary_gm_mean": 2269.1259256233025,
  "summary_gm_median": 2263.6696070432663,
  "summary_gm_n": 196771.0,
  "summary_gm_p05": 1908.6560707837343,
  "summary_gm_p95": 2645.305173188448,
  "summary_gm_stdv": 227.49253903458668,
  "summary_wm_k": -1.4085167769311766,
  "summary_wm_mad": 1224.9843771986086,
  "summary_wm_mean": 2641.4960468974537,
  "summary_wm_median": 1005.4200149029493,
  "summary_wm_n": 34001.0,
  "summary_wm_p05": 121.95121474564075,
  "summary_wm_p95": 6967.160575762391,
  "summary_wm_stdv": 2684.5193578930985,
  "tpm_overlap_csf": 0.10928084850296028,
  "tpm_overlap_gm": 0.3111826656321561,
  "tpm_overlap_wm": 0.029254874401585605,
  "wm2max": 0.14791275797373357
}