{
  "aor": 0.004497826086956523,
  "aqi": 0.0038230293478260873,
  "bids_meta": {
    "AcquisitionMatrixPE": 90,
    "AcquisitionNumber": 1,
    "AcquisitionTime": "11:45:53.232500",
    "BandwidthPerPixelPhaseEncode": 21.786,
    "BaseResolution": 90,
    "BodyPartExamined": "BRAIN",
    "ConsistencyInfo": "N4_VE11C_LATEST_20160120",
    "ConversionSoftware": "dcm2niix",
    "ConversionSoftwareVersion": "v1.0.20190902",
    "Dcm2bidsVersion": "2.1.4",
    "DerivedVendorReportedEchoSpacing": 0.000510012,
    "DeviceSerialNumber": "166095",
    "DwellTime": 2e-06,
    "EchoTime": 0.03,
    "EchoTrainLength": 90,
    "EffectiveEchoSpacing": 0.000510012,
    "FlipAngle": 52,
    "ImageComments": "SMS_ABCD_V1.2;_MB=6;_FOVshift=3;_K_PE=5;_K_RO=5;_LeakBlockOn;",
    "ImageOrientationPatientDICOM": [
      1,
      0,
      0,
      0,
      1,
      0
    ],
    "ImageType": [
      "ORIGINAL",
      "PRIMARY",
      "M",
      "ND",
      "MOSAIC"
    ],
    "ImagingFrequency": 123.261,
    "InPlanePhaseEncodingDirectionDICOM": "COL",
    "InstitutionAddress": "Hillhouse_Ave._10_New_Haven_Northeast_US_06519",
    "InstitutionName": "Yale_University_-_Dunham_Lab._Bldg.",
    "InstitutionalDepartmentName": "Department",
    "MRAcquisitionType": "2D",
    "MagneticFieldStrength": 3,
    "Manufacturer": "Siemens",
    "ManufacturersModelName": "Prisma",
    "Modality": "MR",
    "MultibandAccelerationFactor": 6,
    "PartialFourier": 1,
    "PatientPosition": "HFS",
    "PercentPhaseFOV": 100,
    "PhaseEncodingAxis": "j",
    "PhaseEncodingDirection": "j",
    "PhaseEncodingSteps": 90,
    "PhaseResolution": 1,
    "PixelBandwidth": 2780,
    "ProcedureStepDescription": "ABCDadult",
    "ProtocolName": "ABCD_fMRI_rest",
    "PulseSequenceDetails": "%CustomerSeq%_ep2d_bold_sms_abcd",
    "ReceiveCoilActiveElements": "HEA;HEP",
    "ReceiveCoilName": "Head_32",
    "ReconMatrixPE": 90,
    "RefLinesPE": 22,
    "RepetitionTime": 0.8,
    "SAR": 0.0615561,
    "ScanOptions": "FS_CT",
    "ScanningSequence": "EP",
    "SequenceName": "epfid2d1_90",
    "SequenceVariant": "SK",
    "SeriesDescription": "ABCD_fMRI_rest",
    "SeriesNumber": 8,
    "ShimSetting": [
      -2115,
      -625,
      -4115,
      419,
      -13,
      87,
      -79,
      105
    ],
    "SliceThickness": 2.4,
    "SliceTiming": [
      0.545,
      0,
      0.39,
      0.0775,
      0.4675,
      0.2325,
      0.6225,
      0.3125,
      0.7025,
      0.155,
      0.545,
      0,
      0.39,
      0.0775,
      0.4675,
      0.2325,
      0.6225,
      0.3125,
      0.7025,
      0.155,
      0.545,
      0,
      0.39,
      0.0775,
      0.4675,
      0.2325,
      0.6225,
      0.3125,
      0.7025,
      0.155,
      0.545,
      0,
      0.39,
      0.0775,
      0.4675,
      0.2325,
      0.6225,
      0.3125,
      0.7025,
      0.155,
      0.545,
      0,
      0.39,
      0.0775,
      0.4675,
      0.2325,
      0.6225,
      0.3125,
      0.7025,
      0.155,
      0.545,
      0,
      0.39,
      0.0775,
      0.4675,
      0.2325,
      0.6225,
      0.3125,
      0.7025,
      0.155
    ],
    "SoftwareVersions": "syngo_MR_E11",
    "SpacingBetweenSlices": 2.4,
    "StationName": "AWP166095",
    "TotalReadoutTime": 0.045391,
    "TxRefAmp": 242.77,
    "WipMemBlock": "1d0c3b85-ab6b-4d12-a6d0-74c8df05ea9c",
    "dataset": "ds004097",
    "modality": "bold",
    "run_id": 1,
    "session_id": "02",
    "subject_id": "NDARFT076LW8",
    "task_id": "rest"
  },
  "dummy_trs": 4,
  "dvars_nstd": 28.43684463533333,
  "dvars_std": 1.0455065086666664,
  "dvars_vstd": 1.0688635795555557,
  "efc": 0.5330136532135136,
  "fber": 495.91864013671875,
  "fd_mean": 0.05286441418658694,
  "fd_num": 0,
  "fd_perc": 0.0,
  "fwhm_avg": 2.9333847060851266,
  "fwhm_x": 2.681024893465642,
  "fwhm_y": 3.0863915440244853,
  "fwhm_z": 3.032737680765252,
  "gcor": 0.036816,
  "gsr_x": -0.009627602994441986,
  "gsr_y": 0.08158569037914276,
  "provenance": {
    "md5sum": "862d7a809ebca6bb73da11e7050f47f6",
    "settings": {
      "fd_thres": 0.2,
      "testing": false
    },
    "software": "mriqc",
    "version": "23.0.1",
    "webapi_port": null,
    "webapi_url": "https://mriqc.nimh.nih.gov/api/v1"
  },
  "size_t": 46,
  "size_x": 90,
  "size_y": 90,
  "size_z": 60,
  "snr": 2.5078042508195257,
  "spacing_tr": 0.800000011920929,
  "spacing_x": 2.4000000953674316,
  "spacing_y": 2.4000000953674316,
  "spacing_z": 2.3999998569488525,
  "summary_bg_k": 39.013507416416566,
  "summary_bg_mad": 8.025390300474228,
  "summary_bg_mean": 25.942045211791992,
  "summary_bg_median": 11.84782600402832,
  "summary_bg_n": 319662.0,
  "summary_bg_p05": 5.782608985900879,
  "summary_bg_p95": 102.41304779052734,
  "summary_bg_stdv": 40.36491012573242,
  "summary_fg_k": 0.49332925074664447,
  "summary_fg_mad": 103.07309155432431,
  "summary_fg_mean": 289.1475830078125,
  "summary_fg_median": 269.2174072265625,
  "summary_fg_n": 88258.0,
  "summary_fg_p05": 150.9749969482422,
  "summary_fg_p95": 493.50326385498033,
  "summary_fg_stdv": 107.35123443603516,
  "tsnr": 45.49780048930552
}