{
  "aor": 0.0011663492063492063,
  "aqi": 0.006603302380952382,
  "bids_meta": {
    "AcquisitionMatrixPE": 90,
    "AcquisitionNumber": 1,
    "AcquisitionTime": "13:07:7.447500",
    "BandwidthPerPixelPhaseEncode": 21.786,
    "BaseResolution": 90,
    "BodyPartExamined": "BRAIN",
    "ConsistencyInfo": "N4_VE11C_LATEST_20160120",
    "ConversionSoftware": "dcm2niix",
    "ConversionSoftwareVersion": "v1.0.20190902",
    "Dcm2bidsVersion": "2.1.4",
    "DerivedVendorReportedEchoSpacing": 0.000510012,
    "DeviceSerialNumber": "166095",
    "DwellTime": 2e-06,
    "EchoTime": 0.03,
    "EchoTrainLength": 90,
    "EffectiveEchoSpacing": 0.000510012,
    "FlipAngle": 52,
    "ImageComments": "SMS_ABCD_V1.2;_MB=6;_FOVshift=3;_K_PE=5;_K_RO=5;_LeakBlockOn;",
    "ImageOrientationPatientDICOM": [
      1,
      0,
      0,
      0,
      1,
      0
    ],
    "ImageType": [
      "ORIGINAL",
      "PRIMARY",
      "M",
      "ND",
      "MOSAIC"
    ],
    "ImagingFrequency": 123.261,
    "InPlanePhaseEncodingDirectionDICOM": "COL",
    "InstitutionAddress": "Hillhouse_Ave._10_New_Haven_Northeast_US_06519",
    "InstitutionName": "Yale_University_-_Dunham_Lab._Bldg.",
    "InstitutionalDepartmentName": "Department",
    "MRAcquisitionType": "2D",
    "MagneticFieldStrength": 3,
    "Manufacturer": "Siemens",
    "ManufacturersModelName": "Prisma",
    "Modality": "MR",
    "MultibandAccelerationFactor": 6,
    "PartialFourier": 1,
    "PatientPosition": "HFS",
    "PercentPhaseFOV": 100,
    "PhaseEncodingAxis": "j",
    "PhaseEncodingDirection": "j",
    "PhaseEncodingSteps": 90,
    "PhaseResolution": 1,
    "PixelBandwidth": 2780,
    "ProcedureStepDescription": "ABCDadult",
    "ProtocolName": "ABCD_fMRI_task_Stop",
    "PulseSequenceDetails": "%CustomerSeq%_ep2d_bold_sms_abcd",
    "ReceiveCoilActiveElements": "HEA;HEP",
    "ReceiveCoilName": "Head_32",
    "ReconMatrixPE": 90,
    "RefLinesPE": 22,
    "RepetitionTime": 0.8,
    "SAR": 0.0673117,
    "ScanOptions": "FS_CT",
    "ScanningSequence": "EP",
    "SequenceName": "epfid2d1_90",
    "SequenceVariant": "SK",
    "SeriesDescription": "ABCD_fMRI_task_Stop",
    "SeriesNumber": 46,
    "ShimSetting": [
      -2133,
      -638,
      -4064,
      479,
      -61,
      21,
      -106,
      107
    ],
    "SliceThickness": 2.4,
    "SliceTiming": [
      0.545,
      0,
      0.39,
      0.0775,
      0.4675,
      0.235,
      0.625,
      0.3125,
      0.7025,
      0.155,
      0.545,
      0,
      0.39,
      0.0775,
      0.4675,
      0.235,
      0.625,
      0.3125,
      0.7025,
      0.155,
      0.545,
      0,
      0.39,
      0.0775,
      0.4675,
      0.235,
      0.625,
      0.3125,
      0.7025,
      0.155,
      0.545,
      0,
      0.39,
      0.0775,
      0.4675,
      0.235,
      0.625,
      0.3125,
      0.7025,
      0.155,
      0.545,
      0,
      0.39,
      0.0775,
      0.4675,
      0.235,
      0.625,
      0.3125,
      0.7025,
      0.155,
      0.545,
      0,
      0.39,
      0.0775,
      0.4675,
      0.235,
      0.625,
      0.3125,
      0.7025,
      0.155
    ],
    "SoftwareVersions": "syngo_MR_E11",
    "SpacingBetweenSlices": 2.4,
    "StationName": "AWP166095",
    "TotalReadoutTime": 0.045391,
    "TxRefAmp": 245.556,
    "WipMemBlock": "a0a41a63-83ad-41e0-9271-1425fd19abc7",
    "dataset": "ds004097",
    "modality": "bold",
    "run_id": 2,
    "session_id": "02",
    "subject_id": "NDARFT076LW8",
    "task_id": "SST"
  },
  "dummy_trs": 4,
  "dvars_nstd": 29.27736326581816,
  "dvars_std": 0.9993311379999997,
  "dvars_vstd": 0.9913588660681822,
  "efc": 0.5329294048775068,
  "fber": 548.2638549804688,
  "fd_mean": 0.06221790262792176,
  "fd_num": 2,
  "fd_perc": 0.45351473922902497,
  "fwhm_avg": 2.8768263715388387,
  "fwhm_x": 2.6390373951340758,
  "fwhm_y": 3.063204044945874,
  "fwhm_z": 2.9282376745365664,
  "gcor": 0.0134492,
  "gsr_x": -0.011516801081597805,
  "gsr_y": 0.06574232131242752,
  "provenance": {
    "md5sum": "c90bb5dec8884022c3e2f1e718e73e35",
    "settings": {
      "fd_thres": 0.2,
      "testing": false
    },
    "software": "mriqc",
    "version": "23.0.1",
    "webapi_port": null,
    "webapi_url": "https://mriqc.nimh.nih.gov/api/v1"
  },
  "size_t": 441,
  "size_x": 90,
  "size_y": 90,
  "size_z": 60,
  "snr": 2.730583666072071,
  "spacing_tr": 0.800000011920929,
  "spacing_x": 2.4000000953674316,
  "spacing_y": 2.4000000953674316,
  "spacing_z": 2.3999998569488525,
  "summary_bg_k": 65.07328655592639,
  "summary_bg_mad": 6.757439466892554,
  "summary_bg_mean": 22.641298294067383,
  "summary_bg_median": 10.922903060913086,
  "summary_bg_n": 318153.0,
  "summary_bg_p05": 5.702948093414307,
  "summary_bg_p95": 86.91700592041008,
  "summary_bg_stdv": 35.21198654174805,
  "summary_fg_k": 0.6031991929491411,
  "summary_fg_mad": 91.97680844333999,
  "summary_fg_mean": 273.7385559082031,
  "summary_fg_median": 258.4535217285156,
  "summary_fg_n": 89722.0,
  "summary_fg_p05": 148.14127426147462,
  "summary_fg_p95": 448.8162307739258,
  "summary_fg_stdv": 94.6508560180664,
  "tsnr": 36.259182777488604
}