{
  "bids_meta": {
    "AcquisitionMatrixPE": 256,
    "AcquisitionNumber": 1,
    "AcquisitionTime": "12:52:40.822500",
    "BaseResolution": 256,
    "BodyPartExamined": "BRAIN",
    "ConsistencyInfo": "N4_VE11C_LATEST_20160120",
    "ConversionSoftware": "dcm2niix",
    "ConversionSoftwareVersion": "v1.0.20190902",
    "Dcm2bidsVersion": "2.1.4",
    "DeviceSerialNumber": "166095",
    "DwellTime": 0.000510012,
    "EchoTime": 0.0029,
    "FlipAngle": 8,
    "ImageOrientationPatientDICOM": [
      0,
      1,
      0,
      -0.0558215,
      0,
      -0.998441
    ],
    "ImageType": [
      "ORIGINAL",
      "PRIMARY",
      "M",
      "ND"
    ],
    "ImagingFrequency": 123.261,
    "InPlanePhaseEncodingDirectionDICOM": "ROW",
    "InstitutionAddress": "Hillhouse_Ave._10_New_Haven_Northeast_US_06519",
    "InstitutionName": "Yale_University_-_Dunham_Lab._Bldg.",
    "InstitutionalDepartmentName": "Department",
    "InversionTime": 1.07,
    "MRAcquisitionType": "3D",
    "MagneticFieldStrength": 3,
    "Manufacturer": "Siemens",
    "ManufacturersModelName": "Prisma",
    "Modality": "MR",
    "ParallelReductionFactorInPlane": 2,
    "PartialFourier": 1,
    "PatientPosition": "HFS",
    "PercentPhaseFOV": 100,
    "PhaseEncodingSteps": 255,
    "PhaseResolution": 1,
    "PixelBandwidth": 240,
    "ProcedureStepDescription": "ABCDadult",
    "ProtocolName": "ABCD_T1w_MPR_vNav",
    "PulseSequenceDetails": "%CustomerSeq%_tfl_mgh_epinav_ABCD",
    "ReceiveCoilActiveElements": "HEA;HEP",
    "ReceiveCoilName": "Head_32",
    "ReconMatrixPE": 256,
    "RefLinesPE": 32,
    "RepetitionTime": 2.5,
    "SAR": 0.0401432,
    "ScanOptions": "IR_WE",
    "ScanningSequence": "GR_IR",
    "SequenceName": "tfl3d1_16ns",
    "SequenceVariant": "SK_SP_MP",
    "SeriesDescription": "ABCD_T1w_MPR_vNav",
    "SeriesNumber": 4,
    "ShimSetting": [
      -2147,
      -682,
      -4038,
      337,
      -41,
      -107,
      69,
      106
    ],
    "SliceThickness": 1,
    "SoftwareVersions": "syngo_MR_E11",
    "StationName": "AWP166095",
    "TxRefAmp": 251.085,
    "WipMemBlock": "Prisma_epi_moco_navigator_ABCD_tfl.prot",
    "dataset": "ds004097",
    "modality": "T1w",
    "session_id": "03",
    "subject_id": "NDARJZ387ZJA"
  },
  "cjv": 0.48763488392196563,
  "cnr": 2.541520469534608,
  "efc": 0.5547104885500568,
  "fber": 9099.04012345679,
  "fwhm_avg": 3.75662,
  "fwhm_x": 3.8539,
  "fwhm_y": 3.81856,
  "fwhm_z": 3.5974,
  "icvs_csf": 0.19168833184790637,
  "icvs_gm": 0.3995756565000076,
  "icvs_wm": 0.40873601165208606,
  "inu_med": 1.0523587465286255,
  "inu_range": 1.002095365524292,
  "provenance": {
    "md5sum": "17a0ec967b9fb8cc78497a55e287e093",
    "settings": {
      "testing": false
    },
    "software": "mriqc",
    "version": "23.0.1",
    "warnings": {
      "large_rot_frame": true,
      "small_air_mask": false
    },
    "webapi_port": null,
    "webapi_url": "https://mriqc.nimh.nih.gov/api/v1"
  },
  "qi_1": 0.0009710997718262548,
  "qi_2": 0.0003189365061425638,
  "rpve_csf": 23.34599485521633,
  "rpve_gm": 11.122065511337897,
  "rpve_wm": 12.536176692084249,
  "size_x": 176,
  "size_y": 256,
  "size_z": 256,
  "snr_csf": 2.016695674646654,
  "snr_gm": 10.11927677525553,
  "snr_total": 8.122039587119152,
  "snr_wm": 12.23014631145527,
  "snrd_csf": 14.015188010901614,
  "snrd_gm": 42.64585762984043,
  "snrd_total": 38.819912327109,
  "snrd_wm": 59.798691340584966,
  "spacing_x": 1.0,
  "spacing_y": 1.0,
  "spacing_z": 1.0,
  "summary_bg_k": 621.442326309338,
  "summary_bg_mad": 10.956207559692869,
  "summary_bg_mean": 12.506184869556744,
  "summary_bg_median": 7.389849700033665,
  "summary_bg_n": 3492471.0,
  "summary_bg_p05": 0.0,
  "summary_bg_p95": 43.27012623101473,
  "summary_bg_stdv": 32.95553213727065,
  "summary_csf_k": 2.3374236005997613,
  "summary_csf_mad": 91.09500876675455,
  "summary_csf_mean": 253.27921220458884,
  "summary_csf_median": 234.38372350484133,
  "summary_csf_n": 34310.0,
  "summary_csf_p05": 96.15635248050094,
  "summary_csf_p95": 481.9669269770384,
  "summary_csf_stdv": 116.21996851086034,
  "summary_gm_k": 0.16432665549227243,
  "summary_gm_mad": 68.70024488687918,
  "summary_gm_mean": 713.0986366851853,
  "summary_gm_median": 713.1902116164565,
  "summary_gm_n": 22444.0,
  "summary_gm_p05": 596.0680654272437,
  "summary_gm_p95": 828.9645235836506,
  "summary_gm_stdv": 70.47680768728608,
  "summary_wm_k": 1.6851624899005522,
  "summary_wm_mad": 71.18089565511153,
  "summary_wm_mean": 1013.3108331642945,
  "summary_wm_median": 1000.0465156957507,
  "summary_wm_n": 225003.0,
  "summary_wm_p05": 905.8375512808561,
  "summary_wm_p95": 1167.828637816012,
  "summary_wm_stdv": 81.76879228833411,
  "tpm_overlap_csf": 0.1544935757139123,
  "tpm_overlap_gm": 0.42293306713473605,
  "tpm_overlap_wm": 0.4529881729632075,
  "wm2max": 0.45236252303582325
}