{
  "bids_meta": {
    "AcquisitionMatrixPE": 256,
    "AcquisitionNumber": 1,
    "AcquisitionTime": "13:23:45.862500",
    "BaseResolution": 256,
    "BodyPartExamined": "BRAIN",
    "ConsistencyInfo": "N4_VE11C_LATEST_20160120",
    "ConversionSoftware": "dcm2niix",
    "ConversionSoftwareVersion": "v1.0.20190902",
    "Dcm2bidsVersion": "2.1.4",
    "DeviceSerialNumber": "166095",
    "DwellTime": 0.000510012,
    "EchoTime": 0.565,
    "EchoTrainLength": 190,
    "FlipAngle": 120,
    "ImageOrientationPatientDICOM": [
      0,
      1,
      0,
      -0.0558215,
      0,
      -0.998441
    ],
    "ImageType": [
      "ORIGINAL",
      "PRIMARY",
      "M",
      "ND"
    ],
    "ImagingFrequency": 123.261,
    "InPlanePhaseEncodingDirectionDICOM": "ROW",
    "InstitutionAddress": "Hillhouse_Ave._10_New_Haven_Northeast_US_06519",
    "InstitutionName": "Yale_University_-_Dunham_Lab._Bldg.",
    "InstitutionalDepartmentName": "Department",
    "MRAcquisitionType": "3D",
    "MagneticFieldStrength": 3,
    "Manufacturer": "Siemens",
    "ManufacturersModelName": "Prisma",
    "Modality": "MR",
    "ParallelReductionFactorInPlane": 2,
    "PartialFourier": 1,
    "PatientPosition": "HFS",
    "PercentPhaseFOV": 100,
    "PhaseEncodingSteps": 227,
    "PhaseResolution": 1,
    "PixelBandwidth": 240,
    "ProcedureStepDescription": "ABCDadult",
    "ProtocolName": "ABCD_T2w_SPC_vNav",
    "PulseSequenceDetails": "%CustomerSeq%_tse_vfl_mgh_epinav_ABCD",
    "ReceiveCoilActiveElements": "HEA;HEP",
    "ReceiveCoilName": "Head_32",
    "ReconMatrixPE": 256,
    "RefLinesPE": 32,
    "RepetitionTime": 3.2,
    "SAR": 0.0879771,
    "ScanOptions": "PFP",
    "ScanningSequence": "SE",
    "SequenceName": "spc_200ns",
    "SequenceVariant": "SK_SP",
    "SeriesDescription": "ABCD_T2w_SPC_vNav",
    "SeriesNumber": 17,
    "ShimSetting": [
      -2147,
      -682,
      -4038,
      337,
      -41,
      -107,
      69,
      106
    ],
    "SliceThickness": 1,
    "SoftwareVersions": "syngo_MR_E11",
    "StationName": "AWP166095",
    "TxRefAmp": 251.085,
    "WipMemBlock": "Prisma_epi_moco_navigator_ABCD_tse_vfl.prot",
    "dataset": "ds004097",
    "modality": "T2w",
    "session_id": "03",
    "subject_id": "NDARJZ387ZJA"
  },
  "cjv": 1.356462709838852,
  "cnr": 0.43391671529654,
  "efc": 0.5657110970598311,
  "fber": 5900.009347331487,
  "fwhm_avg": 3.5338433333333334,
  "fwhm_x": 3.4587,
  "fwhm_y": 3.78337,
  "fwhm_z": 3.35946,
  "icvs_csf": 0.39752640805747835,
  "icvs_gm": 0.469545635597544,
  "icvs_wm": 0.1329279563449777,
  "inu_med": 1.074846088886261,
  "inu_range": 1.1686460018157958,
  "provenance": {
    "md5sum": "0fcef98ad1597c400e1c27399d7fc2aa",
    "settings": {
      "testing": false
    },
    "software": "mriqc",
    "version": "23.0.1",
    "warnings": {
      "large_rot_frame": true,
      "small_air_mask": false
    },
    "webapi_port": null,
    "webapi_url": "https://mriqc.nimh.nih.gov/api/v1"
  },
  "qi_1": 0.0025038492656498782,
  "qi_2": 0.0002316341470712991,
  "rpve_csf": 11.328604912910047,
  "rpve_gm": 10.272169720382069,
  "rpve_wm": 40.755310375097785,
  "size_x": 176,
  "size_y": 256,
  "size_z": 256,
  "snr_csf": 10.441995349301255,
  "snr_gm": 10.327905352614799,
  "snr_total": 7.060089184037474,
  "snr_wm": 0.41036685019636865,
  "snrd_csf": 58.3595371733781,
  "snrd_gm": 36.07675781427257,
  "snrd_total": 37.2981804100904,
  "snrd_wm": 17.458246242620547,
  "spacing_x": 1.0,
  "spacing_y": 1.0,
  "spacing_z": 1.0,
  "summary_bg_k": 278.2993766654208,
  "summary_bg_mad": 37.72693109325228,
  "summary_bg_mean": 61.97505566175009,
  "summary_bg_median": 25.446428328752518,
  "summary_bg_n": 3094492.0,
  "summary_bg_p05": 0.0,
  "summary_bg_p95": 178.86904591321945,
  "summary_bg_stdv": 251.2674889966343,
  "summary_csf_k": 1.0418951497776296,
  "summary_csf_mad": 300.9329474338954,
  "summary_csf_mean": 3382.0378936670118,
  "summary_csf_median": 3360.7142536640167,
  "summary_csf_n": 60045.0,
  "summary_csf_p05": 2903.8987818300725,
  "summary_csf_p95": 3937.7975814938545,
  "summary_csf_stdv": 321.8433025646765,
  "summary_gm_k": 1.317950268036988,
  "summary_gm_mad": 191.94403538672213,
  "summary_gm_mean": 2087.8794796208463,
  "summary_gm_median": 2077.529742091894,
  "summary_gm_n": 217430.0,
  "summary_gm_p05": 1782.8868877589703,
  "summary_gm_p95": 2424.255929261446,
  "summary_gm_stdv": 201.15646819830698,
  "summary_wm_k": -1.480563948692536,
  "summary_wm_mad": 1262.4181269917517,
  "summary_wm_mean": 2483.177092442058,
  "summary_wm_median": 1005.35713326931,
  "summary_wm_n": 36079.0,
  "summary_wm_p05": 107.44047516584396,
  "summary_wm_p95": 6317.127915945649,
  "summary_wm_stdv": 2449.8645540514513,
  "tpm_overlap_csf": 0.11291262164405982,
  "tpm_overlap_gm": 0.3214349768420259,
  "tpm_overlap_wm": 0.027750456533634744,
  "wm2max": 0.15851403184111376
}