{
  "aor": 0.002602141230068337,
  "aqi": 0.0036035371526195905,
  "bids_meta": {
    "AcquisitionMatrixPE": 90,
    "AcquisitionNumber": 1,
    "AcquisitionTime": "15:10:12.082500",
    "BandwidthPerPixelPhaseEncode": 21.786,
    "BaseResolution": 90,
    "BodyPartExamined": "BRAIN",
    "ConsistencyInfo": "N4_VE11C_LATEST_20160120",
    "ConversionSoftware": "dcm2niix",
    "ConversionSoftwareVersion": "v1.0.20190902",
    "Dcm2bidsVersion": "2.1.4",
    "DerivedVendorReportedEchoSpacing": 0.000510012,
    "DeviceSerialNumber": "166095",
    "DwellTime": 2e-06,
    "EchoTime": 0.03,
    "EchoTrainLength": 90,
    "EffectiveEchoSpacing": 0.000510012,
    "FlipAngle": 52,
    "ImageComments": "SMS_ABCD_V1.2;_MB=6;_FOVshift=3;_K_PE=5;_K_RO=5;_LeakBlockOn;",
    "ImageOrientationPatientDICOM": [
      1,
      0,
      0,
      0,
      1,
      0
    ],
    "ImageType": [
      "ORIGINAL",
      "PRIMARY",
      "M",
      "ND",
      "MOSAIC"
    ],
    "ImagingFrequency": 123.261,
    "InPlanePhaseEncodingDirectionDICOM": "COL",
    "InstitutionAddress": "Hillhouse_Ave._10_New_Haven_Northeast_US_06519",
    "InstitutionName": "Yale_University_-_Dunham_Lab._Bldg.",
    "InstitutionalDepartmentName": "Department",
    "MRAcquisitionType": "2D",
    "MagneticFieldStrength": 3,
    "Manufacturer": "Siemens",
    "ManufacturersModelName": "Prisma",
    "Modality": "MR",
    "MultibandAccelerationFactor": 6,
    "PartialFourier": 1,
    "PatientPosition": "HFS",
    "PercentPhaseFOV": 100,
    "PhaseEncodingAxis": "j",
    "PhaseEncodingDirection": "j",
    "PhaseEncodingSteps": 90,
    "PhaseResolution": 1,
    "PixelBandwidth": 2780,
    "ProcedureStepDescription": "ABCDadult",
    "ProtocolName": "ABCD_fMRI_task_Stop",
    "PulseSequenceDetails": "%CustomerSeq%_ep2d_bold_sms_abcd",
    "ReceiveCoilActiveElements": "HEA;HEP",
    "ReceiveCoilName": "Head_32",
    "ReconMatrixPE": 90,
    "RefLinesPE": 22,
    "RepetitionTime": 0.8,
    "SAR": 0.0508597,
    "ScanOptions": "FS_CT",
    "ScanningSequence": "EP",
    "SequenceName": "epfid2d1_90",
    "SequenceVariant": "SK",
    "SeriesDescription": "ABCD_fMRI_task_Stop",
    "SeriesNumber": 35,
    "ShimSetting": [
      -2125,
      -640,
      -4135,
      503,
      -32,
      82,
      112,
      72
    ],
    "SliceThickness": 2.4,
    "SliceTiming": [
      0.545,
      0,
      0.39,
      0.0775,
      0.4675,
      0.235,
      0.625,
      0.3125,
      0.7025,
      0.155,
      0.545,
      0,
      0.39,
      0.0775,
      0.4675,
      0.235,
      0.625,
      0.3125,
      0.7025,
      0.155,
      0.545,
      0,
      0.39,
      0.0775,
      0.4675,
      0.235,
      0.625,
      0.3125,
      0.7025,
      0.155,
      0.545,
      0,
      0.39,
      0.0775,
      0.4675,
      0.235,
      0.625,
      0.3125,
      0.7025,
      0.155,
      0.545,
      0,
      0.39,
      0.0775,
      0.4675,
      0.235,
      0.625,
      0.3125,
      0.7025,
      0.155,
      0.545,
      0,
      0.39,
      0.0775,
      0.4675,
      0.235,
      0.625,
      0.3125,
      0.7025,
      0.155
    ],
    "SoftwareVersions": "syngo_MR_E11",
    "SpacingBetweenSlices": 2.4,
    "StationName": "AWP166095",
    "TotalReadoutTime": 0.045391,
    "TxRefAmp": 230.699,
    "WipMemBlock": "75949fd6-7ef3-48b5-8359-53eaa9fe3e1e",
    "dataset": "ds004097",
    "modality": "bold",
    "run_id": 2,
    "session_id": "03",
    "subject_id": "NDARTW625MMA",
    "task_id": "SST"
  },
  "dummy_trs": 6,
  "dvars_nstd": 29.70335191351596,
  "dvars_std": 1.0945900236301362,
  "dvars_vstd": 1.0390271269634703,
  "efc": 0.49406337410978535,
  "fber": 976.6317138671875,
  "fd_mean": 0.11689841927521952,
  "fd_num": 28,
  "fd_perc": 6.378132118451025,
  "fwhm_avg": 2.943595716365349,
  "fwhm_x": 2.763949890170499,
  "fwhm_y": 3.1053998766024957,
  "fwhm_z": 2.961437382323051,
  "gcor": 0.0101181,
  "gsr_x": -0.006226378958672285,
  "gsr_y": 0.06664681434631348,
  "provenance": {
    "md5sum": "c9ed2b5dfa47b2710a930a3920b55348",
    "settings": {
      "fd_thres": 0.2,
      "testing": false
    },
    "software": "mriqc",
    "version": "23.0.1",
    "webapi_port": null,
    "webapi_url": "https://mriqc.nimh.nih.gov/api/v1"
  },
  "size_t": 439,
  "size_x": 90,
  "size_y": 90,
  "size_z": 60,
  "snr": 2.802962419969528,
  "spacing_tr": 0.800000011920929,
  "spacing_x": 2.4000000953674316,
  "spacing_y": 2.4000000953674316,
  "spacing_z": 2.4000000953674316,
  "summary_bg_k": 30.189084383091505,
  "summary_bg_mad": 4.751756964232769,
  "summary_bg_mean": 20.573049545288086,
  "summary_bg_median": 8.870160102844238,
  "summary_bg_n": 339609.0,
  "summary_bg_p05": 5.453303337097168,
  "summary_bg_p95": 83.42779388427692,
  "summary_bg_stdv": 32.14181900024414,
  "summary_fg_k": 0.49746722994065085,
  "summary_fg_mad": 95.39313243051019,
  "summary_fg_mean": 293.397705078125,
  "summary_fg_median": 276.6583251953125,
  "summary_fg_n": 76189.0,
  "summary_fg_p05": 163.11253356933594,
  "summary_fg_p95": 477.1143737792967,
  "summary_fg_stdv": 98.70146942138672,
  "tsnr": 45.92216468323022
}