{
  "aor": 0.0011745185185185185,
  "aqi": 0.0033158939012345678,
  "bids_meta": {
    "AcquisitionMatrixPE": 90,
    "AcquisitionNumber": 1,
    "AcquisitionTime": "15:17:23.070000",
    "BandwidthPerPixelPhaseEncode": 21.786,
    "BaseResolution": 90,
    "BodyPartExamined": "BRAIN",
    "ConsistencyInfo": "N4_VE11C_LATEST_20160120",
    "ConversionSoftware": "dcm2niix",
    "ConversionSoftwareVersion": "v1.0.20190902",
    "Dcm2bidsVersion": "2.1.4",
    "DerivedVendorReportedEchoSpacing": 0.000510012,
    "DeviceSerialNumber": "166095",
    "DwellTime": 2e-06,
    "EchoTime": 0.03,
    "EchoTrainLength": 90,
    "EffectiveEchoSpacing": 0.000510012,
    "FlipAngle": 52,
    "ImageComments": "SMS_ABCD_V1.2;_MB=6;_FOVshift=3;_K_PE=5;_K_RO=5;_LeakBlockOn;",
    "ImageOrientationPatientDICOM": [
      1,
      0,
      0,
      0,
      1,
      0
    ],
    "ImageType": [
      "ORIGINAL",
      "PRIMARY",
      "M",
      "ND",
      "MOSAIC"
    ],
    "ImagingFrequency": 123.261,
    "InPlanePhaseEncodingDirectionDICOM": "COL",
    "InstitutionAddress": "Hillhouse_Ave._10_New_Haven_Northeast_US_06519",
    "InstitutionName": "Yale_University_-_Dunham_Lab._Bldg.",
    "InstitutionalDepartmentName": "Department",
    "MRAcquisitionType": "2D",
    "MagneticFieldStrength": 3,
    "Manufacturer": "Siemens",
    "ManufacturersModelName": "Prisma",
    "Modality": "MR",
    "MultibandAccelerationFactor": 6,
    "PartialFourier": 1,
    "PatientPosition": "HFS",
    "PercentPhaseFOV": 100,
    "PhaseEncodingAxis": "j",
    "PhaseEncodingDirection": "j",
    "PhaseEncodingSteps": 90,
    "PhaseResolution": 1,
    "PixelBandwidth": 2780,
    "ProcedureStepDescription": "ABCDadult",
    "ProtocolName": "ABCD_fMRI_task_Monetary_Incentive",
    "PulseSequenceDetails": "%CustomerSeq%_ep2d_bold_sms_abcd",
    "ReceiveCoilActiveElements": "HEA;HEP",
    "ReceiveCoilName": "Head_32",
    "ReconMatrixPE": 90,
    "RefLinesPE": 22,
    "RepetitionTime": 0.8,
    "SAR": 0.0508319,
    "ScanOptions": "FS_CT",
    "ScanningSequence": "EP",
    "SequenceName": "epfid2d1_90",
    "SequenceVariant": "SK",
    "SeriesDescription": "ABCD_fMRI_task_Monetary_Incentive",
    "SeriesNumber": 39,
    "ShimSetting": [
      -2125,
      -640,
      -4135,
      503,
      -32,
      82,
      112,
      72
    ],
    "SliceThickness": 2.4,
    "SliceTiming": [
      0.545,
      0,
      0.39,
      0.0775,
      0.4675,
      0.235,
      0.625,
      0.3125,
      0.7025,
      0.155,
      0.545,
      0,
      0.39,
      0.0775,
      0.4675,
      0.235,
      0.625,
      0.3125,
      0.7025,
      0.155,
      0.545,
      0,
      0.39,
      0.0775,
      0.4675,
      0.235,
      0.625,
      0.3125,
      0.7025,
      0.155,
      0.545,
      0,
      0.39,
      0.0775,
      0.4675,
      0.235,
      0.625,
      0.3125,
      0.7025,
      0.155,
      0.545,
      0,
      0.39,
      0.0775,
      0.4675,
      0.235,
      0.625,
      0.3125,
      0.7025,
      0.155,
      0.545,
      0,
      0.39,
      0.0775,
      0.4675,
      0.235,
      0.625,
      0.3125,
      0.7025,
      0.155
    ],
    "SoftwareVersions": "syngo_MR_E11",
    "SpacingBetweenSlices": 2.4,
    "StationName": "AWP166095",
    "TotalReadoutTime": 0.045391,
    "TxRefAmp": 230.699,
    "WipMemBlock": "14b48fd3-0ac9-4b5a-a28b-30f13de9e843",
    "dataset": "ds004097",
    "modality": "bold",
    "run_id": 1,
    "session_id": "03",
    "subject_id": "NDARTW625MMA",
    "task_id": "MID"
  },
  "dummy_trs": 6,
  "dvars_nstd": 29.195353711138605,
  "dvars_std": 1.0602903552970306,
  "dvars_vstd": 1.0097963918564359,
  "efc": 0.4943290104504899,
  "fber": 979.69873046875,
  "fd_mean": 0.10218004727632475,
  "fd_num": 13,
  "fd_perc": 3.2098765432098766,
  "fwhm_avg": 2.946217938483373,
  "fwhm_x": 2.7637957235099586,
  "fwhm_y": 3.114120709589294,
  "fwhm_z": 2.9607373823508665,
  "gcor": 0.00970899,
  "gsr_x": -0.006290328223258257,
  "gsr_y": 0.0667760968208313,
  "provenance": {
    "md5sum": "a5e525f35b7c94f0fac3f39b50a08782",
    "settings": {
      "fd_thres": 0.2,
      "testing": false
    },
    "software": "mriqc",
    "version": "23.0.1",
    "webapi_port": null,
    "webapi_url": "https://mriqc.nimh.nih.gov/api/v1"
  },
  "size_t": 405,
  "size_x": 90,
  "size_y": 90,
  "size_z": 60,
  "snr": 2.7955597612888026,
  "spacing_tr": 0.800000011920929,
  "spacing_x": 2.4000000953674316,
  "spacing_y": 2.4000000953674316,
  "spacing_z": 2.4000000953674316,
  "summary_bg_k": 29.987370727456295,
  "summary_bg_mad": 4.711380367540917,
  "summary_bg_mean": 20.637737274169922,
  "summary_bg_median": 8.864197731018066,
  "summary_bg_n": 339416.0,
  "summary_bg_p05": 5.479012489318848,
  "summary_bg_p95": 83.69506454467773,
  "summary_bg_stdv": 32.23820877075195,
  "summary_fg_k": 0.4905499881304438,
  "summary_fg_mad": 95.77608974183318,
  "summary_fg_mean": 293.79986572265625,
  "summary_fg_median": 277.1407470703125,
  "summary_fg_n": 76344.0,
  "summary_fg_p05": 162.4808708190918,
  "summary_fg_p95": 477.6711364746092,
  "summary_fg_stdv": 99.1353988647461,
  "tsnr": 46.76752360025421
}