{
  "aor": 0.0010695616438356165,
  "aqi": 0.0032354500000000004,
  "bids_meta": {
    "AcquisitionMatrixPE": 90,
    "AcquisitionNumber": 1,
    "AcquisitionTime": "14:57:52.777500",
    "BandwidthPerPixelPhaseEncode": 21.786,
    "BaseResolution": 90,
    "BodyPartExamined": "BRAIN",
    "ConsistencyInfo": "N4_VE11C_LATEST_20160120",
    "ConversionSoftware": "dcm2niix",
    "ConversionSoftwareVersion": "v1.0.20190902",
    "Dcm2bidsVersion": "2.1.4",
    "DerivedVendorReportedEchoSpacing": 0.000510012,
    "DeviceSerialNumber": "166095",
    "DwellTime": 2e-06,
    "EchoTime": 0.03,
    "EchoTrainLength": 90,
    "EffectiveEchoSpacing": 0.000510012,
    "FlipAngle": 52,
    "ImageComments": "SMS_ABCD_V1.2;_MB=6;_FOVshift=3;_K_PE=5;_K_RO=5;_LeakBlockOn;",
    "ImageOrientationPatientDICOM": [
      1,
      0,
      0,
      0,
      1,
      0
    ],
    "ImageType": [
      "ORIGINAL",
      "PRIMARY",
      "M",
      "ND",
      "MOSAIC"
    ],
    "ImagingFrequency": 123.261,
    "InPlanePhaseEncodingDirectionDICOM": "COL",
    "InstitutionAddress": "Hillhouse_Ave._10_New_Haven_Northeast_US_06519",
    "InstitutionName": "Yale_University_-_Dunham_Lab._Bldg.",
    "InstitutionalDepartmentName": "Department",
    "MRAcquisitionType": "2D",
    "MagneticFieldStrength": 3,
    "Manufacturer": "Siemens",
    "ManufacturersModelName": "Prisma",
    "Modality": "MR",
    "MultibandAccelerationFactor": 6,
    "PartialFourier": 1,
    "PatientPosition": "HFS",
    "PercentPhaseFOV": 100,
    "PhaseEncodingAxis": "j",
    "PhaseEncodingDirection": "j",
    "PhaseEncodingSteps": 90,
    "PhaseResolution": 1,
    "PixelBandwidth": 2780,
    "ProcedureStepDescription": "ABCDadult",
    "ProtocolName": "ABCD_fMRI_task_Emotional_n-back",
    "PulseSequenceDetails": "%CustomerSeq%_ep2d_bold_sms_abcd",
    "ReceiveCoilActiveElements": "HEA;HEP",
    "ReceiveCoilName": "Head_32",
    "ReconMatrixPE": 90,
    "RefLinesPE": 22,
    "RepetitionTime": 0.8,
    "SAR": 0.0507918,
    "ScanOptions": "FS_CT",
    "ScanningSequence": "EP",
    "SequenceName": "epfid2d1_90",
    "SequenceVariant": "SK",
    "SeriesDescription": "ABCD_fMRI_task_Emotional_n-back",
    "SeriesNumber": 29,
    "ShimSetting": [
      -2125,
      -640,
      -4135,
      503,
      -32,
      82,
      112,
      72
    ],
    "SliceThickness": 2.4,
    "SliceTiming": [
      0.5475,
      0,
      0.39,
      0.0775,
      0.4675,
      0.235,
      0.625,
      0.3125,
      0.7025,
      0.1575,
      0.5475,
      0,
      0.39,
      0.0775,
      0.4675,
      0.235,
      0.625,
      0.3125,
      0.7025,
      0.1575,
      0.5475,
      0,
      0.39,
      0.0775,
      0.4675,
      0.235,
      0.625,
      0.3125,
      0.7025,
      0.1575,
      0.5475,
      0,
      0.39,
      0.0775,
      0.4675,
      0.235,
      0.625,
      0.3125,
      0.7025,
      0.1575,
      0.5475,
      0,
      0.39,
      0.0775,
      0.4675,
      0.235,
      0.625,
      0.3125,
      0.7025,
      0.1575,
      0.5475,
      0,
      0.39,
      0.0775,
      0.4675,
      0.235,
      0.625,
      0.3125,
      0.7025,
      0.1575
    ],
    "SoftwareVersions": "syngo_MR_E11",
    "SpacingBetweenSlices": 2.4,
    "StationName": "AWP166095",
    "TotalReadoutTime": 0.045391,
    "TxRefAmp": 230.699,
    "WipMemBlock": "621abe05-9c3b-434f-8481-35e383029642",
    "dataset": "ds004097",
    "modality": "bold",
    "run_id": 2,
    "session_id": "03",
    "subject_id": "NDARTW625MMA",
    "task_id": "nback"
  },
  "dummy_trs": 5,
  "dvars_nstd": 28.950037615494505,
  "dvars_std": 1.0602778490109879,
  "dvars_vstd": 1.0156530771703307,
  "efc": 0.49327566554087376,
  "fber": 988.028076171875,
  "fd_mean": 0.1074712882268623,
  "fd_num": 27,
  "fd_perc": 7.397260273972603,
  "fwhm_avg": 2.9412221053485563,
  "fwhm_x": 2.756358223805498,
  "fwhm_y": 3.1143582095798568,
  "fwhm_z": 2.9529498826603144,
  "gcor": 0.0138778,
  "gsr_x": -0.00690525583922863,
  "gsr_y": 0.06663978844881058,
  "provenance": {
    "md5sum": "e7fce20d2a0b48ad0369a0a7528b9809",
    "settings": {
      "fd_thres": 0.2,
      "testing": false
    },
    "software": "mriqc",
    "version": "23.0.1",
    "webapi_port": null,
    "webapi_url": "https://mriqc.nimh.nih.gov/api/v1"
  },
  "size_t": 365,
  "size_x": 90,
  "size_y": 90,
  "size_z": 60,
  "snr": 2.799883113343386,
  "spacing_tr": 0.800000011920929,
  "spacing_x": 2.4000000953674316,
  "spacing_y": 2.4000000953674316,
  "spacing_z": 2.4000000953674316,
  "summary_bg_k": 29.887299947590776,
  "summary_bg_mad": 4.671213030958335,
  "summary_bg_mean": 20.386035919189453,
  "summary_bg_median": 8.805480003356934,
  "summary_bg_n": 339631.0,
  "summary_bg_p05": 5.454794883728027,
  "summary_bg_p95": 82.63151168823242,
  "summary_bg_stdv": 31.77406883239746,
  "summary_fg_k": 0.508896435886967,
  "summary_fg_mad": 95.22571303173623,
  "summary_fg_mean": 293.28173828125,
  "summary_fg_median": 276.54248046875,
  "summary_fg_n": 76152.0,
  "summary_fg_p05": 163.06027221679688,
  "summary_fg_p95": 477.17904815673825,
  "summary_fg_stdv": 98.76864624023438,
  "tsnr": 47.48961572884582
}