{
  "aor": 0.0006509653465346535,
  "aqi": 0.004365599207920792,
  "bids_meta": {
    "AcquisitionMatrixPE": 90,
    "AcquisitionNumber": 1,
    "AcquisitionTime": "12:11:49.910000",
    "BandwidthPerPixelPhaseEncode": 21.786,
    "BaseResolution": 90,
    "BodyPartExamined": "BRAIN",
    "ConsistencyInfo": "N4_VE11C_LATEST_20160120",
    "ConversionSoftware": "dcm2niix",
    "ConversionSoftwareVersion": "v1.0.20190902",
    "Dcm2bidsVersion": "2.1.4",
    "DerivedVendorReportedEchoSpacing": 0.000510012,
    "DeviceSerialNumber": "166095",
    "DwellTime": 2e-06,
    "EchoTime": 0.03,
    "EchoTrainLength": 90,
    "EffectiveEchoSpacing": 0.000510012,
    "FlipAngle": 52,
    "ImageComments": "SMS_ABCD_V1.2;_MB=6;_FOVshift=3;_K_PE=5;_K_RO=5;_LeakBlockOn;",
    "ImageOrientationPatientDICOM": [
      1,
      0,
      0,
      0,
      1,
      0
    ],
    "ImageType": [
      "ORIGINAL",
      "PRIMARY",
      "M",
      "ND",
      "MOSAIC"
    ],
    "ImagingFrequency": 123.261,
    "InPlanePhaseEncodingDirectionDICOM": "COL",
    "InstitutionAddress": "Hillhouse_Ave._10_New_Haven_Northeast_US_06519",
    "InstitutionName": "Yale_University_-_Dunham_Lab._Bldg.",
    "InstitutionalDepartmentName": "Department",
    "MRAcquisitionType": "2D",
    "MagneticFieldStrength": 3,
    "Manufacturer": "Siemens",
    "ManufacturersModelName": "Prisma",
    "Modality": "MR",
    "MultibandAccelerationFactor": 6,
    "PartialFourier": 1,
    "PatientPosition": "HFS",
    "PercentPhaseFOV": 100,
    "PhaseEncodingAxis": "j",
    "PhaseEncodingDirection": "j",
    "PhaseEncodingSteps": 90,
    "PhaseResolution": 1,
    "PixelBandwidth": 2780,
    "ProcedureStepDescription": "ABCDadult",
    "ProtocolName": "ABCD_fMRI_task_Monetary_Incentive",
    "PulseSequenceDetails": "%CustomerSeq%_ep2d_bold_sms_abcd",
    "ReceiveCoilActiveElements": "HEA;HEP",
    "ReceiveCoilName": "Head_32",
    "ReconMatrixPE": 90,
    "RefLinesPE": 22,
    "RepetitionTime": 0.8,
    "SAR": 0.0709817,
    "ScanOptions": "FS_CT",
    "ScanningSequence": "EP",
    "SequenceName": "epfid2d1_90",
    "SequenceVariant": "SK",
    "SeriesDescription": "ABCD_fMRI_task_Monetary_Incentive",
    "SeriesNumber": 27,
    "ShimSetting": [
      -2140,
      -696,
      -3995,
      468,
      -31,
      -119,
      -57,
      80
    ],
    "SliceThickness": 2.4,
    "SliceTiming": [
      0.545,
      0,
      0.39,
      0.0775,
      0.4675,
      0.235,
      0.6225,
      0.3125,
      0.7025,
      0.155,
      0.545,
      0,
      0.39,
      0.0775,
      0.4675,
      0.235,
      0.6225,
      0.3125,
      0.7025,
      0.155,
      0.545,
      0,
      0.39,
      0.0775,
      0.4675,
      0.235,
      0.6225,
      0.3125,
      0.7025,
      0.155,
      0.545,
      0,
      0.39,
      0.0775,
      0.4675,
      0.235,
      0.6225,
      0.3125,
      0.7025,
      0.155,
      0.545,
      0,
      0.39,
      0.0775,
      0.4675,
      0.235,
      0.6225,
      0.3125,
      0.7025,
      0.155,
      0.545,
      0,
      0.39,
      0.0775,
      0.4675,
      0.235,
      0.6225,
      0.3125,
      0.7025,
      0.155
    ],
    "SoftwareVersions": "syngo_MR_E11",
    "SpacingBetweenSlices": 2.4,
    "StationName": "AWP166095",
    "TotalReadoutTime": 0.045391,
    "TxRefAmp": 254.824,
    "WipMemBlock": "65aaa25d-bb48-4022-a440-37052c07b08f",
    "dataset": "ds004097",
    "modality": "bold",
    "run_id": 1,
    "session_id": "05",
    "subject_id": "NDARDD890AYU",
    "task_id": "MID"
  },
  "dummy_trs": 7,
  "dvars_nstd": 31.522512459578156,
  "dvars_std": 1.0640889374937974,
  "dvars_vstd": 1.0055394333002468,
  "efc": 0.546023308005183,
  "fber": 622.15234375,
  "fd_mean": 0.06543810217206097,
  "fd_num": 4,
  "fd_perc": 0.9900990099009901,
  "fwhm_avg": 2.9532416517960596,
  "fwhm_x": 2.7654873901094046,
  "fwhm_y": 2.9994248808135637,
  "fwhm_z": 3.094812684465211,
  "gcor": 0.0121441,
  "gsr_x": -0.023862581700086594,
  "gsr_y": 0.10313759744167328,
  "provenance": {
    "md5sum": "e379bdccae948f35427ba71a5b0bec77",
    "settings": {
      "fd_thres": 0.2,
      "testing": false
    },
    "software": "mriqc",
    "version": "23.0.1",
    "webapi_port": null,
    "webapi_url": "https://mriqc.nimh.nih.gov/api/v1"
  },
  "size_t": 404,
  "size_x": 90,
  "size_y": 90,
  "size_z": 60,
  "snr": 2.3426044266212016,
  "spacing_tr": 0.800000011920929,
  "spacing_x": 2.4000000953674316,
  "spacing_y": 2.4000000953674316,
  "spacing_z": 2.3999998569488525,
  "summary_bg_k": 14.601202766980208,
  "summary_bg_mad": 6.557946007654023,
  "summary_bg_mean": 28.889202117919922,
  "summary_bg_median": 10.809405326843262,
  "summary_bg_n": 308941.0,
  "summary_bg_p05": 6.0148515701293945,
  "summary_bg_p95": 131.47276306152344,
  "summary_bg_stdv": 46.86971664428711,
  "summary_fg_k": 1.3560278307385225,
  "summary_fg_mad": 114.55121215226308,
  "summary_fg_mean": 300.8515319824219,
  "summary_fg_median": 277.7586669921875,
  "summary_fg_n": 96410.0,
  "summary_fg_p05": 150.8388557434082,
  "summary_fg_p95": 518.0353790283203,
  "summary_fg_stdv": 118.56770324707031,
  "tsnr": 43.81897289282642
}