{
  "bids_meta": {
    "AcquisitionMatrixPE": 256,
    "AcquisitionNumber": 1,
    "AcquisitionTime": "12:58:53.965000",
    "BaseResolution": 256,
    "BodyPartExamined": "BRAIN",
    "ConsistencyInfo": "N4_VE11C_LATEST_20160120",
    "ConversionSoftware": "dcm2niix",
    "ConversionSoftwareVersion": "v1.0.20190902",
    "Dcm2bidsVersion": "2.1.4",
    "DeviceSerialNumber": "166095",
    "DwellTime": 0.000510012,
    "EchoTime": 0.565,
    "EchoTrainLength": 190,
    "FlipAngle": 120,
    "ImageOrientationPatientDICOM": [
      0,
      1,
      0,
      0.00523601,
      0,
      -0.999986
    ],
    "ImageType": [
      "ORIGINAL",
      "PRIMARY",
      "M",
      "ND"
    ],
    "ImagingFrequency": 123.261,
    "InPlanePhaseEncodingDirectionDICOM": "ROW",
    "InstitutionAddress": "Hillhouse_Ave._10_New_Haven_Northeast_US_06519",
    "InstitutionName": "Yale_University_-_Dunham_Lab._Bldg.",
    "InstitutionalDepartmentName": "Department",
    "MRAcquisitionType": "3D",
    "MagneticFieldStrength": 3,
    "Manufacturer": "Siemens",
    "ManufacturersModelName": "Prisma",
    "Modality": "MR",
    "ParallelReductionFactorInPlane": 2,
    "PartialFourier": 1,
    "PatientPosition": "HFS",
    "PercentPhaseFOV": 100,
    "PhaseEncodingSteps": 227,
    "PhaseResolution": 1,
    "PixelBandwidth": 240,
    "ProcedureStepDescription": "Casey_ABCD-Adult",
    "ProtocolName": "ABCD_T2w_SPC_vNav",
    "PulseSequenceDetails": "%CustomerSeq%_tse_vfl_mgh_epinav_ABCD",
    "ReceiveCoilActiveElements": "HEA;HEP",
    "ReceiveCoilName": "Head_32",
    "ReconMatrixPE": 256,
    "RefLinesPE": 32,
    "RepetitionTime": 3.2,
    "SAR": 0.0826076,
    "ScanOptions": "PFP",
    "ScanningSequence": "SE",
    "SequenceName": "spc_200ns",
    "SequenceVariant": "SK_SP",
    "SeriesDescription": "ABCD_T2w_SPC_vNav",
    "SeriesNumber": 17,
    "ShimSetting": [
      -2140,
      -720,
      -4019,
      454,
      -81,
      -247,
      83,
      67
    ],
    "SliceThickness": 1,
    "SoftwareVersions": "syngo_MR_E11",
    "StationName": "AWP166095",
    "TxRefAmp": 250.712,
    "WipMemBlock": "Prisma_epi_moco_navigator_ABCD_tse_vfl.prot",
    "dataset": "ds004097",
    "modality": "T2w",
    "session_id": "02",
    "subject_id": "NDARMC914MYN"
  },
  "cjv": 0.2923488486617226,
  "cnr": 1.3636744115535095,
  "efc": 0.5436007606234371,
  "fber": 9777.66006574622,
  "fwhm_avg": 2.5169799999999998,
  "fwhm_x": 2.47175,
  "fwhm_y": 2.79041,
  "fwhm_z": 2.28878,
  "icvs_csf": 0.4061486639523821,
  "icvs_gm": 0.45815422950425605,
  "icvs_wm": 0.13569710654336184,
  "inu_med": 0.8932545483112335,
  "inu_range": 0.1894463151693343,
  "provenance": {
    "md5sum": "7d8e26b2b4802b32e3637e034a45d9c1",
    "settings": {
      "testing": false
    },
    "software": "mriqc",
    "version": "23.0.1",
    "warnings": {
      "large_rot_frame": true,
      "small_air_mask": false
    },
    "webapi_port": null,
    "webapi_url": "https://mriqc.nimh.nih.gov/api/v1"
  },
  "qi_1": 1.1537956602938686e-05,
  "qi_2": 0.0186960178088742,
  "rpve_csf": 12.559558093319149,
  "rpve_gm": 11.869235844191635,
  "rpve_wm": 43.6073904577174,
  "size_x": 176,
  "size_y": 256,
  "size_z": 256,
  "snr_csf": 11.424784174306959,
  "snr_gm": 12.398872508983022,
  "snr_total": 8.726428152270437,
  "snr_wm": 2.3556277735213307,
  "snrd_csf": 152.49020766870154,
  "snrd_gm": 96.11905099158135,
  "snrd_total": 159.2871595966723,
  "snrd_wm": 229.25222012973398,
  "spacing_x": 1.0,
  "spacing_y": 1.0,
  "spacing_z": 1.0,
  "summary_bg_k": 6.75404877506271,
  "summary_bg_mad": 0.0,
  "summary_bg_mean": 1.8191819401197347,
  "summary_bg_median": 0.0,
  "summary_bg_n": 2931845.0,
  "summary_bg_p05": 0.0,
  "summary_bg_p95": 7.605782426893711,
  "summary_bg_stdv": 2.8584112113499596,
  "summary_csf_k": 0.9109486706284473,
  "summary_csf_mad": 55.29048983021605,
  "summary_csf_mean": 668.5206734257961,
  "summary_csf_median": 665.3266697153449,
  "summary_csf_n": 63288.0,
  "summary_csf_p05": 580.0211199149489,
  "summary_csf_p95": 767.5046003833413,
  "summary_csf_stdv": 58.23492183330764,
  "summary_gm_k": 0.3207319772618926,
  "summary_gm_mad": 33.54923952754506,
  "summary_gm_mean": 418.7620431464461,
  "summary_gm_median": 419.3749163970351,
  "summary_gm_n": 178804.0,
  "summary_gm_p05": 362.91000286377965,
  "summary_gm_p95": 472.50215592980385,
  "summary_gm_stdv": 33.82353866201508,
  "summary_wm_k": -1.3219536333464226,
  "summary_wm_mad": 136.2675533771013,
  "summary_wm_mean": 730.6224392541374,
  "summary_wm_median": 1000.2453172281384,
  "summary_wm_n": 14829.0,
  "summary_wm_p05": 32.348166450858116,
  "summary_wm_p95": 1099.7244218736887,
  "summary_wm_stdv": 424.6051103301174,
  "tpm_overlap_csf": 0.11494687444676754,
  "tpm_overlap_gm": 0.29304445960199316,
  "tpm_overlap_wm": 0.032413049001719,
  "wm2max": 0.9187683781520679
}