{
  "aor": 0.000586912568306011,
  "aqi": 0.004393768360655737,
  "bids_meta": {
    "AcquisitionMatrixPE": 90,
    "AcquisitionNumber": 1,
    "AcquisitionTime": "13:46:5.500000",
    "BandwidthPerPixelPhaseEncode": 21.786,
    "BaseResolution": 90,
    "BodyPartExamined": "BRAIN",
    "ConsistencyInfo": "N4_VE11C_LATEST_20160120",
    "ConversionSoftware": "dcm2niix",
    "ConversionSoftwareVersion": "v1.0.20190902",
    "Dcm2bidsVersion": "2.1.4",
    "DerivedVendorReportedEchoSpacing": 0.000510012,
    "DeviceSerialNumber": "166095",
    "DwellTime": 2e-06,
    "EchoTime": 0.03,
    "EchoTrainLength": 90,
    "EffectiveEchoSpacing": 0.000510012,
    "FlipAngle": 52,
    "ImageComments": "SMS_ABCD_V1.2;_MB=6;_FOVshift=3;_K_PE=5;_K_RO=5;_LeakBlockOn;",
    "ImageOrientationPatientDICOM": [
      1,
      0,
      0,
      0,
      1,
      0
    ],
    "ImageType": [
      "ORIGINAL",
      "PRIMARY",
      "M",
      "ND",
      "MOSAIC"
    ],
    "ImagingFrequency": 123.261,
    "InPlanePhaseEncodingDirectionDICOM": "COL",
    "InstitutionAddress": "Hillhouse_Ave._10_New_Haven_Northeast_US_06519",
    "InstitutionName": "Yale_University_-_Dunham_Lab._Bldg.",
    "InstitutionalDepartmentName": "Department",
    "MRAcquisitionType": "2D",
    "MagneticFieldStrength": 3,
    "Manufacturer": "Siemens",
    "ManufacturersModelName": "Prisma",
    "Modality": "MR",
    "MultibandAccelerationFactor": 6,
    "PartialFourier": 1,
    "PatientPosition": "HFS",
    "PercentPhaseFOV": 100,
    "PhaseEncodingAxis": "j",
    "PhaseEncodingDirection": "j",
    "PhaseEncodingSteps": 90,
    "PhaseResolution": 1,
    "PixelBandwidth": 2780,
    "ProcedureStepDescription": "ABCDadult",
    "ProtocolName": "ABCD_fMRI_task_Emotional_n-back",
    "PulseSequenceDetails": "%CustomerSeq%_ep2d_bold_sms_abcd",
    "ReceiveCoilActiveElements": "HEA;HEP",
    "ReceiveCoilName": "Head_32",
    "ReconMatrixPE": 90,
    "RefLinesPE": 22,
    "RepetitionTime": 0.8,
    "SAR": 0.0564318,
    "ScanOptions": "FS_CT",
    "ScanningSequence": "EP",
    "SequenceName": "epfid2d1_90",
    "SequenceVariant": "SK",
    "SeriesDescription": "ABCD_fMRI_task_Emotional_n-back",
    "SeriesNumber": 41,
    "ShimSetting": [
      -2143,
      -642,
      -4132,
      509,
      -80,
      -222,
      -99,
      102
    ],
    "SliceThickness": 2.4,
    "SliceTiming": [
      0.5475,
      0,
      0.39,
      0.0775,
      0.4675,
      0.235,
      0.625,
      0.3125,
      0.7025,
      0.1575,
      0.5475,
      0,
      0.39,
      0.0775,
      0.4675,
      0.235,
      0.625,
      0.3125,
      0.7025,
      0.1575,
      0.5475,
      0,
      0.39,
      0.0775,
      0.4675,
      0.235,
      0.625,
      0.3125,
      0.7025,
      0.1575,
      0.5475,
      0,
      0.39,
      0.0775,
      0.4675,
      0.235,
      0.625,
      0.3125,
      0.7025,
      0.1575,
      0.5475,
      0,
      0.39,
      0.0775,
      0.4675,
      0.235,
      0.625,
      0.3125,
      0.7025,
      0.1575,
      0.5475,
      0,
      0.39,
      0.0775,
      0.4675,
      0.235,
      0.625,
      0.3125,
      0.7025,
      0.1575
    ],
    "SoftwareVersions": "syngo_MR_E11",
    "SpacingBetweenSlices": 2.4,
    "StationName": "AWP166095",
    "TotalReadoutTime": 0.045391,
    "TxRefAmp": 237.755,
    "WipMemBlock": "4a4090c9-1354-4cab-a02e-9a66acbb6892",
    "dataset": "ds004097",
    "modality": "bold",
    "run_id": 2,
    "session_id": "05",
    "subject_id": "NDARNC943BP8",
    "task_id": "nback"
  },
  "dummy_trs": 4,
  "dvars_nstd": 31.146632474054776,
  "dvars_std": 1.0284523576438358,
  "dvars_vstd": 1.0025093651232875,
  "efc": 0.5319097593022935,
  "fber": 457.8450012207031,
  "fd_mean": 0.12861527249772728,
  "fd_num": 42,
  "fd_perc": 11.475409836065573,
  "fwhm_avg": 3.0594666522250478,
  "fwhm_x": 2.8014498886803834,
  "fwhm_y": 3.1417123751595666,
  "fwhm_z": 3.2352376928351934,
  "gcor": 0.0143462,
  "gsr_x": -0.012446981854736805,
  "gsr_y": 0.0728176161646843,
  "provenance": {
    "md5sum": "a3d09749d9aafcab15bdb84c3599af95",
    "settings": {
      "fd_thres": 0.2,
      "testing": false
    },
    "software": "mriqc",
    "version": "23.0.1",
    "webapi_port": null,
    "webapi_url": "https://mriqc.nimh.nih.gov/api/v1"
  },
  "size_t": 366,
  "size_x": 90,
  "size_y": 90,
  "size_z": 60,
  "snr": 2.6448430666488485,
  "spacing_tr": 0.800000011920929,
  "spacing_x": 2.4000000953674316,
  "spacing_y": 2.4000000953674316,
  "spacing_z": 2.3999998569488525,
  "summary_bg_k": 29.192192129462967,
  "summary_bg_mad": 8.980680373291541,
  "summary_bg_mean": 26.082931518554688,
  "summary_bg_median": 12.483606338500977,
  "summary_bg_n": 328440.0,
  "summary_bg_p05": 5.81953549385071,
  "summary_bg_p95": 98.20778579711912,
  "summary_bg_stdv": 37.32101058959961,
  "summary_fg_k": 1.0316732867200997,
  "summary_fg_mad": 96.8876568195656,
  "summary_fg_mean": 288.8773193359375,
  "summary_fg_median": 270.0081787109375,
  "summary_fg_n": 82921.0,
  "summary_fg_p05": 158.2622833251953,
  "summary_fg_p95": 479.11474609375,
  "summary_fg_stdv": 102.08792877197266,
  "tsnr": 42.32060368452221
}