{
  "aor": 0.00043597883597883597,
  "aqi": 0.0053455546296296294,
  "bids_meta": {
    "AcquisitionMatrixPE": 90,
    "AcquisitionNumber": 1,
    "AcquisitionTime": "12:34:3.600000",
    "BandwidthPerPixelPhaseEncode": 21.786,
    "BaseResolution": 90,
    "BodyPartExamined": "BRAIN",
    "ConsistencyInfo": "N4_VE11C_LATEST_20160120",
    "ConversionSoftware": "dcm2niix",
    "ConversionSoftwareVersion": "v1.0.20190902",
    "Dcm2bidsVersion": "2.1.4",
    "DerivedVendorReportedEchoSpacing": 0.000510012,
    "DeviceSerialNumber": "166095",
    "DwellTime": 2e-06,
    "EchoTime": 0.03,
    "EchoTrainLength": 90,
    "EffectiveEchoSpacing": 0.000510012,
    "FlipAngle": 52,
    "ImageComments": "SMS_ABCD_V1.2;_MB=6;_FOVshift=3;_K_PE=5;_K_RO=5;_LeakBlockOn;",
    "ImageOrientationPatientDICOM": [
      1,
      0,
      0,
      0,
      1,
      0
    ],
    "ImageType": [
      "ORIGINAL",
      "PRIMARY",
      "M",
      "ND",
      "MOSAIC"
    ],
    "ImagingFrequency": 123.261,
    "InPlanePhaseEncodingDirectionDICOM": "COL",
    "InstitutionAddress": "Hillhouse_Ave._10_New_Haven_Northeast_US_06519",
    "InstitutionName": "Yale_University_-_Dunham_Lab._Bldg.",
    "InstitutionalDepartmentName": "Department",
    "MRAcquisitionType": "2D",
    "MagneticFieldStrength": 3,
    "Manufacturer": "Siemens",
    "ManufacturersModelName": "Prisma",
    "Modality": "MR",
    "MultibandAccelerationFactor": 6,
    "PartialFourier": 1,
    "PatientPosition": "HFS",
    "PercentPhaseFOV": 100,
    "PhaseEncodingAxis": "j",
    "PhaseEncodingDirection": "j",
    "PhaseEncodingSteps": 90,
    "PhaseResolution": 1,
    "PixelBandwidth": 2780,
    "ProcedureStepDescription": "ABCDadult",
    "ProtocolName": "ABCD_fMRI_rest",
    "PulseSequenceDetails": "%CustomerSeq%_ep2d_bold_sms_abcd",
    "ReceiveCoilActiveElements": "HEA;HEP",
    "ReceiveCoilName": "Head_32",
    "ReconMatrixPE": 90,
    "RefLinesPE": 22,
    "RepetitionTime": 0.8,
    "SAR": 0.056447,
    "ScanOptions": "FS_CT",
    "ScanningSequence": "EP",
    "SequenceName": "epfid2d1_90",
    "SequenceVariant": "SK",
    "SeriesDescription": "ABCD_fMRI_rest",
    "SeriesNumber": 8,
    "ShimSetting": [
      -2143,
      -642,
      -4132,
      509,
      -80,
      -222,
      -99,
      102
    ],
    "SliceThickness": 2.4,
    "SliceTiming": [
      0.5475,
      0,
      0.39,
      0.08,
      0.47,
      0.235,
      0.625,
      0.3125,
      0.7025,
      0.1575,
      0.5475,
      0,
      0.39,
      0.08,
      0.47,
      0.235,
      0.625,
      0.3125,
      0.7025,
      0.1575,
      0.5475,
      0,
      0.39,
      0.08,
      0.47,
      0.235,
      0.625,
      0.3125,
      0.7025,
      0.1575,
      0.5475,
      0,
      0.39,
      0.08,
      0.47,
      0.235,
      0.625,
      0.3125,
      0.7025,
      0.1575,
      0.5475,
      0,
      0.39,
      0.08,
      0.47,
      0.235,
      0.625,
      0.3125,
      0.7025,
      0.1575,
      0.5475,
      0,
      0.39,
      0.08,
      0.47,
      0.235,
      0.625,
      0.3125,
      0.7025,
      0.1575
    ],
    "SoftwareVersions": "syngo_MR_E11",
    "SpacingBetweenSlices": 2.4,
    "StationName": "AWP166095",
    "TotalReadoutTime": 0.045391,
    "TxRefAmp": 237.755,
    "WipMemBlock": "03d6b98b-81c6-47ca-981f-9a46725ffedb",
    "dataset": "ds004097",
    "modality": "bold",
    "run_id": 1,
    "session_id": "05",
    "subject_id": "NDARNC943BP8",
    "task_id": "rest"
  },
  "dummy_trs": 5,
  "dvars_nstd": 30.30565767241381,
  "dvars_std": 1.046248847347481,
  "dvars_vstd": 1.010297180026525,
  "efc": 0.5253708046440001,
  "fber": 503.0779724121094,
  "fd_mean": 0.11307339358260925,
  "fd_num": 11,
  "fd_perc": 2.9100529100529102,
  "fwhm_avg": 3.092047207786647,
  "fwhm_x": 2.816845721401941,
  "fwhm_y": 3.184779040114918,
  "fwhm_z": 3.274516861843081,
  "gcor": 0.0142796,
  "gsr_x": -0.015013010241091251,
  "gsr_y": 0.07722160220146179,
  "provenance": {
    "md5sum": "266b0a4fb429ef91b7805f796253ecbf",
    "settings": {
      "fd_thres": 0.2,
      "testing": false
    },
    "software": "mriqc",
    "version": "23.0.1",
    "webapi_port": null,
    "webapi_url": "https://mriqc.nimh.nih.gov/api/v1"
  },
  "size_t": 378,
  "size_x": 90,
  "size_y": 90,
  "size_z": 60,
  "snr": 2.6759717189715237,
  "spacing_tr": 0.800000011920929,
  "spacing_x": 2.4000000953674316,
  "spacing_y": 2.4000000953674316,
  "spacing_z": 2.3999998569488525,
  "summary_bg_k": 40.96546839279327,
  "summary_bg_mad": 8.566146701223344,
  "summary_bg_mean": 25.24984359741211,
  "summary_bg_median": 11.992063522338867,
  "summary_bg_n": 330806.0,
  "summary_bg_p05": 5.6560845375061035,
  "summary_bg_p95": 94.40740203857422,
  "summary_bg_stdv": 37.43597412109375,
  "summary_fg_k": 1.128156721243017,
  "summary_fg_mad": 94.67078915602161,
  "summary_fg_mean": 289.2259826660156,
  "summary_fg_median": 270.0370178222656,
  "summary_fg_n": 82356.0,
  "summary_fg_p05": 160.7956314086914,
  "summary_fg_p95": 478.3472137451172,
  "summary_fg_stdv": 100.91114807128906,
  "tsnr": 46.81928889011033
}