{
  "aor": 0.0012954761904761904,
  "aqi": 0.00506599753968254,
  "bids_meta": {
    "AcquisitionMatrixPE": 90,
    "AcquisitionNumber": 1,
    "AcquisitionTime": "12:31:56.162500",
    "BandwidthPerPixelPhaseEncode": 21.786,
    "BaseResolution": 90,
    "BodyPartExamined": "BRAIN",
    "ConsistencyInfo": "N4_VE11C_LATEST_20160120",
    "ConversionSoftware": "dcm2niix",
    "ConversionSoftwareVersion": "v1.0.20190902",
    "Dcm2bidsVersion": "2.1.4",
    "DerivedVendorReportedEchoSpacing": 0.000510012,
    "DeviceSerialNumber": "166095",
    "DwellTime": 2e-06,
    "EchoTime": 0.03,
    "EchoTrainLength": 90,
    "EffectiveEchoSpacing": 0.000510012,
    "FlipAngle": 52,
    "ImageComments": "SMS_ABCD_V1.2;_MB=6;_FOVshift=3;_K_PE=5;_K_RO=5;_LeakBlockOn;",
    "ImageOrientationPatientDICOM": [
      1,
      0,
      0,
      0,
      1,
      0
    ],
    "ImageType": [
      "ORIGINAL",
      "PRIMARY",
      "M",
      "ND",
      "MOSAIC"
    ],
    "ImagingFrequency": 123.261,
    "InPlanePhaseEncodingDirectionDICOM": "COL",
    "InstitutionAddress": "Hillhouse_Ave._10_New_Haven_Northeast_US_06519",
    "InstitutionName": "Yale_University_-_Dunham_Lab._Bldg.",
    "InstitutionalDepartmentName": "Department",
    "MRAcquisitionType": "2D",
    "MagneticFieldStrength": 3,
    "Manufacturer": "Siemens",
    "ManufacturersModelName": "Prisma",
    "Modality": "MR",
    "MultibandAccelerationFactor": 6,
    "PartialFourier": 1,
    "PatientPosition": "HFS",
    "PercentPhaseFOV": 100,
    "PhaseEncodingAxis": "j",
    "PhaseEncodingDirection": "j",
    "PhaseEncodingSteps": 90,
    "PhaseResolution": 1,
    "PixelBandwidth": 2780,
    "ProcedureStepDescription": "ABCDadult",
    "ProtocolName": "ABCD_fMRI_rest",
    "PulseSequenceDetails": "%CustomerSeq%_ep2d_bold_sms_abcd",
    "ReceiveCoilActiveElements": "HEA;HEP",
    "ReceiveCoilName": "Head_32",
    "ReconMatrixPE": 90,
    "RefLinesPE": 22,
    "RepetitionTime": 0.8,
    "SAR": 0.0531479,
    "ScanOptions": "FS_CT",
    "ScanningSequence": "EP",
    "SequenceName": "epfid2d1_90",
    "SequenceVariant": "SK",
    "SeriesDescription": "ABCD_fMRI_rest",
    "SeriesNumber": 10,
    "ShimSetting": [
      -2131,
      -661,
      -4084,
      500,
      13,
      -220,
      -100,
      82
    ],
    "SliceThickness": 2.4,
    "SliceTiming": [
      0.5475,
      0,
      0.39,
      0.08,
      0.47,
      0.235,
      0.625,
      0.3125,
      0.7025,
      0.1575,
      0.5475,
      0,
      0.39,
      0.08,
      0.47,
      0.235,
      0.625,
      0.3125,
      0.7025,
      0.1575,
      0.5475,
      0,
      0.39,
      0.08,
      0.47,
      0.235,
      0.625,
      0.3125,
      0.7025,
      0.1575,
      0.5475,
      0,
      0.39,
      0.08,
      0.47,
      0.235,
      0.625,
      0.3125,
      0.7025,
      0.1575,
      0.5475,
      0,
      0.39,
      0.08,
      0.47,
      0.235,
      0.625,
      0.3125,
      0.7025,
      0.1575,
      0.5475,
      0,
      0.39,
      0.08,
      0.47,
      0.235,
      0.625,
      0.3125,
      0.7025,
      0.1575
    ],
    "SoftwareVersions": "syngo_MR_E11",
    "SpacingBetweenSlices": 2.4,
    "StationName": "AWP166095",
    "TotalReadoutTime": 0.045391,
    "TxRefAmp": 230.925,
    "WipMemBlock": "f4f26a6e-4981-456a-b153-7b2d128dc35d",
    "dataset": "ds004097",
    "modality": "bold",
    "run_id": 2,
    "session_id": "01",
    "subject_id": "NDARNC943BP8",
    "task_id": "rest"
  },
  "dummy_trs": 5,
  "dvars_nstd": 30.603849148010585,
  "dvars_std": 1.0682993919628643,
  "dvars_vstd": 1.026318615517241,
  "efc": 0.5254485805681612,
  "fber": 535.7362060546875,
  "fd_mean": 0.12933342969338568,
  "fd_num": 36,
  "fd_perc": 9.523809523809524,
  "fwhm_avg": 2.9978985971206114,
  "fwhm_x": 2.716395725393465,
  "fwhm_y": 3.102320710058184,
  "fwhm_z": 3.1749793559101835,
  "gcor": 0.0227188,
  "gsr_x": -0.0168237816542387,
  "gsr_y": 0.08424940705299377,
  "provenance": {
    "md5sum": "128e1fb5b643b2ca6517e3f18fe03e93",
    "settings": {
      "fd_thres": 0.2,
      "testing": false
    },
    "software": "mriqc",
    "version": "23.0.1",
    "webapi_port": null,
    "webapi_url": "https://mriqc.nimh.nih.gov/api/v1"
  },
  "size_t": 378,
  "size_x": 90,
  "size_y": 90,
  "size_z": 60,
  "snr": 2.6604636317341193,
  "spacing_tr": 0.800000011920929,
  "spacing_x": 2.4000000953674316,
  "spacing_y": 2.4000000953674316,
  "spacing_z": 2.3999998569488525,
  "summary_bg_k": 38.61744558667019,
  "summary_bg_mad": 8.350423565199234,
  "summary_bg_mean": 25.31325912475586,
  "summary_bg_median": 11.783068656921387,
  "summary_bg_n": 329150.0,
  "summary_bg_p05": 5.677248477935791,
  "summary_bg_p95": 95.76983642578125,
  "summary_bg_stdv": 37.289825439453125,
  "summary_fg_k": 0.30906847754176425,
  "summary_fg_mad": 100.52670143114358,
  "summary_fg_mean": 294.7054138183594,
  "summary_fg_median": 275.2195739746094,
  "summary_fg_n": 82763.0,
  "summary_fg_p05": 160.5,
  "summary_fg_p95": 490.2573944091796,
  "summary_fg_stdv": 103.44734954833984,
  "tsnr": 44.107517092023045
}