{
  "bids_meta": {
    "AcquisitionMatrixPE": 256,
    "AcquisitionNumber": 1,
    "AcquisitionTime": "12:47:50.817500",
    "BaseResolution": 256,
    "BodyPartExamined": "BRAIN",
    "ConsistencyInfo": "N4_VE11C_LATEST_20160120",
    "ConversionSoftware": "dcm2niix",
    "ConversionSoftwareVersion": "v1.0.20190902",
    "Dcm2bidsVersion": "2.1.4",
    "DeviceSerialNumber": "166095",
    "DwellTime": 0.000510012,
    "EchoTime": 0.0029,
    "FlipAngle": 8,
    "ImageOrientationPatientDICOM": [
      0,
      1,
      0,
      -0.0191974,
      0,
      -0.999816
    ],
    "ImageType": [
      "ORIGINAL",
      "PRIMARY",
      "M",
      "ND"
    ],
    "ImagingFrequency": 123.261,
    "InPlanePhaseEncodingDirectionDICOM": "ROW",
    "InstitutionAddress": "Hillhouse_Ave._10_New_Haven_Northeast_US_06519",
    "InstitutionName": "Yale_University_-_Dunham_Lab._Bldg.",
    "InstitutionalDepartmentName": "Department",
    "InversionTime": 1.07,
    "MRAcquisitionType": "3D",
    "MagneticFieldStrength": 3,
    "Manufacturer": "Siemens",
    "ManufacturersModelName": "Prisma",
    "Modality": "MR",
    "ParallelReductionFactorInPlane": 2,
    "PartialFourier": 1,
    "PatientPosition": "HFS",
    "PercentPhaseFOV": 100,
    "PhaseEncodingSteps": 255,
    "PhaseResolution": 1,
    "PixelBandwidth": 240,
    "ProcedureStepDescription": "ABCDadult",
    "ProtocolName": "ABCD_T1w_MPR_vNav",
    "PulseSequenceDetails": "%CustomerSeq%_tfl_mgh_epinav_ABCD",
    "ReceiveCoilActiveElements": "HEA;HEP",
    "ReceiveCoilName": "Head_32",
    "ReconMatrixPE": 256,
    "RefLinesPE": 32,
    "RepetitionTime": 2.5,
    "SAR": 0.0389443,
    "ScanOptions": "IR_WE",
    "ScanningSequence": "GR_IR",
    "SequenceName": "tfl3d1_16ns",
    "SequenceVariant": "SK_SP_MP",
    "SeriesDescription": "ABCD_T1w_MPR_vNav",
    "SeriesNumber": 4,
    "ShimSetting": [
      -2110,
      -681,
      -3976,
      606,
      -6,
      -9,
      60,
      27
    ],
    "SliceThickness": 1,
    "SoftwareVersions": "syngo_MR_E11",
    "StationName": "AWP166095",
    "TxRefAmp": 232.449,
    "WipMemBlock": "Prisma_epi_moco_navigator_ABCD_tfl.prot",
    "dataset": "ds004097",
    "modality": "T1w",
    "session_id": "02",
    "subject_id": "NDARUD216XXV"
  },
  "cjv": 0.342937605578909,
  "cnr": 3.793724903641104,
  "efc": 0.5112486265178274,
  "fber": 8582.024282968088,
  "fwhm_avg": 3.92483,
  "fwhm_x": 4.04454,
  "fwhm_y": 4.03712,
  "fwhm_z": 3.69283,
  "icvs_csf": 0.2544628503713191,
  "icvs_gm": 0.42757404723559883,
  "icvs_wm": 0.31796310239308206,
  "inu_med": 0.49137458205223083,
  "inu_range": 0.13995906114578244,
  "provenance": {
    "md5sum": "6ab372b7411214c3005be6914b50e624",
    "settings": {
      "testing": false
    },
    "software": "mriqc",
    "version": "23.0.1",
    "warnings": {
      "large_rot_frame": true,
      "small_air_mask": false
    },
    "webapi_port": null,
    "webapi_url": "https://mriqc.nimh.nih.gov/api/v1"
  },
  "qi_1": 0.0006061111123971521,
  "qi_2": 0.0016777330647866641,
  "rpve_csf": 24.6363532841885,
  "rpve_gm": 14.499049933463567,
  "rpve_wm": 22.259839923026487,
  "size_x": 176,
  "size_y": 256,
  "size_z": 256,
  "snr_csf": 1.7617473780348574,
  "snr_gm": 10.385298058057572,
  "snr_total": 13.221544710579963,
  "snr_wm": 27.517588695647458,
  "snrd_csf": 28.30773770381308,
  "snrd_gm": 99.83524386806138,
  "snrd_total": 89.82326949361322,
  "snrd_wm": 141.32682690896522,
  "spacing_x": 1.0,
  "spacing_y": 1.0,
  "spacing_z": 1.0,
  "summary_bg_k": 23.117434125372938,
  "summary_bg_mad": 4.635612411851185,
  "summary_bg_mean": 4.387176787031609,
  "summary_bg_median": 3.1266730576753616,
  "summary_bg_n": 2391671.0,
  "summary_bg_p05": 0.0,
  "summary_bg_p95": 17.475104212760925,
  "summary_bg_stdv": 6.4444165228333175,
  "summary_csf_k": 0.42935480808934967,
  "summary_csf_mad": 100.68169149301444,
  "summary_csf_mean": 224.73683461659974,
  "summary_csf_median": 200.29981581121683,
  "summary_csf_n": 53865.0,
  "summary_csf_p05": 73.60959338247777,
  "summary_csf_p95": 447.90234018266193,
  "summary_csf_stdv": 113.69277969347425,
  "summary_gm_k": 0.2187977186315786,
  "summary_gm_mad": 65.24783223530264,
  "summary_gm_mean": 706.7519514432282,
  "summary_gm_median": 706.4139553457499,
  "summary_gm_n": 29898.0,
  "summary_gm_p05": 593.5078638318926,
  "summary_gm_p95": 819.8800639860331,
  "summary_gm_stdv": 68.01943839890852,
  "summary_wm_k": 0.37425687654796036,
  "summary_wm_mad": 35.433859257711795,
  "summary_wm_mean": 1000.166264521448,
  "summary_wm_median": 999.999989233911,
  "summary_wm_n": 159512.0,
  "summary_wm_p05": 941.0332910787314,
  "summary_wm_p95": 1059.4592454735186,
  "summary_wm_stdv": 36.34027914759826,
  "tpm_overlap_csf": 0.13587115597609709,
  "tpm_overlap_gm": 0.4729706096205847,
  "tpm_overlap_wm": 0.5032956938449619,
  "wm2max": 0.8836609584319318
}