{
  "bids_meta": {
    "AcquisitionMatrixPE": 256,
    "AcquisitionNumber": 1,
    "AcquisitionTime": "13:17:30.827500",
    "BaseResolution": 256,
    "BodyPartExamined": "BRAIN",
    "ConsistencyInfo": "N4_VE11C_LATEST_20160120",
    "ConversionSoftware": "dcm2niix",
    "ConversionSoftwareVersion": "v1.0.20190902",
    "Dcm2bidsVersion": "2.1.4",
    "DeviceSerialNumber": "166095",
    "DwellTime": 0.000510012,
    "EchoTime": 0.565,
    "EchoTrainLength": 190,
    "FlipAngle": 120,
    "ImageOrientationPatientDICOM": [
      0,
      1,
      0,
      -0.0191974,
      0,
      -0.999816
    ],
    "ImageType": [
      "ORIGINAL",
      "PRIMARY",
      "M",
      "ND",
      "NORM"
    ],
    "ImagingFrequency": 123.261,
    "InPlanePhaseEncodingDirectionDICOM": "ROW",
    "InstitutionAddress": "Hillhouse_Ave._10_New_Haven_Northeast_US_06519",
    "InstitutionName": "Yale_University_-_Dunham_Lab._Bldg.",
    "InstitutionalDepartmentName": "Department",
    "MRAcquisitionType": "3D",
    "MagneticFieldStrength": 3,
    "Manufacturer": "Siemens",
    "ManufacturersModelName": "Prisma",
    "Modality": "MR",
    "ParallelReductionFactorInPlane": 2,
    "PartialFourier": 1,
    "PatientPosition": "HFS",
    "PercentPhaseFOV": 100,
    "PhaseEncodingSteps": 227,
    "PhaseResolution": 1,
    "PixelBandwidth": 240,
    "ProcedureStepDescription": "ABCDadult",
    "ProtocolName": "ABCD_T2w_SPC_vNav",
    "PulseSequenceDetails": "%CustomerSeq%_tse_vfl_mgh_epinav_ABCD",
    "ReceiveCoilActiveElements": "HEA;HEP",
    "ReceiveCoilName": "Head_32",
    "ReconMatrixPE": 256,
    "RefLinesPE": 32,
    "RepetitionTime": 3.2,
    "SAR": 0.0853496,
    "ScanOptions": "PFP",
    "ScanningSequence": "SE",
    "SequenceName": "spc_200ns",
    "SequenceVariant": "SK_SP",
    "SeriesDescription": "ABCD_T2w_SPC_vNav",
    "SeriesNumber": 18,
    "ShimSetting": [
      -2110,
      -681,
      -3976,
      606,
      -6,
      -9,
      60,
      27
    ],
    "SliceThickness": 1,
    "SoftwareVersions": "syngo_MR_E11",
    "StationName": "AWP166095",
    "TxRefAmp": 232.449,
    "WipMemBlock": "Prisma_epi_moco_navigator_ABCD_tse_vfl.prot",
    "dataset": "ds004097",
    "modality": "T2w",
    "session_id": "02",
    "subject_id": "NDARUD216XXV"
  },
  "cjv": 0.26939471558273326,
  "cnr": 3.749135812384248,
  "efc": 0.48472792234345563,
  "fber": 12109.567107750472,
  "fwhm_avg": 2.4282533333333336,
  "fwhm_x": 2.43096,
  "fwhm_y": 2.57518,
  "fwhm_z": 2.27862,
  "icvs_csf": 0.34426519021853585,
  "icvs_gm": 0.5745594433572319,
  "icvs_wm": 0.08117536642423225,
  "inu_med": 0.6257588565349579,
  "inu_range": 0.11053250730037689,
  "provenance": {
    "md5sum": "d763030a21d8b3899d439caadadf846b",
    "settings": {
      "testing": false
    },
    "software": "mriqc",
    "version": "23.0.1",
    "warnings": {
      "large_rot_frame": true,
      "small_air_mask": false
    },
    "webapi_port": null,
    "webapi_url": "https://mriqc.nimh.nih.gov/api/v1"
  },
  "qi_1": 2.252872509556258e-05,
  "qi_2": 0.013320340495103684,
  "rpve_csf": 16.097364140104723,
  "rpve_gm": 12.02152581166313,
  "rpve_wm": 79.936369883457,
  "size_x": 176,
  "size_y": 256,
  "size_z": 256,
  "snr_csf": 6.425445647538216,
  "snr_gm": 12.007791947340236,
  "snr_total": 6.415974506681239,
  "snr_wm": 0.8146859251652654,
  "snrd_csf": 170.75951347625676,
  "snrd_gm": 87.23919192363228,
  "snrd_total": 90.87291420704933,
  "snrd_wm": 14.62003722125898,
  "spacing_x": 1.0,
  "spacing_y": 1.0,
  "spacing_z": 1.0,
  "summary_bg_k": 56.63003290308741,
  "summary_bg_mad": 0.0,
  "summary_bg_mean": 30.08353948839464,
  "summary_bg_median": 0.0,
  "summary_bg_n": 2374283.0,
  "summary_bg_p05": 0.0,
  "summary_bg_p95": 127.52439704537392,
  "summary_bg_stdv": 44.81085860525136,
  "summary_csf_k": -0.5500418948079817,
  "summary_csf_mad": 1925.66720381103,
  "summary_csf_mean": 11117.592673106028,
  "summary_csf_median": 11679.827916577458,
  "summary_csf_n": 49250.0,
  "summary_csf_p05": 8160.17724929899,
  "summary_csf_p95": 13293.522090613096,
  "summary_csf_stdv": 1817.7275133464448,
  "summary_gm_k": 0.6764828755137859,
  "summary_gm_mad": 470.6513658510886,
  "summary_gm_mean": 5989.335358999413,
  "summary_gm_median": 5967.097987726331,
  "summary_gm_n": 206297.0,
  "summary_gm_p05": 5218.062338888645,
  "summary_gm_p95": 6841.388916224241,
  "summary_gm_stdv": 496.93428662661944,
  "summary_wm_k": 8.273622865215685,
  "summary_wm_mad": 867.4585753016668,
  "summary_wm_mean": 1341.0543945090485,
  "summary_wm_median": 1000.0000316351652,
  "summary_wm_n": 4184.0,
  "summary_wm_p05": 184.70615515112877,
  "summary_wm_p95": 3667.529047268629,
  "summary_wm_stdv": 1227.3202356100123,
  "tpm_overlap_csf": 0.14438443472640328,
  "tpm_overlap_gm": 0.3712472249414603,
  "tpm_overlap_wm": 0.01823630636400671,
  "wm2max": 0.0747025121198766
}