{
  "bids_meta": {
    "AcquisitionMatrixPE": 256,
    "AcquisitionNumber": 1,
    "AcquisitionTime": "12:55:13.997500",
    "BaseResolution": 256,
    "BodyPartExamined": "BRAIN",
    "ConsistencyInfo": "N4_VE11C_LATEST_20160120",
    "ConversionSoftware": "dcm2niix",
    "ConversionSoftwareVersion": "v1.0.20190902",
    "Dcm2bidsVersion": "2.1.4",
    "DeviceSerialNumber": "166095",
    "DwellTime": 0.000510012,
    "EchoTime": 0.0029,
    "FlipAngle": 8,
    "ImageOrientationPatientDICOM": [
      0,
      1,
      0,
      -0.0645323,
      0,
      -0.997916
    ],
    "ImageType": [
      "ORIGINAL",
      "PRIMARY",
      "M",
      "ND"
    ],
    "ImagingFrequency": 123.261,
    "InPlanePhaseEncodingDirectionDICOM": "ROW",
    "InstitutionAddress": "Hillhouse_Ave._10_New_Haven_Northeast_US_06519",
    "InstitutionName": "Yale_University_-_Dunham_Lab._Bldg.",
    "InstitutionalDepartmentName": "Department",
    "InversionTime": 1.07,
    "MRAcquisitionType": "3D",
    "MagneticFieldStrength": 3,
    "Manufacturer": "Siemens",
    "ManufacturersModelName": "Prisma",
    "Modality": "MR",
    "ParallelReductionFactorInPlane": 2,
    "PartialFourier": 1,
    "PatientPosition": "HFS",
    "PercentPhaseFOV": 100,
    "PhaseEncodingSteps": 255,
    "PhaseResolution": 1,
    "PixelBandwidth": 240,
    "ProcedureStepDescription": "ABCDadult",
    "ProtocolName": "ABCD_T1w_MPR_vNav",
    "PulseSequenceDetails": "%CustomerSeq%_tfl_mgh_epinav_ABCD",
    "ReceiveCoilActiveElements": "HEA;HEP",
    "ReceiveCoilName": "Head_32",
    "ReconMatrixPE": 256,
    "RefLinesPE": 32,
    "RepetitionTime": 2.5,
    "SAR": 0.0338834,
    "ScanOptions": "IR_WE",
    "ScanningSequence": "GR_IR",
    "SequenceName": "tfl3d1_16ns",
    "SequenceVariant": "SK_SP_MP",
    "SeriesDescription": "ABCD_T1w_MPR_vNav",
    "SeriesNumber": 4,
    "ShimSetting": [
      -2163,
      -673,
      -4013,
      521,
      -60,
      -18,
      86,
      25
    ],
    "SliceThickness": 1,
    "SoftwareVersions": "syngo_MR_E11",
    "StationName": "AWP166095",
    "TxRefAmp": 221.583,
    "WipMemBlock": "Prisma_epi_moco_navigator_ABCD_tfl.prot",
    "dataset": "ds004097",
    "modality": "T1w",
    "session_id": "05",
    "subject_id": "NDARUD216XXV"
  },
  "cjv": 0.3242694908690775,
  "cnr": 3.9186161396266277,
  "efc": 0.5230841350218148,
  "fber": 32287.597656250004,
  "fwhm_avg": 3.7587499999999996,
  "fwhm_x": 3.91901,
  "fwhm_y": 3.82265,
  "fwhm_z": 3.53459,
  "icvs_csf": 0.23810670747580656,
  "icvs_gm": 0.43982141203001573,
  "icvs_wm": 0.3220718804941777,
  "inu_med": 0.44120392203330994,
  "inu_range": 0.11758124232292178,
  "provenance": {
    "md5sum": "78431c8a97c58dc246f2b67aab3fc9a5",
    "settings": {
      "testing": false
    },
    "software": "mriqc",
    "version": "23.0.1",
    "warnings": {
      "large_rot_frame": true,
      "small_air_mask": false
    },
    "webapi_port": null,
    "webapi_url": "https://mriqc.nimh.nih.gov/api/v1"
  },
  "qi_1": 0.0,
  "qi_2": 0.0019427081006288714,
  "rpve_csf": 26.106628904729273,
  "rpve_gm": 14.351722524390059,
  "rpve_wm": 22.358117243663425,
  "size_x": 176,
  "size_y": 256,
  "size_z": 256,
  "snr_csf": 1.7635908344862044,
  "snr_gm": 10.045585559146422,
  "snr_total": 13.440887105880533,
  "snr_wm": 28.51348492400897,
  "snrd_csf": 24.361770165021348,
  "snrd_gm": 92.77154675358771,
  "snrd_total": 83.51809121124893,
  "snrd_wm": 133.42095671513772,
  "spacing_x": 1.0,
  "spacing_y": 1.0,
  "spacing_z": 1.0,
  "summary_bg_k": 10.463992031839707,
  "summary_bg_mad": 0.0,
  "summary_bg_mean": 3.0483592100118178,
  "summary_bg_median": 0.0,
  "summary_bg_n": 2603774.0,
  "summary_bg_p05": 0.0,
  "summary_bg_p95": 12.894647875800729,
  "summary_bg_stdv": 4.910296033783399,
  "summary_csf_k": 1.294841533481593,
  "summary_csf_mad": 85.40356917828228,
  "summary_csf_mean": 206.12213549672666,
  "summary_csf_median": 182.5932789221406,
  "summary_csf_n": 39788.0,
  "summary_csf_p05": 74.62434515357018,
  "summary_csf_p95": 413.3251696359366,
  "summary_csf_stdv": 103.53364326917253,
  "summary_gm_k": 0.20678176283138994,
  "summary_gm_mad": 66.00433382728943,
  "summary_gm_mean": 695.9793238076234,
  "summary_gm_median": 695.3296413877979,
  "summary_gm_n": 30114.0,
  "summary_gm_p05": 579.6112563917413,
  "summary_gm_p95": 811.1039524343796,
  "summary_gm_stdv": 69.21628333575333,
  "summary_wm_k": 0.567885121041181,
  "summary_wm_mad": 32.7909655610331,
  "summary_wm_mean": 1000.0040521643798,
  "summary_wm_median": 999.9999917298555,
  "summary_wm_n": 159387.0,
  "summary_wm_p05": 942.2589825838804,
  "summary_wm_p95": 1057.1015445245425,
  "summary_wm_stdv": 35.071014902995564,
  "tpm_overlap_csf": 0.14139274473441407,
  "tpm_overlap_gm": 0.47214136545484814,
  "tpm_overlap_wm": 0.5031028336407328,
  "wm2max": 0.8975942413335859
}