{
  "bids_meta": {
    "AcquisitionMatrixPE": 256,
    "AcquisitionNumber": 1,
    "AcquisitionTime": "13:00:12.340000",
    "BaseResolution": 256,
    "BodyPartExamined": "BRAIN",
    "ConsistencyInfo": "N4_VE11C_LATEST_20160120",
    "ConversionSoftware": "dcm2niix",
    "ConversionSoftwareVersion": "v1.0.20190902",
    "Dcm2bidsVersion": "2.1.4",
    "DeviceSerialNumber": "166095",
    "DwellTime": 0.000510012,
    "EchoTime": 0.565,
    "EchoTrainLength": 190,
    "FlipAngle": 120,
    "ImageOrientationPatientDICOM": [
      0,
      1,
      0,
      -0.0819384,
      0,
      -0.996637
    ],
    "ImageType": [
      "ORIGINAL",
      "PRIMARY",
      "M",
      "ND"
    ],
    "ImagingFrequency": 123.261,
    "InPlanePhaseEncodingDirectionDICOM": "ROW",
    "InstitutionAddress": "Hillhouse_Ave._10_New_Haven_Northeast_US_06519",
    "InstitutionName": "Yale_University_-_Dunham_Lab._Bldg.",
    "InstitutionalDepartmentName": "Department",
    "MRAcquisitionType": "3D",
    "MagneticFieldStrength": 3,
    "Manufacturer": "Siemens",
    "ManufacturersModelName": "Prisma",
    "Modality": "MR",
    "ParallelReductionFactorInPlane": 2,
    "PartialFourier": 1,
    "PatientPosition": "HFS",
    "PercentPhaseFOV": 100,
    "PhaseEncodingSteps": 227,
    "PhaseResolution": 1,
    "PixelBandwidth": 240,
    "ProcedureStepDescription": "ABCDadult",
    "ProtocolName": "ABCD_T2w_SPC_vNav",
    "PulseSequenceDetails": "%CustomerSeq%_tse_vfl_mgh_epinav_ABCD",
    "ReceiveCoilActiveElements": "HEA;HEP",
    "ReceiveCoilName": "Head_32",
    "ReconMatrixPE": 256,
    "RefLinesPE": 32,
    "RepetitionTime": 3.2,
    "SAR": 0.109231,
    "ScanOptions": "PFP",
    "ScanningSequence": "SE",
    "SequenceName": "spc_200ns",
    "SequenceVariant": "SK_SP",
    "SeriesDescription": "ABCD_T2w_SPC_vNav",
    "SeriesNumber": 17,
    "ShimSetting": [
      -2138,
      -681,
      -4008,
      479,
      -73,
      -139,
      21,
      81
    ],
    "SliceThickness": 1,
    "SoftwareVersions": "syngo_MR_E11",
    "StationName": "AWP166095",
    "TxRefAmp": 249.214,
    "WipMemBlock": "Prisma_epi_moco_navigator_ABCD_tse_vfl.prot",
    "dataset": "ds004097",
    "modality": "T2w",
    "session_id": "05",
    "subject_id": "NDARMC914MYN"
  },
  "cjv": 0.7074804570584529,
  "cnr": 0.5781059918398834,
  "efc": 0.5506590278254657,
  "fber": 9076.892561983472,
  "fwhm_avg": 3.4844399999999998,
  "fwhm_x": 3.43204,
  "fwhm_y": 3.73099,
  "fwhm_z": 3.29029,
  "icvs_csf": 0.4845235550408868,
  "icvs_gm": 0.38737332401030716,
  "icvs_wm": 0.12810312094880605,
  "inu_med": 0.8772574067115784,
  "inu_range": 0.8797525584697723,
  "provenance": {
    "md5sum": "4ab69b8250ef47ee2bb87beb15b1ad70",
    "settings": {
      "testing": false
    },
    "software": "mriqc",
    "version": "23.0.1",
    "warnings": {
      "large_rot_frame": true,
      "small_air_mask": false
    },
    "webapi_port": null,
    "webapi_url": "https://mriqc.nimh.nih.gov/api/v1"
  },
  "qi_1": 0.0023944178185918304,
  "qi_2": 0.0016574214930124083,
  "rpve_csf": 11.586541032557033,
  "rpve_gm": 14.41424055708435,
  "rpve_wm": 44.01170948541,
  "size_x": 176,
  "size_y": 256,
  "size_z": 256,
  "snr_csf": 11.958414489550234,
  "snr_gm": 12.111975868440735,
  "snr_total": 8.12122674238011,
  "snr_wm": 0.29328986914935656,
  "snrd_csf": 89.19645705810592,
  "snrd_gm": 56.69218066021153,
  "snrd_total": 54.97873412501372,
  "snrd_wm": 19.047564656723733,
  "spacing_x": 1.0,
  "spacing_y": 1.0,
  "spacing_z": 1.0,
  "summary_bg_k": 17.831180070987784,
  "summary_bg_mad": 34.538734515074125,
  "summary_bg_mean": 30.62810836442843,
  "summary_bg_median": 23.296022415161133,
  "summary_bg_n": 2909965.0,
  "summary_bg_p05": 0.0,
  "summary_bg_p95": 116.66211225092411,
  "summary_bg_stdv": 44.164426212130486,
  "summary_csf_k": 0.19073476390753852,
  "summary_csf_mad": 377.90232569032275,
  "summary_csf_mean": 4723.9203763772875,
  "summary_csf_median": 4702.429524622858,
  "summary_csf_n": 137932.0,
  "summary_csf_p05": 4115.387959778309,
  "summary_csf_p95": 5425.243220105767,
  "summary_csf_stdv": 393.2304305485835,
  "summary_gm_k": 0.1981433020293566,
  "summary_gm_mad": 241.7711416055189,
  "summary_gm_mean": 2997.313833475786,
  "summary_gm_median": 2988.806875795126,
  "summary_gm_n": 194794.0,
  "summary_gm_p05": 2605.878507345915,
  "summary_gm_p95": 3417.5992883741856,
  "summary_gm_stdv": 246.76396622132646,
  "summary_wm_k": -1.0841479271213725,
  "summary_wm_mad": 1162.309366591264,
  "summary_wm_mean": 3042.9202818036815,
  "summary_wm_median": 1004.1859662160277,
  "summary_wm_n": 27174.0,
  "summary_wm_p05": 127.7004228718579,
  "summary_wm_p95": 9076.776433568448,
  "summary_wm_stdv": 3423.8055749959,
  "tpm_overlap_csf": 0.11212489847091635,
  "tpm_overlap_gm": 0.2392452806406423,
  "tpm_overlap_wm": 0.023837949771361885,
  "wm2max": 0.11453511303012061
}