{
  "bids_meta": {
    "AcquisitionMatrixPE": 256,
    "AcquisitionNumber": 1,
    "AcquisitionTime": "12:31:9.842500",
    "BaseResolution": 256,
    "BodyPartExamined": "BRAIN",
    "ConsistencyInfo": "N4_VE11C_LATEST_20160120",
    "ConversionSoftware": "dcm2niix",
    "ConversionSoftwareVersion": "v1.0.20190902",
    "Dcm2bidsVersion": "2.1.4",
    "DeviceSerialNumber": "166095",
    "DwellTime": 0.000510012,
    "EchoTime": 0.0029,
    "FlipAngle": 8,
    "ImageOrientationPatientDICOM": [
      0,
      1,
      0,
      -0.0819384,
      0,
      -0.996637
    ],
    "ImageType": [
      "ORIGINAL",
      "PRIMARY",
      "M",
      "ND",
      "NORM"
    ],
    "ImagingFrequency": 123.261,
    "InPlanePhaseEncodingDirectionDICOM": "ROW",
    "InstitutionAddress": "Hillhouse_Ave._10_New_Haven_Northeast_US_06519",
    "InstitutionName": "Yale_University_-_Dunham_Lab._Bldg.",
    "InstitutionalDepartmentName": "Department",
    "InversionTime": 1.07,
    "MRAcquisitionType": "3D",
    "MagneticFieldStrength": 3,
    "Manufacturer": "Siemens",
    "ManufacturersModelName": "Prisma",
    "Modality": "MR",
    "ParallelReductionFactorInPlane": 2,
    "PartialFourier": 1,
    "PatientPosition": "HFS",
    "PercentPhaseFOV": 100,
    "PhaseEncodingSteps": 255,
    "PhaseResolution": 1,
    "PixelBandwidth": 240,
    "ProcedureStepDescription": "ABCDadult",
    "ProtocolName": "ABCD_T1w_MPR_vNav",
    "PulseSequenceDetails": "%CustomerSeq%_tfl_mgh_epinav_ABCD",
    "ReceiveCoilActiveElements": "HEA;HEP",
    "ReceiveCoilName": "Head_32",
    "ReconMatrixPE": 256,
    "RefLinesPE": 32,
    "RepetitionTime": 2.5,
    "SAR": 0.0498413,
    "ScanOptions": "IR_WE",
    "ScanningSequence": "GR_IR",
    "SequenceName": "tfl3d1_16ns",
    "SequenceVariant": "SK_SP_MP",
    "SeriesDescription": "ABCD_T1w_MPR_vNav",
    "SeriesNumber": 5,
    "ShimSetting": [
      -2138,
      -681,
      -4008,
      479,
      -73,
      -139,
      21,
      81
    ],
    "SliceThickness": 1,
    "SoftwareVersions": "syngo_MR_E11",
    "StationName": "AWP166095",
    "TxRefAmp": 249.214,
    "WipMemBlock": "Prisma_epi_moco_navigator_ABCD_tfl.prot",
    "dataset": "ds004097",
    "modality": "T1w",
    "session_id": "05",
    "subject_id": "NDARMC914MYN"
  },
  "cjv": 0.3037137953619158,
  "cnr": 4.221855960844556,
  "efc": 0.5576022197447733,
  "fber": 24053.712277091905,
  "fwhm_avg": 3.6120933333333336,
  "fwhm_x": 3.70282,
  "fwhm_y": 3.76363,
  "fwhm_z": 3.36983,
  "icvs_csf": 0.19375050999891397,
  "icvs_gm": 0.4645518809542679,
  "icvs_wm": 0.3416976090468181,
  "inu_med": 0.42436471581459045,
  "inu_range": 0.12478165626525878,
  "provenance": {
    "md5sum": "4df8b614c24d9f1411d57e7006846dcc",
    "settings": {
      "testing": false
    },
    "software": "mriqc",
    "version": "23.0.1",
    "warnings": {
      "large_rot_frame": true,
      "small_air_mask": false
    },
    "webapi_port": null,
    "webapi_url": "https://mriqc.nimh.nih.gov/api/v1"
  },
  "qi_1": 1.3832682446647666e-05,
  "qi_2": 0.0018295814125707808,
  "rpve_csf": 24.973427592041798,
  "rpve_gm": 11.39336865431467,
  "rpve_wm": 17.508932105000177,
  "size_x": 176,
  "size_y": 256,
  "size_z": 256,
  "snr_csf": 1.8625748108120734,
  "snr_gm": 10.795776070614306,
  "snr_total": 12.966093867329059,
  "snr_wm": 26.239930720560803,
  "snrd_csf": 32.923986401970055,
  "snrd_gm": 93.8037579740257,
  "snrd_total": 87.79634366542774,
  "snrd_wm": 136.66128662028748,
  "spacing_x": 1.0,
  "spacing_y": 1.0,
  "spacing_z": 1.0,
  "summary_bg_k": 32.113428270291315,
  "summary_bg_mad": 0.0,
  "summary_bg_mean": 3.1151718988430765,
  "summary_bg_median": 0.0,
  "summary_bg_n": 2886917.0,
  "summary_bg_p05": 0.0,
  "summary_bg_p95": 12.850295845419168,
  "summary_bg_stdv": 4.793769251024336,
  "summary_csf_k": 0.42616868089108184,
  "summary_csf_mad": 119.4310668876669,
  "summary_csf_mean": 258.53716262080604,
  "summary_csf_median": 240.9116538707167,
  "summary_csf_n": 25223.0,
  "summary_csf_p05": 64.58843323867768,
  "summary_csf_p95": 497.4696940183638,
  "summary_csf_stdv": 129.34077965111587,
  "summary_gm_k": 0.30239593787093844,
  "summary_gm_mad": 59.46730051707291,
  "summary_gm_mean": 687.2225064092748,
  "summary_gm_median": 686.3816002383828,
  "summary_gm_n": 51110.0,
  "summary_gm_p05": 583.3071588072926,
  "summary_gm_p95": 794.5019803149623,
  "summary_gm_stdv": 63.578095818904636,
  "summary_wm_k": 0.6069274170614958,
  "summary_wm_mad": 35.77657056936346,
  "summary_wm_mean": 998.9840086306414,
  "summary_wm_median": 999.9790480360389,
  "summary_wm_n": 200471.0,
  "summary_wm_p05": 934.8694871645421,
  "summary_wm_p95": 1059.4168985262513,
  "summary_wm_stdv": 38.10896319079463,
  "tpm_overlap_csf": 0.15064450642100358,
  "tpm_overlap_gm": 0.47970886446675975,
  "tpm_overlap_wm": 0.5095129138817169,
  "wm2max": 0.8066631252050354
}