{
  "aor": 0.0014410666666666667,
  "aqi": 0.0043073967199999995,
  "bids_meta": {
    "AcquisitionMatrixPE": 90,
    "AcquisitionNumber": 1,
    "AcquisitionTime": "14:24:33.827500",
    "BandwidthPerPixelPhaseEncode": 21.786,
    "BaseResolution": 90,
    "BodyPartExamined": "BRAIN",
    "ConsistencyInfo": "N4_VE11C_LATEST_20160120",
    "ConversionSoftware": "dcm2niix",
    "ConversionSoftwareVersion": "v1.0.20190902",
    "Dcm2bidsVersion": "2.1.4",
    "DerivedVendorReportedEchoSpacing": 0.000510012,
    "DeviceSerialNumber": "166095",
    "DwellTime": 2e-06,
    "EchoTime": 0.03,
    "EchoTrainLength": 90,
    "EffectiveEchoSpacing": 0.000510012,
    "FlipAngle": 52,
    "ImageComments": "SMS_ABCD_V1.2;_MB=6;_FOVshift=3;_K_PE=5;_K_RO=5;_LeakBlockOn;",
    "ImageOrientationPatientDICOM": [
      1,
      0,
      0,
      0,
      1,
      0
    ],
    "ImageType": [
      "ORIGINAL",
      "PRIMARY",
      "M",
      "ND",
      "MOSAIC"
    ],
    "ImagingFrequency": 123.261,
    "InPlanePhaseEncodingDirectionDICOM": "COL",
    "InstitutionAddress": "Hillhouse_Ave._10_New_Haven_Northeast_US_06519",
    "InstitutionName": "Yale_University_-_Dunham_Lab._Bldg.",
    "InstitutionalDepartmentName": "Department",
    "MRAcquisitionType": "2D",
    "MagneticFieldStrength": 3,
    "Manufacturer": "Siemens",
    "ManufacturersModelName": "Prisma",
    "Modality": "MR",
    "MultibandAccelerationFactor": 6,
    "PartialFourier": 1,
    "PatientPosition": "HFS",
    "PercentPhaseFOV": 100,
    "PhaseEncodingAxis": "j",
    "PhaseEncodingDirection": "j",
    "PhaseEncodingSteps": 90,
    "PhaseResolution": 1,
    "PixelBandwidth": 2780,
    "ProcedureStepDescription": "ABCDadult",
    "ProtocolName": "ABCD_fMRI_rest",
    "PulseSequenceDetails": "%CustomerSeq%_ep2d_bold_sms_abcd",
    "ReceiveCoilActiveElements": "HEA;HEP",
    "ReceiveCoilName": "Head_32",
    "ReconMatrixPE": 90,
    "RefLinesPE": 22,
    "RepetitionTime": 0.8,
    "SAR": 0.0604388,
    "ScanOptions": "FS_CT",
    "ScanningSequence": "EP",
    "SequenceName": "epfid2d1_90",
    "SequenceVariant": "SK",
    "SeriesDescription": "ABCD_fMRI_rest",
    "SeriesNumber": 28,
    "ShimSetting": [
      -2151,
      -636,
      -4003,
      603,
      -118,
      175,
      -28,
      73
    ],
    "SliceThickness": 2.4,
    "SliceTiming": [
      0.545,
      0,
      0.39,
      0.0775,
      0.4675,
      0.2325,
      0.6225,
      0.31,
      0.7,
      0.155,
      0.545,
      0,
      0.39,
      0.0775,
      0.4675,
      0.2325,
      0.6225,
      0.31,
      0.7,
      0.155,
      0.545,
      0,
      0.39,
      0.0775,
      0.4675,
      0.2325,
      0.6225,
      0.31,
      0.7,
      0.155,
      0.545,
      0,
      0.39,
      0.0775,
      0.4675,
      0.2325,
      0.6225,
      0.31,
      0.7,
      0.155,
      0.545,
      0,
      0.39,
      0.0775,
      0.4675,
      0.2325,
      0.6225,
      0.31,
      0.7,
      0.155,
      0.545,
      0,
      0.39,
      0.0775,
      0.4675,
      0.2325,
      0.6225,
      0.31,
      0.7,
      0.155
    ],
    "SoftwareVersions": "syngo_MR_E11",
    "SpacingBetweenSlices": 2.4,
    "StationName": "AWP166095",
    "TotalReadoutTime": 0.045391,
    "TxRefAmp": 221.792,
    "WipMemBlock": "c339549f-4429-4430-9102-4b3dea1014c2",
    "dataset": "ds004097",
    "modality": "bold",
    "run_id": 4,
    "session_id": "05",
    "subject_id": "NDARUD216XXV",
    "task_id": "rest"
  },
  "dummy_trs": 8,
  "dvars_nstd": 32.08666219050802,
  "dvars_std": 1.1048185311229948,
  "dvars_vstd": 1.022056518877005,
  "efc": 0.476028988085651,
  "fber": 1111.6485595703125,
  "fd_mean": 0.08876137041097183,
  "fd_num": 9,
  "fd_perc": 2.4,
  "fwhm_avg": 2.972298493002581,
  "fwhm_x": 2.8769832190122915,
  "fwhm_y": 2.9096207177153937,
  "fwhm_z": 3.130291542280056,
  "gcor": 0.00988624,
  "gsr_x": -0.020571205765008926,
  "gsr_y": 0.05206532031297684,
  "provenance": {
    "md5sum": "5b9d34dc01ee2d1017fdffdaa8593cb6",
    "settings": {
      "fd_thres": 0.2,
      "testing": false
    },
    "software": "mriqc",
    "version": "23.0.1",
    "webapi_port": null,
    "webapi_url": "https://mriqc.nimh.nih.gov/api/v1"
  },
  "size_t": 375,
  "size_x": 90,
  "size_y": 90,
  "size_z": 60,
  "snr": 2.3810936498181743,
  "spacing_tr": 0.800000011920929,
  "spacing_x": 2.4000000953674316,
  "spacing_y": 2.4000000953674316,
  "spacing_z": 2.4000000953674316,
  "summary_bg_k": 28.065861047470293,
  "summary_bg_mad": 3.969420371727844,
  "summary_bg_mean": 18.929950714111328,
  "summary_bg_median": 8.208000183105469,
  "summary_bg_n": 343348.0,
  "summary_bg_p05": 5.317333221435547,
  "summary_bg_p95": 74.86746482849102,
  "summary_bg_stdv": 31.322708129882812,
  "summary_fg_k": 2.2433602356224167,
  "summary_fg_mad": 89.8259312380385,
  "summary_fg_mean": 301.6334228515625,
  "summary_fg_median": 272.57867431640625,
  "summary_fg_n": 73429.0,
  "summary_fg_p05": 169.9994659423828,
  "summary_fg_p95": 529.7653198242188,
  "summary_fg_stdv": 114.47547149658203,
  "tsnr": 47.06659205176402
}