{
  "aor": 0.0006341136363636364,
  "aqi": 0.0045762835,
  "bids_meta": {
    "AcquisitionMatrixPE": 90,
    "AcquisitionNumber": 1,
    "AcquisitionTime": "12:26:53.302500",
    "BandwidthPerPixelPhaseEncode": 21.786,
    "BaseResolution": 90,
    "BodyPartExamined": "BRAIN",
    "ConsistencyInfo": "N4_VE11C_LATEST_20160120",
    "ConversionSoftware": "dcm2niix",
    "ConversionSoftwareVersion": "v1.0.20190902",
    "Dcm2bidsVersion": "2.1.4",
    "DerivedVendorReportedEchoSpacing": 0.000510012,
    "DeviceSerialNumber": "166095",
    "DwellTime": 2e-06,
    "EchoTime": 0.03,
    "EchoTrainLength": 90,
    "EffectiveEchoSpacing": 0.000510012,
    "FlipAngle": 52,
    "ImageComments": "SMS_ABCD_V1.2;_MB=6;_FOVshift=3;_K_PE=5;_K_RO=5;_LeakBlockOn;",
    "ImageOrientationPatientDICOM": [
      1,
      0,
      0,
      0,
      1,
      0
    ],
    "ImageType": [
      "ORIGINAL",
      "PRIMARY",
      "M",
      "ND",
      "MOSAIC"
    ],
    "ImagingFrequency": 123.261,
    "InPlanePhaseEncodingDirectionDICOM": "COL",
    "InstitutionAddress": "Hillhouse_Ave._10_New_Haven_Northeast_US_06519",
    "InstitutionName": "Yale_University_-_Dunham_Lab._Bldg.",
    "InstitutionalDepartmentName": "Department",
    "MRAcquisitionType": "2D",
    "MagneticFieldStrength": 3,
    "Manufacturer": "Siemens",
    "ManufacturersModelName": "Prisma",
    "Modality": "MR",
    "MultibandAccelerationFactor": 6,
    "PartialFourier": 1,
    "PatientPosition": "HFS",
    "PercentPhaseFOV": 100,
    "PhaseEncodingAxis": "j",
    "PhaseEncodingDirection": "j",
    "PhaseEncodingSteps": 90,
    "PhaseResolution": 1,
    "PixelBandwidth": 2780,
    "ProcedureStepDescription": "ABCDadult",
    "ProtocolName": "ABCD_fMRI_task_Stop",
    "PulseSequenceDetails": "%CustomerSeq%_ep2d_bold_sms_abcd",
    "ReceiveCoilActiveElements": "HEA;HEP",
    "ReceiveCoilName": "Head_32",
    "ReconMatrixPE": 90,
    "RefLinesPE": 22,
    "RepetitionTime": 0.8,
    "SAR": 0.0751972,
    "ScanOptions": "FS_CT",
    "ScanningSequence": "EP",
    "SequenceName": "epfid2d1_90",
    "SequenceVariant": "SK",
    "SeriesDescription": "ABCD_fMRI_task_Stop",
    "SeriesNumber": 33,
    "ShimSetting": [
      -2131,
      -658,
      -4013,
      402,
      -13,
      -89,
      -106,
      66
    ],
    "SliceThickness": 2.4,
    "SliceTiming": [
      0.5475,
      0,
      0.39,
      0.08,
      0.47,
      0.235,
      0.625,
      0.3125,
      0.7025,
      0.1575,
      0.5475,
      0,
      0.39,
      0.08,
      0.47,
      0.235,
      0.625,
      0.3125,
      0.7025,
      0.1575,
      0.5475,
      0,
      0.39,
      0.08,
      0.47,
      0.235,
      0.625,
      0.3125,
      0.7025,
      0.1575,
      0.5475,
      0,
      0.39,
      0.08,
      0.47,
      0.235,
      0.625,
      0.3125,
      0.7025,
      0.1575,
      0.5475,
      0,
      0.39,
      0.08,
      0.47,
      0.235,
      0.625,
      0.3125,
      0.7025,
      0.1575,
      0.5475,
      0,
      0.39,
      0.08,
      0.47,
      0.235,
      0.625,
      0.3125,
      0.7025,
      0.1575
    ],
    "SoftwareVersions": "syngo_MR_E11",
    "SpacingBetweenSlices": 2.4,
    "StationName": "AWP166095",
    "TotalReadoutTime": 0.045391,
    "TxRefAmp": 261.571,
    "WipMemBlock": "5ef335b0-c0af-4eb7-a661-dbb72f5d73a9",
    "dataset": "ds004097",
    "modality": "bold",
    "run_id": 1,
    "session_id": "01",
    "subject_id": "NDARDD890AYU",
    "task_id": "SST"
  },
  "dummy_trs": 5,
  "dvars_nstd": 33.948928633234615,
  "dvars_std": 1.0726734167653758,
  "dvars_vstd": 1.0039246558542134,
  "efc": 0.5536338480064755,
  "fber": 541.9142456054688,
  "fd_mean": 0.0631476002818559,
  "fd_num": 2,
  "fd_perc": 0.45454545454545453,
  "fwhm_avg": 2.862591552917498,
  "fwhm_x": 2.666516560708818,
  "fwhm_y": 2.8835123854195124,
  "fwhm_z": 3.037745712624164,
  "gcor": 0.00820387,
  "gsr_x": -0.019087625667452812,
  "gsr_y": 0.09031613171100616,
  "provenance": {
    "md5sum": "4bb50c2fec977ebf7e15444de6307a09",
    "settings": {
      "fd_thres": 0.2,
      "testing": false
    },
    "software": "mriqc",
    "version": "23.0.1",
    "webapi_port": null,
    "webapi_url": "https://mriqc.nimh.nih.gov/api/v1"
  },
  "size_t": 440,
  "size_x": 90,
  "size_y": 90,
  "size_z": 60,
  "snr": 2.5484583584520637,
  "spacing_tr": 0.800000011920929,
  "spacing_x": 2.4000000953674316,
  "spacing_y": 2.4000000953674316,
  "spacing_z": 2.4000000953674316,
  "summary_bg_k": 14.049402668489982,
  "summary_bg_mad": 6.199972656674397,
  "summary_bg_mean": 25.5206356048584,
  "summary_bg_median": 10.379545211791992,
  "summary_bg_n": 309812.0,
  "summary_bg_p05": 5.752272605895996,
  "summary_bg_p95": 111.42022094726568,
  "summary_bg_stdv": 39.694793701171875,
  "summary_fg_k": 0.7678735801413108,
  "summary_fg_mad": 92.65252630321157,
  "summary_fg_mean": 263.8574523925781,
  "summary_fg_median": 246.404541015625,
  "summary_fg_n": 96960.0,
  "summary_fg_p05": 138.84771728515625,
  "summary_fg_p95": 445.12759857177736,
  "summary_fg_stdv": 96.68718719482422,
  "tsnr": 41.652219742303714
}