{
  "aor": 0.000941031746031746,
  "aqi": 0.007203235502645502,
  "bids_meta": {
    "AcquisitionMatrixPE": 90,
    "AcquisitionNumber": 1,
    "AcquisitionTime": "12:04:31.132500",
    "BandwidthPerPixelPhaseEncode": 21.786,
    "BaseResolution": 90,
    "BodyPartExamined": "BRAIN",
    "ConsistencyInfo": "N4_VE11C_LATEST_20160120",
    "ConversionSoftware": "dcm2niix",
    "ConversionSoftwareVersion": "v1.0.20190902",
    "Dcm2bidsVersion": "2.1.4",
    "DerivedVendorReportedEchoSpacing": 0.000510012,
    "DeviceSerialNumber": "166095",
    "DwellTime": 2e-06,
    "EchoTime": 0.03,
    "EchoTrainLength": 90,
    "EffectiveEchoSpacing": 0.000510012,
    "FlipAngle": 52,
    "ImageComments": "SMS_ABCD_V1.2;_MB=6;_FOVshift=3;_K_PE=5;_K_RO=5;_LeakBlockOn;",
    "ImageOrientationPatientDICOM": [
      1,
      0,
      0,
      0,
      1,
      0
    ],
    "ImageType": [
      "ORIGINAL",
      "PRIMARY",
      "M",
      "ND",
      "MOSAIC"
    ],
    "ImagingFrequency": 123.261,
    "InPlanePhaseEncodingDirectionDICOM": "COL",
    "InstitutionAddress": "Hillhouse_Ave._10_New_Haven_Northeast_US_06519",
    "InstitutionName": "Yale_University_-_Dunham_Lab._Bldg.",
    "InstitutionalDepartmentName": "Department",
    "MRAcquisitionType": "2D",
    "MagneticFieldStrength": 3,
    "Manufacturer": "Siemens",
    "ManufacturersModelName": "Prisma",
    "Modality": "MR",
    "MultibandAccelerationFactor": 6,
    "PartialFourier": 1,
    "PatientPosition": "HFS",
    "PercentPhaseFOV": 100,
    "PhaseEncodingAxis": "j",
    "PhaseEncodingDirection": "j",
    "PhaseEncodingSteps": 90,
    "PhaseResolution": 1,
    "PixelBandwidth": 2780,
    "ProcedureStepDescription": "ABCDadult",
    "ProtocolName": "ABCD_fMRI_rest",
    "PulseSequenceDetails": "%CustomerSeq%_ep2d_bold_sms_abcd",
    "ReceiveCoilActiveElements": "HEA;HEP",
    "ReceiveCoilName": "Head_32",
    "ReconMatrixPE": 90,
    "RefLinesPE": 22,
    "RepetitionTime": 0.8,
    "SAR": 0.075117,
    "ScanOptions": "FS_CT",
    "ScanningSequence": "EP",
    "SequenceName": "epfid2d1_90",
    "SequenceVariant": "SK",
    "SeriesDescription": "ABCD_fMRI_rest",
    "SeriesNumber": 23,
    "ShimSetting": [
      -2131,
      -658,
      -4013,
      402,
      -13,
      -89,
      -106,
      66
    ],
    "SliceThickness": 2.4,
    "SliceTiming": [
      0.5475,
      0,
      0.39,
      0.08,
      0.47,
      0.235,
      0.625,
      0.3125,
      0.7025,
      0.1575,
      0.5475,
      0,
      0.39,
      0.08,
      0.47,
      0.235,
      0.625,
      0.3125,
      0.7025,
      0.1575,
      0.5475,
      0,
      0.39,
      0.08,
      0.47,
      0.235,
      0.625,
      0.3125,
      0.7025,
      0.1575,
      0.5475,
      0,
      0.39,
      0.08,
      0.47,
      0.235,
      0.625,
      0.3125,
      0.7025,
      0.1575,
      0.5475,
      0,
      0.39,
      0.08,
      0.47,
      0.235,
      0.625,
      0.3125,
      0.7025,
      0.1575,
      0.5475,
      0,
      0.39,
      0.08,
      0.47,
      0.235,
      0.625,
      0.3125,
      0.7025,
      0.1575
    ],
    "SoftwareVersions": "syngo_MR_E11",
    "SpacingBetweenSlices": 2.4,
    "StationName": "AWP166095",
    "TotalReadoutTime": 0.045391,
    "TxRefAmp": 261.571,
    "WipMemBlock": "35f21fd2-a8f6-4e25-a638-ca866dd8426f",
    "dataset": "ds004097",
    "modality": "bold",
    "run_id": 4,
    "session_id": "01",
    "subject_id": "NDARDD890AYU",
    "task_id": "rest"
  },
  "dummy_trs": 5,
  "dvars_nstd": 35.37596569021221,
  "dvars_std": 1.0535681136074257,
  "dvars_vstd": 0.9880878687533162,
  "efc": 0.5526720797008235,
  "fber": 547.4807739257812,
  "fd_mean": 0.06170900662699186,
  "fd_num": 5,
  "fd_perc": 1.3227513227513228,
  "fwhm_avg": 2.880413774431529,
  "fwhm_x": 2.6759373936678017,
  "fwhm_y": 2.9137373842184786,
  "fwhm_z": 3.0515665454083067,
  "gcor": 0.016743,
  "gsr_x": -0.02070559747517109,
  "gsr_y": 0.09244301915168762,
  "provenance": {
    "md5sum": "ecafcbc3b9d8742895cf3967bb7fc1a7",
    "settings": {
      "fd_thres": 0.2,
      "testing": false
    },
    "software": "mriqc",
    "version": "23.0.1",
    "webapi_port": null,
    "webapi_url": "https://mriqc.nimh.nih.gov/api/v1"
  },
  "size_t": 378,
  "size_x": 90,
  "size_y": 90,
  "size_z": 60,
  "snr": 2.5375258778665533,
  "spacing_tr": 0.800000011920929,
  "spacing_x": 2.4000000953674316,
  "spacing_y": 2.4000000953674316,
  "spacing_z": 2.4000000953674316,
  "summary_bg_k": 14.61325297773434,
  "summary_bg_mad": 6.342242666505113,
  "summary_bg_mean": 25.900236129760742,
  "summary_bg_median": 10.465608596801758,
  "summary_bg_n": 310946.0,
  "summary_bg_p05": 5.76455020904541,
  "summary_bg_p95": 113.16070938110352,
  "summary_bg_stdv": 40.22052001953125,
  "summary_fg_k": 0.7608213357766149,
  "summary_fg_mad": 94.2158350557522,
  "summary_fg_mean": 266.4577941894531,
  "summary_fg_median": 248.67459106445312,
  "summary_fg_n": 97484.0,
  "summary_fg_p05": 139.66177291870116,
  "summary_fg_p95": 449.3245864868164,
  "summary_fg_stdv": 97.99833679199219,
  "tsnr": 37.332372767385095
}