{
  "bids_meta": {
    "AcquisitionMatrixPE": 256,
    "AcquisitionNumber": 1,
    "AcquisitionTime": "14:03:42.802500",
    "BaseResolution": 256,
    "BodyPartExamined": "BRAIN",
    "ConsistencyInfo": "N4_VE11C_LATEST_20160120",
    "ConversionSoftware": "dcm2niix",
    "ConversionSoftwareVersion": "v1.0.20190902",
    "Dcm2bidsVersion": "2.1.4",
    "DeviceSerialNumber": "166095",
    "DwellTime": 0.000510012,
    "EchoTime": 0.0029,
    "FlipAngle": 8,
    "ImageOrientationPatientDICOM": [
      0,
      1,
      0,
      -0.0174524,
      0,
      -0.999848
    ],
    "ImageType": [
      "ORIGINAL",
      "PRIMARY",
      "M",
      "ND",
      "NORM"
    ],
    "ImagingFrequency": 123.261,
    "InPlanePhaseEncodingDirectionDICOM": "ROW",
    "InstitutionAddress": "Hillhouse_Ave._10_New_Haven_Northeast_US_06519",
    "InstitutionName": "Yale_University_-_Dunham_Lab._Bldg.",
    "InstitutionalDepartmentName": "Department",
    "InversionTime": 1.07,
    "MRAcquisitionType": "3D",
    "MagneticFieldStrength": 3,
    "Manufacturer": "Siemens",
    "ManufacturersModelName": "Prisma",
    "Modality": "MR",
    "ParallelReductionFactorInPlane": 2,
    "PartialFourier": 1,
    "PatientPosition": "HFS",
    "PercentPhaseFOV": 100,
    "PhaseEncodingSteps": 255,
    "PhaseResolution": 1,
    "PixelBandwidth": 240,
    "ProcedureStepDescription": "ABCDadult",
    "ProtocolName": "ABCD_T1w_MPR_vNav",
    "PulseSequenceDetails": "%CustomerSeq%_tfl_mgh_epinav_ABCD",
    "ReceiveCoilActiveElements": "HEA;HEP",
    "ReceiveCoilName": "Head_32",
    "ReconMatrixPE": 256,
    "RefLinesPE": 32,
    "RepetitionTime": 2.5,
    "SAR": 0.0282729,
    "ScanOptions": "IR_WE",
    "ScanningSequence": "GR_IR",
    "SequenceName": "tfl3d1_16ns",
    "SequenceVariant": "SK_SP_MP",
    "SeriesDescription": "ABCD_T1w_MPR_vNav",
    "SeriesNumber": 5,
    "ShimSetting": [
      -2127,
      -660,
      -4151,
      431,
      -25,
      -68,
      140,
      79
    ],
    "SliceThickness": 1,
    "SoftwareVersions": "syngo_MR_E11",
    "StationName": "AWP166095",
    "TxRefAmp": 230.699,
    "WipMemBlock": "Prisma_epi_moco_navigator_ABCD_tfl.prot",
    "dataset": "ds004097",
    "modality": "T1w",
    "session_id": "03",
    "subject_id": "NDARTW625MMA"
  },
  "cjv": 0.4033702466707734,
  "cnr": 3.26196251665818,
  "efc": 0.5007931568960192,
  "fber": 17270.055827289594,
  "fwhm_avg": 3.7683200000000006,
  "fwhm_x": 3.86153,
  "fwhm_y": 3.87367,
  "fwhm_z": 3.56976,
  "icvs_csf": 0.19225756062957533,
  "icvs_gm": 0.4277122508162352,
  "icvs_wm": 0.38003018855418946,
  "inu_med": 0.8405116200447083,
  "inu_range": 0.6398995637893675,
  "provenance": {
    "md5sum": "9f561f5f44f66ddd5d554a13a0519021",
    "settings": {
      "testing": false
    },
    "software": "mriqc",
    "version": "23.0.1",
    "warnings": {
      "large_rot_frame": true,
      "small_air_mask": false
    },
    "webapi_port": null,
    "webapi_url": "https://mriqc.nimh.nih.gov/api/v1"
  },
  "qi_1": 0.0,
  "qi_2": 0.0015500027501101279,
  "rpve_csf": 29.747462514716638,
  "rpve_gm": 13.826395825722203,
  "rpve_wm": 17.556110796020665,
  "size_x": 176,
  "size_y": 256,
  "size_z": 256,
  "snr_csf": 2.2707462503683375,
  "snr_gm": 11.538817420448174,
  "snr_total": 10.398238443833725,
  "snr_wm": 17.38515166068466,
  "snrd_csf": 21.61337086700098,
  "snrd_gm": 71.95265793701961,
  "snrd_total": 64.45007739453814,
  "snrd_wm": 99.78420337959382,
  "spacing_x": 1.0,
  "spacing_y": 1.0,
  "spacing_z": 1.0,
  "summary_bg_k": 49.259069161744534,
  "summary_bg_mad": 6.565997109199764,
  "summary_bg_mean": 7.014087079001069,
  "summary_bg_median": 4.4286977499723434,
  "summary_bg_n": 3499146.0,
  "summary_bg_p05": 0.0,
  "summary_bg_p95": 26.713904827833176,
  "summary_bg_stdv": 9.880758129804368,
  "summary_csf_k": 3.877080827754602,
  "summary_csf_mad": 70.96529675623106,
  "summary_csf_mean": 231.46553730602807,
  "summary_csf_median": 216.61646434664726,
  "summary_csf_n": 35003.0,
  "summary_csf_p05": 107.4968947455287,
  "summary_csf_p95": 416.86446180939674,
  "summary_csf_stdv": 95.39303215130836,
  "summary_gm_k": 0.35135781150054646,
  "summary_gm_mad": 59.40914184403947,
  "summary_gm_mean": 720.9102631574389,
  "summary_gm_median": 721.1337120234966,
  "summary_gm_n": 25860.0,
  "summary_gm_p05": 617.2524061210454,
  "summary_gm_p95": 822.8892430059611,
  "summary_gm_stdv": 62.495119090533,
  "summary_wm_k": 0.7470243034852548,
  "summary_wm_mad": 53.10578461920769,
  "summary_wm_mean": 1006.5908901989384,
  "summary_wm_median": 1000.0708111077547,
  "summary_wm_n": 184500.0,
  "summary_wm_p05": 924.0034985542297,
  "summary_wm_p95": 1111.1071210950613,
  "summary_wm_stdv": 57.524266707817574,
  "tpm_overlap_csf": 0.14537312552797266,
  "tpm_overlap_gm": 0.45076042068240535,
  "tpm_overlap_wm": 0.479415128823015,
  "wm2max": 0.6135504064687215
}