{
  "bids_meta": {
    "AcquisitionMatrixPE": 256,
    "AcquisitionNumber": 1,
    "AcquisitionTime": "14:50:29.802500",
    "BaseResolution": 256,
    "BodyPartExamined": "BRAIN",
    "ConsistencyInfo": "N4_VE11C_LATEST_20160120",
    "ConversionSoftware": "dcm2niix",
    "ConversionSoftwareVersion": "v1.0.20190902",
    "Dcm2bidsVersion": "2.1.4",
    "DeviceSerialNumber": "166095",
    "DwellTime": 0.000510012,
    "EchoTime": 0.0029,
    "FlipAngle": 8,
    "ImageOrientationPatientDICOM": [
      -0.0471443,
      0.998888,
      1.83812e-08,
      -0.0487722,
      -0.00230187,
      -0.998807
    ],
    "ImageType": [
      "ORIGINAL",
      "PRIMARY",
      "M",
      "ND",
      "NORM"
    ],
    "ImagingFrequency": 123.261,
    "InPlanePhaseEncodingDirectionDICOM": "ROW",
    "InstitutionAddress": "Hillhouse_Ave._10_New_Haven_Northeast_US_06519",
    "InstitutionName": "Yale_University_-_Dunham_Lab._Bldg.",
    "InstitutionalDepartmentName": "Department",
    "InversionTime": 1.07,
    "MRAcquisitionType": "3D",
    "MagneticFieldStrength": 3,
    "Manufacturer": "Siemens",
    "ManufacturersModelName": "Prisma",
    "Modality": "MR",
    "ParallelReductionFactorInPlane": 2,
    "PartialFourier": 1,
    "PatientPosition": "HFS",
    "PercentPhaseFOV": 100,
    "PhaseEncodingSteps": 255,
    "PhaseResolution": 1,
    "PixelBandwidth": 240,
    "ProcedureStepDescription": "ABCDadult",
    "ProtocolName": "ABCD_T1w_MPR_vNav",
    "PulseSequenceDetails": "%CustomerSeq%_tfl_mgh_epinav_ABCD",
    "ReceiveCoilActiveElements": "HEA;HEP",
    "ReceiveCoilName": "Head_32",
    "ReconMatrixPE": 256,
    "RefLinesPE": 32,
    "RepetitionTime": 2.5,
    "SAR": 0.0301767,
    "ScanOptions": "IR_WE",
    "ScanningSequence": "GR_IR",
    "SequenceName": "tfl3d1_16ns",
    "SequenceVariant": "SK_SP_MP",
    "SeriesDescription": "ABCD_T1w_MPR_vNav",
    "SeriesNumber": 5,
    "ShimSetting": [
      -2130,
      -677,
      -4070,
      445,
      62,
      -253,
      14,
      101
    ],
    "SliceThickness": 1,
    "SoftwareVersions": "syngo_MR_E11",
    "StationName": "AWP166095",
    "TxRefAmp": 218.324,
    "WipMemBlock": "Prisma_epi_moco_navigator_ABCD_tfl.prot",
    "dataset": "ds004097",
    "modality": "T1w",
    "session_id": "03",
    "subject_id": "NDARTR918TJX"
  },
  "cjv": 0.3352963368838059,
  "cnr": 3.731749578546425,
  "efc": 0.49939897991855176,
  "fber": 22859.550039062502,
  "fwhm_avg": 3.5982066666666666,
  "fwhm_x": 3.59076,
  "fwhm_y": 3.78893,
  "fwhm_z": 3.41493,
  "icvs_csf": 0.23714422394839332,
  "icvs_gm": 0.4221376408488238,
  "icvs_wm": 0.3407181352027828,
  "inu_med": 0.399883434176445,
  "inu_range": 0.08535833656787872,
  "provenance": {
    "md5sum": "da4140371478ac9905dcaef12869e70b",
    "settings": {
      "testing": false
    },
    "software": "mriqc",
    "version": "23.0.1",
    "warnings": {
      "large_rot_frame": true,
      "small_air_mask": false
    },
    "webapi_port": null,
    "webapi_url": "https://mriqc.nimh.nih.gov/api/v1"
  },
  "qi_1": 0.0017806016936786438,
  "qi_2": 0.002253850304080285,
  "rpve_csf": 25.11668120242097,
  "rpve_gm": 14.133517891523919,
  "rpve_wm": 20.57149671562887,
  "size_x": 176,
  "size_y": 256,
  "size_z": 256,
  "snr_csf": 2.0429184399938105,
  "snr_gm": 8.962789850957813,
  "snr_total": 12.875110060908625,
  "snr_wm": 27.61962189177425,
  "snrd_csf": 34.50389973605183,
  "snrd_gm": 113.05220385876201,
  "snrd_total": 104.25312151410814,
  "snrd_wm": 165.20326094751056,
  "spacing_x": 1.0,
  "spacing_y": 1.0,
  "spacing_z": 1.0,
  "summary_bg_k": 193.1637429652452,
  "summary_bg_mad": 0.0,
  "summary_bg_mean": 2.4849323911151524,
  "summary_bg_median": 0.0,
  "summary_bg_n": 2956913.0,
  "summary_bg_p05": 0.0,
  "summary_bg_p95": 10.083036348223686,
  "summary_bg_stdv": 3.9656382604993774,
  "summary_csf_k": 1.0741511610686745,
  "summary_csf_mad": 83.31942721202196,
  "summary_csf_mean": 225.34155334077255,
  "summary_csf_median": 208.85724702477455,
  "summary_csf_n": 39964.0,
  "summary_csf_p05": 84.18643377684057,
  "summary_csf_p95": 427.4218878671527,
  "summary_csf_stdv": 102.23346652141058,
  "summary_gm_k": 0.17082609187144637,
  "summary_gm_mad": 72.43001042775947,
  "summary_gm_mean": 685.2913489142474,
  "summary_gm_median": 684.3218374922872,
  "summary_gm_n": 23410.0,
  "summary_gm_p05": 558.4707158718259,
  "summary_gm_p95": 813.6723658453673,
  "summary_gm_stdv": 76.3498009771749,
  "summary_wm_k": 0.5502951755644716,
  "summary_wm_mad": 33.41570695574496,
  "summary_wm_mean": 998.8806640880524,
  "summary_wm_median": 999.9999578297138,
  "summary_wm_n": 167927.0,
  "summary_wm_p05": 937.1885725781322,
  "summary_wm_p95": 1056.8603745698929,
  "summary_wm_stdv": 36.206034400455145,
  "tpm_overlap_csf": 0.15937915712960088,
  "tpm_overlap_gm": 0.46537554499033557,
  "tpm_overlap_wm": 0.5112013212236385,
  "wm2max": 0.9140551016377807
}