{
  "bids_meta": {
    "AcquisitionMatrixPE": 256,
    "AcquisitionNumber": 1,
    "AcquisitionTime": "15:01:30.130000",
    "BaseResolution": 256,
    "BodyPartExamined": "BRAIN",
    "ConsistencyInfo": "N4_VE11C_LATEST_20160120",
    "ConversionSoftware": "dcm2niix",
    "ConversionSoftwareVersion": "v1.0.20190902",
    "Dcm2bidsVersion": "2.1.4",
    "DeviceSerialNumber": "166095",
    "DwellTime": 0.000510012,
    "EchoTime": 0.0029,
    "FlipAngle": 8,
    "ImageOrientationPatientDICOM": [
      -0.012217,
      0.999925,
      4.82382e-09,
      -0.0418726,
      -0.000511589,
      -0.999123
    ],
    "ImageType": [
      "ORIGINAL",
      "PRIMARY",
      "M",
      "ND",
      "NORM"
    ],
    "ImagingFrequency": 123.261,
    "InPlanePhaseEncodingDirectionDICOM": "ROW",
    "InstitutionAddress": "Hillhouse_Ave._10_New_Haven_Northeast_US_06519",
    "InstitutionName": "Yale_University_-_Dunham_Lab._Bldg.",
    "InstitutionalDepartmentName": "Department",
    "InversionTime": 1.07,
    "MRAcquisitionType": "3D",
    "MagneticFieldStrength": 3,
    "Manufacturer": "Siemens",
    "ManufacturersModelName": "Prisma",
    "Modality": "MR",
    "ParallelReductionFactorInPlane": 2,
    "PartialFourier": 1,
    "PatientPosition": "HFS",
    "PercentPhaseFOV": 100,
    "PhaseEncodingSteps": 255,
    "PhaseResolution": 1,
    "PixelBandwidth": 240,
    "ProcedureStepDescription": "ABCDadult",
    "ProtocolName": "ABCD_T1w_MPR_vNav",
    "PulseSequenceDetails": "%CustomerSeq%_tfl_mgh_epinav_ABCD",
    "ReceiveCoilActiveElements": "HEA;HEP",
    "ReceiveCoilName": "Head_32",
    "ReconMatrixPE": 256,
    "RefLinesPE": 32,
    "RepetitionTime": 2.5,
    "SAR": 0.0378589,
    "ScanOptions": "IR_WE",
    "ScanningSequence": "GR_IR",
    "SequenceName": "tfl3d1_16ns",
    "SequenceVariant": "SK_SP_MP",
    "SeriesDescription": "ABCD_T1w_MPR_vNav",
    "SeriesNumber": 5,
    "ShimSetting": [
      -2123,
      -678,
      -3951,
      509,
      9,
      -150,
      -25,
      62
    ],
    "SliceThickness": 1,
    "SoftwareVersions": "syngo_MR_E11",
    "StationName": "AWP166095",
    "TxRefAmp": 239.431,
    "WipMemBlock": "Prisma_epi_moco_navigator_ABCD_tfl.prot",
    "dataset": "ds004097",
    "modality": "T1w",
    "session_id": "05",
    "subject_id": "NDARTR918TJX"
  },
  "cjv": 0.3854462267148648,
  "cnr": 3.3913651422054736,
  "efc": 0.4855869931360495,
  "fber": 13861.644162330904,
  "fwhm_avg": 3.8393633333333335,
  "fwhm_x": 3.87887,
  "fwhm_y": 3.93455,
  "fwhm_z": 3.70467,
  "icvs_csf": 0.22949986910033662,
  "icvs_gm": 0.4031611788632569,
  "icvs_wm": 0.3673389520364065,
  "inu_med": 0.8425605595111847,
  "inu_range": 0.7406857609748839,
  "provenance": {
    "md5sum": "7083253d05e9853fb8985ea8cb543f2c",
    "settings": {
      "testing": false
    },
    "software": "mriqc",
    "version": "23.0.1",
    "warnings": {
      "large_rot_frame": true,
      "small_air_mask": false
    },
    "webapi_port": null,
    "webapi_url": "https://mriqc.nimh.nih.gov/api/v1"
  },
  "qi_1": 0.000297339319144932,
  "qi_2": 0.0016423810210930844,
  "rpve_csf": 25.91354965887358,
  "rpve_gm": 14.629796291993031,
  "rpve_wm": 18.96890832497758,
  "size_x": 176,
  "size_y": 256,
  "size_z": 256,
  "snr_csf": 2.0283143675419644,
  "snr_gm": 10.060999952099747,
  "snr_total": 11.17865710101976,
  "snr_wm": 21.446656983417572,
  "snrd_csf": 15.262536295320071,
  "snrd_gm": 51.35363173771505,
  "snrd_total": 46.27501389119538,
  "snrd_wm": 72.208873640551,
  "spacing_x": 1.0,
  "spacing_y": 1.0,
  "spacing_z": 1.0,
  "summary_bg_k": 20.460752256333365,
  "summary_bg_mad": 0.0,
  "summary_bg_mean": 6.270288869316263,
  "summary_bg_median": 0.0,
  "summary_bg_n": 3429962.0,
  "summary_bg_p05": 0.0,
  "summary_bg_p95": 24.905771106481552,
  "summary_bg_stdv": 9.072795977533067,
  "summary_csf_k": 2.3480366171145572,
  "summary_csf_mad": 76.2612600630841,
  "summary_csf_mean": 232.4600874341095,
  "summary_csf_median": 211.3664847612381,
  "summary_csf_n": 36057.0,
  "summary_csf_p05": 101.13812391459942,
  "summary_csf_p95": 447.86784416139113,
  "summary_csf_stdv": 104.20650620948624,
  "summary_gm_k": 0.30263867772829345,
  "summary_gm_mad": 67.93388109067836,
  "summary_gm_mean": 710.3251347019238,
  "summary_gm_median": 711.1817072927952,
  "summary_gm_n": 14255.0,
  "summary_gm_p05": 593.6811569005251,
  "summary_gm_p95": 826.0032244428992,
  "summary_gm_stdv": 70.68450106844455,
  "summary_wm_k": 0.7769388256812775,
  "summary_wm_mad": 43.39002727727198,
  "summary_wm_mean": 1002.3516109136555,
  "summary_wm_median": 999.9999668896198,
  "summary_wm_n": 172509.0,
  "summary_wm_p05": 930.3451025933027,
  "summary_wm_p95": 1082.3663820177317,
  "summary_wm_stdv": 46.627176872330416,
  "tpm_overlap_csf": 0.16233249210027687,
  "tpm_overlap_gm": 0.4530016284308516,
  "tpm_overlap_wm": 0.502562694811933,
  "wm2max": 0.6682662962910826
}