{
  "aor": 0.0004887002652519894,
  "aqi": 0.0034686162334217506,
  "bids_meta": {
    "AcquisitionMatrixPE": 90,
    "AcquisitionNumber": 1,
    "AcquisitionTime": "11:47:51.752500",
    "BandwidthPerPixelPhaseEncode": 21.786,
    "BaseResolution": 90,
    "BodyPartExamined": "BRAIN",
    "ConsistencyInfo": "N4_VE11C_LATEST_20160120",
    "ConversionSoftware": "dcm2niix",
    "ConversionSoftwareVersion": "v1.0.20190902",
    "Dcm2bidsVersion": "2.1.4",
    "DerivedVendorReportedEchoSpacing": 0.000510012,
    "DeviceSerialNumber": "166095",
    "DwellTime": 2e-06,
    "EchoTime": 0.03,
    "EchoTrainLength": 90,
    "EffectiveEchoSpacing": 0.000510012,
    "FlipAngle": 52,
    "ImageComments": "SMS_ABCD_V1.2;_MB=6;_FOVshift=3;_K_PE=5;_K_RO=5;_LeakBlockOn;",
    "ImageOrientationPatientDICOM": [
      1,
      0,
      0,
      0,
      1,
      0
    ],
    "ImageType": [
      "ORIGINAL",
      "PRIMARY",
      "M",
      "ND",
      "MOSAIC"
    ],
    "ImagingFrequency": 123.261,
    "InPlanePhaseEncodingDirectionDICOM": "COL",
    "InstitutionAddress": "Hillhouse_Ave._10_New_Haven_Northeast_US_06519",
    "InstitutionName": "Yale_University_-_Dunham_Lab._Bldg.",
    "InstitutionalDepartmentName": "Department",
    "MRAcquisitionType": "2D",
    "MagneticFieldStrength": 3,
    "Manufacturer": "Siemens",
    "ManufacturersModelName": "Prisma",
    "Modality": "MR",
    "MultibandAccelerationFactor": 6,
    "PartialFourier": 1,
    "PatientPosition": "HFS",
    "PercentPhaseFOV": 100,
    "PhaseEncodingAxis": "j",
    "PhaseEncodingDirection": "j",
    "PhaseEncodingSteps": 90,
    "PhaseResolution": 1,
    "PixelBandwidth": 2780,
    "ProcedureStepDescription": "ABCDadult",
    "ProtocolName": "ABCD_fMRI_rest",
    "PulseSequenceDetails": "%CustomerSeq%_ep2d_bold_sms_abcd",
    "ReceiveCoilActiveElements": "HEA;HEP",
    "ReceiveCoilName": "Head_32",
    "ReconMatrixPE": 90,
    "RefLinesPE": 22,
    "RepetitionTime": 0.8,
    "SAR": 0.0674166,
    "ScanOptions": "FS_CT",
    "ScanningSequence": "EP",
    "SequenceName": "epfid2d1_90",
    "SequenceVariant": "SK",
    "SeriesDescription": "ABCD_fMRI_rest",
    "SeriesNumber": 8,
    "ShimSetting": [
      -2139,
      -653,
      -4025,
      437,
      -4,
      32,
      -50,
      30
    ],
    "SliceThickness": 2.4,
    "SliceTiming": [
      0.545,
      0,
      0.39,
      0.0775,
      0.4675,
      0.2325,
      0.6225,
      0.31,
      0.7,
      0.155,
      0.545,
      0,
      0.39,
      0.0775,
      0.4675,
      0.2325,
      0.6225,
      0.31,
      0.7,
      0.155,
      0.545,
      0,
      0.39,
      0.0775,
      0.4675,
      0.2325,
      0.6225,
      0.31,
      0.7,
      0.155,
      0.545,
      0,
      0.39,
      0.0775,
      0.4675,
      0.2325,
      0.6225,
      0.31,
      0.7,
      0.155,
      0.545,
      0,
      0.39,
      0.0775,
      0.4675,
      0.2325,
      0.6225,
      0.31,
      0.7,
      0.155,
      0.545,
      0,
      0.39,
      0.0775,
      0.4675,
      0.2325,
      0.6225,
      0.31,
      0.7,
      0.155
    ],
    "SoftwareVersions": "syngo_MR_E11",
    "SpacingBetweenSlices": 2.4,
    "StationName": "AWP166095",
    "TotalReadoutTime": 0.045391,
    "TxRefAmp": 250.165,
    "WipMemBlock": "3fbff7b0-8f0b-4546-ba70-0bec4264ee1d",
    "dataset": "ds004097",
    "modality": "bold",
    "run_id": 1,
    "session_id": "02",
    "subject_id": "NDARDD890AYU",
    "task_id": "rest"
  },
  "dummy_trs": 6,
  "dvars_nstd": 33.022983271968094,
  "dvars_std": 1.050347857260637,
  "dvars_vstd": 1.0071286824202126,
  "efc": 0.5395212086507047,
  "fber": 632.5592041015625,
  "fd_mean": 0.05519667678755258,
  "fd_num": 0,
  "fd_perc": 0.0,
  "fwhm_avg": 2.7610847080551704,
  "fwhm_x": 2.5820082307335444,
  "fwhm_y": 2.8157748881111586,
  "fwhm_z": 2.8854710053208077,
  "gcor": 0.00567039,
  "gsr_x": -0.017302626743912697,
  "gsr_y": 0.08506666123867035,
  "provenance": {
    "md5sum": "1acb007d6fde8338b25e205f97a913e5",
    "settings": {
      "fd_thres": 0.2,
      "testing": false
    },
    "software": "mriqc",
    "version": "23.0.1",
    "webapi_port": null,
    "webapi_url": "https://mriqc.nimh.nih.gov/api/v1"
  },
  "size_t": 377,
  "size_x": 90,
  "size_y": 90,
  "size_z": 60,
  "snr": 2.5665798973970655,
  "spacing_tr": 0.800000011920929,
  "spacing_x": 2.4000000953674316,
  "spacing_y": 2.4000000953674316,
  "spacing_z": 2.3999998569488525,
  "summary_bg_k": 29.255789393599265,
  "summary_bg_mad": 5.2068036762397405,
  "summary_bg_mean": 21.78827476501465,
  "summary_bg_median": 9.413792610168457,
  "summary_bg_n": 312876.0,
  "summary_bg_p05": 5.586206912994385,
  "summary_bg_p95": 89.46220207214355,
  "summary_bg_stdv": 34.78019714355469,
  "summary_fg_k": 0.8937467280792806,
  "summary_fg_mad": 88.07126825476622,
  "summary_fg_mean": 257.3170166015625,
  "summary_fg_median": 240.26258850097656,
  "summary_fg_n": 95077.0,
  "summary_fg_p05": 137.1405792236328,
  "summary_fg_p95": 434.09973144531244,
  "summary_fg_stdv": 93.6114730834961,
  "tsnr": 43.796942688990384
}