{
  "aor": 0.0020348642533936654,
  "aqi": 0.003919002986425339,
  "bids_meta": {
    "AcquisitionMatrixPE": 90,
    "AcquisitionNumber": 1,
    "AcquisitionTime": "13:08:45.407500",
    "BandwidthPerPixelPhaseEncode": 21.786,
    "BaseResolution": 90,
    "BodyPartExamined": "BRAIN",
    "ConsistencyInfo": "N4_VE11C_LATEST_20160120",
    "ConversionSoftware": "dcm2niix",
    "ConversionSoftwareVersion": "v1.0.20190902",
    "Dcm2bidsVersion": "2.1.4",
    "DerivedVendorReportedEchoSpacing": 0.000510012,
    "DeviceSerialNumber": "166095",
    "DwellTime": 2e-06,
    "EchoTime": 0.03,
    "EchoTrainLength": 90,
    "EffectiveEchoSpacing": 0.000510012,
    "FlipAngle": 52,
    "ImageComments": "SMS_ABCD_V1.2;_MB=6;_FOVshift=3;_K_PE=5;_K_RO=5;_LeakBlockOn;",
    "ImageOrientationPatientDICOM": [
      1,
      0,
      0,
      0,
      1,
      0
    ],
    "ImageType": [
      "ORIGINAL",
      "PRIMARY",
      "M",
      "ND",
      "MOSAIC"
    ],
    "ImagingFrequency": 123.261,
    "InPlanePhaseEncodingDirectionDICOM": "COL",
    "InstitutionAddress": "Hillhouse_Ave._10_New_Haven_Northeast_US_06519",
    "InstitutionName": "Yale_University_-_Dunham_Lab._Bldg.",
    "InstitutionalDepartmentName": "Department",
    "MRAcquisitionType": "2D",
    "MagneticFieldStrength": 3,
    "Manufacturer": "Siemens",
    "ManufacturersModelName": "Prisma",
    "Modality": "MR",
    "MultibandAccelerationFactor": 6,
    "PartialFourier": 1,
    "PatientPosition": "HFS",
    "PercentPhaseFOV": 100,
    "PhaseEncodingAxis": "j",
    "PhaseEncodingDirection": "j",
    "PhaseEncodingSteps": 90,
    "PhaseResolution": 1,
    "PixelBandwidth": 2780,
    "ProcedureStepDescription": "ABCDadult",
    "ProtocolName": "ABCD_fMRI_task_Stop",
    "PulseSequenceDetails": "%CustomerSeq%_ep2d_bold_sms_abcd",
    "ReceiveCoilActiveElements": "HEA;HEP",
    "ReceiveCoilName": "Head_32",
    "ReconMatrixPE": 90,
    "RefLinesPE": 22,
    "RepetitionTime": 0.8,
    "SAR": 0.0656837,
    "ScanOptions": "FS_CT",
    "ScanningSequence": "EP",
    "SequenceName": "epfid2d1_90",
    "SequenceVariant": "SK",
    "SeriesDescription": "ABCD_fMRI_task_Stop",
    "SeriesNumber": 48,
    "ShimSetting": [
      -2138,
      -634,
      -4080,
      543,
      -33,
      82,
      -49,
      114
    ],
    "SliceThickness": 2.4,
    "SliceTiming": [
      0.545,
      0,
      0.39,
      0.0775,
      0.4675,
      0.2325,
      0.6225,
      0.31,
      0.7,
      0.155,
      0.545,
      0,
      0.39,
      0.0775,
      0.4675,
      0.2325,
      0.6225,
      0.31,
      0.7,
      0.155,
      0.545,
      0,
      0.39,
      0.0775,
      0.4675,
      0.2325,
      0.6225,
      0.31,
      0.7,
      0.155,
      0.545,
      0,
      0.39,
      0.0775,
      0.4675,
      0.2325,
      0.6225,
      0.31,
      0.7,
      0.155,
      0.545,
      0,
      0.39,
      0.0775,
      0.4675,
      0.2325,
      0.6225,
      0.31,
      0.7,
      0.155,
      0.545,
      0,
      0.39,
      0.0775,
      0.4675,
      0.2325,
      0.6225,
      0.31,
      0.7,
      0.155
    ],
    "SoftwareVersions": "syngo_MR_E11",
    "SpacingBetweenSlices": 2.4,
    "StationName": "AWP166095",
    "TotalReadoutTime": 0.045391,
    "TxRefAmp": 244.925,
    "WipMemBlock": "29833d14-15d5-4b56-a93d-8b6dc0bd8138",
    "dataset": "ds004097",
    "modality": "bold",
    "run_id": 2,
    "session_id": "01",
    "subject_id": "NDARFT076LW8",
    "task_id": "SST"
  },
  "dummy_trs": 3,
  "dvars_nstd": 28.269079165124708,
  "dvars_std": 1.0462215048299321,
  "dvars_vstd": 1.0330382557142848,
  "efc": 0.52831109831614,
  "fber": 686.1527099609375,
  "fd_mean": 0.06358239505554891,
  "fd_num": 4,
  "fd_perc": 0.9049773755656109,
  "fwhm_avg": 2.9967804364742,
  "fwhm_x": 2.7027540592688695,
  "fwhm_y": 3.151504041437147,
  "fwhm_z": 3.136083208716583,
  "gcor": 0.0243495,
  "gsr_x": 0.006480989512056112,
  "gsr_y": 0.09265739470720291,
  "provenance": {
    "md5sum": "5dc4c27153368227ea4451fa5b72510e",
    "settings": {
      "fd_thres": 0.2,
      "testing": false
    },
    "software": "mriqc",
    "version": "23.0.1",
    "webapi_port": null,
    "webapi_url": "https://mriqc.nimh.nih.gov/api/v1"
  },
  "size_t": 442,
  "size_x": 90,
  "size_y": 90,
  "size_z": 60,
  "snr": 2.487630905962941,
  "spacing_tr": 0.800000011920929,
  "spacing_x": 2.4000000953674316,
  "spacing_y": 2.4000000953674316,
  "spacing_z": 2.4000000953674316,
  "summary_bg_k": 29.860156410832026,
  "summary_bg_mad": 6.544245833135237,
  "summary_bg_mean": 24.932741165161133,
  "summary_bg_median": 10.348416328430176,
  "summary_bg_n": 317685.0,
  "summary_bg_p05": 5.538461685180664,
  "summary_bg_p95": 105.05611267089841,
  "summary_bg_stdv": 40.420841217041016,
  "summary_fg_k": 0.9489125529681814,
  "summary_fg_mad": 105.96244202956413,
  "summary_fg_mean": 294.01275634765625,
  "summary_fg_median": 273.8823547363281,
  "summary_fg_n": 89991.0,
  "summary_fg_p05": 152.95249938964844,
  "summary_fg_p95": 499.4807891845703,
  "summary_fg_stdv": 110.09705352783203,
  "tsnr": 44.71622259425931
}