{
  "aor": 0.0013805737704918033,
  "aqi": 0.004600531092896175,
  "bids_meta": {
    "AcquisitionMatrixPE": 90,
    "AcquisitionNumber": 1,
    "AcquisitionTime": "12:43:0.275000",
    "BandwidthPerPixelPhaseEncode": 21.786,
    "BaseResolution": 90,
    "BodyPartExamined": "BRAIN",
    "ConsistencyInfo": "N4_VE11C_LATEST_20160120",
    "ConversionSoftware": "dcm2niix",
    "ConversionSoftwareVersion": "v1.0.20190902",
    "Dcm2bidsVersion": "2.1.4",
    "DerivedVendorReportedEchoSpacing": 0.000510012,
    "DeviceSerialNumber": "166095",
    "DwellTime": 2e-06,
    "EchoTime": 0.03,
    "EchoTrainLength": 90,
    "EffectiveEchoSpacing": 0.000510012,
    "FlipAngle": 52,
    "ImageComments": "SMS_ABCD_V1.2;_MB=6;_FOVshift=3;_K_PE=5;_K_RO=5;_LeakBlockOn;",
    "ImageOrientationPatientDICOM": [
      1,
      0,
      0,
      0,
      1,
      0
    ],
    "ImageType": [
      "ORIGINAL",
      "PRIMARY",
      "M",
      "ND",
      "MOSAIC"
    ],
    "ImagingFrequency": 123.261,
    "InPlanePhaseEncodingDirectionDICOM": "COL",
    "InstitutionAddress": "Hillhouse_Ave._10_New_Haven_Northeast_US_06519",
    "InstitutionName": "Yale_University_-_Dunham_Lab._Bldg.",
    "InstitutionalDepartmentName": "Department",
    "MRAcquisitionType": "2D",
    "MagneticFieldStrength": 3,
    "Manufacturer": "Siemens",
    "ManufacturersModelName": "Prisma",
    "Modality": "MR",
    "MultibandAccelerationFactor": 6,
    "PartialFourier": 1,
    "PatientPosition": "HFS",
    "PercentPhaseFOV": 100,
    "PhaseEncodingAxis": "j",
    "PhaseEncodingDirection": "j",
    "PhaseEncodingSteps": 90,
    "PhaseResolution": 1,
    "PixelBandwidth": 2780,
    "ProcedureStepDescription": "ABCDadult",
    "ProtocolName": "ABCD_fMRI_task_Emotional_n-back",
    "PulseSequenceDetails": "%CustomerSeq%_ep2d_bold_sms_abcd",
    "ReceiveCoilActiveElements": "HEA;HEP",
    "ReceiveCoilName": "Head_32",
    "ReconMatrixPE": 90,
    "RefLinesPE": 22,
    "RepetitionTime": 0.8,
    "SAR": 0.065596,
    "ScanOptions": "FS_CT",
    "ScanningSequence": "EP",
    "SequenceName": "epfid2d1_90",
    "SequenceVariant": "SK",
    "SeriesDescription": "ABCD_fMRI_task_Emotional_n-back",
    "SeriesNumber": 35,
    "ShimSetting": [
      -2138,
      -634,
      -4080,
      543,
      -33,
      82,
      -49,
      114
    ],
    "SliceThickness": 2.4,
    "SliceTiming": [
      0.545,
      0,
      0.39,
      0.0775,
      0.4675,
      0.2325,
      0.6225,
      0.3125,
      0.7025,
      0.155,
      0.545,
      0,
      0.39,
      0.0775,
      0.4675,
      0.2325,
      0.6225,
      0.3125,
      0.7025,
      0.155,
      0.545,
      0,
      0.39,
      0.0775,
      0.4675,
      0.2325,
      0.6225,
      0.3125,
      0.7025,
      0.155,
      0.545,
      0,
      0.39,
      0.0775,
      0.4675,
      0.2325,
      0.6225,
      0.3125,
      0.7025,
      0.155,
      0.545,
      0,
      0.39,
      0.0775,
      0.4675,
      0.2325,
      0.6225,
      0.3125,
      0.7025,
      0.155,
      0.545,
      0,
      0.39,
      0.0775,
      0.4675,
      0.2325,
      0.6225,
      0.3125,
      0.7025,
      0.155
    ],
    "SoftwareVersions": "syngo_MR_E11",
    "SpacingBetweenSlices": 2.4,
    "StationName": "AWP166095",
    "TotalReadoutTime": 0.045391,
    "TxRefAmp": 244.925,
    "WipMemBlock": "902ff25b-ed37-4651-ad43-a50ad1a74736",
    "dataset": "ds004097",
    "modality": "bold",
    "run_id": 2,
    "session_id": "01",
    "subject_id": "NDARFT076LW8",
    "task_id": "nback"
  },
  "dummy_trs": 4,
  "dvars_nstd": 27.985820106520553,
  "dvars_std": 1.0230518192054796,
  "dvars_vstd": 1.0148190063013693,
  "efc": 0.5265341270639844,
  "fber": 691.1892700195312,
  "fd_mean": 0.07470361189312014,
  "fd_num": 8,
  "fd_perc": 2.185792349726776,
  "fwhm_avg": 3.0121387691972483,
  "fwhm_x": 2.7141290588168676,
  "fwhm_y": 3.1508290414639695,
  "fwhm_z": 3.171458207310907,
  "gcor": 0.0359443,
  "gsr_x": 0.0064634294249117374,
  "gsr_y": 0.09004554897546768,
  "provenance": {
    "md5sum": "2e30449fa79904cedc4de7859ab2dfdf",
    "settings": {
      "fd_thres": 0.2,
      "testing": false
    },
    "software": "mriqc",
    "version": "23.0.1",
    "webapi_port": null,
    "webapi_url": "https://mriqc.nimh.nih.gov/api/v1"
  },
  "size_t": 366,
  "size_x": 90,
  "size_y": 90,
  "size_z": 60,
  "snr": 2.4812475507161786,
  "spacing_tr": 0.800000011920929,
  "spacing_x": 2.4000000953674316,
  "spacing_y": 2.4000000953674316,
  "spacing_z": 2.4000000953674316,
  "summary_bg_k": 33.5972775673736,
  "summary_bg_mad": 6.614997665823484,
  "summary_bg_mean": 24.53823471069336,
  "summary_bg_median": 10.322403907775879,
  "summary_bg_n": 317657.0,
  "summary_bg_p05": 5.467213153839111,
  "summary_bg_p95": 102.42403869628909,
  "summary_bg_stdv": 39.75795364379883,
  "summary_fg_k": 0.9942155720393249,
  "summary_fg_mad": 106.78179150389634,
  "summary_fg_mean": 296.251220703125,
  "summary_fg_median": 275.678955078125,
  "summary_fg_n": 89118.0,
  "summary_fg_p05": 154.0,
  "summary_fg_p95": 503.38250732421875,
  "summary_fg_stdv": 111.10435485839844,
  "tsnr": 41.53142325230874
}