{
  "aor": 0.0006673333333333333,
  "aqi": 0.003994301813333333,
  "bids_meta": {
    "AcquisitionMatrixPE": 90,
    "AcquisitionNumber": 1,
    "AcquisitionTime": "12:18:0.555000",
    "BandwidthPerPixelPhaseEncode": 21.786,
    "BaseResolution": 90,
    "BodyPartExamined": "BRAIN",
    "ConsistencyInfo": "N4_VE11C_LATEST_20160120",
    "ConversionSoftware": "dcm2niix",
    "ConversionSoftwareVersion": "v1.0.20190902",
    "Dcm2bidsVersion": "2.1.4",
    "DerivedVendorReportedEchoSpacing": 0.000510012,
    "DeviceSerialNumber": "166095",
    "DwellTime": 2e-06,
    "EchoTime": 0.03,
    "EchoTrainLength": 90,
    "EffectiveEchoSpacing": 0.000510012,
    "FlipAngle": 52,
    "ImageComments": "SMS_ABCD_V1.2;_MB=6;_FOVshift=3;_K_PE=5;_K_RO=5;_LeakBlockOn;",
    "ImageOrientationPatientDICOM": [
      1,
      0,
      0,
      0,
      1,
      0
    ],
    "ImageType": [
      "ORIGINAL",
      "PRIMARY",
      "M",
      "ND",
      "MOSAIC"
    ],
    "ImagingFrequency": 123.261,
    "InPlanePhaseEncodingDirectionDICOM": "COL",
    "InstitutionAddress": "Hillhouse_Ave._10_New_Haven_Northeast_US_06519",
    "InstitutionName": "Yale_University_-_Dunham_Lab._Bldg.",
    "InstitutionalDepartmentName": "Department",
    "MRAcquisitionType": "2D",
    "MagneticFieldStrength": 3,
    "Manufacturer": "Siemens",
    "ManufacturersModelName": "Prisma",
    "Modality": "MR",
    "MultibandAccelerationFactor": 6,
    "PartialFourier": 1,
    "PatientPosition": "HFS",
    "PercentPhaseFOV": 100,
    "PhaseEncodingAxis": "j",
    "PhaseEncodingDirection": "j",
    "PhaseEncodingSteps": 90,
    "PhaseResolution": 1,
    "PixelBandwidth": 2780,
    "ProcedureStepDescription": "ABCDadult",
    "ProtocolName": "ABCD_fMRI_rest",
    "PulseSequenceDetails": "%CustomerSeq%_ep2d_bold_sms_abcd",
    "ReceiveCoilActiveElements": "HEA;HEP",
    "ReceiveCoilName": "Head_32",
    "ReconMatrixPE": 90,
    "RefLinesPE": 22,
    "RepetitionTime": 0.8,
    "SAR": 0.0595671,
    "ScanOptions": "FS_CT",
    "ScanningSequence": "EP",
    "SequenceName": "epfid2d1_90",
    "SequenceVariant": "SK",
    "SeriesDescription": "ABCD_fMRI_rest",
    "SeriesNumber": 23,
    "ShimSetting": [
      -2147,
      -637,
      -4101,
      530,
      -38,
      12,
      -1,
      104
    ],
    "SliceThickness": 2.4,
    "SliceTiming": [
      0.545,
      0,
      0.39,
      0.0775,
      0.4675,
      0.2325,
      0.6225,
      0.31,
      0.7,
      0.155,
      0.545,
      0,
      0.39,
      0.0775,
      0.4675,
      0.2325,
      0.6225,
      0.31,
      0.7,
      0.155,
      0.545,
      0,
      0.39,
      0.0775,
      0.4675,
      0.2325,
      0.6225,
      0.31,
      0.7,
      0.155,
      0.545,
      0,
      0.39,
      0.0775,
      0.4675,
      0.2325,
      0.6225,
      0.31,
      0.7,
      0.155,
      0.545,
      0,
      0.39,
      0.0775,
      0.4675,
      0.2325,
      0.6225,
      0.31,
      0.7,
      0.155,
      0.545,
      0,
      0.39,
      0.0775,
      0.4675,
      0.2325,
      0.6225,
      0.31,
      0.7,
      0.155
    ],
    "SoftwareVersions": "syngo_MR_E11",
    "SpacingBetweenSlices": 2.4,
    "StationName": "AWP166095",
    "TotalReadoutTime": 0.045391,
    "TxRefAmp": 238.025,
    "WipMemBlock": "e58529c2-a4ac-440c-b365-742cba35b71e",
    "dataset": "ds004097",
    "modality": "bold",
    "run_id": 4,
    "session_id": "01",
    "subject_id": "NDARFT076LW8",
    "task_id": "rest"
  },
  "dummy_trs": 8,
  "dvars_nstd": 26.67883026927807,
  "dvars_std": 1.0059915213368993,
  "dvars_vstd": 1.001129478689839,
  "efc": 0.534024151826532,
  "fber": 519.2825927734375,
  "fd_mean": 0.05339136999948379,
  "fd_num": 4,
  "fd_perc": 1.0666666666666667,
  "fwhm_avg": 3.0641318226867855,
  "fwhm_x": 2.7750207230639172,
  "fwhm_y": 3.236724871384109,
  "fwhm_z": 3.1806498736123294,
  "gcor": 0.0303218,
  "gsr_x": -0.0014010980958119035,
  "gsr_y": 0.08594653010368347,
  "provenance": {
    "md5sum": "6a091d610d37f99dffc6d8e204747f90",
    "settings": {
      "fd_thres": 0.2,
      "testing": false
    },
    "software": "mriqc",
    "version": "23.0.1",
    "webapi_port": null,
    "webapi_url": "https://mriqc.nimh.nih.gov/api/v1"
  },
  "size_t": 375,
  "size_x": 90,
  "size_y": 90,
  "size_z": 60,
  "snr": 2.3412379898014093,
  "spacing_tr": 0.800000011920929,
  "spacing_x": 2.4000000953674316,
  "spacing_y": 2.4000000953674316,
  "spacing_z": 2.4000000953674316,
  "summary_bg_k": 27.01113007269797,
  "summary_bg_mad": 8.136521557693642,
  "summary_bg_mean": 27.158517837524414,
  "summary_bg_median": 12.101333618164062,
  "summary_bg_n": 314083.0,
  "summary_bg_p05": 5.8986663818359375,
  "summary_bg_p95": 111.77493438720666,
  "summary_bg_stdv": 41.866939544677734,
  "summary_fg_k": 1.3124988573949157,
  "summary_fg_mad": 114.30072214578719,
  "summary_fg_mean": 304.1927795410156,
  "summary_fg_median": 280.8626708984375,
  "summary_fg_n": 90734.0,
  "summary_fg_p05": 153.9153305053711,
  "summary_fg_p95": 525.7326446533202,
  "summary_fg_stdv": 119.96265411376953,
  "tsnr": 44.21426600776613
}