{
  "bids_meta": {
    "AcquisitionMatrixPE": 256,
    "AcquisitionNumber": 1,
    "AcquisitionTime": "13:57:55.705000",
    "BaseResolution": 256,
    "BodyPartExamined": "BRAIN",
    "ConsistencyInfo": "N4_VE11C_LATEST_20160120",
    "ConversionSoftware": "dcm2niix",
    "ConversionSoftwareVersion": "v1.0.20190902",
    "Dcm2bidsVersion": "2.1.4",
    "DeviceSerialNumber": "166095",
    "DwellTime": 0.000510012,
    "EchoTime": 0.0029,
    "FlipAngle": 8,
    "ImageOrientationPatientDICOM": [
      0,
      1,
      0,
      0,
      0,
      -1
    ],
    "ImageType": [
      "ORIGINAL",
      "PRIMARY",
      "M",
      "ND"
    ],
    "ImagingFrequency": 123.261,
    "InPlanePhaseEncodingDirectionDICOM": "ROW",
    "InstitutionAddress": "Hillhouse_Ave._10_New_Haven_Northeast_US_06519",
    "InstitutionName": "Yale_University_-_Dunham_Lab._Bldg.",
    "InstitutionalDepartmentName": "Department",
    "InversionTime": 1.07,
    "MRAcquisitionType": "3D",
    "MagneticFieldStrength": 3,
    "Manufacturer": "Siemens",
    "ManufacturersModelName": "Prisma",
    "Modality": "MR",
    "ParallelReductionFactorInPlane": 2,
    "PartialFourier": 1,
    "PatientPosition": "HFS",
    "PercentPhaseFOV": 100,
    "PhaseEncodingSteps": 255,
    "PhaseResolution": 1,
    "PixelBandwidth": 240,
    "ProcedureStepDescription": "ABCDadult",
    "ProtocolName": "ABCD_T1w_MPR_vNav",
    "PulseSequenceDetails": "%CustomerSeq%_tfl_mgh_epinav_ABCD",
    "ReceiveCoilActiveElements": "HEA;HEP",
    "ReceiveCoilName": "Head_32",
    "ReconMatrixPE": 256,
    "RefLinesPE": 32,
    "RepetitionTime": 2.5,
    "SAR": 0.0377416,
    "ScanOptions": "IR_WE",
    "ScanningSequence": "GR_IR",
    "SequenceName": "tfl3d1_16ns",
    "SequenceVariant": "SK_SP_MP",
    "SeriesDescription": "ABCD_T1w_MPR_vNav",
    "SeriesNumber": 4,
    "ShimSetting": [
      -2131,
      -715,
      -4022,
      448,
      -77,
      -263,
      70,
      42
    ],
    "SliceThickness": 1,
    "SoftwareVersions": "syngo_MR_E11",
    "StationName": "AWP166095",
    "TxRefAmp": 250.29,
    "WipMemBlock": "Prisma_epi_moco_navigator_ABCD_tfl.prot",
    "dataset": "ds004097",
    "modality": "T1w",
    "session_id": "04",
    "subject_id": "NDARMC914MYN"
  },
  "cjv": 0.3024508525751428,
  "cnr": 4.223908790036295,
  "efc": 0.5559759466528007,
  "fber": 22247.803711465658,
  "fwhm_avg": 3.62444,
  "fwhm_x": 3.72403,
  "fwhm_y": 3.76197,
  "fwhm_z": 3.38732,
  "icvs_csf": 0.19907337273953735,
  "icvs_gm": 0.46090074739803005,
  "icvs_wm": 0.3400258798624326,
  "inu_med": 0.42005133628845215,
  "inu_range": 0.12380239367485046,
  "provenance": {
    "md5sum": "b47848f380c7ee4d21790f9eeb4de14e",
    "settings": {
      "testing": false
    },
    "software": "mriqc",
    "version": "23.0.1",
    "warnings": {
      "large_rot_frame": true,
      "small_air_mask": false
    },
    "webapi_port": null,
    "webapi_url": "https://mriqc.nimh.nih.gov/api/v1"
  },
  "qi_1": 3.841649799762143e-05,
  "qi_2": 0.001721220301480033,
  "rpve_csf": 24.320435405936387,
  "rpve_gm": 11.398290615418528,
  "rpve_wm": 17.543998738365477,
  "size_x": 176,
  "size_y": 256,
  "size_z": 256,
  "snr_csf": 1.8834780384695522,
  "snr_gm": 10.491266714059252,
  "snr_total": 12.907868237941223,
  "snr_wm": 26.348859961294863,
  "snrd_csf": 30.61303951022956,
  "snrd_gm": 89.10054569544428,
  "snrd_total": 83.48415055875661,
  "snrd_wm": 130.73886647059598,
  "spacing_x": 1.0,
  "spacing_y": 1.0,
  "spacing_z": 1.0,
  "summary_bg_k": 195.5862296752242,
  "summary_bg_mad": 0.0,
  "summary_bg_mean": 3.1205179174629274,
  "summary_bg_median": 0.0,
  "summary_bg_n": 2851810.0,
  "summary_bg_p05": 0.0,
  "summary_bg_p95": 12.53054291009903,
  "summary_bg_stdv": 5.011030021743349,
  "summary_csf_k": 0.3575442854713762,
  "summary_csf_mad": 114.19160987746834,
  "summary_csf_mean": 253.21082167927477,
  "summary_csf_median": 234.15407851338387,
  "summary_csf_n": 26825.0,
  "summary_csf_p05": 71.0147635191679,
  "summary_csf_p95": 484.326367713511,
  "summary_csf_stdv": 124.31772986748871,
  "summary_gm_k": 0.31470565286955576,
  "summary_gm_mad": 61.30677536805513,
  "summary_gm_mean": 683.0945568070618,
  "summary_gm_median": 681.5153446421027,
  "summary_gm_n": 48502.0,
  "summary_gm_p05": 577.220503365621,
  "summary_gm_p95": 793.3922085911036,
  "summary_gm_stdv": 64.95958376989265,
  "summary_wm_k": 0.6945278682063893,
  "summary_wm_mad": 35.01917320266179,
  "summary_wm_mean": 998.953431751248,
  "summary_wm_median": 999.999976940453,
  "summary_wm_n": 198730.0,
  "summary_wm_p05": 934.8923201914877,
  "summary_wm_p95": 1058.997949808836,
  "summary_wm_stdv": 37.952209789335896,
  "tpm_overlap_csf": 0.1484082710356708,
  "tpm_overlap_gm": 0.47681780636939136,
  "tpm_overlap_wm": 0.5097914187910335,
  "wm2max": 0.8026182690906117
}