{
  "aor": 0.0009051708428246014,
  "aqi": 0.0031930066059225513,
  "bids_meta": {
    "AcquisitionMatrixPE": 90,
    "AcquisitionNumber": 1,
    "AcquisitionTime": "15:30:51.972500",
    "BandwidthPerPixelPhaseEncode": 21.786,
    "BaseResolution": 90,
    "BodyPartExamined": "BRAIN",
    "ConsistencyInfo": "N4_VE11C_LATEST_20160120",
    "ConversionSoftware": "dcm2niix",
    "ConversionSoftwareVersion": "v1.0.20190902",
    "Dcm2bidsVersion": "2.1.4",
    "DerivedVendorReportedEchoSpacing": 0.000510012,
    "DeviceSerialNumber": "166095",
    "DwellTime": 2e-06,
    "EchoTime": 0.03,
    "EchoTrainLength": 90,
    "EffectiveEchoSpacing": 0.000510012,
    "FlipAngle": 52,
    "ImageComments": "SMS_ABCD_V1.2;_MB=6;_FOVshift=3;_K_PE=5;_K_RO=5;_LeakBlockOn;",
    "ImageOrientationPatientDICOM": [
      1,
      0,
      0,
      0,
      1,
      0
    ],
    "ImageType": [
      "ORIGINAL",
      "PRIMARY",
      "M",
      "ND",
      "MOSAIC"
    ],
    "ImagingFrequency": 123.261,
    "InPlanePhaseEncodingDirectionDICOM": "COL",
    "InstitutionAddress": "Hillhouse_Ave._10_New_Haven_Northeast_US_06519",
    "InstitutionName": "Yale_University_-_Dunham_Lab._Bldg.",
    "InstitutionalDepartmentName": "Department",
    "MRAcquisitionType": "2D",
    "MagneticFieldStrength": 3,
    "Manufacturer": "Siemens",
    "ManufacturersModelName": "Prisma",
    "Modality": "MR",
    "MultibandAccelerationFactor": 6,
    "PartialFourier": 1,
    "PatientPosition": "HFS",
    "PercentPhaseFOV": 100,
    "PhaseEncodingAxis": "j",
    "PhaseEncodingDirection": "j",
    "PhaseEncodingSteps": 90,
    "PhaseResolution": 1,
    "PixelBandwidth": 2780,
    "ProcedureStepDescription": "ABCDadult",
    "ProtocolName": "ABCD_fMRI_task_Stop",
    "PulseSequenceDetails": "%CustomerSeq%_ep2d_bold_sms_abcd",
    "ReceiveCoilActiveElements": "HEA;HEP",
    "ReceiveCoilName": "Head_32",
    "ReconMatrixPE": 90,
    "RefLinesPE": 22,
    "RepetitionTime": 0.8,
    "SAR": 0.0514697,
    "ScanOptions": "FS_CT",
    "ScanningSequence": "EP",
    "SequenceName": "epfid2d1_90",
    "SequenceVariant": "SK",
    "SeriesDescription": "ABCD_fMRI_task_Stop",
    "SeriesNumber": 33,
    "ShimSetting": [
      -2118,
      -647,
      -4075,
      606,
      31,
      2,
      72,
      59
    ],
    "SliceThickness": 2.4,
    "SliceTiming": [
      0.5475,
      0,
      0.39,
      0.08,
      0.47,
      0.235,
      0.625,
      0.3125,
      0.7025,
      0.1575,
      0.5475,
      0,
      0.39,
      0.08,
      0.47,
      0.235,
      0.625,
      0.3125,
      0.7025,
      0.1575,
      0.5475,
      0,
      0.39,
      0.08,
      0.47,
      0.235,
      0.625,
      0.3125,
      0.7025,
      0.1575,
      0.5475,
      0,
      0.39,
      0.08,
      0.47,
      0.235,
      0.625,
      0.3125,
      0.7025,
      0.1575,
      0.5475,
      0,
      0.39,
      0.08,
      0.47,
      0.235,
      0.625,
      0.3125,
      0.7025,
      0.1575,
      0.5475,
      0,
      0.39,
      0.08,
      0.47,
      0.235,
      0.625,
      0.3125,
      0.7025,
      0.1575
    ],
    "SoftwareVersions": "syngo_MR_E11",
    "SpacingBetweenSlices": 2.4,
    "StationName": "AWP166095",
    "TotalReadoutTime": 0.045391,
    "TxRefAmp": 230.784,
    "WipMemBlock": "064a064e-af76-41f8-8487-ffabe3133b8a",
    "dataset": "ds004097",
    "modality": "bold",
    "run_id": 1,
    "session_id": "05",
    "subject_id": "NDARTW625MMA",
    "task_id": "SST"
  },
  "dummy_trs": 6,
  "dvars_nstd": 26.00091843618721,
  "dvars_std": 1.0461975336986296,
  "dvars_vstd": 1.0030784906849308,
  "efc": 0.48681256113049,
  "fber": 1034.8739013671875,
  "fd_mean": 0.08330828698848193,
  "fd_num": 4,
  "fd_perc": 0.9111617312072893,
  "fwhm_avg": 3.199615150636495,
  "fwhm_x": 3.0473123789106853,
  "fwhm_y": 3.3455123670612825,
  "fwhm_z": 3.2060207059375165,
  "gcor": 0.00714232,
  "gsr_x": -0.012446659617125988,
  "gsr_y": 0.07176654785871506,
  "provenance": {
    "md5sum": "422fe7fb979b0a59a90f02a3d9c824b1",
    "settings": {
      "fd_thres": 0.2,
      "testing": false
    },
    "software": "mriqc",
    "version": "23.0.1",
    "webapi_port": null,
    "webapi_url": "https://mriqc.nimh.nih.gov/api/v1"
  },
  "size_t": 439,
  "size_x": 90,
  "size_y": 90,
  "size_z": 60,
  "snr": 2.37666577757027,
  "spacing_tr": 0.800000011920929,
  "spacing_x": 2.4000000953674316,
  "spacing_y": 2.4000000953674316,
  "spacing_z": 2.4000000953674316,
  "summary_bg_k": 21.429965387754226,
  "summary_bg_mad": 5.677117892705544,
  "summary_bg_mean": 24.154647827148438,
  "summary_bg_median": 9.80410099029541,
  "summary_bg_n": 339195.0,
  "summary_bg_p05": 5.715262413024902,
  "summary_bg_p95": 100.38178329467767,
  "summary_bg_stdv": 38.156089782714844,
  "summary_fg_k": 1.4746840638142453,
  "summary_fg_mad": 124.88308505111674,
  "summary_fg_mean": 340.5384216308594,
  "summary_fg_median": 314.9749450683594,
  "summary_fg_n": 76119.0,
  "summary_fg_p05": 175.07290649414062,
  "summary_fg_p95": 589.6036987304688,
  "summary_fg_stdv": 132.52720642089844,
  "tsnr": 47.53058406803757
}