{
  "aor": 0.0012193592677345534,
  "aqi": 0.0031145094736842105,
  "bids_meta": {
    "AcquisitionMatrixPE": 90,
    "AcquisitionNumber": 1,
    "AcquisitionTime": "15:37:7.635000",
    "BandwidthPerPixelPhaseEncode": 21.786,
    "BaseResolution": 90,
    "BodyPartExamined": "BRAIN",
    "ConsistencyInfo": "N4_VE11C_LATEST_20160120",
    "ConversionSoftware": "dcm2niix",
    "ConversionSoftwareVersion": "v1.0.20190902",
    "Dcm2bidsVersion": "2.1.4",
    "DerivedVendorReportedEchoSpacing": 0.000510012,
    "DeviceSerialNumber": "166095",
    "DwellTime": 2e-06,
    "EchoTime": 0.03,
    "EchoTrainLength": 90,
    "EffectiveEchoSpacing": 0.000510012,
    "FlipAngle": 52,
    "ImageComments": "SMS_ABCD_V1.2;_MB=6;_FOVshift=3;_K_PE=5;_K_RO=5;_LeakBlockOn;",
    "ImageOrientationPatientDICOM": [
      1,
      0,
      0,
      0,
      1,
      0
    ],
    "ImageType": [
      "ORIGINAL",
      "PRIMARY",
      "M",
      "ND",
      "MOSAIC"
    ],
    "ImagingFrequency": 123.261,
    "InPlanePhaseEncodingDirectionDICOM": "COL",
    "InstitutionAddress": "Hillhouse_Ave._10_New_Haven_Northeast_US_06519",
    "InstitutionName": "Yale_University_-_Dunham_Lab._Bldg.",
    "InstitutionalDepartmentName": "Department",
    "MRAcquisitionType": "2D",
    "MagneticFieldStrength": 3,
    "Manufacturer": "Siemens",
    "ManufacturersModelName": "Prisma",
    "Modality": "MR",
    "MultibandAccelerationFactor": 6,
    "PartialFourier": 1,
    "PatientPosition": "HFS",
    "PercentPhaseFOV": 100,
    "PhaseEncodingAxis": "j",
    "PhaseEncodingDirection": "j",
    "PhaseEncodingSteps": 90,
    "PhaseResolution": 1,
    "PixelBandwidth": 2780,
    "ProcedureStepDescription": "ABCDadult",
    "ProtocolName": "ABCD_fMRI_task_Stop",
    "PulseSequenceDetails": "%CustomerSeq%_ep2d_bold_sms_abcd",
    "ReceiveCoilActiveElements": "HEA;HEP",
    "ReceiveCoilName": "Head_32",
    "ReconMatrixPE": 90,
    "RefLinesPE": 22,
    "RepetitionTime": 0.8,
    "SAR": 0.0514697,
    "ScanOptions": "FS_CT",
    "ScanningSequence": "EP",
    "SequenceName": "epfid2d1_90",
    "SequenceVariant": "SK",
    "SeriesDescription": "ABCD_fMRI_task_Stop",
    "SeriesNumber": 35,
    "ShimSetting": [
      -2118,
      -647,
      -4075,
      606,
      31,
      2,
      72,
      59
    ],
    "SliceThickness": 2.4,
    "SliceTiming": [
      0.545,
      0,
      0.39,
      0.0775,
      0.4675,
      0.2325,
      0.6225,
      0.3125,
      0.7025,
      0.155,
      0.545,
      0,
      0.39,
      0.0775,
      0.4675,
      0.2325,
      0.6225,
      0.3125,
      0.7025,
      0.155,
      0.545,
      0,
      0.39,
      0.0775,
      0.4675,
      0.2325,
      0.6225,
      0.3125,
      0.7025,
      0.155,
      0.545,
      0,
      0.39,
      0.0775,
      0.4675,
      0.2325,
      0.6225,
      0.3125,
      0.7025,
      0.155,
      0.545,
      0,
      0.39,
      0.0775,
      0.4675,
      0.2325,
      0.6225,
      0.3125,
      0.7025,
      0.155,
      0.545,
      0,
      0.39,
      0.0775,
      0.4675,
      0.2325,
      0.6225,
      0.3125,
      0.7025,
      0.155
    ],
    "SoftwareVersions": "syngo_MR_E11",
    "SpacingBetweenSlices": 2.4,
    "StationName": "AWP166095",
    "TotalReadoutTime": 0.045391,
    "TxRefAmp": 230.784,
    "WipMemBlock": "0f487f86-fa29-432e-8757-34ba64fdabf8",
    "dataset": "ds004097",
    "modality": "bold",
    "run_id": 2,
    "session_id": "05",
    "subject_id": "NDARTW625MMA",
    "task_id": "SST"
  },
  "dummy_trs": 8,
  "dvars_nstd": 26.91922585458716,
  "dvars_std": 1.0678750180733942,
  "dvars_vstd": 1.009581356857798,
  "efc": 0.48747001909738474,
  "fber": 1011.1482543945312,
  "fd_mean": 0.0927943464751045,
  "fd_num": 18,
  "fd_perc": 4.118993135011442,
  "fwhm_avg": 3.1687943185278713,
  "fwhm_x": 3.001083214081001,
  "fwhm_y": 3.3479498669644254,
  "fwhm_z": 3.157349874538188,
  "gcor": 0.00710832,
  "gsr_x": -0.01289078127592802,
  "gsr_y": 0.07135086506605148,
  "provenance": {
    "md5sum": "fbf64db6930a8ee26e6c73b6c6d0ce3c",
    "settings": {
      "fd_thres": 0.2,
      "testing": false
    },
    "software": "mriqc",
    "version": "23.0.1",
    "webapi_port": null,
    "webapi_url": "https://mriqc.nimh.nih.gov/api/v1"
  },
  "size_t": 437,
  "size_x": 90,
  "size_y": 90,
  "size_z": 60,
  "snr": 2.402462835446147,
  "spacing_tr": 0.800000011920929,
  "spacing_x": 2.4000000953674316,
  "spacing_y": 2.4000000953674316,
  "spacing_z": 2.4000000953674316,
  "summary_bg_k": 21.74401448166502,
  "summary_bg_mad": 5.76416656336309,
  "summary_bg_mean": 24.55358123779297,
  "summary_bg_median": 9.970251083374023,
  "summary_bg_n": 339451.0,
  "summary_bg_p05": 5.839816570281982,
  "summary_bg_p95": 102.18077087402344,
  "summary_bg_stdv": 38.84535598754883,
  "summary_fg_k": 1.5186058081565559,
  "summary_fg_mad": 125.31040550560513,
  "summary_fg_mean": 344.3975830078125,
  "summary_fg_median": 318.50341796875,
  "summary_fg_n": 75104.0,
  "summary_fg_p05": 179.65479278564453,
  "summary_fg_p95": 594.433380126953,
  "summary_fg_stdv": 132.5728302001953,
  "tsnr": 48.82347188796848
}