{
  "bids_meta": {
    "AcquisitionMatrixPE": 256,
    "AcquisitionNumber": 1,
    "AcquisitionTime": "14:18:58.147500",
    "BaseResolution": 256,
    "BodyPartExamined": "BRAIN",
    "ConsistencyInfo": "N4_VE11C_LATEST_20160120",
    "ConversionSoftware": "dcm2niix",
    "ConversionSoftwareVersion": "v1.0.20190902",
    "Dcm2bidsVersion": "2.1.4",
    "DeviceSerialNumber": "166095",
    "DwellTime": 0.000510012,
    "EchoTime": 0.0029,
    "FlipAngle": 8,
    "ImageOrientationPatientDICOM": [
      0,
      1,
      0,
      -0.0471064,
      0,
      -0.99889
    ],
    "ImageType": [
      "ORIGINAL",
      "PRIMARY",
      "M",
      "ND"
    ],
    "ImagingFrequency": 123.261,
    "InPlanePhaseEncodingDirectionDICOM": "ROW",
    "InstitutionAddress": "Hillhouse_Ave._10_New_Haven_Northeast_US_06519",
    "InstitutionName": "Yale_University_-_Dunham_Lab._Bldg.",
    "InstitutionalDepartmentName": "Department",
    "InversionTime": 1.07,
    "MRAcquisitionType": "3D",
    "MagneticFieldStrength": 3,
    "Manufacturer": "Siemens",
    "ManufacturersModelName": "Prisma",
    "Modality": "MR",
    "ParallelReductionFactorInPlane": 2,
    "PartialFourier": 1,
    "PatientPosition": "HFS",
    "PercentPhaseFOV": 100,
    "PhaseEncodingSteps": 255,
    "PhaseResolution": 1,
    "PixelBandwidth": 240,
    "ProcedureStepDescription": "ABCDadult",
    "ProtocolName": "ABCD_T1w_MPR_vNav",
    "PulseSequenceDetails": "%CustomerSeq%_tfl_mgh_epinav_ABCD",
    "ReceiveCoilActiveElements": "HEA;HEP",
    "ReceiveCoilName": "Head_32",
    "ReconMatrixPE": 256,
    "RefLinesPE": 32,
    "RepetitionTime": 2.5,
    "SAR": 0.0302875,
    "ScanOptions": "IR_WE",
    "ScanningSequence": "GR_IR",
    "SequenceName": "tfl3d1_16ns",
    "SequenceVariant": "SK_SP_MP",
    "SeriesDescription": "ABCD_T1w_MPR_vNav",
    "SeriesNumber": 4,
    "ShimSetting": [
      -2146,
      -642,
      -4069,
      538,
      -20,
      -180,
      -14,
      104
    ],
    "SliceThickness": 1,
    "SoftwareVersions": "syngo_MR_E11",
    "StationName": "AWP166095",
    "TxRefAmp": 217.724,
    "WipMemBlock": "Prisma_epi_moco_navigator_ABCD_tfl.prot",
    "dataset": "ds004097",
    "modality": "T1w",
    "session_id": "02",
    "subject_id": "NDARTR918TJX"
  },
  "cjv": 0.3414998372453556,
  "cnr": 3.7226764711724587,
  "efc": 0.5162019774176281,
  "fber": 30203.73148928993,
  "fwhm_avg": 3.6098033333333333,
  "fwhm_x": 3.59409,
  "fwhm_y": 3.83764,
  "fwhm_z": 3.39768,
  "icvs_csf": 0.2287158460918408,
  "icvs_gm": 0.428725643596092,
  "icvs_wm": 0.3425585103120672,
  "inu_med": 0.4139810800552368,
  "inu_range": 0.09590133428573605,
  "provenance": {
    "md5sum": "d91cbd6265ee4b51c0cc562fa2453081",
    "settings": {
      "testing": false
    },
    "software": "mriqc",
    "version": "23.0.1",
    "warnings": {
      "large_rot_frame": true,
      "small_air_mask": false
    },
    "webapi_port": null,
    "webapi_url": "https://mriqc.nimh.nih.gov/api/v1"
  },
  "qi_1": 0.0,
  "qi_2": 0.002673570708585944,
  "rpve_csf": 25.839215261902506,
  "rpve_gm": 14.081196085018922,
  "rpve_wm": 20.62936602698737,
  "size_x": 176,
  "size_y": 256,
  "size_z": 256,
  "snr_csf": 2.037692202543568,
  "snr_gm": 8.983763338547037,
  "snr_total": 12.424815184960591,
  "snr_wm": 26.252990013791166,
  "snrd_csf": 34.30090995853289,
  "snrd_gm": 112.95803799986746,
  "snrd_total": 104.20845690147189,
  "snrd_wm": 165.36642274601533,
  "spacing_x": 1.0,
  "spacing_y": 1.0,
  "spacing_z": 1.0,
  "summary_bg_k": 9.902582957584647,
  "summary_bg_mad": 0.0,
  "summary_bg_mean": 2.592421794329519,
  "summary_bg_median": 0.0,
  "summary_bg_n": 3014872.0,
  "summary_bg_p05": 0.0,
  "summary_bg_p95": 10.855899930000305,
  "summary_bg_stdv": 3.9616466093510505,
  "summary_csf_k": 1.530787249654467,
  "summary_csf_mad": 81.3624974820891,
  "summary_csf_mean": 225.1245131233452,
  "summary_csf_median": 207.41952917724848,
  "summary_csf_n": 36475.0,
  "summary_csf_p05": 86.18866139277816,
  "summary_csf_p95": 427.5229002580045,
  "summary_csf_stdv": 101.7899983068904,
  "summary_gm_k": 0.16483579318419084,
  "summary_gm_mad": 72.78245229306879,
  "summary_gm_mean": 683.3436090798059,
  "summary_gm_median": 683.0636005587876,
  "summary_gm_n": 24566.0,
  "summary_gm_p05": 555.0128728458658,
  "summary_gm_p95": 809.7124404590577,
  "summary_gm_stdv": 76.03157741978681,
  "summary_wm_k": 0.5737304814209891,
  "summary_wm_mad": 35.44446253947009,
  "summary_wm_mean": 998.634981776111,
  "summary_wm_median": 999.9800468608737,
  "summary_wm_n": 168369.0,
  "summary_wm_p05": 935.0042928680778,
  "summary_wm_p95": 1060.0387167677284,
  "summary_wm_stdv": 38.09002619216325,
  "tpm_overlap_csf": 0.16281068971712032,
  "tpm_overlap_gm": 0.4664662973183537,
  "tpm_overlap_wm": 0.5116170016400874,
  "wm2max": 0.9072639049826188
}