{
  "bids_meta": {
    "AcquisitionMatrixPE": 256,
    "AcquisitionNumber": 1,
    "AcquisitionTime": "14:48:45.820000",
    "BaseResolution": 256,
    "BodyPartExamined": "BRAIN",
    "ConsistencyInfo": "N4_VE11C_LATEST_20160120",
    "ConversionSoftware": "dcm2niix",
    "ConversionSoftwareVersion": "v1.0.20190902",
    "Dcm2bidsVersion": "2.1.4",
    "DeviceSerialNumber": "166095",
    "DwellTime": 0.000510012,
    "EchoTime": 0.565,
    "EchoTrainLength": 190,
    "FlipAngle": 120,
    "ImageOrientationPatientDICOM": [
      0,
      1,
      0,
      -0.0471064,
      0,
      -0.99889
    ],
    "ImageType": [
      "ORIGINAL",
      "PRIMARY",
      "M",
      "ND",
      "NORM"
    ],
    "ImagingFrequency": 123.261,
    "InPlanePhaseEncodingDirectionDICOM": "ROW",
    "InstitutionAddress": "Hillhouse_Ave._10_New_Haven_Northeast_US_06519",
    "InstitutionName": "Yale_University_-_Dunham_Lab._Bldg.",
    "InstitutionalDepartmentName": "Department",
    "MRAcquisitionType": "3D",
    "MagneticFieldStrength": 3,
    "Manufacturer": "Siemens",
    "ManufacturersModelName": "Prisma",
    "Modality": "MR",
    "ParallelReductionFactorInPlane": 2,
    "PartialFourier": 1,
    "PatientPosition": "HFS",
    "PercentPhaseFOV": 100,
    "PhaseEncodingSteps": 227,
    "PhaseResolution": 1,
    "PixelBandwidth": 240,
    "ProcedureStepDescription": "ABCDadult",
    "ProtocolName": "ABCD_T2w_SPC_vNav",
    "PulseSequenceDetails": "%CustomerSeq%_tse_vfl_mgh_epinav_ABCD",
    "ReceiveCoilActiveElements": "HEA;HEP",
    "ReceiveCoilName": "Head_32",
    "ReconMatrixPE": 256,
    "RefLinesPE": 32,
    "RepetitionTime": 3.2,
    "SAR": 0.0663776,
    "ScanOptions": "PFP",
    "ScanningSequence": "SE",
    "SequenceName": "spc_200ns",
    "SequenceVariant": "SK_SP",
    "SeriesDescription": "ABCD_T2w_SPC_vNav",
    "SeriesNumber": 18,
    "ShimSetting": [
      -2146,
      -642,
      -4069,
      538,
      -20,
      -180,
      -14,
      104
    ],
    "SliceThickness": 1,
    "SoftwareVersions": "syngo_MR_E11",
    "StationName": "AWP166095",
    "TxRefAmp": 217.724,
    "WipMemBlock": "Prisma_epi_moco_navigator_ABCD_tse_vfl.prot",
    "dataset": "ds004097",
    "modality": "T2w",
    "session_id": "02",
    "subject_id": "NDARTR918TJX"
  },
  "cjv": 5.534036267254699,
  "cnr": 0.2774831739691901,
  "efc": 0.49111037539657165,
  "fber": 5813.520451023112,
  "fwhm_avg": 3.41545,
  "fwhm_x": 3.34662,
  "fwhm_y": 3.65309,
  "fwhm_z": 3.24664,
  "icvs_csf": 0.3817163865655301,
  "icvs_gm": 0.4976052261479486,
  "icvs_wm": 0.12067838728652132,
  "inu_med": 0.848932147026062,
  "inu_range": 0.6999107331037521,
  "provenance": {
    "md5sum": "0bc78b79d64eb98328c366e113dfdf9e",
    "settings": {
      "testing": false
    },
    "software": "mriqc",
    "version": "23.0.1",
    "warnings": {
      "large_rot_frame": true,
      "small_air_mask": false
    },
    "webapi_port": null,
    "webapi_url": "https://mriqc.nimh.nih.gov/api/v1"
  },
  "qi_1": 0.0,
  "qi_2": 0.0046757646729075385,
  "rpve_csf": 15.141243591072554,
  "rpve_gm": 13.079687055215286,
  "rpve_wm": 58.027006740350416,
  "size_x": 176,
  "size_y": 256,
  "size_z": 256,
  "snr_csf": 7.1713640515834385,
  "snr_gm": 11.240042062018917,
  "snr_total": 6.501007632217676,
  "snr_wm": 1.0916167830506749,
  "snrd_csf": 78.89575030408932,
  "snrd_gm": 46.664032921778045,
  "snrd_total": 62.72869172382614,
  "snrd_wm": 62.62629194561106,
  "spacing_x": 1.0,
  "spacing_y": 1.0,
  "spacing_z": 1.0,
  "summary_bg_k": 4.337107281478558,
  "summary_bg_mad": 10.764866319348066,
  "summary_bg_mean": 11.08823953892004,
  "summary_bg_median": 7.26079199463129,
  "summary_bg_n": 3360810.0,
  "summary_bg_p05": 0.0,
  "summary_bg_p95": 37.69644062966108,
  "summary_bg_stdv": 13.647677279913577,
  "summary_csf_k": -0.2503988673621338,
  "summary_csf_mad": 151.03992229578432,
  "summary_csf_mean": 1335.1934308415193,
  "summary_csf_median": 1296.3746254798025,
  "summary_csf_n": 51234.0,
  "summary_csf_p05": 1093.410623503849,
  "summary_csf_p95": 1686.045417767018,
  "summary_csf_stdv": 180.76923226687543,
  "summary_gm_k": 0.9237774831097876,
  "summary_gm_mad": 63.33575457753417,
  "summary_gm_mean": 770.6057455358934,
  "summary_gm_median": 766.7595272138715,
  "summary_gm_n": 203058.0,
  "summary_gm_p05": 666.6426545837894,
  "summary_gm_p95": 889.347556438297,
  "summary_gm_stdv": 68.2166165348848,
  "summary_wm_k": -1.8207910980147703,
  "summary_wm_mad": 1388.1516314682606,
  "summary_wm_mean": 1101.259571100242,
  "summary_wm_median": 1029.0432051569223,
  "summary_wm_n": 26265.0,
  "summary_wm_p05": 34.22518527880311,
  "summary_wm_p95": 2307.7780846059322,
  "summary_wm_stdv": 942.6601269960564,
  "tpm_overlap_csf": 0.1216945164167254,
  "tpm_overlap_gm": 0.3198801414717766,
  "tpm_overlap_wm": 0.03153370045602081,
  "wm2max": 0.46143210757531833
}