{
  "aor": 0.000402573726541555,
  "aqi": 0.005472087908847185,
  "bids_meta": {
    "AcquisitionMatrixPE": 90,
    "AcquisitionNumber": 1,
    "AcquisitionTime": "11:50:58.887500",
    "BandwidthPerPixelPhaseEncode": 21.786,
    "BaseResolution": 90,
    "BodyPartExamined": "BRAIN",
    "ConsistencyInfo": "N4_VE11C_LATEST_20160120",
    "ConversionSoftware": "dcm2niix",
    "ConversionSoftwareVersion": "v1.0.20190902",
    "Dcm2bidsVersion": "2.1.4",
    "DerivedVendorReportedEchoSpacing": 0.000510012,
    "DeviceSerialNumber": "166095",
    "DwellTime": 2e-06,
    "EchoTime": 0.03,
    "EchoTrainLength": 90,
    "EffectiveEchoSpacing": 0.000510012,
    "FlipAngle": 52,
    "ImageComments": "SMS_ABCD_V1.2;_MB=6;_FOVshift=3;_K_PE=5;_K_RO=5;_LeakBlockOn;",
    "ImageOrientationPatientDICOM": [
      1,
      0,
      0,
      0,
      1,
      0
    ],
    "ImageType": [
      "ORIGINAL",
      "PRIMARY",
      "M",
      "ND",
      "MOSAIC"
    ],
    "ImagingFrequency": 123.261,
    "InPlanePhaseEncodingDirectionDICOM": "COL",
    "InstitutionAddress": "Hillhouse_Ave._10_New_Haven_Northeast_US_06519",
    "InstitutionName": "Yale_University_-_Dunham_Lab._Bldg.",
    "InstitutionalDepartmentName": "Department",
    "MRAcquisitionType": "2D",
    "MagneticFieldStrength": 3,
    "Manufacturer": "Siemens",
    "ManufacturersModelName": "Prisma",
    "Modality": "MR",
    "MultibandAccelerationFactor": 6,
    "PartialFourier": 1,
    "PatientPosition": "HFS",
    "PercentPhaseFOV": 100,
    "PhaseEncodingAxis": "j",
    "PhaseEncodingDirection": "j",
    "PhaseEncodingSteps": 90,
    "PhaseResolution": 1,
    "PixelBandwidth": 2780,
    "ProcedureStepDescription": "ABCDadult",
    "ProtocolName": "ABCD_fMRI_rest",
    "PulseSequenceDetails": "%CustomerSeq%_ep2d_bold_sms_abcd",
    "ReceiveCoilActiveElements": "HEA;HEP",
    "ReceiveCoilName": "Head_32",
    "ReconMatrixPE": 90,
    "RefLinesPE": 22,
    "RepetitionTime": 0.8,
    "SAR": 0.0661248,
    "ScanOptions": "FS_CT",
    "ScanningSequence": "EP",
    "SequenceName": "epfid2d1_90",
    "SequenceVariant": "SK",
    "SeriesDescription": "ABCD_fMRI_rest",
    "SeriesNumber": 10,
    "ShimSetting": [
      -2116,
      -627,
      -4048,
      461,
      -19,
      39,
      -195,
      89
    ],
    "SliceThickness": 2.4,
    "SliceTiming": [
      0.545,
      0,
      0.39,
      0.0775,
      0.4675,
      0.2325,
      0.6225,
      0.31,
      0.7,
      0.155,
      0.545,
      0,
      0.39,
      0.0775,
      0.4675,
      0.2325,
      0.6225,
      0.31,
      0.7,
      0.155,
      0.545,
      0,
      0.39,
      0.0775,
      0.4675,
      0.2325,
      0.6225,
      0.31,
      0.7,
      0.155,
      0.545,
      0,
      0.39,
      0.0775,
      0.4675,
      0.2325,
      0.6225,
      0.31,
      0.7,
      0.155,
      0.545,
      0,
      0.39,
      0.0775,
      0.4675,
      0.2325,
      0.6225,
      0.31,
      0.7,
      0.155,
      0.545,
      0,
      0.39,
      0.0775,
      0.4675,
      0.2325,
      0.6225,
      0.31,
      0.7,
      0.155
    ],
    "SoftwareVersions": "syngo_MR_E11",
    "SpacingBetweenSlices": 2.4,
    "StationName": "AWP166095",
    "TotalReadoutTime": 0.045391,
    "TxRefAmp": 246.663,
    "WipMemBlock": "29ba275f-0dde-42e7-b32d-97b216f45858",
    "dataset": "ds004097",
    "modality": "bold",
    "run_id": 2,
    "session_id": "04",
    "subject_id": "NDARFT076LW8",
    "task_id": "rest"
  },
  "dummy_trs": 10,
  "dvars_nstd": 30.023787129408603,
  "dvars_std": 1.01249697733871,
  "dvars_vstd": 1.002172113118279,
  "efc": 0.5271063203657396,
  "fber": 584.5728759765625,
  "fd_mean": 0.06694650602582156,
  "fd_num": 1,
  "fd_perc": 0.2680965147453083,
  "fwhm_avg": 2.8840818298413295,
  "fwhm_x": 2.6587498943507715,
  "fwhm_y": 3.008816547107039,
  "fwhm_z": 2.984679048066177,
  "gcor": 0.0344525,
  "gsr_x": -0.012882137671113014,
  "gsr_y": 0.06178868189454079,
  "provenance": {
    "md5sum": "7874d17d5ee02e1e476c71384603d203",
    "settings": {
      "fd_thres": 0.2,
      "testing": false
    },
    "software": "mriqc",
    "version": "23.0.1",
    "webapi_port": null,
    "webapi_url": "https://mriqc.nimh.nih.gov/api/v1"
  },
  "size_t": 373,
  "size_x": 90,
  "size_y": 90,
  "size_z": 60,
  "snr": 2.7211667502304717,
  "spacing_tr": 0.800000011920929,
  "spacing_x": 2.4000000953674316,
  "spacing_y": 2.4000000953674316,
  "spacing_z": 2.4000000953674316,
  "summary_bg_k": 76.25768984799753,
  "summary_bg_mad": 6.017855563063465,
  "summary_bg_mean": 20.840429306030273,
  "summary_bg_median": 10.08579158782959,
  "summary_bg_n": 320857.0,
  "summary_bg_p05": 5.458445072174072,
  "summary_bg_p95": 76.38391418457034,
  "summary_bg_stdv": 33.470359802246094,
  "summary_fg_k": 0.665795309813408,
  "summary_fg_mad": 81.68222908936559,
  "summary_fg_mean": 261.8758850097656,
  "summary_fg_median": 244.96783447265625,
  "summary_fg_n": 89091.0,
  "summary_fg_p05": 146.0174331665039,
  "summary_fg_p95": 437.9973449707031,
  "summary_fg_stdv": 90.0225830078125,
  "tsnr": 41.19632104970515
}