{
  "aor": 0.0007892063492063493,
  "aqi": 0.007240223941798941,
  "bids_meta": {
    "AcquisitionMatrixPE": 90,
    "AcquisitionNumber": 1,
    "AcquisitionTime": "12:57:42.897500",
    "BandwidthPerPixelPhaseEncode": 21.786,
    "BaseResolution": 90,
    "BodyPartExamined": "BRAIN",
    "ConsistencyInfo": "N4_VE11C_LATEST_20160120",
    "ConversionSoftware": "dcm2niix",
    "ConversionSoftwareVersion": "v1.0.20190902",
    "Dcm2bidsVersion": "2.1.4",
    "DerivedVendorReportedEchoSpacing": 0.000510012,
    "DeviceSerialNumber": "166095",
    "DwellTime": 2e-06,
    "EchoTime": 0.03,
    "EchoTrainLength": 90,
    "EffectiveEchoSpacing": 0.000510012,
    "FlipAngle": 52,
    "ImageComments": "SMS_ABCD_V1.2;_MB=6;_FOVshift=3;_K_PE=5;_K_RO=5;_LeakBlockOn;",
    "ImageOrientationPatientDICOM": [
      1,
      0,
      0,
      0,
      1,
      0
    ],
    "ImageType": [
      "ORIGINAL",
      "PRIMARY",
      "M",
      "ND",
      "MOSAIC"
    ],
    "ImagingFrequency": 123.261,
    "InPlanePhaseEncodingDirectionDICOM": "COL",
    "InstitutionAddress": "Hillhouse_Ave._10_New_Haven_Northeast_US_06519",
    "InstitutionName": "Yale_University_-_Dunham_Lab._Bldg.",
    "InstitutionalDepartmentName": "Department",
    "MRAcquisitionType": "2D",
    "MagneticFieldStrength": 3,
    "Manufacturer": "Siemens",
    "ManufacturersModelName": "Prisma",
    "Modality": "MR",
    "MultibandAccelerationFactor": 6,
    "PartialFourier": 1,
    "PatientPosition": "HFS",
    "PercentPhaseFOV": 100,
    "PhaseEncodingAxis": "j",
    "PhaseEncodingDirection": "j",
    "PhaseEncodingSteps": 90,
    "PhaseResolution": 1,
    "PixelBandwidth": 2780,
    "ProcedureStepDescription": "ABCDadult",
    "ProtocolName": "ABCD_fMRI_rest",
    "PulseSequenceDetails": "%CustomerSeq%_ep2d_bold_sms_abcd",
    "ReceiveCoilActiveElements": "HEA;HEP",
    "ReceiveCoilName": "Head_32",
    "ReconMatrixPE": 90,
    "RefLinesPE": 22,
    "RepetitionTime": 0.8,
    "SAR": 0.0534858,
    "ScanOptions": "FS_CT",
    "ScanningSequence": "EP",
    "SequenceName": "epfid2d1_90",
    "SequenceVariant": "SK",
    "SeriesDescription": "ABCD_fMRI_rest",
    "SeriesNumber": 23,
    "ShimSetting": [
      -2135,
      -651,
      -4144,
      514,
      -22,
      -163,
      -92,
      155
    ],
    "SliceThickness": 2.4,
    "SliceTiming": [
      0.545,
      0,
      0.39,
      0.0775,
      0.4675,
      0.2325,
      0.6225,
      0.3125,
      0.7025,
      0.155,
      0.545,
      0,
      0.39,
      0.0775,
      0.4675,
      0.2325,
      0.6225,
      0.3125,
      0.7025,
      0.155,
      0.545,
      0,
      0.39,
      0.0775,
      0.4675,
      0.2325,
      0.6225,
      0.3125,
      0.7025,
      0.155,
      0.545,
      0,
      0.39,
      0.0775,
      0.4675,
      0.2325,
      0.6225,
      0.3125,
      0.7025,
      0.155,
      0.545,
      0,
      0.39,
      0.0775,
      0.4675,
      0.2325,
      0.6225,
      0.3125,
      0.7025,
      0.155,
      0.545,
      0,
      0.39,
      0.0775,
      0.4675,
      0.2325,
      0.6225,
      0.3125,
      0.7025,
      0.155
    ],
    "SoftwareVersions": "syngo_MR_E11",
    "SpacingBetweenSlices": 2.4,
    "StationName": "AWP166095",
    "TotalReadoutTime": 0.045391,
    "TxRefAmp": 235.461,
    "WipMemBlock": "e272c554-153a-42fc-9c36-986a038debd0",
    "dataset": "ds004097",
    "modality": "bold",
    "run_id": 3,
    "session_id": "03",
    "subject_id": "NDARNC943BP8",
    "task_id": "rest"
  },
  "dummy_trs": 5,
  "dvars_nstd": 30.89513834331566,
  "dvars_std": 0.9990495671352778,
  "dvars_vstd": 0.9828154604774546,
  "efc": 0.5228750747309411,
  "fber": 500.153564453125,
  "fd_mean": 0.15673398118222248,
  "fd_num": 89,
  "fd_perc": 23.544973544973544,
  "fwhm_avg": 3.15769987452428,
  "fwhm_x": 2.8657832194573394,
  "fwhm_y": 3.1589623744741133,
  "fwhm_z": 3.4483540296413886,
  "gcor": 0.0130171,
  "gsr_x": -0.011247911490499973,
  "gsr_y": 0.0652182474732399,
  "provenance": {
    "md5sum": "aca010568112755ae0f7d5687048c517",
    "settings": {
      "fd_thres": 0.2,
      "testing": false
    },
    "software": "mriqc",
    "version": "23.0.1",
    "webapi_port": null,
    "webapi_url": "https://mriqc.nimh.nih.gov/api/v1"
  },
  "size_t": 378,
  "size_x": 90,
  "size_y": 90,
  "size_z": 60,
  "snr": 2.508909112620814,
  "spacing_tr": 0.800000011920929,
  "spacing_x": 2.4000000953674316,
  "spacing_y": 2.4000000953674316,
  "spacing_z": 2.4000000953674316,
  "summary_bg_k": 38.33617393154673,
  "summary_bg_mad": 8.19353433307253,
  "summary_bg_mean": 23.13863754272461,
  "summary_bg_median": 11.600528717041016,
  "summary_bg_n": 326666.0,
  "summary_bg_p05": 5.547618865966797,
  "summary_bg_p95": 82.0899429321289,
  "summary_bg_stdv": 32.7389030456543,
  "summary_fg_k": 2.0996150648360983,
  "summary_fg_mad": 89.98374729450052,
  "summary_fg_mean": 285.69891357421875,
  "summary_fg_median": 264.208984375,
  "summary_fg_n": 82053.0,
  "summary_fg_p05": 158.59523010253906,
  "summary_fg_p95": 490.795751953125,
  "summary_fg_stdv": 105.30767059326172,
  "tsnr": 36.50358057813719
}