{
  "bids_meta": {
    "AcquisitionMatrixPE": 256,
    "AcquisitionNumber": 1,
    "AcquisitionTime": "12:56:38.510000",
    "BaseResolution": 256,
    "BodyPartExamined": "BRAIN",
    "ConsistencyInfo": "N4_VE11C_LATEST_20160120",
    "ConversionSoftware": "dcm2niix",
    "ConversionSoftwareVersion": "v1.0.20190902",
    "Dcm2bidsVersion": "2.1.4",
    "DeviceSerialNumber": "166095",
    "DwellTime": 0.000510012,
    "EchoTime": 0.0029,
    "FlipAngle": 8,
    "ImageOrientationPatientDICOM": [
      0,
      1,
      0,
      0,
      0,
      -1
    ],
    "ImageType": [
      "ORIGINAL",
      "PRIMARY",
      "M",
      "ND"
    ],
    "ImagingFrequency": 123.261,
    "InPlanePhaseEncodingDirectionDICOM": "ROW",
    "InstitutionAddress": "Hillhouse_Ave._10_New_Haven_Northeast_US_06519",
    "InstitutionName": "Yale_University_-_Dunham_Lab._Bldg.",
    "InstitutionalDepartmentName": "Department",
    "InversionTime": 1.07,
    "MRAcquisitionType": "3D",
    "MagneticFieldStrength": 3,
    "Manufacturer": "Siemens",
    "ManufacturersModelName": "Prisma",
    "Modality": "MR",
    "ParallelReductionFactorInPlane": 2,
    "PartialFourier": 1,
    "PatientPosition": "HFS",
    "PercentPhaseFOV": 100,
    "PhaseEncodingSteps": 255,
    "PhaseResolution": 1,
    "PixelBandwidth": 240,
    "ProcedureStepDescription": "ABCDadult",
    "ProtocolName": "ABCD_T1w_MPR_vNav",
    "PulseSequenceDetails": "%CustomerSeq%_tfl_mgh_epinav_ABCD",
    "ReceiveCoilActiveElements": "HEA;HEP",
    "ReceiveCoilName": "Head_32",
    "ReconMatrixPE": 256,
    "RefLinesPE": 32,
    "RepetitionTime": 2.5,
    "SAR": 0.0412059,
    "ScanOptions": "IR_WE",
    "ScanningSequence": "GR_IR",
    "SequenceName": "tfl3d1_16ns",
    "SequenceVariant": "SK_SP_MP",
    "SeriesDescription": "ABCD_T1w_MPR_vNav",
    "SeriesNumber": 4,
    "ShimSetting": [
      -2142,
      -666,
      -4021,
      372,
      -98,
      -101,
      3,
      80
    ],
    "SliceThickness": 1,
    "SoftwareVersions": "syngo_MR_E11",
    "StationName": "AWP166095",
    "TxRefAmp": 254.38,
    "WipMemBlock": "Prisma_epi_moco_navigator_ABCD_tfl.prot",
    "dataset": "ds004097",
    "modality": "T1w",
    "session_id": "05",
    "subject_id": "NDARJZ387ZJA"
  },
  "cjv": 0.486180416307676,
  "cnr": 2.617228115316333,
  "efc": 0.5529523990787808,
  "fber": 9389.96669050397,
  "fwhm_avg": 3.7737366666666667,
  "fwhm_x": 3.83721,
  "fwhm_y": 3.87167,
  "fwhm_z": 3.61233,
  "icvs_csf": 0.1896546546617699,
  "icvs_gm": 0.4026912013028115,
  "icvs_wm": 0.4076541440354186,
  "inu_med": 1.0361116528511047,
  "inu_range": 0.9532784342765808,
  "provenance": {
    "md5sum": "1cb804cae86a6c76bba0cd250edb19c6",
    "settings": {
      "testing": false
    },
    "software": "mriqc",
    "version": "23.0.1",
    "warnings": {
      "large_rot_frame": true,
      "small_air_mask": false
    },
    "webapi_port": null,
    "webapi_url": "https://mriqc.nimh.nih.gov/api/v1"
  },
  "qi_1": 0.0005631102758993735,
  "qi_2": 0.0005220833736597746,
  "rpve_csf": 23.56534021933705,
  "rpve_gm": 11.100621347783495,
  "rpve_wm": 12.642402404396991,
  "size_x": 176,
  "size_y": 256,
  "size_z": 256,
  "snr_csf": 2.065916035881134,
  "snr_gm": 9.852657276754282,
  "snr_total": 8.110110914182975,
  "snr_wm": 12.41175942991351,
  "snrd_csf": 14.846034183634602,
  "snrd_gm": 44.844965597279064,
  "snrd_total": 40.959056553347146,
  "snrd_wm": 63.18616987912777,
  "spacing_x": 1.0,
  "spacing_y": 1.0,
  "spacing_z": 1.0,
  "summary_bg_k": 923.4656339955726,
  "summary_bg_mad": 10.36835123068053,
  "summary_bg_mean": 11.628068532346251,
  "summary_bg_median": 6.993346631526947,
  "summary_bg_n": 3397898.0,
  "summary_bg_p05": 0.0,
  "summary_bg_p95": 41.28017108887434,
  "summary_bg_stdv": 24.91353450038585,
  "summary_csf_k": 2.3799214571130882,
  "summary_csf_mad": 90.3630610729449,
  "summary_csf_mean": 253.62201358884357,
  "summary_csf_median": 234.95702085644007,
  "summary_csf_n": 32533.0,
  "summary_csf_p05": 98.92671589180827,
  "summary_csf_p95": 474.6345506891605,
  "summary_csf_stdv": 113.72844089072294,
  "summary_gm_k": 0.1390015206669304,
  "summary_gm_mad": 70.13037568529748,
  "summary_gm_mean": 709.887774964564,
  "summary_gm_median": 709.7275532856584,
  "summary_gm_n": 22275.0,
  "summary_gm_p05": 590.937790364027,
  "summary_gm_p95": 829.2457898147404,
  "summary_gm_stdv": 72.03250880831493,
  "summary_wm_k": 1.5815721322474676,
  "summary_wm_mad": 70.99440495452085,
  "summary_wm_mean": 1012.4042573097882,
  "summary_wm_median": 1000.00000340119,
  "summary_wm_n": 225084.0,
  "summary_wm_p05": 904.7156555466354,
  "summary_wm_p95": 1163.1295265629888,
  "summary_wm_stdv": 80.56857592612728,
  "tpm_overlap_csf": 0.15629545675809112,
  "tpm_overlap_gm": 0.42360162523423744,
  "tpm_overlap_wm": 0.4552186025200283,
  "wm2max": 0.46494456612549956
}