{
  "bids_meta": {
    "AcquisitionMatrixPE": 256,
    "AcquisitionNumber": 1,
    "AcquisitionTime": "14:30:12.992500",
    "BaseResolution": 256,
    "BodyPartExamined": "BRAIN",
    "ConsistencyInfo": "N4_VE11C_LATEST_20160120",
    "ConversionSoftware": "dcm2niix",
    "ConversionSoftwareVersion": "v1.0.20190902",
    "Dcm2bidsVersion": "2.1.4",
    "DeviceSerialNumber": "166095",
    "DwellTime": 0.000510012,
    "EchoTime": 0.0029,
    "FlipAngle": 8,
    "ImageOrientationPatientDICOM": [
      -0.0367201,
      0.999326,
      4.65013e-08,
      -0.0644455,
      -0.002368,
      -0.997918
    ],
    "ImageType": [
      "ORIGINAL",
      "PRIMARY",
      "M",
      "ND"
    ],
    "ImagingFrequency": 123.261,
    "InPlanePhaseEncodingDirectionDICOM": "ROW",
    "InstitutionAddress": "Hillhouse_Ave._10_New_Haven_Northeast_US_06519",
    "InstitutionName": "Yale_University_-_Dunham_Lab._Bldg.",
    "InstitutionalDepartmentName": "Department",
    "InversionTime": 1.07,
    "MRAcquisitionType": "3D",
    "MagneticFieldStrength": 3,
    "Manufacturer": "Siemens",
    "ManufacturersModelName": "Prisma",
    "Modality": "MR",
    "ParallelReductionFactorInPlane": 2,
    "PartialFourier": 1,
    "PatientPosition": "HFS",
    "PercentPhaseFOV": 100,
    "PhaseEncodingSteps": 255,
    "PhaseResolution": 1,
    "PixelBandwidth": 240,
    "ProcedureStepDescription": "ABCDadult",
    "ProtocolName": "ABCD_T1w_MPR_vNav",
    "PulseSequenceDetails": "%CustomerSeq%_tfl_mgh_epinav_ABCD",
    "ReceiveCoilActiveElements": "HEA;HEP",
    "ReceiveCoilName": "Head_32",
    "ReconMatrixPE": 256,
    "RefLinesPE": 32,
    "RepetitionTime": 2.5,
    "SAR": 0.028612,
    "ScanOptions": "IR_WE",
    "ScanningSequence": "GR_IR",
    "SequenceName": "tfl3d1_16ns",
    "SequenceVariant": "SK_SP_MP",
    "SeriesDescription": "ABCD_T1w_MPR_vNav",
    "SeriesNumber": 4,
    "ShimSetting": [
      -2123,
      -674,
      -4102,
      472,
      10,
      -149,
      123,
      62
    ],
    "SliceThickness": 1,
    "SoftwareVersions": "syngo_MR_E11",
    "StationName": "AWP166095",
    "TxRefAmp": 230.784,
    "WipMemBlock": "Prisma_epi_moco_navigator_ABCD_tfl.prot",
    "dataset": "ds004097",
    "modality": "T1w",
    "session_id": "05",
    "subject_id": "NDARTW625MMA"
  },
  "cjv": 0.4446300164657532,
  "cnr": 2.9056150775802916,
  "efc": 0.5366941654099693,
  "fber": 12912.060976562501,
  "fwhm_avg": 3.90695,
  "fwhm_x": 4.02094,
  "fwhm_y": 3.98121,
  "fwhm_z": 3.7187,
  "icvs_csf": 0.18779154236657303,
  "icvs_gm": 0.4231200828196466,
  "icvs_wm": 0.3890883748137804,
  "inu_med": 0.9472848176956177,
  "inu_range": 0.8431602239608762,
  "provenance": {
    "md5sum": "e5aa3ac6e9d461d4a864d3794f8c30be",
    "settings": {
      "testing": false
    },
    "software": "mriqc",
    "version": "23.0.1",
    "warnings": {
      "large_rot_frame": true,
      "small_air_mask": false
    },
    "webapi_port": null,
    "webapi_url": "https://mriqc.nimh.nih.gov/api/v1"
  },
  "qi_1": 0.0,
  "qi_2": 0.0011313489415157758,
  "rpve_csf": 30.677981374182146,
  "rpve_gm": 14.017217871540305,
  "rpve_wm": 17.10416728911091,
  "size_x": 176,
  "size_y": 256,
  "size_z": 256,
  "snr_csf": 2.219134061336501,
  "snr_gm": 11.325628971083695,
  "snr_total": 9.253287262259327,
  "snr_wm": 14.215098754357784,
  "snrd_csf": 17.99822581540006,
  "snrd_gm": 60.956030887170776,
  "snrd_total": 54.442225396913614,
  "snrd_wm": 84.37241948817001,
  "spacing_x": 1.0,
  "spacing_y": 1.0,
  "spacing_z": 1.0,
  "summary_bg_k": 6.246556489867558,
  "summary_bg_mad": 7.76544249704112,
  "summary_bg_mean": 7.512717420873914,
  "summary_bg_median": 5.2377113699913025,
  "summary_bg_n": 2871798.0,
  "summary_bg_p05": 0.0,
  "summary_bg_p95": 28.082190960645676,
  "summary_bg_stdv": 10.283491264776341,
  "summary_csf_k": 3.51528516440428,
  "summary_csf_mad": 75.14558970213639,
  "summary_csf_mean": 227.36906700135359,
  "summary_csf_median": 213.3360131084919,
  "summary_csf_n": 33105.0,
  "summary_csf_p05": 100.40289795398712,
  "summary_csf_p95": 407.4053063929081,
  "summary_csf_stdv": 96.13334980042403,
  "summary_gm_k": 0.21435019311531,
  "summary_gm_mad": 61.944337457166476,
  "summary_gm_mean": 721.540050844327,
  "summary_gm_median": 722.5221384465694,
  "summary_gm_n": 23494.0,
  "summary_gm_p05": 614.4238337874413,
  "summary_gm_p95": 824.0934489369392,
  "summary_gm_stdv": 63.79396353087284,
  "summary_wm_k": 1.3173139905946698,
  "summary_wm_mad": 61.46646407273318,
  "summary_wm_mean": 1011.7249718790837,
  "summary_wm_median": 1000.080550968647,
  "summary_wm_n": 188780.0,
  "summary_wm_p05": 918.0902229845524,
  "summary_wm_p95": 1146.4141486287117,
  "summary_wm_stdv": 70.3532152289518,
  "tpm_overlap_csf": 0.1578956535785259,
  "tpm_overlap_gm": 0.45589282594329217,
  "tpm_overlap_wm": 0.4848561864367081,
  "wm2max": 0.540595870720446
}