{
  "bids_meta": {
    "AcquisitionMatrixPE": 256,
    "AcquisitionNumber": 1,
    "AcquisitionTime": "15:00:1.810000",
    "BaseResolution": 256,
    "BodyPartExamined": "BRAIN",
    "ConsistencyInfo": "N4_VE11C_LATEST_20160120",
    "ConversionSoftware": "dcm2niix",
    "ConversionSoftwareVersion": "v1.0.20190902",
    "Dcm2bidsVersion": "2.1.4",
    "DeviceSerialNumber": "166095",
    "DwellTime": 0.000510012,
    "EchoTime": 0.565,
    "EchoTrainLength": 190,
    "FlipAngle": 120,
    "ImageOrientationPatientDICOM": [
      -0.0367201,
      0.999326,
      4.65013e-08,
      -0.0644455,
      -0.002368,
      -0.997918
    ],
    "ImageType": [
      "ORIGINAL",
      "PRIMARY",
      "M",
      "ND",
      "NORM"
    ],
    "ImagingFrequency": 123.261,
    "InPlanePhaseEncodingDirectionDICOM": "ROW",
    "InstitutionAddress": "Hillhouse_Ave._10_New_Haven_Northeast_US_06519",
    "InstitutionName": "Yale_University_-_Dunham_Lab._Bldg.",
    "InstitutionalDepartmentName": "Department",
    "MRAcquisitionType": "3D",
    "MagneticFieldStrength": 3,
    "Manufacturer": "Siemens",
    "ManufacturersModelName": "Prisma",
    "Modality": "MR",
    "ParallelReductionFactorInPlane": 2,
    "PartialFourier": 1,
    "PatientPosition": "HFS",
    "PercentPhaseFOV": 100,
    "PhaseEncodingSteps": 227,
    "PhaseResolution": 1,
    "PixelBandwidth": 240,
    "ProcedureStepDescription": "ABCDadult",
    "ProtocolName": "ABCD_T2w_SPC_vNav",
    "PulseSequenceDetails": "%CustomerSeq%_tse_vfl_mgh_epinav_ABCD",
    "ReceiveCoilActiveElements": "HEA;HEP",
    "ReceiveCoilName": "Head_32",
    "ReconMatrixPE": 256,
    "RefLinesPE": 32,
    "RepetitionTime": 3.2,
    "SAR": 0.0627056,
    "ScanOptions": "PFP",
    "ScanningSequence": "SE",
    "SequenceName": "spc_200ns",
    "SequenceVariant": "SK_SP",
    "SeriesDescription": "ABCD_T2w_SPC_vNav",
    "SeriesNumber": 18,
    "ShimSetting": [
      -2123,
      -674,
      -4102,
      472,
      10,
      -149,
      123,
      62
    ],
    "SliceThickness": 1,
    "SoftwareVersions": "syngo_MR_E11",
    "StationName": "AWP166095",
    "TxRefAmp": 230.784,
    "WipMemBlock": "Prisma_epi_moco_navigator_ABCD_tse_vfl.prot",
    "dataset": "ds004097",
    "modality": "T2w",
    "session_id": "05",
    "subject_id": "NDARTW625MMA"
  },
  "cjv": 0.7824820520889346,
  "cnr": 1.0986697628479012,
  "efc": 0.5142270016729606,
  "fber": 3769.448350694445,
  "fwhm_avg": 3.9053,
  "fwhm_x": 3.82815,
  "fwhm_y": 4.12568,
  "fwhm_z": 3.76207,
  "icvs_csf": 0.3389316545213085,
  "icvs_gm": 0.48322451239083153,
  "icvs_wm": 0.17784383308785992,
  "inu_med": 1.0112308263778687,
  "inu_range": 1.1125125885009766,
  "provenance": {
    "md5sum": "7c4f73313681a6a33f2bf1b4ce6f713a",
    "settings": {
      "testing": false
    },
    "software": "mriqc",
    "version": "23.0.1",
    "warnings": {
      "large_rot_frame": true,
      "small_air_mask": false
    },
    "webapi_port": null,
    "webapi_url": "https://mriqc.nimh.nih.gov/api/v1"
  },
  "qi_1": 1.6807554720814293e-05,
  "qi_2": 0.0018306923612878057,
  "rpve_csf": 15.0410240772168,
  "rpve_gm": 11.789037781887243,
  "rpve_wm": 40.0451791822234,
  "size_x": 176,
  "size_y": 256,
  "size_z": 256,
  "snr_csf": 12.421847556383797,
  "snr_gm": 13.169463289240717,
  "snr_total": 9.225415150156026,
  "snr_wm": 2.0849346048435615,
  "snrd_csf": 66.28099258870958,
  "snrd_gm": 42.71723662656076,
  "snrd_total": 66.53186797733326,
  "snrd_wm": 90.59737471672946,
  "spacing_x": 1.0,
  "spacing_y": 1.0,
  "spacing_z": 1.0,
  "summary_bg_k": 5.64048693898617,
  "summary_bg_mad": 7.233230628182503,
  "summary_bg_mean": 6.317204818891004,
  "summary_bg_median": 4.878739919513464,
  "summary_bg_n": 3053929.0,
  "summary_bg_p05": 0.0,
  "summary_bg_p95": 22.190397698432207,
  "summary_bg_stdv": 8.237003179411227,
  "summary_csf_k": 1.9887064530391303,
  "summary_csf_mad": 54.20256370731599,
  "summary_csf_mean": 731.2412946356017,
  "summary_csf_median": 731.7952500563115,
  "summary_csf_n": 16784.0,
  "summary_csf_p05": 638.1124270921573,
  "summary_csf_p95": 825.2892185719684,
  "summary_csf_stdv": 58.91019399708416,
  "summary_gm_k": 1.2859291084718905,
  "summary_gm_mad": 33.41285890179789,
  "summary_gm_mean": 473.2493304352693,
  "summary_gm_median": 471.632509380579,
  "summary_gm_n": 126976.0,
  "summary_gm_p05": 418.31260342150927,
  "summary_gm_p95": 533.734147194773,
  "summary_gm_stdv": 35.81244291028731,
  "summary_wm_k": -1.5273403099552565,
  "summary_wm_mad": 380.23460102213573,
  "summary_wm_mean": 764.1136476900326,
  "summary_wm_median": 1000.267586465925,
  "summary_wm_n": 41431.0,
  "summary_wm_p05": 43.78275630995631,
  "summary_wm_p95": 1303.8511124253273,
  "summary_wm_stdv": 479.75390335121085,
  "tpm_overlap_csf": 0.12255166572795718,
  "tpm_overlap_gm": 0.3384446363960518,
  "tpm_overlap_wm": 0.05048201783260767,
  "wm2max": 0.7702319493928598
}