{
  "bids_meta": {
    "AcquisitionMatrixPE": 256,
    "AcquisitionNumber": 1,
    "AcquisitionTime": "11:33:43.795000",
    "BaseResolution": 256,
    "BodyPartExamined": "BRAIN",
    "ConsistencyInfo": "N4_VE11C_LATEST_20160120",
    "ConversionSoftware": "dcm2niix",
    "ConversionSoftwareVersion": "v1.0.20190902",
    "Dcm2bidsVersion": "2.1.4",
    "DeviceSerialNumber": "166095",
    "DwellTime": 0.000510012,
    "EchoTime": 0.0029,
    "FlipAngle": 8,
    "ImageOrientationPatientDICOM": [
      0,
      1,
      0,
      -0.0610485,
      0,
      -0.998135
    ],
    "ImageType": [
      "ORIGINAL",
      "PRIMARY",
      "M",
      "ND"
    ],
    "ImagingFrequency": 123.261,
    "InPlanePhaseEncodingDirectionDICOM": "ROW",
    "InstitutionAddress": "Hillhouse_Ave._10_New_Haven_Northeast_US_06519",
    "InstitutionName": "Yale_University_-_Dunham_Lab._Bldg.",
    "InstitutionalDepartmentName": "Department",
    "InversionTime": 1.07,
    "MRAcquisitionType": "3D",
    "MagneticFieldStrength": 3,
    "Manufacturer": "Siemens",
    "ManufacturersModelName": "Prisma",
    "Modality": "MR",
    "ParallelReductionFactorInPlane": 2,
    "PartialFourier": 1,
    "PatientPosition": "HFS",
    "PercentPhaseFOV": 100,
    "PhaseEncodingSteps": 255,
    "PhaseResolution": 1,
    "PixelBandwidth": 240,
    "ProcedureStepDescription": "ABCDadult",
    "ProtocolName": "ABCD_T1w_MPR_vNav",
    "PulseSequenceDetails": "%CustomerSeq%_tfl_mgh_epinav_ABCD",
    "ReceiveCoilActiveElements": "HEA;HEP",
    "ReceiveCoilName": "Head_32",
    "ReconMatrixPE": 256,
    "RefLinesPE": 32,
    "RepetitionTime": 2.5,
    "SAR": 0.0331487,
    "ScanOptions": "IR_WE",
    "ScanningSequence": "GR_IR",
    "SequenceName": "tfl3d1_16ns",
    "SequenceVariant": "SK_SP_MP",
    "SeriesDescription": "ABCD_T1w_MPR_vNav",
    "SeriesNumber": 4,
    "ShimSetting": [
      -2151,
      -657,
      -4099,
      483,
      -52,
      -106,
      0,
      116
    ],
    "SliceThickness": 1,
    "SoftwareVersions": "syngo_MR_E11",
    "StationName": "AWP166095",
    "TxRefAmp": 238.025,
    "WipMemBlock": "Prisma_epi_moco_navigator_ABCD_tfl.prot",
    "dataset": "ds004097",
    "modality": "T1w",
    "session_id": "01",
    "subject_id": "NDARFT076LW8"
  },
  "cjv": 0.4890124835403153,
  "cnr": 2.604605241629147,
  "efc": 0.5394819847045587,
  "fber": 11994.356601562498,
  "fwhm_avg": 4.02976,
  "fwhm_x": 4.12994,
  "fwhm_y": 4.14297,
  "fwhm_z": 3.81637,
  "icvs_csf": 0.1899734372077598,
  "icvs_gm": 0.4051954640973413,
  "icvs_wm": 0.40483109869489886,
  "inu_med": 1.054835557937622,
  "inu_range": 0.9762991368770599,
  "provenance": {
    "md5sum": "f032d57deebacc5942da83bea0c84037",
    "settings": {
      "testing": false
    },
    "software": "mriqc",
    "version": "23.0.1",
    "warnings": {
      "large_rot_frame": true,
      "small_air_mask": false
    },
    "webapi_port": null,
    "webapi_url": "https://mriqc.nimh.nih.gov/api/v1"
  },
  "qi_1": 0.0,
  "qi_2": 0.0010814791973689968,
  "rpve_csf": 25.8457606097506,
  "rpve_gm": 12.25445455074877,
  "rpve_wm": 14.106774098020828,
  "size_x": 176,
  "size_y": 256,
  "size_z": 256,
  "snr_csf": 2.0603733552586374,
  "snr_gm": 10.421056489346759,
  "snr_total": 8.428884774683345,
  "snr_wm": 12.805224479444638,
  "snrd_csf": 14.186377639306578,
  "snrd_gm": 45.4732950102086,
  "snrd_total": 40.76332085366793,
  "snrd_wm": 62.630289911488596,
  "spacing_x": 1.0,
  "spacing_y": 1.0,
  "spacing_z": 1.0,
  "summary_bg_k": 7.090051456417948,
  "summary_bg_mad": 0.0,
  "summary_bg_mean": 7.3082836690131225,
  "summary_bg_median": 0.0,
  "summary_bg_n": 3285625.0,
  "summary_bg_p05": 0.0,
  "summary_bg_p95": 28.288117673248053,
  "summary_bg_stdv": 10.46082514665011,
  "summary_csf_k": 4.985354734436781,
  "summary_csf_mad": 77.38857608491865,
  "summary_csf_mean": 248.111539881785,
  "summary_csf_median": 226.51957050338387,
  "summary_csf_n": 37844.0,
  "summary_csf_p05": 115.21291022002697,
  "summary_csf_p95": 465.861084480211,
  "summary_csf_stdv": 109.93957823156468,
  "summary_gm_k": 0.15988645779621713,
  "summary_gm_mad": 67.71500407430382,
  "summary_gm_mean": 724.8142302436191,
  "summary_gm_median": 726.0903041623533,
  "summary_gm_n": 18710.0,
  "summary_gm_p05": 608.5787160949782,
  "summary_gm_p95": 838.2597734976559,
  "summary_gm_stdv": 69.67344441923268,
  "summary_wm_k": 2.0100571543047616,
  "summary_wm_mad": 66.25123988848709,
  "summary_wm_mean": 1013.7350007818135,
  "summary_wm_median": 1000.0429096110165,
  "summary_wm_n": 228762.0,
  "summary_wm_p05": 913.3756720051169,
  "summary_wm_p95": 1162.4312998354435,
  "summary_wm_stdv": 78.09630556984361,
  "tpm_overlap_csf": 0.17517632335930367,
  "tpm_overlap_gm": 0.4370790107518981,
  "tpm_overlap_wm": 0.4794953801826242,
  "wm2max": 0.5089014613687499
}