{
  "aor": 0.0006680440771349861,
  "aqi": 0.0026422877134986223,
  "bids_meta": {
    "AcquisitionMatrixPE": 90,
    "AcquisitionNumber": 1,
    "AcquisitionTime": "15:22:29.192500",
    "BandwidthPerPixelPhaseEncode": 21.786,
    "BaseResolution": 90,
    "BodyPartExamined": "BRAIN",
    "ConsistencyInfo": "N4_VE11C_LATEST_20160120",
    "ConversionSoftware": "dcm2niix",
    "ConversionSoftwareVersion": "v1.0.20190902",
    "Dcm2bidsVersion": "2.1.4",
    "DerivedVendorReportedEchoSpacing": 0.000510012,
    "DeviceSerialNumber": "166095",
    "DwellTime": 2e-06,
    "EchoTime": 0.03,
    "EchoTrainLength": 90,
    "EffectiveEchoSpacing": 0.000510012,
    "FlipAngle": 52,
    "ImageComments": "SMS_ABCD_V1.2;_MB=6;_FOVshift=3;_K_PE=5;_K_RO=5;_LeakBlockOn;",
    "ImageOrientationPatientDICOM": [
      1,
      0,
      0,
      0,
      1,
      0
    ],
    "ImageType": [
      "ORIGINAL",
      "PRIMARY",
      "M",
      "ND",
      "MOSAIC"
    ],
    "ImagingFrequency": 123.261,
    "InPlanePhaseEncodingDirectionDICOM": "COL",
    "InstitutionAddress": "Hillhouse_Ave._10_New_Haven_Northeast_US_06519",
    "InstitutionName": "Yale_University_-_Dunham_Lab._Bldg.",
    "InstitutionalDepartmentName": "Department",
    "MRAcquisitionType": "2D",
    "MagneticFieldStrength": 3,
    "Manufacturer": "Siemens",
    "ManufacturersModelName": "Prisma",
    "Modality": "MR",
    "MultibandAccelerationFactor": 6,
    "PartialFourier": 1,
    "PatientPosition": "HFS",
    "PercentPhaseFOV": 100,
    "PhaseEncodingAxis": "j",
    "PhaseEncodingDirection": "j",
    "PhaseEncodingSteps": 90,
    "PhaseResolution": 1,
    "PixelBandwidth": 2780,
    "ProcedureStepDescription": "ABCDadult",
    "ProtocolName": "ABCD_fMRI_task_Emotional_n-back",
    "PulseSequenceDetails": "%CustomerSeq%_ep2d_bold_sms_abcd",
    "ReceiveCoilActiveElements": "HEA;HEP",
    "ReceiveCoilName": "Head_32",
    "ReconMatrixPE": 90,
    "RefLinesPE": 22,
    "RepetitionTime": 0.8,
    "SAR": 0.0474782,
    "ScanOptions": "FS_CT",
    "ScanningSequence": "EP",
    "SequenceName": "epfid2d1_90",
    "SequenceVariant": "SK",
    "SeriesDescription": "ABCD_fMRI_task_Emotional_n-back",
    "SeriesNumber": 29,
    "ShimSetting": [
      -2125,
      -640,
      -4090,
      527,
      32,
      17,
      74,
      36
    ],
    "SliceThickness": 2.4,
    "SliceTiming": [
      0.5475,
      0,
      0.39,
      0.08,
      0.47,
      0.235,
      0.625,
      0.3125,
      0.7025,
      0.1575,
      0.5475,
      0,
      0.39,
      0.08,
      0.47,
      0.235,
      0.625,
      0.3125,
      0.7025,
      0.1575,
      0.5475,
      0,
      0.39,
      0.08,
      0.47,
      0.235,
      0.625,
      0.3125,
      0.7025,
      0.1575,
      0.5475,
      0,
      0.39,
      0.08,
      0.47,
      0.235,
      0.625,
      0.3125,
      0.7025,
      0.1575,
      0.5475,
      0,
      0.39,
      0.08,
      0.47,
      0.235,
      0.625,
      0.3125,
      0.7025,
      0.1575,
      0.5475,
      0,
      0.39,
      0.08,
      0.47,
      0.235,
      0.625,
      0.3125,
      0.7025,
      0.1575
    ],
    "SoftwareVersions": "syngo_MR_E11",
    "SpacingBetweenSlices": 2.4,
    "StationName": "AWP166095",
    "TotalReadoutTime": 0.045391,
    "TxRefAmp": 225.899,
    "WipMemBlock": "492ead2a-b871-41fa-9c9a-efd1b05ad3e5",
    "dataset": "ds004097",
    "modality": "bold",
    "run_id": 2,
    "session_id": "04",
    "subject_id": "NDARTW625MMA",
    "task_id": "nback"
  },
  "dummy_trs": 7,
  "dvars_nstd": 26.4922525609116,
  "dvars_std": 1.0589301091160221,
  "dvars_vstd": 1.0119678230110494,
  "efc": 0.488324003023955,
  "fber": 965.9354248046875,
  "fd_mean": 0.08899162877940103,
  "fd_num": 18,
  "fd_perc": 4.958677685950414,
  "fwhm_avg": 3.1177138685741155,
  "fwhm_x": 2.955191549237905,
  "fwhm_y": 3.2701790367214265,
  "fwhm_z": 3.1277710197630135,
  "gcor": 0.0126549,
  "gsr_x": -0.012357110157608986,
  "gsr_y": 0.07488416135311127,
  "provenance": {
    "md5sum": "22509540d39aa0a5d75e0e35384c669f",
    "settings": {
      "fd_thres": 0.2,
      "testing": false
    },
    "software": "mriqc",
    "version": "23.0.1",
    "webapi_port": null,
    "webapi_url": "https://mriqc.nimh.nih.gov/api/v1"
  },
  "size_t": 363,
  "size_x": 90,
  "size_y": 90,
  "size_z": 60,
  "snr": 2.4535923316057344,
  "spacing_tr": 0.800000011920929,
  "spacing_x": 2.4000000953674316,
  "spacing_y": 2.4000000953674316,
  "spacing_z": 2.3999998569488525,
  "summary_bg_k": 27.235700233533933,
  "summary_bg_mad": 6.101949848597217,
  "summary_bg_mean": 24.801979064941406,
  "summary_bg_median": 10.115702629089355,
  "summary_bg_n": 341399.0,
  "summary_bg_p05": 5.7217631340026855,
  "summary_bg_p95": 102.32424697875932,
  "summary_bg_stdv": 40.43333435058594,
  "summary_fg_k": 1.2596473047879737,
  "summary_fg_mad": 122.38002873759096,
  "summary_fg_mean": 338.4166259765625,
  "summary_fg_median": 313.9173583984375,
  "summary_fg_n": 74386.0,
  "summary_fg_p05": 178.0550994873047,
  "summary_fg_p95": 576.9373168945312,
  "summary_fg_stdv": 127.94107818603516,
  "tsnr": 50.41765642235987
}