{
  "bids_meta": {
    "AcquisitionMatrixPE": 256,
    "AcquisitionNumber": 1,
    "AcquisitionTime": "14:55:9.832500",
    "BaseResolution": 256,
    "BodyPartExamined": "BRAIN",
    "ConsistencyInfo": "N4_VE11C_LATEST_20160120",
    "ConversionSoftware": "dcm2niix",
    "ConversionSoftwareVersion": "v1.0.20190902",
    "Dcm2bidsVersion": "2.1.4",
    "DeviceSerialNumber": "166095",
    "DwellTime": 0.000510012,
    "EchoTime": 0.565,
    "EchoTrainLength": 190,
    "FlipAngle": 120,
    "ImageOrientationPatientDICOM": [
      0,
      1,
      0,
      -0.052336,
      0,
      -0.99863
    ],
    "ImageType": [
      "ORIGINAL",
      "PRIMARY",
      "M",
      "ND"
    ],
    "ImagingFrequency": 123.261,
    "InPlanePhaseEncodingDirectionDICOM": "ROW",
    "InstitutionAddress": "Hillhouse_Ave._10_New_Haven_Northeast_US_06519",
    "InstitutionName": "Yale_University_-_Dunham_Lab._Bldg.",
    "InstitutionalDepartmentName": "Department",
    "MRAcquisitionType": "3D",
    "MagneticFieldStrength": 3,
    "Manufacturer": "Siemens",
    "ManufacturersModelName": "Prisma",
    "Modality": "MR",
    "ParallelReductionFactorInPlane": 2,
    "PartialFourier": 1,
    "PatientPosition": "HFS",
    "PercentPhaseFOV": 100,
    "PhaseEncodingSteps": 227,
    "PhaseResolution": 1,
    "PixelBandwidth": 240,
    "ProcedureStepDescription": "ABCDadult",
    "ProtocolName": "ABCD_T2w_SPC_vNav",
    "PulseSequenceDetails": "%CustomerSeq%_tse_vfl_mgh_epinav_ABCD",
    "ReceiveCoilActiveElements": "HEA;HEP",
    "ReceiveCoilName": "Head_32",
    "ReconMatrixPE": 256,
    "RefLinesPE": 32,
    "RepetitionTime": 3.2,
    "SAR": 0.0683277,
    "ScanOptions": "PFP",
    "ScanningSequence": "SE",
    "SequenceName": "spc_200ns",
    "SequenceVariant": "SK_SP",
    "SeriesDescription": "ABCD_T2w_SPC_vNav",
    "SeriesNumber": 17,
    "ShimSetting": [
      -2128,
      -673,
      -4048,
      485,
      -8,
      -80,
      96,
      78
    ],
    "SliceThickness": 1,
    "SoftwareVersions": "syngo_MR_E11",
    "StationName": "AWP166095",
    "TxRefAmp": 234.685,
    "WipMemBlock": "Prisma_epi_moco_navigator_ABCD_tse_vfl.prot",
    "dataset": "ds004097",
    "modality": "T2w",
    "session_id": "02",
    "subject_id": "NDARTW625MMA"
  },
  "cjv": 0.3521892367369755,
  "cnr": 1.153934646301293,
  "efc": 0.5027241103572939,
  "fber": 12886.366909178769,
  "fwhm_avg": 2.47972,
  "fwhm_x": 2.43023,
  "fwhm_y": 2.74498,
  "fwhm_z": 2.26395,
  "icvs_csf": 0.3311770656181554,
  "icvs_gm": 0.5695185586455231,
  "icvs_wm": 0.0993043757363214,
  "inu_med": 0.7929460406303406,
  "inu_range": 0.14897161722183228,
  "provenance": {
    "md5sum": "06f2b04dcb2956bfa6aadcb834af6b95",
    "settings": {
      "testing": false
    },
    "software": "mriqc",
    "version": "23.0.1",
    "warnings": {
      "large_rot_frame": true,
      "small_air_mask": false
    },
    "webapi_port": null,
    "webapi_url": "https://mriqc.nimh.nih.gov/api/v1"
  },
  "qi_1": 0.0,
  "qi_2": 0.011006006383017358,
  "rpve_csf": 16.079335759486074,
  "rpve_gm": 11.35830961440513,
  "rpve_wm": 64.3917782326164,
  "size_x": 176,
  "size_y": 256,
  "size_z": 256,
  "snr_csf": 6.525740101378294,
  "snr_gm": 11.681643718393017,
  "snr_total": 6.802736739630234,
  "snr_wm": 2.200826399119388,
  "snrd_csf": 134.32525960739315,
  "snrd_gm": 85.19331669716703,
  "snrd_total": 133.13290453301784,
  "snrd_wm": 179.88013729449332,
  "spacing_x": 1.0,
  "spacing_y": 1.0,
  "spacing_z": 1.0,
  "summary_bg_k": 7.590120234958238,
  "summary_bg_mad": 0.0,
  "summary_bg_mean": 2.396378239800133,
  "summary_bg_median": 0.0,
  "summary_bg_n": 2856029.0,
  "summary_bg_p05": 0.0,
  "summary_bg_p95": 8.151377314701676,
  "summary_bg_stdv": 3.643966174898289,
  "summary_csf_k": 0.036289479791794754,
  "summary_csf_mad": 87.84939335038437,
  "summary_csf_mean": 776.4575525713041,
  "summary_csf_median": 747.1370884655043,
  "summary_csf_n": 37746.0,
  "summary_csf_p05": 635.0745630967431,
  "summary_csf_p95": 1007.423237638548,
  "summary_csf_stdv": 114.48926556820724,
  "summary_gm_k": 0.4322651952421386,
  "summary_gm_mad": 39.95703336236762,
  "summary_gm_mean": 475.3931507599818,
  "summary_gm_median": 473.8579086307436,
  "summary_gm_n": 205475.0,
  "summary_gm_p05": 412.17789276894183,
  "summary_gm_p95": 543.2108102850616,
  "summary_gm_stdv": 40.564219126458596,
  "summary_wm_k": -1.7676800964083317,
  "summary_wm_mad": 145.5277215092547,
  "summary_wm_mean": 661.7456348951715,
  "summary_wm_median": 1000.5200990773737,
  "summary_wm_n": 8631.0,
  "summary_wm_p05": 35.80175697617233,
  "summary_wm_p95": 1100.8236480066553,
  "summary_wm_stdv": 454.58475823179714,
  "tpm_overlap_csf": 0.12307188658362068,
  "tpm_overlap_gm": 0.3580129081772449,
  "tpm_overlap_wm": 0.03228032172833793,
  "wm2max": 0.9163534322980721
}