{
  "aor": 0.0005866575342465753,
  "aqi": 0.00257142498630137,
  "bids_meta": {
    "AcquisitionMatrixPE": 90,
    "AcquisitionNumber": 1,
    "AcquisitionTime": "13:52:17.572500",
    "BandwidthPerPixelPhaseEncode": 21.786,
    "BaseResolution": 90,
    "BodyPartExamined": "BRAIN",
    "ConsistencyInfo": "N4_VE11C_LATEST_20160120",
    "ConversionSoftware": "dcm2niix",
    "ConversionSoftwareVersion": "v1.0.20190902",
    "Dcm2bidsVersion": "2.1.4",
    "DerivedVendorReportedEchoSpacing": 0.000510012,
    "DeviceSerialNumber": "166095",
    "DwellTime": 2e-06,
    "EchoTime": 0.03,
    "EchoTrainLength": 90,
    "EffectiveEchoSpacing": 0.000510012,
    "FlipAngle": 52,
    "ImageComments": "SMS_ABCD_V1.2;_MB=6;_FOVshift=3;_K_PE=5;_K_RO=5;_LeakBlockOn;",
    "ImageOrientationPatientDICOM": [
      1,
      0,
      0,
      0,
      1,
      0
    ],
    "ImageType": [
      "ORIGINAL",
      "PRIMARY",
      "M",
      "ND",
      "MOSAIC"
    ],
    "ImagingFrequency": 123.261,
    "InPlanePhaseEncodingDirectionDICOM": "COL",
    "InstitutionAddress": "Hillhouse_Ave._10_New_Haven_Northeast_US_06519",
    "InstitutionName": "Yale_University_-_Dunham_Lab._Bldg.",
    "InstitutionalDepartmentName": "Department",
    "MRAcquisitionType": "2D",
    "MagneticFieldStrength": 3,
    "Manufacturer": "Siemens",
    "ManufacturersModelName": "Prisma",
    "Modality": "MR",
    "MultibandAccelerationFactor": 6,
    "PartialFourier": 1,
    "PatientPosition": "HFS",
    "PercentPhaseFOV": 100,
    "PhaseEncodingAxis": "j",
    "PhaseEncodingDirection": "j",
    "PhaseEncodingSteps": 90,
    "PhaseResolution": 1,
    "PixelBandwidth": 2780,
    "ProcedureStepDescription": "ABCDadult",
    "ProtocolName": "ABCD_fMRI_task_Emotional_n-back",
    "PulseSequenceDetails": "%CustomerSeq%_ep2d_bold_sms_abcd",
    "ReceiveCoilActiveElements": "HEA;HEP",
    "ReceiveCoilName": "Head_32",
    "ReconMatrixPE": 90,
    "RefLinesPE": 22,
    "RepetitionTime": 0.8,
    "SAR": 0.06386,
    "ScanOptions": "FS_CT",
    "ScanningSequence": "EP",
    "SequenceName": "epfid2d1_90",
    "SequenceVariant": "SK",
    "SeriesDescription": "ABCD_fMRI_task_Emotional_n-back",
    "SeriesNumber": 39,
    "ShimSetting": [
      -2141,
      -681,
      -3986,
      576,
      -93,
      -113,
      44,
      95
    ],
    "SliceThickness": 2.4,
    "SliceTiming": [
      0.5475,
      0,
      0.39,
      0.0775,
      0.4675,
      0.235,
      0.625,
      0.3125,
      0.7025,
      0.1575,
      0.5475,
      0,
      0.39,
      0.0775,
      0.4675,
      0.235,
      0.625,
      0.3125,
      0.7025,
      0.1575,
      0.5475,
      0,
      0.39,
      0.0775,
      0.4675,
      0.235,
      0.625,
      0.3125,
      0.7025,
      0.1575,
      0.5475,
      0,
      0.39,
      0.0775,
      0.4675,
      0.235,
      0.625,
      0.3125,
      0.7025,
      0.1575,
      0.5475,
      0,
      0.39,
      0.0775,
      0.4675,
      0.235,
      0.625,
      0.3125,
      0.7025,
      0.1575,
      0.5475,
      0,
      0.39,
      0.0775,
      0.4675,
      0.235,
      0.625,
      0.3125,
      0.7025,
      0.1575
    ],
    "SoftwareVersions": "syngo_MR_E11",
    "SpacingBetweenSlices": 2.4,
    "StationName": "AWP166095",
    "TotalReadoutTime": 0.045391,
    "TxRefAmp": 247.004,
    "WipMemBlock": "f2868ac3-f406-4614-b7a6-cdaaedd60be4",
    "dataset": "ds004097",
    "modality": "bold",
    "run_id": 1,
    "session_id": "01",
    "subject_id": "NDARMC914MYN",
    "task_id": "nback"
  },
  "dummy_trs": 5,
  "dvars_nstd": 26.829964936181337,
  "dvars_std": 1.0550633268681318,
  "dvars_vstd": 1.0105521684890106,
  "efc": 0.5214989115941497,
  "fber": 676.341796875,
  "fd_mean": 0.07562556430455017,
  "fd_num": 0,
  "fd_perc": 0.0,
  "fwhm_avg": 3.2230110937429592,
  "fwhm_x": 2.98874988123775,
  "fwhm_y": 3.337170700726084,
  "fwhm_z": 3.3431126992650446,
  "gcor": 0.00710927,
  "gsr_x": -0.013131178915500641,
  "gsr_y": 0.0964481383562088,
  "provenance": {
    "md5sum": "ee2544ee90c56a6236f89ac38b550039",
    "settings": {
      "fd_thres": 0.2,
      "testing": false
    },
    "software": "mriqc",
    "version": "23.0.1",
    "webapi_port": null,
    "webapi_url": "https://mriqc.nimh.nih.gov/api/v1"
  },
  "size_t": 365,
  "size_x": 90,
  "size_y": 90,
  "size_z": 60,
  "snr": 2.314189100912201,
  "spacing_tr": 0.800000011920929,
  "spacing_x": 2.4000000953674316,
  "spacing_y": 2.4000000953674316,
  "spacing_z": 2.3999998569488525,
  "summary_bg_k": 15.552085703580317,
  "summary_bg_mad": 7.904503704579718,
  "summary_bg_mean": 30.044904708862305,
  "summary_bg_median": 11.931507110595703,
  "summary_bg_n": 323910.0,
  "summary_bg_p05": 6.123287677764893,
  "summary_bg_p95": 130.94945449829098,
  "summary_bg_stdv": 47.02843475341797,
  "summary_fg_k": 0.6115338590190507,
  "summary_fg_mad": 134.99601531888675,
  "summary_fg_mean": 341.3453063964844,
  "summary_fg_median": 314.510986328125,
  "summary_fg_n": 86138.0,
  "summary_fg_p05": 170.92795028686524,
  "summary_fg_p95": 594.557009887695,
  "summary_fg_stdv": 135.90469360351562,
  "tsnr": 52.68023595586419
}