{
  "aor": 0.0006122358722358722,
  "aqi": 0.004826208452088452,
  "bids_meta": {
    "AcquisitionMatrixPE": 90,
    "AcquisitionNumber": 1,
    "AcquisitionTime": "12:22:57.360000",
    "BandwidthPerPixelPhaseEncode": 21.786,
    "BaseResolution": 90,
    "BodyPartExamined": "BRAIN",
    "ConsistencyInfo": "N4_VE11C_LATEST_20160120",
    "ConversionSoftware": "dcm2niix",
    "ConversionSoftwareVersion": "v1.0.20190902",
    "Dcm2bidsVersion": "2.1.4",
    "DerivedVendorReportedEchoSpacing": 0.000510012,
    "DeviceSerialNumber": "166095",
    "DwellTime": 2e-06,
    "EchoTime": 0.03,
    "EchoTrainLength": 90,
    "EffectiveEchoSpacing": 0.000510012,
    "FlipAngle": 52,
    "ImageComments": "SMS_ABCD_V1.2;_MB=6;_FOVshift=3;_K_PE=5;_K_RO=5;_LeakBlockOn;",
    "ImageOrientationPatientDICOM": [
      1,
      0,
      0,
      0,
      1,
      0
    ],
    "ImageType": [
      "ORIGINAL",
      "PRIMARY",
      "M",
      "ND",
      "MOSAIC"
    ],
    "ImagingFrequency": 123.261,
    "InPlanePhaseEncodingDirectionDICOM": "COL",
    "InstitutionAddress": "Hillhouse_Ave._10_New_Haven_Northeast_US_06519",
    "InstitutionName": "Yale_University_-_Dunham_Lab._Bldg.",
    "InstitutionalDepartmentName": "Department",
    "MRAcquisitionType": "2D",
    "MagneticFieldStrength": 3,
    "Manufacturer": "Siemens",
    "ManufacturersModelName": "Prisma",
    "Modality": "MR",
    "MultibandAccelerationFactor": 6,
    "PartialFourier": 1,
    "PatientPosition": "HFS",
    "PercentPhaseFOV": 100,
    "PhaseEncodingAxis": "j",
    "PhaseEncodingDirection": "j",
    "PhaseEncodingSteps": 90,
    "PhaseResolution": 1,
    "PixelBandwidth": 2780,
    "ProcedureStepDescription": "ABCDadult",
    "ProtocolName": "ABCD_fMRI_task_Monetary_Incentive",
    "PulseSequenceDetails": "%CustomerSeq%_ep2d_bold_sms_abcd",
    "ReceiveCoilActiveElements": "HEA;HEP",
    "ReceiveCoilName": "Head_32",
    "ReconMatrixPE": 90,
    "RefLinesPE": 22,
    "RepetitionTime": 0.8,
    "SAR": 0.0701311,
    "ScanOptions": "FS_CT",
    "ScanningSequence": "EP",
    "SequenceName": "epfid2d1_90",
    "SequenceVariant": "SK",
    "SeriesDescription": "ABCD_fMRI_task_Monetary_Incentive",
    "SeriesNumber": 27,
    "ShimSetting": [
      -2142,
      -664,
      -3972,
      463,
      -29,
      -68,
      -69,
      64
    ],
    "SliceThickness": 2.4,
    "SliceTiming": [
      0.545,
      0,
      0.39,
      0.0775,
      0.4675,
      0.2325,
      0.6225,
      0.31,
      0.7,
      0.155,
      0.545,
      0,
      0.39,
      0.0775,
      0.4675,
      0.2325,
      0.6225,
      0.31,
      0.7,
      0.155,
      0.545,
      0,
      0.39,
      0.0775,
      0.4675,
      0.2325,
      0.6225,
      0.31,
      0.7,
      0.155,
      0.545,
      0,
      0.39,
      0.0775,
      0.4675,
      0.2325,
      0.6225,
      0.31,
      0.7,
      0.155,
      0.545,
      0,
      0.39,
      0.0775,
      0.4675,
      0.2325,
      0.6225,
      0.31,
      0.7,
      0.155,
      0.545,
      0,
      0.39,
      0.0775,
      0.4675,
      0.2325,
      0.6225,
      0.31,
      0.7,
      0.155
    ],
    "SoftwareVersions": "syngo_MR_E11",
    "SpacingBetweenSlices": 2.4,
    "StationName": "AWP166095",
    "TotalReadoutTime": 0.045391,
    "TxRefAmp": 254.718,
    "WipMemBlock": "5d4eae77-b78e-4506-8fd2-89e326a9c47b",
    "dataset": "ds004097",
    "modality": "bold",
    "run_id": 1,
    "session_id": "03",
    "subject_id": "NDARDD890AYU",
    "task_id": "MID"
  },
  "dummy_trs": 4,
  "dvars_nstd": 33.70291981431034,
  "dvars_std": 1.0740341352709364,
  "dvars_vstd": 0.9967824836945814,
  "efc": 0.5440980061906485,
  "fber": 653.4961547851562,
  "fd_mean": 0.07499805084992928,
  "fd_num": 3,
  "fd_perc": 0.7371007371007371,
  "fwhm_avg": 2.922713772750678,
  "fwhm_x": 2.725941558347481,
  "fwhm_y": 3.0247415464742367,
  "fwhm_z": 3.017458213430317,
  "gcor": 0.0208469,
  "gsr_x": -0.021291935816407204,
  "gsr_y": 0.10064403712749481,
  "provenance": {
    "md5sum": "50a4c427446e15bb6e578875c5914d5f",
    "settings": {
      "fd_thres": 0.2,
      "testing": false
    },
    "software": "mriqc",
    "version": "23.0.1",
    "webapi_port": null,
    "webapi_url": "https://mriqc.nimh.nih.gov/api/v1"
  },
  "size_t": 407,
  "size_x": 90,
  "size_y": 90,
  "size_z": 60,
  "snr": 2.4759941466675457,
  "spacing_tr": 0.800000011920929,
  "spacing_x": 2.4000000953674316,
  "spacing_y": 2.4000000953674316,
  "spacing_z": 2.4000000953674316,
  "summary_bg_k": 14.936611808410365,
  "summary_bg_mad": 6.145332438480352,
  "summary_bg_mean": 26.427444458007812,
  "summary_bg_median": 10.248157501220703,
  "summary_bg_n": 312513.0,
  "summary_bg_p05": 5.771498680114746,
  "summary_bg_p95": 116.34938354492162,
  "summary_bg_stdv": 41.7692756652832,
  "summary_fg_k": 0.7841475432360787,
  "summary_fg_mad": 103.609114152061,
  "summary_fg_mean": 284.0528259277344,
  "summary_fg_median": 264.2370910644531,
  "summary_fg_n": 96234.0,
  "summary_fg_p05": 146.49790420532227,
  "summary_fg_p95": 481.8642486572265,
  "summary_fg_stdv": 106.71903991699219,
  "tsnr": 40.90159218246117
}