{
  "aor": 0.0012522954545454545,
  "aqi": 0.00427701775,
  "bids_meta": {
    "AcquisitionMatrixPE": 90,
    "AcquisitionNumber": 1,
    "AcquisitionTime": "12:35:31.205000",
    "BandwidthPerPixelPhaseEncode": 21.786,
    "BaseResolution": 90,
    "BodyPartExamined": "BRAIN",
    "ConsistencyInfo": "N4_VE11C_LATEST_20160120",
    "ConversionSoftware": "dcm2niix",
    "ConversionSoftwareVersion": "v1.0.20190902",
    "Dcm2bidsVersion": "2.1.4",
    "DerivedVendorReportedEchoSpacing": 0.000510012,
    "DeviceSerialNumber": "166095",
    "DwellTime": 2e-06,
    "EchoTime": 0.03,
    "EchoTrainLength": 90,
    "EffectiveEchoSpacing": 0.000510012,
    "FlipAngle": 52,
    "ImageComments": "SMS_ABCD_V1.2;_MB=6;_FOVshift=3;_K_PE=5;_K_RO=5;_LeakBlockOn;",
    "ImageOrientationPatientDICOM": [
      1,
      0,
      0,
      0,
      1,
      0
    ],
    "ImageType": [
      "ORIGINAL",
      "PRIMARY",
      "M",
      "ND",
      "MOSAIC"
    ],
    "ImagingFrequency": 123.261,
    "InPlanePhaseEncodingDirectionDICOM": "COL",
    "InstitutionAddress": "Hillhouse_Ave._10_New_Haven_Northeast_US_06519",
    "InstitutionName": "Yale_University_-_Dunham_Lab._Bldg.",
    "InstitutionalDepartmentName": "Department",
    "MRAcquisitionType": "2D",
    "MagneticFieldStrength": 3,
    "Manufacturer": "Siemens",
    "ManufacturersModelName": "Prisma",
    "Modality": "MR",
    "MultibandAccelerationFactor": 6,
    "PartialFourier": 1,
    "PatientPosition": "HFS",
    "PercentPhaseFOV": 100,
    "PhaseEncodingAxis": "j",
    "PhaseEncodingDirection": "j",
    "PhaseEncodingSteps": 90,
    "PhaseResolution": 1,
    "PixelBandwidth": 2780,
    "ProcedureStepDescription": "ABCDadult",
    "ProtocolName": "ABCD_fMRI_task_Stop",
    "PulseSequenceDetails": "%CustomerSeq%_ep2d_bold_sms_abcd",
    "ReceiveCoilActiveElements": "HEA;HEP",
    "ReceiveCoilName": "Head_32",
    "ReconMatrixPE": 90,
    "RefLinesPE": 22,
    "RepetitionTime": 0.8,
    "SAR": 0.0701694,
    "ScanOptions": "FS_CT",
    "ScanningSequence": "EP",
    "SequenceName": "epfid2d1_90",
    "SequenceVariant": "SK",
    "SeriesDescription": "ABCD_fMRI_task_Stop",
    "SeriesNumber": 33,
    "ShimSetting": [
      -2142,
      -664,
      -3972,
      463,
      -29,
      -68,
      -69,
      64
    ],
    "SliceThickness": 2.4,
    "SliceTiming": [
      0.5475,
      0,
      0.39,
      0.0775,
      0.4675,
      0.235,
      0.625,
      0.3125,
      0.7025,
      0.1575,
      0.5475,
      0,
      0.39,
      0.0775,
      0.4675,
      0.235,
      0.625,
      0.3125,
      0.7025,
      0.1575,
      0.5475,
      0,
      0.39,
      0.0775,
      0.4675,
      0.235,
      0.625,
      0.3125,
      0.7025,
      0.1575,
      0.5475,
      0,
      0.39,
      0.0775,
      0.4675,
      0.235,
      0.625,
      0.3125,
      0.7025,
      0.1575,
      0.5475,
      0,
      0.39,
      0.0775,
      0.4675,
      0.235,
      0.625,
      0.3125,
      0.7025,
      0.1575,
      0.5475,
      0,
      0.39,
      0.0775,
      0.4675,
      0.235,
      0.625,
      0.3125,
      0.7025,
      0.1575
    ],
    "SoftwareVersions": "syngo_MR_E11",
    "SpacingBetweenSlices": 2.4,
    "StationName": "AWP166095",
    "TotalReadoutTime": 0.045391,
    "TxRefAmp": 254.718,
    "WipMemBlock": "13b5620b-7af5-4798-ac95-ebf9cb912eaa",
    "dataset": "ds004097",
    "modality": "bold",
    "run_id": 1,
    "session_id": "03",
    "subject_id": "NDARDD890AYU",
    "task_id": "SST"
  },
  "dummy_trs": 5,
  "dvars_nstd": 32.45059588214123,
  "dvars_std": 1.082302522756264,
  "dvars_vstd": 1.0201715821867878,
  "efc": 0.5452592959523673,
  "fber": 628.398681640625,
  "fd_mean": 0.06479956146357765,
  "fd_num": 5,
  "fd_perc": 1.1363636363636365,
  "fwhm_avg": 2.9158207174690283,
  "fwhm_x": 2.7105998922904377,
  "fwhm_y": 2.9764457150600068,
  "fwhm_z": 3.0604165450566394,
  "gcor": 0.0127614,
  "gsr_x": -0.019741732627153397,
  "gsr_y": 0.09966015070676804,
  "provenance": {
    "md5sum": "a4f722018ee501d2b6477b3a4985e1c9",
    "settings": {
      "fd_thres": 0.2,
      "testing": false
    },
    "software": "mriqc",
    "version": "23.0.1",
    "webapi_port": null,
    "webapi_url": "https://mriqc.nimh.nih.gov/api/v1"
  },
  "size_t": 440,
  "size_x": 90,
  "size_y": 90,
  "size_z": 60,
  "snr": 2.496302818769555,
  "spacing_tr": 0.800000011920929,
  "spacing_x": 2.4000000953674316,
  "spacing_y": 2.4000000953674316,
  "spacing_z": 2.4000000953674316,
  "summary_bg_k": 15.42620593831866,
  "summary_bg_mad": 6.105625332746201,
  "summary_bg_mean": 26.067745208740234,
  "summary_bg_median": 10.272727012634277,
  "summary_bg_n": 312011.0,
  "summary_bg_p05": 5.784090518951416,
  "summary_bg_p95": 114.8272705078125,
  "summary_bg_stdv": 41.31536865234375,
  "summary_fg_k": 0.7330553812744323,
  "summary_fg_mad": 101.95585748660568,
  "summary_fg_mean": 281.1817626953125,
  "summary_fg_median": 261.842041015625,
  "summary_fg_n": 96650.0,
  "summary_fg_p05": 145.59091186523438,
  "summary_fg_p95": 476.2971374511719,
  "summary_fg_stdv": 104.89139556884766,
  "tsnr": 44.14929572981782
}