{
  "aor": 0.001900424403183024,
  "aqi": 0.006209023342175066,
  "bids_meta": {
    "AcquisitionMatrixPE": 90,
    "AcquisitionNumber": 1,
    "AcquisitionTime": "15:31:59.180000",
    "BandwidthPerPixelPhaseEncode": 21.786,
    "BaseResolution": 90,
    "BodyPartExamined": "BRAIN",
    "ConsistencyInfo": "N4_VE11C_LATEST_20160120",
    "ConversionSoftware": "dcm2niix",
    "ConversionSoftwareVersion": "v1.0.20190902",
    "Dcm2bidsVersion": "2.1.4",
    "DerivedVendorReportedEchoSpacing": 0.000510012,
    "DeviceSerialNumber": "166095",
    "DwellTime": 2e-06,
    "EchoTime": 0.03,
    "EchoTrainLength": 90,
    "EffectiveEchoSpacing": 0.000510012,
    "FlipAngle": 52,
    "ImageComments": "SMS_ABCD_V1.2;_MB=6;_FOVshift=3;_K_PE=5;_K_RO=5;_LeakBlockOn;",
    "ImageOrientationPatientDICOM": [
      1,
      0,
      0,
      0,
      1,
      0
    ],
    "ImageType": [
      "ORIGINAL",
      "PRIMARY",
      "M",
      "ND",
      "MOSAIC"
    ],
    "ImagingFrequency": 123.261,
    "InPlanePhaseEncodingDirectionDICOM": "COL",
    "InstitutionAddress": "Hillhouse_Ave._10_New_Haven_Northeast_US_06519",
    "InstitutionName": "Yale_University_-_Dunham_Lab._Bldg.",
    "InstitutionalDepartmentName": "Department",
    "MRAcquisitionType": "2D",
    "MagneticFieldStrength": 3,
    "Manufacturer": "Siemens",
    "ManufacturersModelName": "Prisma",
    "Modality": "MR",
    "MultibandAccelerationFactor": 6,
    "PartialFourier": 1,
    "PatientPosition": "HFS",
    "PercentPhaseFOV": 100,
    "PhaseEncodingAxis": "j",
    "PhaseEncodingDirection": "j",
    "PhaseEncodingSteps": 90,
    "PhaseResolution": 1,
    "PixelBandwidth": 2780,
    "ProcedureStepDescription": "ABCDadult",
    "ProtocolName": "ABCD_fMRI_rest",
    "PulseSequenceDetails": "%CustomerSeq%_ep2d_bold_sms_abcd",
    "ReceiveCoilActiveElements": "HEA;HEP",
    "ReceiveCoilName": "Head_32",
    "ReconMatrixPE": 90,
    "RefLinesPE": 22,
    "RepetitionTime": 0.8,
    "SAR": 0.0542265,
    "ScanOptions": "FS_CT",
    "ScanningSequence": "EP",
    "SequenceName": "epfid2d1_90",
    "SequenceVariant": "SK",
    "SeriesDescription": "ABCD_fMRI_rest",
    "SeriesNumber": 23,
    "ShimSetting": [
      -2121,
      -659,
      -4053,
      533,
      96,
      -180,
      -6,
      91
    ],
    "SliceThickness": 2.4,
    "SliceTiming": [
      0.5475,
      0,
      0.39,
      0.0775,
      0.4675,
      0.235,
      0.625,
      0.3125,
      0.7025,
      0.1575,
      0.5475,
      0,
      0.39,
      0.0775,
      0.4675,
      0.235,
      0.625,
      0.3125,
      0.7025,
      0.1575,
      0.5475,
      0,
      0.39,
      0.0775,
      0.4675,
      0.235,
      0.625,
      0.3125,
      0.7025,
      0.1575,
      0.5475,
      0,
      0.39,
      0.0775,
      0.4675,
      0.235,
      0.625,
      0.3125,
      0.7025,
      0.1575,
      0.5475,
      0,
      0.39,
      0.0775,
      0.4675,
      0.235,
      0.625,
      0.3125,
      0.7025,
      0.1575,
      0.5475,
      0,
      0.39,
      0.0775,
      0.4675,
      0.235,
      0.625,
      0.3125,
      0.7025,
      0.1575
    ],
    "SoftwareVersions": "syngo_MR_E11",
    "SpacingBetweenSlices": 2.4,
    "StationName": "AWP166095",
    "TotalReadoutTime": 0.045391,
    "TxRefAmp": 218.324,
    "WipMemBlock": "0e4f38f3-3ff2-48d0-9463-45af8e22f5e1",
    "dataset": "ds004097",
    "modality": "bold",
    "run_id": 4,
    "session_id": "03",
    "subject_id": "NDARTR918TJX",
    "task_id": "rest"
  },
  "dummy_trs": 6,
  "dvars_nstd": 30.861412799015962,
  "dvars_std": 1.090634057047873,
  "dvars_vstd": 1.006790509388298,
  "efc": 0.4806600789976881,
  "fber": 1136.1845703125,
  "fd_mean": 0.1396770743327001,
  "fd_num": 67,
  "fd_perc": 17.77188328912467,
  "fwhm_avg": 3.039967934758083,
  "fwhm_x": 2.9073957178038077,
  "fwhm_y": 3.1043790433097267,
  "fwhm_z": 3.108129043160715,
  "gcor": 0.0163521,
  "gsr_x": -0.025265604257583618,
  "gsr_y": 0.0807943046092987,
  "provenance": {
    "md5sum": "05ef8676034fd146eead60f9d72982e0",
    "settings": {
      "fd_thres": 0.2,
      "testing": false
    },
    "software": "mriqc",
    "version": "23.0.1",
    "webapi_port": null,
    "webapi_url": "https://mriqc.nimh.nih.gov/api/v1"
  },
  "size_t": 377,
  "size_x": 90,
  "size_y": 90,
  "size_z": 60,
  "snr": 2.551637862212178,
  "spacing_tr": 0.800000011920929,
  "spacing_x": 2.4000000953674316,
  "spacing_y": 2.4000000953674316,
  "spacing_z": 2.4000000953674316,
  "summary_bg_k": 34.39558688610962,
  "summary_bg_mad": 4.923655660480859,
  "summary_bg_mean": 22.38631248474121,
  "summary_bg_median": 9.127321243286133,
  "summary_bg_n": 343520.0,
  "summary_bg_p05": 5.549071311950684,
  "summary_bg_p95": 91.0319625854492,
  "summary_bg_stdv": 38.13313293457031,
  "summary_fg_k": 0.7023257125752669,
  "summary_fg_mad": 115.8278006210308,
  "summary_fg_mean": 330.051025390625,
  "summary_fg_median": 307.7718811035156,
  "summary_fg_n": 73455.0,
  "summary_fg_p05": 172.8448226928711,
  "summary_fg_p95": 556.223583984375,
  "summary_fg_stdv": 120.61656188964844,
  "tsnr": 42.05378680606373
}