{
  "bids_meta": {
    "AcquisitionMatrixPE": 256,
    "AcquisitionNumber": 1,
    "AcquisitionTime": "11:51:26.815000",
    "BaseResolution": 256,
    "BodyPartExamined": "BRAIN",
    "ConsistencyInfo": "N4_VE11C_LATEST_20160120",
    "ConversionSoftware": "dcm2niix",
    "ConversionSoftwareVersion": "v1.0.20190902",
    "Dcm2bidsVersion": "2.1.4",
    "DeviceSerialNumber": "166095",
    "DwellTime": 0.000510012,
    "EchoTime": 0.565,
    "EchoTrainLength": 190,
    "FlipAngle": 120,
    "ImageOrientationPatientDICOM": [
      0,
      1,
      0,
      -0.0348995,
      0,
      -0.999391
    ],
    "ImageType": [
      "ORIGINAL",
      "PRIMARY",
      "M",
      "ND"
    ],
    "ImagingFrequency": 123.261,
    "InPlanePhaseEncodingDirectionDICOM": "ROW",
    "InstitutionAddress": "Hillhouse_Ave._10_New_Haven_Northeast_US_06519",
    "InstitutionName": "Yale_University_-_Dunham_Lab._Bldg.",
    "InstitutionalDepartmentName": "Department",
    "MRAcquisitionType": "3D",
    "MagneticFieldStrength": 3,
    "Manufacturer": "Siemens",
    "ManufacturersModelName": "Prisma",
    "Modality": "MR",
    "ParallelReductionFactorInPlane": 2,
    "PartialFourier": 1,
    "PatientPosition": "HFS",
    "PercentPhaseFOV": 100,
    "PhaseEncodingSteps": 227,
    "PhaseResolution": 1,
    "PixelBandwidth": 240,
    "ProcedureStepDescription": "ABCDadult",
    "ProtocolName": "ABCD_T2w_SPC_vNav",
    "PulseSequenceDetails": "%CustomerSeq%_tse_vfl_mgh_epinav_ABCD",
    "ReceiveCoilActiveElements": "HEA;HEP",
    "ReceiveCoilName": "Head_32",
    "ReconMatrixPE": 256,
    "RefLinesPE": 32,
    "RepetitionTime": 3.2,
    "SAR": 0.0916128,
    "ScanOptions": "PFP",
    "ScanningSequence": "SE",
    "SequenceName": "spc_200ns",
    "SequenceVariant": "SK_SP",
    "SeriesDescription": "ABCD_T2w_SPC_vNav",
    "SeriesNumber": 17,
    "ShimSetting": [
      -2133,
      -684,
      -4016,
      390,
      -22,
      -171,
      -94,
      72
    ],
    "SliceThickness": 1,
    "SoftwareVersions": "syngo_MR_E11",
    "StationName": "AWP166095",
    "TxRefAmp": 261.571,
    "WipMemBlock": "Prisma_epi_moco_navigator_ABCD_tse_vfl.prot",
    "dataset": "ds004097",
    "modality": "T2w",
    "session_id": "01",
    "subject_id": "NDARDD890AYU"
  },
  "cjv": 0.6453316417464868,
  "cnr": 0.5636039067412748,
  "efc": 0.5463762369669994,
  "fber": 8185.596375510204,
  "fwhm_avg": 3.51534,
  "fwhm_x": 3.37881,
  "fwhm_y": 3.81088,
  "fwhm_z": 3.35633,
  "icvs_csf": 0.46141511238494776,
  "icvs_gm": 0.4156070447291065,
  "icvs_wm": 0.12297784288594579,
  "inu_med": 0.8526213765144348,
  "inu_range": 0.8099674940109252,
  "provenance": {
    "md5sum": "e1aa7229c18a58c4225851564956d356",
    "settings": {
      "testing": false
    },
    "software": "mriqc",
    "version": "23.0.1",
    "warnings": {
      "large_rot_frame": true,
      "small_air_mask": false
    },
    "webapi_port": null,
    "webapi_url": "https://mriqc.nimh.nih.gov/api/v1"
  },
  "qi_1": 0.003516232969091544,
  "qi_2": 0.0013709176193871559,
  "rpve_csf": 11.404381259889963,
  "rpve_gm": 12.97121048578893,
  "rpve_wm": 44.55534564656057,
  "size_x": 176,
  "size_y": 256,
  "size_z": 256,
  "snr_csf": 10.07184332438545,
  "snr_gm": 12.07511089775276,
  "snr_total": 7.464167788093885,
  "snr_wm": 0.24554914214344514,
  "snrd_csf": 84.87117375646368,
  "snrd_gm": 52.16525226924268,
  "snrd_total": 50.94677697285952,
  "snrd_wm": 15.803904892872211,
  "spacing_x": 1.0,
  "spacing_y": 1.0,
  "spacing_z": 1.0,
  "summary_bg_k": 21.146733634598228,
  "summary_bg_mad": 41.69332567691364,
  "summary_bg_mean": 46.35050886435911,
  "summary_bg_median": 28.12172082066536,
  "summary_bg_n": 2529337.0,
  "summary_bg_p05": 0.0,
  "summary_bg_p95": 168.73032492399216,
  "summary_bg_stdv": 74.52057124316018,
  "summary_csf_k": 0.1557002221268946,
  "summary_csf_mad": 495.9638890223906,
  "summary_csf_mean": 5448.352901554487,
  "summary_csf_median": 5401.259169861674,
  "summary_csf_n": 143995.0,
  "summary_csf_p05": 4637.355708763003,
  "summary_csf_p95": 6463.1689262241125,
  "summary_csf_stdv": 536.2712902541447,
  "summary_gm_k": 0.12219092247474883,
  "summary_gm_mad": 273.4957706716947,
  "summary_gm_mean": 3323.617912403992,
  "summary_gm_median": 3319.83210195601,
  "summary_gm_n": 234647.0,
  "summary_gm_p05": 2882.3294796064497,
  "summary_gm_p95": 3782.161586791277,
  "summary_gm_stdv": 274.9312247283421,
  "summary_wm_k": -1.2293528348288612,
  "summary_wm_mad": 1219.8409202711935,
  "summary_wm_mean": 3594.622120337688,
  "summary_wm_median": 1005.7712465152144,
  "summary_wm_n": 28146.0,
  "summary_wm_p05": 116.89401863515377,
  "summary_wm_p95": 10474.239221859723,
  "summary_wm_stdv": 4095.935219077145,
  "tpm_overlap_csf": 0.11072058933656108,
  "tpm_overlap_gm": 0.26509082594462946,
  "tpm_overlap_wm": 0.02210553359539047,
  "wm2max": 0.09899916849993287
}