{
  "bids_meta": {
    "AcquisitionMatrixPE": 256,
    "AcquisitionNumber": 1,
    "AcquisitionTime": "11:22:23.462500",
    "BaseResolution": 256,
    "BodyPartExamined": "BRAIN",
    "ConsistencyInfo": "N4_VE11C_LATEST_20160120",
    "ConversionSoftware": "dcm2niix",
    "ConversionSoftwareVersion": "v1.0.20190902",
    "Dcm2bidsVersion": "2.1.4",
    "DeviceSerialNumber": "166095",
    "DwellTime": 0.000510012,
    "EchoTime": 0.0029,
    "FlipAngle": 8,
    "ImageOrientationPatientDICOM": [
      0,
      1,
      0,
      -0.0348995,
      0,
      -0.999391
    ],
    "ImageType": [
      "ORIGINAL",
      "PRIMARY",
      "M",
      "ND",
      "NORM"
    ],
    "ImagingFrequency": 123.261,
    "InPlanePhaseEncodingDirectionDICOM": "ROW",
    "InstitutionAddress": "Hillhouse_Ave._10_New_Haven_Northeast_US_06519",
    "InstitutionName": "Yale_University_-_Dunham_Lab._Bldg.",
    "InstitutionalDepartmentName": "Department",
    "InversionTime": 1.07,
    "MRAcquisitionType": "3D",
    "MagneticFieldStrength": 3,
    "Manufacturer": "Siemens",
    "ManufacturersModelName": "Prisma",
    "Modality": "MR",
    "ParallelReductionFactorInPlane": 2,
    "PartialFourier": 1,
    "PatientPosition": "HFS",
    "PercentPhaseFOV": 100,
    "PhaseEncodingSteps": 255,
    "PhaseResolution": 1,
    "PixelBandwidth": 240,
    "ProcedureStepDescription": "ABCDadult",
    "ProtocolName": "ABCD_T1w_MPR_vNav",
    "PulseSequenceDetails": "%CustomerSeq%_tfl_mgh_epinav_ABCD",
    "ReceiveCoilActiveElements": "HEA;HEP",
    "ReceiveCoilName": "Head_32",
    "ReconMatrixPE": 256,
    "RefLinesPE": 32,
    "RepetitionTime": 2.5,
    "SAR": 0.0418021,
    "ScanOptions": "IR_WE",
    "ScanningSequence": "GR_IR",
    "SequenceName": "tfl3d1_16ns",
    "SequenceVariant": "SK_SP_MP",
    "SeriesDescription": "ABCD_T1w_MPR_vNav",
    "SeriesNumber": 5,
    "ShimSetting": [
      -2133,
      -684,
      -4016,
      390,
      -22,
      -171,
      -94,
      72
    ],
    "SliceThickness": 1,
    "SoftwareVersions": "syngo_MR_E11",
    "StationName": "AWP166095",
    "TxRefAmp": 261.571,
    "WipMemBlock": "Prisma_epi_moco_navigator_ABCD_tfl.prot",
    "dataset": "ds004097",
    "modality": "T1w",
    "session_id": "01",
    "subject_id": "NDARDD890AYU"
  },
  "cjv": 0.44912573368041514,
  "cnr": 2.912918273084813,
  "efc": 0.5576821804695885,
  "fber": 13703.01556169099,
  "fwhm_avg": 3.88377,
  "fwhm_x": 3.88474,
  "fwhm_y": 4.00741,
  "fwhm_z": 3.75916,
  "icvs_csf": 0.16530906542425977,
  "icvs_gm": 0.42840232179464777,
  "icvs_wm": 0.40628861278109246,
  "inu_med": 0.9936727285385132,
  "inu_range": 0.839718449115753,
  "provenance": {
    "md5sum": "786c7250c4d60520123b53476ac5fd80",
    "settings": {
      "testing": false
    },
    "software": "mriqc",
    "version": "23.0.1",
    "warnings": {
      "large_rot_frame": true,
      "small_air_mask": false
    },
    "webapi_port": null,
    "webapi_url": "https://mriqc.nimh.nih.gov/api/v1"
  },
  "qi_1": 0.00012538863352037138,
  "qi_2": 0.001009615401315276,
  "rpve_csf": 27.483485334286186,
  "rpve_gm": 11.285938355749094,
  "rpve_wm": 13.413861639532099,
  "size_x": 176,
  "size_y": 256,
  "size_z": 256,
  "snr_csf": 2.0083441877623254,
  "snr_gm": 11.116798255499095,
  "snr_total": 9.21485977351623,
  "snr_wm": 14.51943687728727,
  "snrd_csf": 18.40276476645827,
  "snrd_gm": 56.978831451848485,
  "snrd_total": 51.43675958408846,
  "snrd_wm": 78.92868253395864,
  "spacing_x": 1.0,
  "spacing_y": 1.0,
  "spacing_z": 1.0,
  "summary_bg_k": 36.01429646513255,
  "summary_bg_mad": 8.300991161059578,
  "summary_bg_mean": 8.822783503508935,
  "summary_bg_median": 5.598933454602957,
  "summary_bg_n": 2925735.0,
  "summary_bg_p05": 0.0,
  "summary_bg_p95": 32.79375309124589,
  "summary_bg_stdv": 12.422044196382158,
  "summary_csf_k": 3.0857678827844106,
  "summary_csf_mad": 87.86627378645376,
  "summary_csf_mean": 253.89336075839492,
  "summary_csf_median": 233.17462999373674,
  "summary_csf_n": 22345.0,
  "summary_csf_p05": 101.12359402701259,
  "summary_csf_p95": 477.69186123088,
  "summary_csf_stdv": 116.10032471238432,
  "summary_gm_k": 0.0874971601172505,
  "summary_gm_mad": 64.82678811494146,
  "summary_gm_mean": 721.4567145127725,
  "summary_gm_median": 721.9577117823064,
  "summary_gm_n": 29795.0,
  "summary_gm_p05": 613.2165212184191,
  "summary_gm_p95": 826.1664324067533,
  "summary_gm_stdv": 64.94186362573531,
  "summary_wm_k": 1.2111889758969907,
  "summary_wm_mad": 60.08336459433599,
  "summary_wm_mean": 1011.6161317686262,
  "summary_wm_median": 1000.0761613436043,
  "summary_wm_n": 237549.0,
  "summary_wm_p05": 920.0913977064192,
  "summary_wm_p95": 1144.5438796654344,
  "summary_wm_stdv": 68.87829499204602,
  "tpm_overlap_csf": 0.15078810841059506,
  "tpm_overlap_gm": 0.43915391973625856,
  "tpm_overlap_wm": 0.4697164257704647,
  "wm2max": 0.5318627450980392
}