{
  "aor": 0.001924577656675749,
  "aqi": 0.004533162643051771,
  "bids_meta": {
    "AcquisitionMatrixPE": 90,
    "AcquisitionNumber": 1,
    "AcquisitionTime": "13:47:28.935000",
    "BandwidthPerPixelPhaseEncode": 21.786,
    "BaseResolution": 90,
    "BodyPartExamined": "BRAIN",
    "ConsistencyInfo": "N4_VE11C_LATEST_20160120",
    "ConversionSoftware": "dcm2niix",
    "ConversionSoftwareVersion": "v1.0.20190902",
    "Dcm2bidsVersion": "2.1.4",
    "DerivedVendorReportedEchoSpacing": 0.000510012,
    "DeviceSerialNumber": "166095",
    "DwellTime": 2e-06,
    "EchoTime": 0.03,
    "EchoTrainLength": 90,
    "EffectiveEchoSpacing": 0.000510012,
    "FlipAngle": 52,
    "ImageComments": "SMS_ABCD_V1.2;_MB=6;_FOVshift=3;_K_PE=5;_K_RO=5;_LeakBlockOn;",
    "ImageOrientationPatientDICOM": [
      1,
      0,
      0,
      0,
      1,
      0
    ],
    "ImageType": [
      "ORIGINAL",
      "PRIMARY",
      "M",
      "ND",
      "MOSAIC"
    ],
    "ImagingFrequency": 123.261,
    "InPlanePhaseEncodingDirectionDICOM": "COL",
    "InstitutionAddress": "Hillhouse_Ave._10_New_Haven_Northeast_US_06519",
    "InstitutionName": "Yale_University_-_Dunham_Lab._Bldg.",
    "InstitutionalDepartmentName": "Department",
    "MRAcquisitionType": "2D",
    "MagneticFieldStrength": 3,
    "Manufacturer": "Siemens",
    "ManufacturersModelName": "Prisma",
    "Modality": "MR",
    "MultibandAccelerationFactor": 6,
    "PartialFourier": 1,
    "PatientPosition": "HFS",
    "PercentPhaseFOV": 100,
    "PhaseEncodingAxis": "j",
    "PhaseEncodingDirection": "j",
    "PhaseEncodingSteps": 90,
    "PhaseResolution": 1,
    "PixelBandwidth": 2780,
    "ProcedureStepDescription": "ABCDadult",
    "ProtocolName": "ABCD_fMRI_task_Emotional_n-back",
    "PulseSequenceDetails": "%CustomerSeq%_ep2d_bold_sms_abcd",
    "ReceiveCoilActiveElements": "HEA;HEP",
    "ReceiveCoilName": "Head_32",
    "ReconMatrixPE": 90,
    "RefLinesPE": 22,
    "RepetitionTime": 0.8,
    "SAR": 0.089539,
    "ScanOptions": "FS_CT",
    "ScanningSequence": "EP",
    "SequenceName": "epfid2d1_90",
    "SequenceVariant": "SK",
    "SeriesDescription": "ABCD_fMRI_task_Emotional_n-back",
    "SeriesNumber": 39,
    "ShimSetting": [
      -2141,
      -649,
      -3983,
      567,
      -90,
      -5,
      -4,
      85
    ],
    "SliceThickness": 2.4,
    "SliceTiming": [
      0.5475,
      0,
      0.39,
      0.08,
      0.4675,
      0.235,
      0.625,
      0.3125,
      0.7025,
      0.1575,
      0.5475,
      0,
      0.39,
      0.08,
      0.4675,
      0.235,
      0.625,
      0.3125,
      0.7025,
      0.1575,
      0.5475,
      0,
      0.39,
      0.08,
      0.4675,
      0.235,
      0.625,
      0.3125,
      0.7025,
      0.1575,
      0.5475,
      0,
      0.39,
      0.08,
      0.4675,
      0.235,
      0.625,
      0.3125,
      0.7025,
      0.1575,
      0.5475,
      0,
      0.39,
      0.08,
      0.4675,
      0.235,
      0.625,
      0.3125,
      0.7025,
      0.1575,
      0.5475,
      0,
      0.39,
      0.08,
      0.4675,
      0.235,
      0.625,
      0.3125,
      0.7025,
      0.1575
    ],
    "SoftwareVersions": "syngo_MR_E11",
    "SpacingBetweenSlices": 2.4,
    "StationName": "AWP166095",
    "TotalReadoutTime": 0.045391,
    "TxRefAmp": 249.214,
    "WipMemBlock": "05dbd4c2-4aa5-4c2b-98dc-62b7e3ed95af",
    "dataset": "ds004097",
    "modality": "bold",
    "run_id": 1,
    "session_id": "05",
    "subject_id": "NDARMC914MYN",
    "task_id": "nback"
  },
  "dummy_trs": 3,
  "dvars_nstd": 29.708036516612005,
  "dvars_std": 1.05927076068306,
  "dvars_vstd": 1.024959655765027,
  "efc": 0.5338167671924379,
  "fber": 665.38232421875,
  "fd_mean": 0.08258730155317015,
  "fd_num": 4,
  "fd_perc": 1.0899182561307903,
  "fwhm_avg": 2.980234603798339,
  "fwhm_x": 2.7738165564451,
  "fwhm_y": 3.017504046761829,
  "fwhm_z": 3.1493832081880884,
  "gcor": 0.0182735,
  "gsr_x": -0.006043323781341314,
  "gsr_y": 0.08759374916553497,
  "provenance": {
    "md5sum": "13389b22a3f01a7179a64e10aa53b0a3",
    "settings": {
      "fd_thres": 0.2,
      "testing": false
    },
    "software": "mriqc",
    "version": "23.0.1",
    "webapi_port": null,
    "webapi_url": "https://mriqc.nimh.nih.gov/api/v1"
  },
  "size_t": 367,
  "size_x": 90,
  "size_y": 90,
  "size_z": 60,
  "snr": 2.563646230846874,
  "spacing_tr": 0.800000011920929,
  "spacing_x": 2.4000000953674316,
  "spacing_y": 2.4000000953674316,
  "spacing_z": 2.4000000953674316,
  "summary_bg_k": 17.938107009518337,
  "summary_bg_mad": 6.552536351045439,
  "summary_bg_mean": 25.562170028686523,
  "summary_bg_median": 10.452316284179688,
  "summary_bg_n": 318225.0,
  "summary_bg_p05": 5.585831165313721,
  "summary_bg_p95": 109.22015838623044,
  "summary_bg_stdv": 39.91927719116211,
  "summary_fg_k": 0.6907161685159253,
  "summary_fg_mad": 101.91578134784099,
  "summary_fg_mean": 291.7083740234375,
  "summary_fg_median": 272.45233154296875,
  "summary_fg_n": 89120.0,
  "summary_fg_p05": 156.17697219848634,
  "summary_fg_p95": 493.5133575439454,
  "summary_fg_stdv": 106.27472686767578,
  "tsnr": 43.470001210225746
}