{
  "aor": 0.0011051487414187643,
  "aqi": 0.004166867757437071,
  "bids_meta": {
    "AcquisitionMatrixPE": 90,
    "AcquisitionNumber": 1,
    "AcquisitionTime": "16:04:54.660000",
    "BandwidthPerPixelPhaseEncode": 21.786,
    "BaseResolution": 90,
    "BodyPartExamined": "BRAIN",
    "ConsistencyInfo": "N4_VE11C_LATEST_20160120",
    "ConversionSoftware": "dcm2niix",
    "ConversionSoftwareVersion": "v1.0.20190902",
    "Dcm2bidsVersion": "2.1.4",
    "DerivedVendorReportedEchoSpacing": 0.000510012,
    "DeviceSerialNumber": "166095",
    "DwellTime": 2e-06,
    "EchoTime": 0.03,
    "EchoTrainLength": 90,
    "EffectiveEchoSpacing": 0.000510012,
    "FlipAngle": 52,
    "ImageComments": "SMS_ABCD_V1.2;_MB=6;_FOVshift=3;_K_PE=5;_K_RO=5;_LeakBlockOn;",
    "ImageOrientationPatientDICOM": [
      1,
      0,
      0,
      0,
      1,
      0
    ],
    "ImageType": [
      "ORIGINAL",
      "PRIMARY",
      "M",
      "ND",
      "MOSAIC"
    ],
    "ImagingFrequency": 123.261,
    "InPlanePhaseEncodingDirectionDICOM": "COL",
    "InstitutionAddress": "Hillhouse_Ave._10_New_Haven_Northeast_US_06519",
    "InstitutionName": "Yale_University_-_Dunham_Lab._Bldg.",
    "InstitutionalDepartmentName": "Department",
    "MRAcquisitionType": "2D",
    "MagneticFieldStrength": 3,
    "Manufacturer": "Siemens",
    "ManufacturersModelName": "Prisma",
    "Modality": "MR",
    "MultibandAccelerationFactor": 6,
    "PartialFourier": 1,
    "PatientPosition": "HFS",
    "PercentPhaseFOV": 100,
    "PhaseEncodingAxis": "j",
    "PhaseEncodingDirection": "j",
    "PhaseEncodingSteps": 90,
    "PhaseResolution": 1,
    "PixelBandwidth": 2780,
    "ProcedureStepDescription": "ABCDadult",
    "ProtocolName": "ABCD_fMRI_task_Stop",
    "PulseSequenceDetails": "%CustomerSeq%_ep2d_bold_sms_abcd",
    "ReceiveCoilActiveElements": "HEA;HEP",
    "ReceiveCoilName": "Head_32",
    "ReconMatrixPE": 90,
    "RefLinesPE": 22,
    "RepetitionTime": 0.8,
    "SAR": 0.051259,
    "ScanOptions": "FS_CT",
    "ScanningSequence": "EP",
    "SequenceName": "epfid2d1_90",
    "SequenceVariant": "SK",
    "SeriesDescription": "ABCD_fMRI_task_Stop",
    "SeriesNumber": 35,
    "ShimSetting": [
      -2126,
      -637,
      -4062,
      630,
      -22,
      92,
      8,
      67
    ],
    "SliceThickness": 2.4,
    "SliceTiming": [
      0.5475,
      0,
      0.39,
      0.08,
      0.47,
      0.235,
      0.625,
      0.3125,
      0.7025,
      0.1575,
      0.5475,
      0,
      0.39,
      0.08,
      0.47,
      0.235,
      0.625,
      0.3125,
      0.7025,
      0.1575,
      0.5475,
      0,
      0.39,
      0.08,
      0.47,
      0.235,
      0.625,
      0.3125,
      0.7025,
      0.1575,
      0.5475,
      0,
      0.39,
      0.08,
      0.47,
      0.235,
      0.625,
      0.3125,
      0.7025,
      0.1575,
      0.5475,
      0,
      0.39,
      0.08,
      0.47,
      0.235,
      0.625,
      0.3125,
      0.7025,
      0.1575,
      0.5475,
      0,
      0.39,
      0.08,
      0.47,
      0.235,
      0.625,
      0.3125,
      0.7025,
      0.1575
    ],
    "SoftwareVersions": "syngo_MR_E11",
    "SpacingBetweenSlices": 2.4,
    "StationName": "AWP166095",
    "TotalReadoutTime": 0.045391,
    "TxRefAmp": 230.394,
    "WipMemBlock": "d1a89641-b92e-45a5-a3a2-49ddaaf937b0",
    "dataset": "ds004097",
    "modality": "bold",
    "run_id": 2,
    "session_id": "01",
    "subject_id": "NDARTW625MMA",
    "task_id": "SST"
  },
  "dummy_trs": 8,
  "dvars_nstd": 28.917758390527503,
  "dvars_std": 1.0338844228211013,
  "dvars_vstd": 0.9947053305733942,
  "efc": 0.4897289443225061,
  "fber": 1089.4456787109375,
  "fd_mean": 0.1326566605373343,
  "fd_num": 63,
  "fd_perc": 14.416475972540045,
  "fwhm_avg": 3.024937379799788,
  "fwhm_x": 2.845770720252565,
  "fwhm_y": 3.2021665394240006,
  "fwhm_z": 3.0268748797227985,
  "gcor": 0.0132061,
  "gsr_x": -0.006003272719681263,
  "gsr_y": 0.06798616796731949,
  "provenance": {
    "md5sum": "a573124ee77c44a7dea2e376933a64fd",
    "settings": {
      "fd_thres": 0.2,
      "testing": false
    },
    "software": "mriqc",
    "version": "23.0.1",
    "webapi_port": null,
    "webapi_url": "https://mriqc.nimh.nih.gov/api/v1"
  },
  "size_t": 437,
  "size_x": 90,
  "size_y": 90,
  "size_z": 60,
  "snr": 2.61265832940756,
  "spacing_tr": 0.800000011920929,
  "spacing_x": 2.4000000953674316,
  "spacing_y": 2.4000000953674316,
  "spacing_z": 2.4000000953674316,
  "summary_bg_k": 25.749422851696416,
  "summary_bg_mad": 4.471554850079737,
  "summary_bg_mean": 21.04807472229004,
  "summary_bg_median": 8.604118347167969,
  "summary_bg_n": 339377.0,
  "summary_bg_p05": 5.379862308502197,
  "summary_bg_p95": 87.03478088378908,
  "summary_bg_stdv": 33.4042854309082,
  "summary_fg_k": 0.7406477946805028,
  "summary_fg_mad": 102.69307519588838,
  "summary_fg_mean": 302.9766540527344,
  "summary_fg_median": 283.4576416015625,
  "summary_fg_n": 76463.0,
  "summary_fg_p05": 162.8400421142578,
  "summary_fg_p95": 507.6944732666015,
  "summary_fg_stdv": 108.49324798583984,
  "tsnr": 43.6687180493027
}