{
  "aor": 0.0010681914893617022,
  "aqi": 0.0034659794680851064,
  "bids_meta": {
    "AcquisitionMatrixPE": 90,
    "AcquisitionNumber": 1,
    "AcquisitionTime": "15:39:49.252500",
    "BandwidthPerPixelPhaseEncode": 21.786,
    "BaseResolution": 90,
    "BodyPartExamined": "BRAIN",
    "ConsistencyInfo": "N4_VE11C_LATEST_20160120",
    "ConversionSoftware": "dcm2niix",
    "ConversionSoftwareVersion": "v1.0.20190902",
    "Dcm2bidsVersion": "2.1.4",
    "DerivedVendorReportedEchoSpacing": 0.000510012,
    "DeviceSerialNumber": "166095",
    "DwellTime": 2e-06,
    "EchoTime": 0.03,
    "EchoTrainLength": 90,
    "EffectiveEchoSpacing": 0.000510012,
    "FlipAngle": 52,
    "ImageComments": "SMS_ABCD_V1.2;_MB=6;_FOVshift=3;_K_PE=5;_K_RO=5;_LeakBlockOn;",
    "ImageOrientationPatientDICOM": [
      1,
      0,
      0,
      0,
      1,
      0
    ],
    "ImageType": [
      "ORIGINAL",
      "PRIMARY",
      "M",
      "ND",
      "MOSAIC"
    ],
    "ImagingFrequency": 123.261,
    "InPlanePhaseEncodingDirectionDICOM": "COL",
    "InstitutionAddress": "Hillhouse_Ave._10_New_Haven_Northeast_US_06519",
    "InstitutionName": "Yale_University_-_Dunham_Lab._Bldg.",
    "InstitutionalDepartmentName": "Department",
    "MRAcquisitionType": "2D",
    "MagneticFieldStrength": 3,
    "Manufacturer": "Siemens",
    "ManufacturersModelName": "Prisma",
    "Modality": "MR",
    "MultibandAccelerationFactor": 6,
    "PartialFourier": 1,
    "PatientPosition": "HFS",
    "PercentPhaseFOV": 100,
    "PhaseEncodingAxis": "j",
    "PhaseEncodingDirection": "j",
    "PhaseEncodingSteps": 90,
    "PhaseResolution": 1,
    "PixelBandwidth": 2780,
    "ProcedureStepDescription": "ABCDadult",
    "ProtocolName": "ABCD_fMRI_rest",
    "PulseSequenceDetails": "%CustomerSeq%_ep2d_bold_sms_abcd",
    "ReceiveCoilActiveElements": "HEA;HEP",
    "ReceiveCoilName": "Head_32",
    "ReconMatrixPE": 90,
    "RefLinesPE": 22,
    "RepetitionTime": 0.8,
    "SAR": 0.0512044,
    "ScanOptions": "FS_CT",
    "ScanningSequence": "EP",
    "SequenceName": "epfid2d1_90",
    "SequenceVariant": "SK",
    "SeriesDescription": "ABCD_fMRI_rest",
    "SeriesNumber": 23,
    "ShimSetting": [
      -2126,
      -637,
      -4062,
      630,
      -22,
      92,
      8,
      67
    ],
    "SliceThickness": 2.4,
    "SliceTiming": [
      0.5475,
      0,
      0.39,
      0.08,
      0.47,
      0.235,
      0.625,
      0.3125,
      0.7025,
      0.1575,
      0.5475,
      0,
      0.39,
      0.08,
      0.47,
      0.235,
      0.625,
      0.3125,
      0.7025,
      0.1575,
      0.5475,
      0,
      0.39,
      0.08,
      0.47,
      0.235,
      0.625,
      0.3125,
      0.7025,
      0.1575,
      0.5475,
      0,
      0.39,
      0.08,
      0.47,
      0.235,
      0.625,
      0.3125,
      0.7025,
      0.1575,
      0.5475,
      0,
      0.39,
      0.08,
      0.47,
      0.235,
      0.625,
      0.3125,
      0.7025,
      0.1575,
      0.5475,
      0,
      0.39,
      0.08,
      0.47,
      0.235,
      0.625,
      0.3125,
      0.7025,
      0.1575
    ],
    "SoftwareVersions": "syngo_MR_E11",
    "SpacingBetweenSlices": 2.4,
    "StationName": "AWP166095",
    "TotalReadoutTime": 0.045391,
    "TxRefAmp": 230.394,
    "WipMemBlock": "35160e34-ec46-4101-9d15-c4b443683c48",
    "dataset": "ds004097",
    "modality": "bold",
    "run_id": 4,
    "session_id": "01",
    "subject_id": "NDARTW625MMA",
    "task_id": "rest"
  },
  "dummy_trs": 7,
  "dvars_nstd": 27.898248184319996,
  "dvars_std": 1.0705441849866668,
  "dvars_vstd": 1.0131742775199997,
  "efc": 0.488869290349195,
  "fber": 1098.5927734375,
  "fd_mean": 0.09856961749067114,
  "fd_num": 11,
  "fd_perc": 2.925531914893617,
  "fwhm_avg": 3.0223248799035995,
  "fwhm_x": 2.8552707198750684,
  "fwhm_y": 3.1734665405644362,
  "fwhm_z": 3.0382373792712936,
  "gcor": 0.00607772,
  "gsr_x": -0.006799363065510988,
  "gsr_y": 0.06894572824239731,
  "provenance": {
    "md5sum": "7c07ea09b3a8a51dcb4c0a4496f69204",
    "settings": {
      "fd_thres": 0.2,
      "testing": false
    },
    "software": "mriqc",
    "version": "23.0.1",
    "webapi_port": null,
    "webapi_url": "https://mriqc.nimh.nih.gov/api/v1"
  },
  "size_t": 376,
  "size_x": 90,
  "size_y": 90,
  "size_z": 60,
  "snr": 2.6262023095381877,
  "spacing_tr": 0.800000011920929,
  "spacing_x": 2.4000000953674316,
  "spacing_y": 2.4000000953674316,
  "spacing_z": 2.4000000953674316,
  "summary_bg_k": 26.600960324755807,
  "summary_bg_mad": 4.424148244852109,
  "summary_bg_mean": 20.756521224975586,
  "summary_bg_median": 8.542552947998047,
  "summary_bg_n": 339507.0,
  "summary_bg_p05": 5.382978439331055,
  "summary_bg_p95": 85.59840393066406,
  "summary_bg_stdv": 32.974449157714844,
  "summary_fg_k": 0.7304776805555111,
  "summary_fg_mad": 101.83427170744066,
  "summary_fg_mean": 301.9942626953125,
  "summary_fg_median": 282.4840393066406,
  "summary_fg_n": 76305.0,
  "summary_fg_p05": 163.34414367675782,
  "summary_fg_p95": 504.88880615234376,
  "summary_fg_stdv": 107.56299591064453,
  "tsnr": 47.94427809398621
}