{
  "aor": 0.0014662087912087913,
  "aqi": 0.005327686098901098,
  "bids_meta": {
    "AcquisitionMatrixPE": 90,
    "AcquisitionNumber": 1,
    "AcquisitionTime": "14:00:33.577500",
    "BandwidthPerPixelPhaseEncode": 21.786,
    "BaseResolution": 90,
    "BodyPartExamined": "BRAIN",
    "ConsistencyInfo": "N4_VE11C_LATEST_20160120",
    "ConversionSoftware": "dcm2niix",
    "ConversionSoftwareVersion": "v1.0.20190902",
    "Dcm2bidsVersion": "2.1.4",
    "DerivedVendorReportedEchoSpacing": 0.000510012,
    "DeviceSerialNumber": "166095",
    "DwellTime": 2e-06,
    "EchoTime": 0.03,
    "EchoTrainLength": 90,
    "EffectiveEchoSpacing": 0.000510012,
    "FlipAngle": 52,
    "ImageComments": "SMS_ABCD_V1.2;_MB=6;_FOVshift=3;_K_PE=5;_K_RO=5;_LeakBlockOn;",
    "ImageOrientationPatientDICOM": [
      1,
      0,
      0,
      0,
      1,
      0
    ],
    "ImageType": [
      "ORIGINAL",
      "PRIMARY",
      "M",
      "ND",
      "MOSAIC"
    ],
    "ImagingFrequency": 123.261,
    "InPlanePhaseEncodingDirectionDICOM": "COL",
    "InstitutionAddress": "Hillhouse_Ave._10_New_Haven_Northeast_US_06519",
    "InstitutionName": "Yale_University_-_Dunham_Lab._Bldg.",
    "InstitutionalDepartmentName": "Department",
    "MRAcquisitionType": "2D",
    "MagneticFieldStrength": 3,
    "Manufacturer": "Siemens",
    "ManufacturersModelName": "Prisma",
    "Modality": "MR",
    "MultibandAccelerationFactor": 6,
    "PartialFourier": 1,
    "PatientPosition": "HFS",
    "PercentPhaseFOV": 100,
    "PhaseEncodingAxis": "j",
    "PhaseEncodingDirection": "j",
    "PhaseEncodingSteps": 90,
    "PhaseResolution": 1,
    "PixelBandwidth": 2780,
    "ProcedureStepDescription": "ABCDadult",
    "ProtocolName": "ABCD_fMRI_task_Emotional_n-back",
    "PulseSequenceDetails": "%CustomerSeq%_ep2d_bold_sms_abcd",
    "ReceiveCoilActiveElements": "HEA;HEP",
    "ReceiveCoilName": "Head_32",
    "ReconMatrixPE": 90,
    "RefLinesPE": 22,
    "RepetitionTime": 0.8,
    "SAR": 0.0703412,
    "ScanOptions": "FS_CT",
    "ScanningSequence": "EP",
    "SequenceName": "epfid2d1_90",
    "SequenceVariant": "SK",
    "SeriesDescription": "ABCD_fMRI_task_Emotional_n-back",
    "SeriesNumber": 35,
    "ShimSetting": [
      -2152,
      -628,
      -4051,
      383,
      -83,
      -18,
      11,
      115
    ],
    "SliceThickness": 2.4,
    "SliceTiming": [
      0.5475,
      0,
      0.39,
      0.08,
      0.4675,
      0.235,
      0.625,
      0.3125,
      0.7025,
      0.1575,
      0.5475,
      0,
      0.39,
      0.08,
      0.4675,
      0.235,
      0.625,
      0.3125,
      0.7025,
      0.1575,
      0.5475,
      0,
      0.39,
      0.08,
      0.4675,
      0.235,
      0.625,
      0.3125,
      0.7025,
      0.1575,
      0.5475,
      0,
      0.39,
      0.08,
      0.4675,
      0.235,
      0.625,
      0.3125,
      0.7025,
      0.1575,
      0.5475,
      0,
      0.39,
      0.08,
      0.4675,
      0.235,
      0.625,
      0.3125,
      0.7025,
      0.1575,
      0.5475,
      0,
      0.39,
      0.08,
      0.4675,
      0.235,
      0.625,
      0.3125,
      0.7025,
      0.1575
    ],
    "SoftwareVersions": "syngo_MR_E11",
    "SpacingBetweenSlices": 2.4,
    "StationName": "AWP166095",
    "TotalReadoutTime": 0.045391,
    "TxRefAmp": 249.575,
    "WipMemBlock": "9f649814-5283-4067-9e42-5aa19efe0eab",
    "dataset": "ds004097",
    "modality": "bold",
    "run_id": 2,
    "session_id": "02",
    "subject_id": "NDARJZ387ZJA",
    "task_id": "nback"
  },
  "dummy_trs": 6,
  "dvars_nstd": 37.48821874341595,
  "dvars_std": 1.2244907604132236,
  "dvars_vstd": 1.0143460396969695,
  "efc": 0.5667203158841803,
  "fber": 491.0021057128906,
  "fd_mean": 0.0632108459163777,
  "fd_num": 1,
  "fd_perc": 0.27472527472527475,
  "fwhm_avg": 2.691461100906609,
  "fwhm_x": 2.539962399070962,
  "fwhm_y": 2.612833229508669,
  "fwhm_z": 2.9215876741401954,
  "gcor": 0.0100759,
  "gsr_x": -0.024510735645890236,
  "gsr_y": 0.08434829860925674,
  "provenance": {
    "md5sum": "dcf0a643181c7be5adb3cc0c0e9b4cd8",
    "settings": {
      "fd_thres": 0.2,
      "testing": false
    },
    "software": "mriqc",
    "version": "23.0.1",
    "webapi_port": null,
    "webapi_url": "https://mriqc.nimh.nih.gov/api/v1"
  },
  "size_t": 364,
  "size_x": 90,
  "size_y": 90,
  "size_z": 60,
  "snr": 2.32893987507371,
  "spacing_tr": 0.800000011920929,
  "spacing_x": 2.4000000953674316,
  "spacing_y": 2.4000000953674316,
  "spacing_z": 2.3999998569488525,
  "summary_bg_k": 23.697515832472057,
  "summary_bg_mad": 6.850925006789665,
  "summary_bg_mean": 26.033763885498047,
  "summary_bg_median": 11.656593322753906,
  "summary_bg_n": 280974.0,
  "summary_bg_p05": 6.397390198707584,
  "summary_bg_p95": 106.26099395751953,
  "summary_bg_stdv": 42.9234733581543,
  "summary_fg_k": 1.1103139368136299,
  "summary_fg_mad": 112.17269388214663,
  "summary_fg_mean": 300.3428649902344,
  "summary_fg_median": 277.8818664550781,
  "summary_fg_n": 100759.0,
  "summary_fg_p05": 151.010986328125,
  "summary_fg_p95": 527.453857421875,
  "summary_fg_stdv": 119.31629943847656,
  "tsnr": 41.892095770686865
}