{
  "aor": 0.00067010582010582,
  "aqi": 0.0036962682010582013,
  "bids_meta": {
    "AcquisitionMatrixPE": 90,
    "AcquisitionNumber": 1,
    "AcquisitionTime": "13:26:53.247500",
    "BandwidthPerPixelPhaseEncode": 21.786,
    "BaseResolution": 90,
    "BodyPartExamined": "BRAIN",
    "ConsistencyInfo": "N4_VE11C_LATEST_20160120",
    "ConversionSoftware": "dcm2niix",
    "ConversionSoftwareVersion": "v1.0.20190902",
    "Dcm2bidsVersion": "2.1.4",
    "DerivedVendorReportedEchoSpacing": 0.000510012,
    "DeviceSerialNumber": "166095",
    "DwellTime": 2e-06,
    "EchoTime": 0.03,
    "EchoTrainLength": 90,
    "EffectiveEchoSpacing": 0.000510012,
    "FlipAngle": 52,
    "ImageComments": "SMS_ABCD_V1.2;_MB=6;_FOVshift=3;_K_PE=5;_K_RO=5;_LeakBlockOn;",
    "ImageOrientationPatientDICOM": [
      1,
      0,
      0,
      0,
      1,
      0
    ],
    "ImageType": [
      "ORIGINAL",
      "PRIMARY",
      "M",
      "ND",
      "MOSAIC"
    ],
    "ImagingFrequency": 123.261,
    "InPlanePhaseEncodingDirectionDICOM": "COL",
    "InstitutionAddress": "Hillhouse_Ave._10_New_Haven_Northeast_US_06519",
    "InstitutionName": "Yale_University_-_Dunham_Lab._Bldg.",
    "InstitutionalDepartmentName": "Department",
    "MRAcquisitionType": "2D",
    "MagneticFieldStrength": 3,
    "Manufacturer": "Siemens",
    "ManufacturersModelName": "Prisma",
    "Modality": "MR",
    "MultibandAccelerationFactor": 6,
    "PartialFourier": 1,
    "PatientPosition": "HFS",
    "PercentPhaseFOV": 100,
    "PhaseEncodingAxis": "j",
    "PhaseEncodingDirection": "j",
    "PhaseEncodingSteps": 90,
    "PhaseResolution": 1,
    "PixelBandwidth": 2780,
    "ProcedureStepDescription": "ABCDadult",
    "ProtocolName": "ABCD_fMRI_rest",
    "PulseSequenceDetails": "%CustomerSeq%_ep2d_bold_sms_abcd",
    "ReceiveCoilActiveElements": "HEA;HEP",
    "ReceiveCoilName": "Head_32",
    "ReconMatrixPE": 90,
    "RefLinesPE": 22,
    "RepetitionTime": 0.8,
    "SAR": 0.0703601,
    "ScanOptions": "FS_CT",
    "ScanningSequence": "EP",
    "SequenceName": "epfid2d1_90",
    "SequenceVariant": "SK",
    "SeriesDescription": "ABCD_fMRI_rest",
    "SeriesNumber": 21,
    "ShimSetting": [
      -2152,
      -628,
      -4051,
      383,
      -83,
      -18,
      11,
      115
    ],
    "SliceThickness": 2.4,
    "SliceTiming": [
      0.5475,
      0,
      0.39,
      0.08,
      0.47,
      0.235,
      0.625,
      0.3125,
      0.7025,
      0.1575,
      0.5475,
      0,
      0.39,
      0.08,
      0.47,
      0.235,
      0.625,
      0.3125,
      0.7025,
      0.1575,
      0.5475,
      0,
      0.39,
      0.08,
      0.47,
      0.235,
      0.625,
      0.3125,
      0.7025,
      0.1575,
      0.5475,
      0,
      0.39,
      0.08,
      0.47,
      0.235,
      0.625,
      0.3125,
      0.7025,
      0.1575,
      0.5475,
      0,
      0.39,
      0.08,
      0.47,
      0.235,
      0.625,
      0.3125,
      0.7025,
      0.1575,
      0.5475,
      0,
      0.39,
      0.08,
      0.47,
      0.235,
      0.625,
      0.3125,
      0.7025,
      0.1575
    ],
    "SoftwareVersions": "syngo_MR_E11",
    "SpacingBetweenSlices": 2.4,
    "StationName": "AWP166095",
    "TotalReadoutTime": 0.045391,
    "TxRefAmp": 249.575,
    "WipMemBlock": "89ec624d-8589-41b2-af73-f402fee2a442",
    "dataset": "ds004097",
    "modality": "bold",
    "run_id": 3,
    "session_id": "02",
    "subject_id": "NDARJZ387ZJA",
    "task_id": "rest"
  },
  "dummy_trs": 5,
  "dvars_nstd": 31.44330834214853,
  "dvars_std": 1.0888447628647215,
  "dvars_vstd": 1.0139246203978782,
  "efc": 0.5643009176380938,
  "fber": 497.51202392578125,
  "fd_mean": 0.06491097623614707,
  "fd_num": 1,
  "fd_perc": 0.26455026455026454,
  "fwhm_avg": 2.730677766898667,
  "fwhm_x": 2.5857415639185284,
  "fwhm_y": 2.658016561046578,
  "fwhm_z": 2.9482751757308945,
  "gcor": 0.0108324,
  "gsr_x": -0.01964101754128933,
  "gsr_y": 0.0902450904250145,
  "provenance": {
    "md5sum": "26297c23d7454562b2cf88a41709eea5",
    "settings": {
      "fd_thres": 0.2,
      "testing": false
    },
    "software": "mriqc",
    "version": "23.0.1",
    "webapi_port": null,
    "webapi_url": "https://mriqc.nimh.nih.gov/api/v1"
  },
  "size_t": 378,
  "size_x": 90,
  "size_y": 90,
  "size_z": 60,
  "snr": 2.3244872763116557,
  "spacing_tr": 0.800000011920929,
  "spacing_x": 2.4000000953674316,
  "spacing_y": 2.4000000953674316,
  "spacing_z": 2.3999998569488525,
  "summary_bg_k": 21.713479369571314,
  "summary_bg_mad": 7.2208212352789305,
  "summary_bg_mean": 28.90360450744629,
  "summary_bg_median": 11.843914985656738,
  "summary_bg_n": 288496.0,
  "summary_bg_p05": 6.34920597076416,
  "summary_bg_p95": 125.93187522888184,
  "summary_bg_stdv": 49.229251861572266,
  "summary_fg_k": 1.2280497569564064,
  "summary_fg_mad": 112.5953766801593,
  "summary_fg_mean": 302.5284118652344,
  "summary_fg_median": 279.6111145019531,
  "summary_fg_n": 99091.0,
  "summary_fg_p05": 152.70105743408203,
  "summary_fg_p95": 530.3994445800781,
  "summary_fg_stdv": 120.28876495361328,
  "tsnr": 46.624293586355634
}