{
  "bids_meta": {
    "AcquisitionMatrixPE": 256,
    "AcquisitionNumber": 1,
    "AcquisitionTime": "13:21:48.367500",
    "BaseResolution": 256,
    "BodyPartExamined": "BRAIN",
    "ConsistencyInfo": "N4_VE11C_LATEST_20160120",
    "ConversionSoftware": "dcm2niix",
    "ConversionSoftwareVersion": "v1.0.20190902",
    "Dcm2bidsVersion": "2.1.4",
    "DeviceSerialNumber": "166095",
    "DwellTime": 0.000510012,
    "EchoTime": 0.565,
    "EchoTrainLength": 190,
    "FlipAngle": 120,
    "ImageOrientationPatientDICOM": [
      0,
      1,
      0,
      -0.0645323,
      0,
      -0.997916
    ],
    "ImageType": [
      "ORIGINAL",
      "PRIMARY",
      "M",
      "ND"
    ],
    "ImagingFrequency": 123.261,
    "InPlanePhaseEncodingDirectionDICOM": "ROW",
    "InstitutionAddress": "Hillhouse_Ave._10_New_Haven_Northeast_US_06519",
    "InstitutionName": "Yale_University_-_Dunham_Lab._Bldg.",
    "InstitutionalDepartmentName": "Department",
    "MRAcquisitionType": "3D",
    "MagneticFieldStrength": 3,
    "Manufacturer": "Siemens",
    "ManufacturersModelName": "Prisma",
    "Modality": "MR",
    "ParallelReductionFactorInPlane": 2,
    "PartialFourier": 1,
    "PatientPosition": "HFS",
    "PercentPhaseFOV": 100,
    "PhaseEncodingSteps": 227,
    "PhaseResolution": 1,
    "PixelBandwidth": 240,
    "ProcedureStepDescription": "ABCDadult",
    "ProtocolName": "ABCD_T2w_SPC_vNav",
    "PulseSequenceDetails": "%CustomerSeq%_tse_vfl_mgh_epinav_ABCD",
    "ReceiveCoilActiveElements": "HEA;HEP",
    "ReceiveCoilName": "Head_32",
    "ReconMatrixPE": 256,
    "RefLinesPE": 32,
    "RepetitionTime": 3.2,
    "SAR": 0.0742583,
    "ScanOptions": "PFP",
    "ScanningSequence": "SE",
    "SequenceName": "spc_200ns",
    "SequenceVariant": "SK_SP",
    "SeriesDescription": "ABCD_T2w_SPC_vNav",
    "SeriesNumber": 13,
    "ShimSetting": [
      -2163,
      -673,
      -4013,
      521,
      -60,
      -18,
      86,
      25
    ],
    "SliceThickness": 1,
    "SoftwareVersions": "syngo_MR_E11",
    "StationName": "AWP166095",
    "TxRefAmp": 221.583,
    "WipMemBlock": "Prisma_epi_moco_navigator_ABCD_tse_vfl.prot",
    "dataset": "ds004097",
    "modality": "T2w",
    "session_id": "05",
    "subject_id": "NDARUD216XXV"
  },
  "cjv": 0.24766956805958318,
  "cnr": 3.5558041467613433,
  "efc": 0.4803882510184142,
  "fber": 11233.695770321361,
  "fwhm_avg": 2.43597,
  "fwhm_x": 2.43253,
  "fwhm_y": 2.58801,
  "fwhm_z": 2.28737,
  "icvs_csf": 0.334749445039484,
  "icvs_gm": 0.5946890921760934,
  "icvs_wm": 0.07056146278442252,
  "inu_med": 0.634239673614502,
  "inu_range": 0.11749290823936454,
  "provenance": {
    "md5sum": "17f255c0d1c7fb29340a6c3ceec48aaf",
    "settings": {
      "testing": false
    },
    "software": "mriqc",
    "version": "23.0.1",
    "warnings": {
      "large_rot_frame": true,
      "small_air_mask": false
    },
    "webapi_port": null,
    "webapi_url": "https://mriqc.nimh.nih.gov/api/v1"
  },
  "qi_1": 5.6494003091826116e-05,
  "qi_2": 0.011598637896461683,
  "rpve_csf": 16.50367663023811,
  "rpve_gm": 11.74864576629206,
  "rpve_wm": 90.28376111259192,
  "size_x": 176,
  "size_y": 256,
  "size_z": 256,
  "snr_csf": 6.170683808199002,
  "snr_gm": 11.445995246855487,
  "snr_total": 6.100824768756769,
  "snr_wm": 0.6857952512158169,
  "snrd_csf": 132.24811079965278,
  "snrd_gm": 65.38588126468463,
  "snrd_total": 69.19254396159212,
  "snrd_wm": 9.943639820438971,
  "spacing_x": 1.0,
  "spacing_y": 1.0,
  "spacing_z": 1.0,
  "summary_bg_k": 8.568129863895667,
  "summary_bg_mad": 65.90189407090035,
  "summary_bg_mean": 43.94854295321316,
  "summary_bg_median": 44.450152069330215,
  "summary_bg_n": 2657758.0,
  "summary_bg_p05": 0.0,
  "summary_bg_p95": 150.8221922814846,
  "summary_bg_stdv": 56.55020678651812,
  "summary_csf_k": -0.48293687929257256,
  "summary_csf_mad": 2156.477585753566,
  "summary_csf_mean": 12566.045323699886,
  "summary_csf_median": 13303.185396194458,
  "summary_csf_n": 48025.0,
  "summary_csf_p05": 9033.555586963892,
  "summary_csf_p95": 14992.496724665163,
  "summary_csf_stdv": 2155.846467953296,
  "summary_gm_k": 0.94445020008625,
  "summary_gm_mad": 535.5957402525196,
  "summary_gm_mean": 6610.3511086990975,
  "summary_gm_median": 6577.33781978488,
  "summary_gm_n": 214731.0,
  "summary_gm_p05": 5741.520798504353,
  "summary_gm_p95": 7605.600875169039,
  "summary_gm_stdv": 574.6396326940304,
  "summary_wm_k": 10.956178225482594,
  "summary_wm_mad": 845.6774846092414,
  "summary_wm_mean": 1472.3138742655465,
  "summary_wm_median": 1000.2568902075291,
  "summary_wm_n": 2965.0,
  "summary_wm_p05": 166.49536728858948,
  "summary_wm_p95": 4265.1077128350735,
  "summary_wm_stdv": 1458.2897691770538,
  "tpm_overlap_csf": 0.1443935837601038,
  "tpm_overlap_gm": 0.37923928840227117,
  "tpm_overlap_wm": 0.02108447227517706,
  "wm2max": 0.0660705859750697
}