{
  "bids_meta": {
    "AcquisitionMatrixPE": 256,
    "AcquisitionNumber": 1,
    "AcquisitionTime": "12:50:48.820000",
    "BaseResolution": 256,
    "BodyPartExamined": "BRAIN",
    "ConsistencyInfo": "N4_VE11C_LATEST_20160120",
    "ConversionSoftware": "dcm2niix",
    "ConversionSoftwareVersion": "v1.0.20190902",
    "Dcm2bidsVersion": "2.1.4",
    "DeviceSerialNumber": "166095",
    "DwellTime": 0.000510012,
    "EchoTime": 0.0029,
    "FlipAngle": 8,
    "ImageOrientationPatientDICOM": [
      0,
      1,
      0,
      0,
      0,
      -1
    ],
    "ImageType": [
      "ORIGINAL",
      "PRIMARY",
      "M",
      "ND"
    ],
    "ImagingFrequency": 123.261,
    "InPlanePhaseEncodingDirectionDICOM": "ROW",
    "InstitutionAddress": "Hillhouse_Ave._10_New_Haven_Northeast_US_06519",
    "InstitutionName": "Yale_University_-_Dunham_Lab._Bldg.",
    "InstitutionalDepartmentName": "Department",
    "InversionTime": 1.07,
    "MRAcquisitionType": "3D",
    "MagneticFieldStrength": 3,
    "Manufacturer": "Siemens",
    "ManufacturersModelName": "Prisma",
    "Modality": "MR",
    "ParallelReductionFactorInPlane": 2,
    "PartialFourier": 1,
    "PatientPosition": "HFS",
    "PercentPhaseFOV": 100,
    "PhaseEncodingSteps": 255,
    "PhaseResolution": 1,
    "PixelBandwidth": 240,
    "ProcedureStepDescription": "ABCDadult",
    "ProtocolName": "ABCD_T1w_MPR_vNav",
    "PulseSequenceDetails": "%CustomerSeq%_tfl_mgh_epinav_ABCD",
    "ReceiveCoilActiveElements": "HEA;HEP",
    "ReceiveCoilName": "Head_32",
    "ReconMatrixPE": 256,
    "RefLinesPE": 32,
    "RepetitionTime": 2.5,
    "SAR": 0.0391549,
    "ScanOptions": "IR_WE",
    "ScanningSequence": "GR_IR",
    "SequenceName": "tfl3d1_16ns",
    "SequenceVariant": "SK_SP_MP",
    "SeriesDescription": "ABCD_T1w_MPR_vNav",
    "SeriesNumber": 4,
    "ShimSetting": [
      -2152,
      -647,
      -4065,
      335,
      -78,
      -86,
      39,
      118
    ],
    "SliceThickness": 1,
    "SoftwareVersions": "syngo_MR_E11",
    "StationName": "AWP166095",
    "TxRefAmp": 249.575,
    "WipMemBlock": "Prisma_epi_moco_navigator_ABCD_tfl.prot",
    "dataset": "ds004097",
    "modality": "T1w",
    "session_id": "02",
    "subject_id": "NDARJZ387ZJA"
  },
  "cjv": 0.3265686979069262,
  "cnr": 4.013861709939493,
  "efc": 0.6049674159669377,
  "fber": 5832.595102040816,
  "fwhm_avg": 3.5818600000000003,
  "fwhm_x": 3.61817,
  "fwhm_y": 3.76426,
  "fwhm_z": 3.36315,
  "icvs_csf": 0.2097175394037738,
  "icvs_gm": 0.4387246578964103,
  "icvs_wm": 0.35155780269981596,
  "inu_med": 0.4508451819419861,
  "inu_range": 0.1278107687830925,
  "provenance": {
    "md5sum": "4c8d3737317ed042d66d3a2e6664becd",
    "settings": {
      "testing": false
    },
    "software": "mriqc",
    "version": "23.0.1",
    "warnings": {
      "large_rot_frame": true,
      "small_air_mask": false
    },
    "webapi_port": null,
    "webapi_url": "https://mriqc.nimh.nih.gov/api/v1"
  },
  "qi_1": 0.00023476237566902544,
  "qi_2": 0.0009001715357386586,
  "rpve_csf": 21.375866970771902,
  "rpve_gm": 10.660570099571736,
  "rpve_wm": 15.268219976152178,
  "size_x": 176,
  "size_y": 256,
  "size_z": 256,
  "snr_csf": 2.097685898780438,
  "snr_gm": 9.643491947549585,
  "snr_total": 11.731371841232454,
  "snr_wm": 23.452937677367338,
  "snrd_csf": 24.206570800614482,
  "snrd_gm": 69.39081039195565,
  "snrd_total": 65.65291009248435,
  "snrd_wm": 103.3613490848829,
  "spacing_x": 1.0,
  "spacing_y": 1.0,
  "spacing_z": 1.0,
  "summary_bg_k": 240.3834428176542,
  "summary_bg_mad": 0.0,
  "summary_bg_mean": 3.0280109906720827,
  "summary_bg_median": 0.0,
  "summary_bg_n": 1408281.0,
  "summary_bg_p05": 0.0,
  "summary_bg_p95": 13.184941746294498,
  "summary_bg_stdv": 6.338311028171701,
  "summary_csf_k": 0.8342662991069725,
  "summary_csf_mad": 96.50874783637748,
  "summary_csf_mean": 245.01442911581842,
  "summary_csf_median": 234.1936345770955,
  "summary_csf_n": 37469.0,
  "summary_csf_p05": 72.14135685563087,
  "summary_csf_p95": 452.5611863210796,
  "summary_csf_stdv": 111.64231476558716,
  "summary_gm_k": 0.16198646462562705,
  "summary_gm_mad": 67.71004493336915,
  "summary_gm_mean": 672.5756215466939,
  "summary_gm_median": 671.3419354520738,
  "summary_gm_n": 31868.0,
  "summary_gm_p05": 558.6958146411926,
  "summary_gm_p95": 788.1688247993588,
  "summary_gm_stdv": 69.61496995628967,
  "summary_wm_k": 0.5077653289193762,
  "summary_wm_mad": 39.61938069072339,
  "summary_wm_mean": 997.6395624907416,
  "summary_wm_median": 999.9999676272273,
  "summary_wm_n": 213291.0,
  "summary_wm_p05": 924.2332708835602,
  "summary_wm_p95": 1065.0941288471222,
  "summary_wm_stdv": 42.63848039703776,
  "tpm_overlap_csf": 0.15992808033720024,
  "tpm_overlap_gm": 0.45305841538824343,
  "tpm_overlap_wm": 0.4785768698308204,
  "wm2max": 0.8896818765210326
}