{
  "bids_meta": {
    "AcquisitionMatrixPE": 256,
    "AcquisitionNumber": 1,
    "AcquisitionTime": "13:19:56.370000",
    "BaseResolution": 256,
    "BodyPartExamined": "BRAIN",
    "ConsistencyInfo": "N4_VE11C_LATEST_20160120",
    "ConversionSoftware": "dcm2niix",
    "ConversionSoftwareVersion": "v1.0.20190902",
    "Dcm2bidsVersion": "2.1.4",
    "DeviceSerialNumber": "166095",
    "DwellTime": 0.000510012,
    "EchoTime": 0.565,
    "EchoTrainLength": 190,
    "FlipAngle": 120,
    "ImageOrientationPatientDICOM": [
      0,
      1,
      0,
      0,
      0,
      -1
    ],
    "ImageType": [
      "ORIGINAL",
      "PRIMARY",
      "M",
      "ND"
    ],
    "ImagingFrequency": 123.261,
    "InPlanePhaseEncodingDirectionDICOM": "ROW",
    "InstitutionAddress": "Hillhouse_Ave._10_New_Haven_Northeast_US_06519",
    "InstitutionName": "Yale_University_-_Dunham_Lab._Bldg.",
    "InstitutionalDepartmentName": "Department",
    "MRAcquisitionType": "3D",
    "MagneticFieldStrength": 3,
    "Manufacturer": "Siemens",
    "ManufacturersModelName": "Prisma",
    "Modality": "MR",
    "ParallelReductionFactorInPlane": 2,
    "PartialFourier": 1,
    "PatientPosition": "HFS",
    "PercentPhaseFOV": 100,
    "PhaseEncodingSteps": 227,
    "PhaseResolution": 1,
    "PixelBandwidth": 240,
    "ProcedureStepDescription": "ABCDadult",
    "ProtocolName": "ABCD_T2w_SPC_vNav",
    "PulseSequenceDetails": "%CustomerSeq%_tse_vfl_mgh_epinav_ABCD",
    "ReceiveCoilActiveElements": "HEA;HEP",
    "ReceiveCoilName": "Head_32",
    "ReconMatrixPE": 256,
    "RefLinesPE": 32,
    "RepetitionTime": 3.2,
    "SAR": 0.0858113,
    "ScanOptions": "PFP",
    "ScanningSequence": "SE",
    "SequenceName": "spc_200ns",
    "SequenceVariant": "SK_SP",
    "SeriesDescription": "ABCD_T2w_SPC_vNav",
    "SeriesNumber": 17,
    "ShimSetting": [
      -2152,
      -647,
      -4065,
      335,
      -78,
      -86,
      39,
      118
    ],
    "SliceThickness": 1,
    "SoftwareVersions": "syngo_MR_E11",
    "StationName": "AWP166095",
    "TxRefAmp": 249.575,
    "WipMemBlock": "Prisma_epi_moco_navigator_ABCD_tse_vfl.prot",
    "dataset": "ds004097",
    "modality": "T2w",
    "session_id": "02",
    "subject_id": "NDARJZ387ZJA"
  },
  "cjv": 0.3594959394138794,
  "cnr": 1.3579264079783775,
  "efc": 0.5883669747464765,
  "fber": 8130.3167760724855,
  "fwhm_avg": 2.4504466666666667,
  "fwhm_x": 2.32632,
  "fwhm_y": 2.76216,
  "fwhm_z": 2.26286,
  "icvs_csf": 0.35862707780847475,
  "icvs_gm": 0.5133141512185085,
  "icvs_wm": 0.12805877097301668,
  "inu_med": 0.9000535607337952,
  "inu_range": 0.17208203673362732,
  "provenance": {
    "md5sum": "7089f72905dfa0372f502d0f07742eb0",
    "settings": {
      "testing": false
    },
    "software": "mriqc",
    "version": "23.0.1",
    "warnings": {
      "large_rot_frame": true,
      "small_air_mask": false
    },
    "webapi_port": null,
    "webapi_url": "https://mriqc.nimh.nih.gov/api/v1"
  },
  "qi_1": 0.0029610707391918415,
  "qi_2": 0.002205649913668413,
  "rpve_csf": 12.121403856610408,
  "rpve_gm": 9.623292878926994,
  "rpve_wm": 42.342278991250495,
  "size_x": 176,
  "size_y": 256,
  "size_z": 256,
  "snr_csf": 10.309425269043022,
  "snr_gm": 10.292565169377099,
  "snr_total": 7.643828272120981,
  "snr_wm": 2.3294943779428214,
  "snrd_csf": 42.42877641653888,
  "snrd_gm": 26.49658081277858,
  "snrd_total": 44.29010312807913,
  "snrd_wm": 63.944952154919946,
  "spacing_x": 1.0,
  "spacing_y": 1.0,
  "spacing_z": 1.0,
  "summary_bg_k": 2357.161467534317,
  "summary_bg_mad": 0.0,
  "summary_bg_mean": 2.711805832149752,
  "summary_bg_median": 0.0,
  "summary_bg_n": 1410893.0,
  "summary_bg_p05": 0.0,
  "summary_bg_p95": 12.094933860003948,
  "summary_bg_stdv": 10.258957116416765,
  "summary_csf_k": 1.0340278002919456,
  "summary_csf_mad": 59.94242216117032,
  "summary_csf_mean": 669.118125916385,
  "summary_csf_median": 664.4036230612546,
  "summary_csf_n": 46715.0,
  "summary_csf_p05": 573.590827995725,
  "summary_csf_p95": 780.7755236422643,
  "summary_csf_stdv": 64.44554322278351,
  "summary_gm_k": 0.3714799319404003,
  "summary_gm_mad": 40.62889479503595,
  "summary_gm_mean": 415.2672730740258,
  "summary_gm_median": 414.9170864112675,
  "summary_gm_n": 197926.0,
  "summary_gm_p05": 350.6770131736994,
  "summary_gm_p95": 479.93686450459063,
  "summary_gm_stdv": 40.3122089993914,
  "summary_wm_k": -1.2464817941139734,
  "summary_wm_mad": 170.18460026567453,
  "summary_wm_mean": 745.1231091666543,
  "summary_wm_median": 1001.3312067054212,
  "summary_wm_n": 17991.0,
  "summary_wm_p05": 26.67161122430116,
  "summary_wm_p95": 1125.1521412376314,
  "summary_wm_stdv": 429.8372158051238,
  "tpm_overlap_csf": 0.11030697587831995,
  "tpm_overlap_gm": 0.3388397561754685,
  "tpm_overlap_wm": 0.036559765971943735,
  "wm2max": 0.9002992220227408
}