{
  "aor": 0.0006793181818181819,
  "aqi": 0.00431585940909091,
  "bids_meta": {
    "AcquisitionMatrixPE": 90,
    "AcquisitionNumber": 1,
    "AcquisitionTime": "13:21:46.480000",
    "BandwidthPerPixelPhaseEncode": 21.786,
    "BaseResolution": 90,
    "BodyPartExamined": "BRAIN",
    "ConsistencyInfo": "N4_VE11C_LATEST_20160120",
    "ConversionSoftware": "dcm2niix",
    "ConversionSoftwareVersion": "v1.0.20190902",
    "Dcm2bidsVersion": "2.1.4",
    "DerivedVendorReportedEchoSpacing": 0.000510012,
    "DeviceSerialNumber": "166095",
    "DwellTime": 2e-06,
    "EchoTime": 0.03,
    "EchoTrainLength": 90,
    "EffectiveEchoSpacing": 0.000510012,
    "FlipAngle": 52,
    "ImageComments": "SMS_ABCD_V1.2;_MB=6;_FOVshift=3;_K_PE=5;_K_RO=5;_LeakBlockOn;",
    "ImageOrientationPatientDICOM": [
      1,
      0,
      0,
      0,
      1,
      0
    ],
    "ImageType": [
      "ORIGINAL",
      "PRIMARY",
      "M",
      "ND",
      "MOSAIC"
    ],
    "ImagingFrequency": 123.261,
    "InPlanePhaseEncodingDirectionDICOM": "COL",
    "InstitutionAddress": "Hillhouse_Ave._10_New_Haven_Northeast_US_06519",
    "InstitutionName": "Yale_University_-_Dunham_Lab._Bldg.",
    "InstitutionalDepartmentName": "Department",
    "MRAcquisitionType": "2D",
    "MagneticFieldStrength": 3,
    "Manufacturer": "Siemens",
    "ManufacturersModelName": "Prisma",
    "Modality": "MR",
    "MultibandAccelerationFactor": 6,
    "PartialFourier": 1,
    "PatientPosition": "HFS",
    "PercentPhaseFOV": 100,
    "PhaseEncodingAxis": "j",
    "PhaseEncodingDirection": "j",
    "PhaseEncodingSteps": 90,
    "PhaseResolution": 1,
    "PixelBandwidth": 2780,
    "ProcedureStepDescription": "ABCDadult",
    "ProtocolName": "ABCD_fMRI_task_Stop",
    "PulseSequenceDetails": "%CustomerSeq%_ep2d_bold_sms_abcd",
    "ReceiveCoilActiveElements": "HEA;HEP",
    "ReceiveCoilName": "Head_32",
    "ReconMatrixPE": 90,
    "RefLinesPE": 22,
    "RepetitionTime": 0.8,
    "SAR": 0.054035,
    "ScanOptions": "FS_CT",
    "ScanningSequence": "EP",
    "SequenceName": "epfid2d1_90",
    "SequenceVariant": "SK",
    "SeriesDescription": "ABCD_fMRI_task_Stop",
    "SeriesNumber": 29,
    "ShimSetting": [
      -2141,
      -640,
      -4144,
      478,
      -11,
      -151,
      -109,
      136
    ],
    "SliceThickness": 2.4,
    "SliceTiming": [
      0.5475,
      0,
      0.39,
      0.0775,
      0.4675,
      0.235,
      0.625,
      0.3125,
      0.7025,
      0.1575,
      0.5475,
      0,
      0.39,
      0.0775,
      0.4675,
      0.235,
      0.625,
      0.3125,
      0.7025,
      0.1575,
      0.5475,
      0,
      0.39,
      0.0775,
      0.4675,
      0.235,
      0.625,
      0.3125,
      0.7025,
      0.1575,
      0.5475,
      0,
      0.39,
      0.0775,
      0.4675,
      0.235,
      0.625,
      0.3125,
      0.7025,
      0.1575,
      0.5475,
      0,
      0.39,
      0.0775,
      0.4675,
      0.235,
      0.625,
      0.3125,
      0.7025,
      0.1575,
      0.5475,
      0,
      0.39,
      0.0775,
      0.4675,
      0.235,
      0.625,
      0.3125,
      0.7025,
      0.1575
    ],
    "SoftwareVersions": "syngo_MR_E11",
    "SpacingBetweenSlices": 2.4,
    "StationName": "AWP166095",
    "TotalReadoutTime": 0.045391,
    "TxRefAmp": 236.46,
    "WipMemBlock": "dfdd37db-a676-45bf-9ab8-e5e614f680fa",
    "dataset": "ds004097",
    "modality": "bold",
    "run_id": 2,
    "session_id": "04",
    "subject_id": "NDARNC943BP8",
    "task_id": "SST"
  },
  "dummy_trs": 5,
  "dvars_nstd": 30.15210023082004,
  "dvars_std": 1.0232157343052395,
  "dvars_vstd": 1.0039055316173136,
  "efc": 0.5261282907939632,
  "fber": 540.2337036132812,
  "fd_mean": 0.12346640755870014,
  "fd_num": 30,
  "fd_perc": 6.818181818181818,
  "fwhm_avg": 3.0401333215795803,
  "fwhm_x": 2.778337389598791,
  "fwhm_y": 3.0488540455160917,
  "fwhm_z": 3.293208529623858,
  "gcor": 0.00528515,
  "gsr_x": -0.005530721507966518,
  "gsr_y": 0.067945696413517,
  "provenance": {
    "md5sum": "f618e2229384ad2b8abbea84fe697aaa",
    "settings": {
      "fd_thres": 0.2,
      "testing": false
    },
    "software": "mriqc",
    "version": "23.0.1",
    "webapi_port": null,
    "webapi_url": "https://mriqc.nimh.nih.gov/api/v1"
  },
  "size_t": 440,
  "size_x": 90,
  "size_y": 90,
  "size_z": 60,
  "snr": 2.6575341624926097,
  "spacing_tr": 0.800000011920929,
  "spacing_x": 2.4000000953674316,
  "spacing_y": 2.4000000953674316,
  "spacing_z": 2.3999998569488525,
  "summary_bg_k": 35.67782134685621,
  "summary_bg_mad": 7.554532431900219,
  "summary_bg_mean": 23.445701599121094,
  "summary_bg_median": 11.145454406738281,
  "summary_bg_n": 326948.0,
  "summary_bg_p05": 5.527272701263428,
  "summary_bg_p95": 86.40522308349594,
  "summary_bg_stdv": 34.69476318359375,
  "summary_fg_k": 1.5597781054517093,
  "summary_fg_mad": 87.81385569764852,
  "summary_fg_mean": 280.9764404296875,
  "summary_fg_median": 262.223876953125,
  "summary_fg_n": 82996.0,
  "summary_fg_p05": 157.0749969482422,
  "summary_fg_p95": 468.3710021972656,
  "summary_fg_stdv": 98.67127990722656,
  "tsnr": 44.296579632908106
}