{
  "aor": 0.0008615079365079365,
  "aqi": 0.008423882566137566,
  "bids_meta": {
    "AcquisitionMatrixPE": 90,
    "AcquisitionNumber": 1,
    "AcquisitionTime": "13:08:52.932500",
    "BandwidthPerPixelPhaseEncode": 21.786,
    "BaseResolution": 90,
    "BodyPartExamined": "BRAIN",
    "ConsistencyInfo": "N4_VE11C_LATEST_20160120",
    "ConversionSoftware": "dcm2niix",
    "ConversionSoftwareVersion": "v1.0.20190902",
    "Dcm2bidsVersion": "2.1.4",
    "DerivedVendorReportedEchoSpacing": 0.000510012,
    "DeviceSerialNumber": "166095",
    "DwellTime": 2e-06,
    "EchoTime": 0.03,
    "EchoTrainLength": 90,
    "EffectiveEchoSpacing": 0.000510012,
    "FlipAngle": 52,
    "ImageComments": "SMS_ABCD_V1.2;_MB=6;_FOVshift=3;_K_PE=5;_K_RO=5;_LeakBlockOn;",
    "ImageOrientationPatientDICOM": [
      1,
      0,
      0,
      0,
      1,
      0
    ],
    "ImageType": [
      "ORIGINAL",
      "PRIMARY",
      "M",
      "ND",
      "MOSAIC"
    ],
    "ImagingFrequency": 123.261,
    "InPlanePhaseEncodingDirectionDICOM": "COL",
    "InstitutionAddress": "Hillhouse_Ave._10_New_Haven_Northeast_US_06519",
    "InstitutionName": "Yale_University_-_Dunham_Lab._Bldg.",
    "InstitutionalDepartmentName": "Department",
    "MRAcquisitionType": "2D",
    "MagneticFieldStrength": 3,
    "Manufacturer": "Siemens",
    "ManufacturersModelName": "Prisma",
    "Modality": "MR",
    "MultibandAccelerationFactor": 6,
    "PartialFourier": 1,
    "PatientPosition": "HFS",
    "PercentPhaseFOV": 100,
    "PhaseEncodingAxis": "j",
    "PhaseEncodingDirection": "j",
    "PhaseEncodingSteps": 90,
    "PhaseResolution": 1,
    "PixelBandwidth": 2780,
    "ProcedureStepDescription": "ABCDadult",
    "ProtocolName": "ABCD_fMRI_rest",
    "PulseSequenceDetails": "%CustomerSeq%_ep2d_bold_sms_abcd",
    "ReceiveCoilActiveElements": "HEA;HEP",
    "ReceiveCoilName": "Head_32",
    "ReconMatrixPE": 90,
    "RefLinesPE": 22,
    "RepetitionTime": 0.8,
    "SAR": 0.0539774,
    "ScanOptions": "FS_CT",
    "ScanningSequence": "EP",
    "SequenceName": "epfid2d1_90",
    "SequenceVariant": "SK",
    "SeriesDescription": "ABCD_fMRI_rest",
    "SeriesNumber": 23,
    "ShimSetting": [
      -2141,
      -640,
      -4144,
      478,
      -11,
      -151,
      -109,
      136
    ],
    "SliceThickness": 2.4,
    "SliceTiming": [
      0.5475,
      0,
      0.39,
      0.08,
      0.47,
      0.235,
      0.625,
      0.3125,
      0.7025,
      0.1575,
      0.5475,
      0,
      0.39,
      0.08,
      0.47,
      0.235,
      0.625,
      0.3125,
      0.7025,
      0.1575,
      0.5475,
      0,
      0.39,
      0.08,
      0.47,
      0.235,
      0.625,
      0.3125,
      0.7025,
      0.1575,
      0.5475,
      0,
      0.39,
      0.08,
      0.47,
      0.235,
      0.625,
      0.3125,
      0.7025,
      0.1575,
      0.5475,
      0,
      0.39,
      0.08,
      0.47,
      0.235,
      0.625,
      0.3125,
      0.7025,
      0.1575,
      0.5475,
      0,
      0.39,
      0.08,
      0.47,
      0.235,
      0.625,
      0.3125,
      0.7025,
      0.1575
    ],
    "SoftwareVersions": "syngo_MR_E11",
    "SpacingBetweenSlices": 2.4,
    "StationName": "AWP166095",
    "TotalReadoutTime": 0.045391,
    "TxRefAmp": 236.46,
    "WipMemBlock": "69a3ba17-b7d5-4f8f-b394-e47de187b0fa",
    "dataset": "ds004097",
    "modality": "bold",
    "run_id": 4,
    "session_id": "04",
    "subject_id": "NDARNC943BP8",
    "task_id": "rest"
  },
  "dummy_trs": 5,
  "dvars_nstd": 31.195504479549086,
  "dvars_std": 1.0185594455702913,
  "dvars_vstd": 0.9962372789655177,
  "efc": 0.5244185042465851,
  "fber": 558.593505859375,
  "fd_mean": 0.15259408787630507,
  "fd_num": 82,
  "fd_perc": 21.693121693121693,
  "fwhm_avg": 3.068747210972377,
  "fwhm_x": 2.7768665563239034,
  "fwhm_y": 3.0866123773490437,
  "fwhm_z": 3.342762699244183,
  "gcor": 0.0124572,
  "gsr_x": -0.006137187127023935,
  "gsr_y": 0.07108417898416519,
  "provenance": {
    "md5sum": "5568288a73b4075f2095fe7db50c71ec",
    "settings": {
      "fd_thres": 0.2,
      "testing": false
    },
    "software": "mriqc",
    "version": "23.0.1",
    "webapi_port": null,
    "webapi_url": "https://mriqc.nimh.nih.gov/api/v1"
  },
  "size_t": 378,
  "size_x": 90,
  "size_y": 90,
  "size_z": 60,
  "snr": 2.6421599683065273,
  "spacing_tr": 0.800000011920929,
  "spacing_x": 2.4000000953674316,
  "spacing_y": 2.4000000953674316,
  "spacing_z": 2.3999998569488525,
  "summary_bg_k": 48.57644245898412,
  "summary_bg_mad": 7.314955057338884,
  "summary_bg_mean": 22.907297134399414,
  "summary_bg_median": 10.891533851623535,
  "summary_bg_n": 326201.0,
  "summary_bg_p05": 5.473544597625732,
  "summary_bg_p95": 83.0820083618164,
  "summary_bg_stdv": 34.81719970703125,
  "summary_fg_k": 1.7723715455743863,
  "summary_fg_mad": 86.69693834793311,
  "summary_fg_mean": 279.23260498046875,
  "summary_fg_median": 260.5740661621094,
  "summary_fg_n": 83421.0,
  "summary_fg_p05": 156.65872192382812,
  "summary_fg_p95": 467.4576721191406,
  "summary_fg_stdv": 98.62101745605469,
  "tsnr": 37.03460204973817
}