{
  "bids_meta": {
    "AcquisitionMatrixPE": 256,
    "AcquisitionNumber": 1,
    "AcquisitionTime": "11:34:13.805000",
    "BaseResolution": 256,
    "BodyPartExamined": "BRAIN",
    "ConsistencyInfo": "N4_VE11C_LATEST_20160120",
    "ConversionSoftware": "dcm2niix",
    "ConversionSoftwareVersion": "v1.0.20190902",
    "Dcm2bidsVersion": "2.1.4",
    "DeviceSerialNumber": "166095",
    "DwellTime": 0.000510012,
    "EchoTime": 0.0029,
    "FlipAngle": 8,
    "ImageOrientationPatientDICOM": [
      0,
      1,
      0,
      -0.104529,
      0,
      -0.994522
    ],
    "ImageType": [
      "ORIGINAL",
      "PRIMARY",
      "M",
      "ND",
      "NORM"
    ],
    "ImagingFrequency": 123.261,
    "InPlanePhaseEncodingDirectionDICOM": "ROW",
    "InstitutionAddress": "Hillhouse_Ave._10_New_Haven_Northeast_US_06519",
    "InstitutionName": "Yale_University_-_Dunham_Lab._Bldg.",
    "InstitutionalDepartmentName": "Department",
    "InversionTime": 1.07,
    "MRAcquisitionType": "3D",
    "MagneticFieldStrength": 3,
    "Manufacturer": "Siemens",
    "ManufacturersModelName": "Prisma",
    "Modality": "MR",
    "ParallelReductionFactorInPlane": 2,
    "PartialFourier": 1,
    "PatientPosition": "HFS",
    "PercentPhaseFOV": 100,
    "PhaseEncodingSteps": 255,
    "PhaseResolution": 1,
    "PixelBandwidth": 240,
    "ProcedureStepDescription": "Casey_ABCD-Adult",
    "ProtocolName": "ABCD_T1w_MPR_vNav",
    "PulseSequenceDetails": "%CustomerSeq%_tfl_mgh_epinav_ABCD",
    "ReceiveCoilActiveElements": "HEA;HEP",
    "ReceiveCoilName": "Head_32",
    "ReconMatrixPE": 256,
    "RefLinesPE": 32,
    "RepetitionTime": 2.5,
    "SAR": 0.0352708,
    "ScanOptions": "IR_WE",
    "ScanningSequence": "GR_IR",
    "SequenceName": "tfl3d1_16ns",
    "SequenceVariant": "SK_SP_MP",
    "SeriesDescription": "ABCD_T1w_MPR_vNav",
    "SeriesNumber": 5,
    "ShimSetting": [
      -2124,
      -630,
      -4121,
      499,
      -88,
      -102,
      -113,
      103
    ],
    "SliceThickness": 1,
    "SoftwareVersions": "syngo_MR_E11",
    "StationName": "AWP166095",
    "TxRefAmp": 244.983,
    "WipMemBlock": "Prisma_epi_moco_navigator_ABCD_tfl.prot",
    "dataset": "ds004097",
    "modality": "T1w",
    "session_id": "03",
    "subject_id": "NDARFT076LW8"
  },
  "cjv": 0.31734794490649204,
  "cnr": 4.039797333046128,
  "efc": 0.5459326832480172,
  "fber": 30816.20661157025,
  "fwhm_avg": 3.7181233333333332,
  "fwhm_x": 3.81804,
  "fwhm_y": 3.89961,
  "fwhm_z": 3.43672,
  "icvs_csf": 0.21632359006704296,
  "icvs_gm": 0.4376794954580234,
  "icvs_wm": 0.3459969144749336,
  "inu_med": 0.43161410093307495,
  "inu_range": 0.11018045246601105,
  "provenance": {
    "md5sum": "897894102b0819159bf77e3d39639c60",
    "settings": {
      "testing": false
    },
    "software": "mriqc",
    "version": "23.0.1",
    "warnings": {
      "large_rot_frame": true,
      "small_air_mask": false
    },
    "webapi_port": null,
    "webapi_url": "https://mriqc.nimh.nih.gov/api/v1"
  },
  "qi_1": 0.0,
  "qi_2": 0.0020829969956363543,
  "rpve_csf": 23.02290007277523,
  "rpve_gm": 11.911740851709101,
  "rpve_wm": 17.385170715135043,
  "size_x": 176,
  "size_y": 256,
  "size_z": 256,
  "snr_csf": 2.209154016214168,
  "snr_gm": 10.261057037999503,
  "snr_total": 13.171155255084898,
  "snr_wm": 27.04325471104102,
  "snrd_csf": 33.469743643315454,
  "snrd_gm": 101.914896010351,
  "snrd_total": 94.39064272484002,
  "snrd_wm": 147.78728852085362,
  "spacing_x": 1.0,
  "spacing_y": 1.0,
  "spacing_z": 1.0,
  "summary_bg_k": 11.785268829587864,
  "summary_bg_mad": 0.0,
  "summary_bg_mean": 2.7869497871601716,
  "summary_bg_median": 0.0,
  "summary_bg_n": 3007662.0,
  "summary_bg_p05": 0.0,
  "summary_bg_p95": 11.71681272983551,
  "summary_bg_stdv": 4.432785337653499,
  "summary_csf_k": 2.3606334055669578,
  "summary_csf_mad": 79.19752739713027,
  "summary_csf_mean": 239.97596033250875,
  "summary_csf_median": 226.46305239200592,
  "summary_csf_n": 42454.0,
  "summary_csf_p05": 91.2268559396267,
  "summary_csf_p95": 438.0269478559494,
  "summary_csf_stdv": 102.51000317595523,
  "summary_gm_k": 0.3225753641122937,
  "summary_gm_mad": 63.2354725522928,
  "summary_gm_mean": 689.5935853547782,
  "summary_gm_median": 689.5767915248871,
  "summary_gm_n": 28407.0,
  "summary_gm_p05": 577.2297090411187,
  "summary_gm_p95": 801.0414967536926,
  "summary_gm_stdv": 67.20210709477341,
  "summary_wm_k": 0.6144131117218818,
  "summary_wm_mad": 35.26357989713615,
  "summary_wm_mean": 998.4778053723223,
  "summary_wm_median": 999.9586737155914,
  "summary_wm_n": 206717.0,
  "summary_wm_p05": 936.2911251783371,
  "summary_wm_p95": 1056.2902989387512,
  "summary_wm_stdv": 36.976180039402514,
  "tpm_overlap_csf": 0.1706657826843363,
  "tpm_overlap_gm": 0.45865972155042783,
  "tpm_overlap_wm": 0.4963374048810476,
  "wm2max": 0.8896365341128454
}