{
  "bids_meta": {
    "AcquisitionMatrixPE": 256,
    "AcquisitionNumber": 1,
    "AcquisitionTime": "12:02:45.367500",
    "BaseResolution": 256,
    "BodyPartExamined": "BRAIN",
    "ConsistencyInfo": "N4_VE11C_LATEST_20160120",
    "ConversionSoftware": "dcm2niix",
    "ConversionSoftwareVersion": "v1.0.20190902",
    "Dcm2bidsVersion": "2.1.4",
    "DeviceSerialNumber": "166095",
    "DwellTime": 0.000510012,
    "EchoTime": 0.565,
    "EchoTrainLength": 190,
    "FlipAngle": 120,
    "ImageOrientationPatientDICOM": [
      0,
      1,
      0,
      -0.104529,
      0,
      -0.994522
    ],
    "ImageType": [
      "ORIGINAL",
      "PRIMARY",
      "M",
      "ND"
    ],
    "ImagingFrequency": 123.261,
    "InPlanePhaseEncodingDirectionDICOM": "ROW",
    "InstitutionAddress": "Hillhouse_Ave._10_New_Haven_Northeast_US_06519",
    "InstitutionName": "Yale_University_-_Dunham_Lab._Bldg.",
    "InstitutionalDepartmentName": "Department",
    "MRAcquisitionType": "3D",
    "MagneticFieldStrength": 3,
    "Manufacturer": "Siemens",
    "ManufacturersModelName": "Prisma",
    "Modality": "MR",
    "ParallelReductionFactorInPlane": 2,
    "PartialFourier": 1,
    "PatientPosition": "HFS",
    "PercentPhaseFOV": 100,
    "PhaseEncodingSteps": 227,
    "PhaseResolution": 1,
    "PixelBandwidth": 240,
    "ProcedureStepDescription": "Casey_ABCD-Adult",
    "ProtocolName": "ABCD_T2w_SPC_vNav",
    "PulseSequenceDetails": "%CustomerSeq%_tse_vfl_mgh_epinav_ABCD",
    "ReceiveCoilActiveElements": "HEA;HEP",
    "ReceiveCoilName": "Head_32",
    "ReconMatrixPE": 256,
    "RefLinesPE": 32,
    "RepetitionTime": 3.2,
    "SAR": 0.077299,
    "ScanOptions": "PFP",
    "ScanningSequence": "SE",
    "SequenceName": "spc_200ns",
    "SequenceVariant": "SK_SP",
    "SeriesDescription": "ABCD_T2w_SPC_vNav",
    "SeriesNumber": 17,
    "ShimSetting": [
      -2124,
      -630,
      -4121,
      499,
      -88,
      -102,
      -113,
      103
    ],
    "SliceThickness": 1,
    "SoftwareVersions": "syngo_MR_E11",
    "StationName": "AWP166095",
    "TxRefAmp": 244.983,
    "WipMemBlock": "Prisma_epi_moco_navigator_ABCD_tse_vfl.prot",
    "dataset": "ds004097",
    "modality": "T2w",
    "session_id": "03",
    "subject_id": "NDARFT076LW8"
  },
  "cjv": 0.19834108349218418,
  "cnr": 1.6416194546632554,
  "efc": 0.508444382217254,
  "fber": 7949.083962241259,
  "fwhm_avg": 2.6064166666666666,
  "fwhm_x": 2.53911,
  "fwhm_y": 2.89517,
  "fwhm_z": 2.38497,
  "icvs_csf": 0.31099755221035835,
  "icvs_gm": 0.5688564534003665,
  "icvs_wm": 0.1201459943892752,
  "inu_med": 0.8249315619468689,
  "inu_range": 0.12610394954681392,
  "provenance": {
    "md5sum": "4fa03753b5cc1298738703872ccd88b8",
    "settings": {
      "testing": false
    },
    "software": "mriqc",
    "version": "23.0.1",
    "warnings": {
      "large_rot_frame": true,
      "small_air_mask": false
    },
    "webapi_port": null,
    "webapi_url": "https://mriqc.nimh.nih.gov/api/v1"
  },
  "qi_1": 0.004259694689572905,
  "qi_2": 0.011006812575161676,
  "rpve_csf": 14.296030616392757,
  "rpve_gm": 9.8077659583661,
  "rpve_wm": 49.20551854969301,
  "size_x": 176,
  "size_y": 256,
  "size_z": 256,
  "snr_csf": 7.531016489973226,
  "snr_gm": 9.727470343487273,
  "snr_total": 6.622395385693516,
  "snr_wm": 2.6086993236200513,
  "snrd_csf": 128.85477105432915,
  "snrd_gm": 75.23874892960801,
  "snrd_total": 136.2458587737123,
  "snrd_wm": 204.6440563371998,
  "spacing_x": 1.0,
  "spacing_y": 1.0,
  "spacing_z": 1.0,
  "summary_bg_k": 11.692237906762886,
  "summary_bg_mad": 0.0,
  "summary_bg_mean": 1.9108680379264567,
  "summary_bg_median": 0.0,
  "summary_bg_n": 3178954.0,
  "summary_bg_p05": 0.0,
  "summary_bg_p95": 7.596882479265332,
  "summary_bg_stdv": 3.2013171860225165,
  "summary_csf_k": 1.5750645741550517,
  "summary_csf_mad": 71.66016617995238,
  "summary_csf_mean": 640.528675391021,
  "summary_csf_median": 629.647494899109,
  "summary_csf_n": 23641.0,
  "summary_csf_p05": 527.1878940258175,
  "summary_csf_p95": 798.2446608860046,
  "summary_csf_stdv": 83.60547062172674,
  "summary_gm_k": 1.0259528197070757,
  "summary_gm_mad": 35.565067682505955,
  "summary_gm_mean": 369.6666295273065,
  "summary_gm_median": 367.65336196124554,
  "summary_gm_n": 256249.0,
  "summary_gm_p05": 312.4088325720281,
  "summary_gm_p95": 434.14842742681503,
  "summary_gm_stdv": 37.795298428381535,
  "summary_wm_k": -0.37193940146989046,
  "summary_wm_mad": 89.85347390278423,
  "summary_wm_mean": 790.0562380235583,
  "summary_wm_median": 999.9910470088944,
  "summary_wm_n": 19026.0,
  "summary_wm_p05": 28.20677777007222,
  "summary_wm_p95": 1085.9386003757827,
  "summary_wm_stdv": 383.3192878984677,
  "tpm_overlap_csf": 0.12149441548811095,
  "tpm_overlap_gm": 0.3670345616768273,
  "tpm_overlap_wm": 0.03312790839417343,
  "wm2max": 0.9346061770612673
}