{
  "aor": 0.0011123863636363636,
  "aqi": 0.005409005340909091,
  "bids_meta": {
    "AcquisitionMatrixPE": 90,
    "AcquisitionNumber": 1,
    "AcquisitionTime": "14:16:40.212500",
    "BandwidthPerPixelPhaseEncode": 21.786,
    "BaseResolution": 90,
    "BodyPartExamined": "BRAIN",
    "ConsistencyInfo": "N4_VE11C_LATEST_20160120",
    "ConversionSoftware": "dcm2niix",
    "ConversionSoftwareVersion": "v1.0.20190902",
    "Dcm2bidsVersion": "2.1.4",
    "DerivedVendorReportedEchoSpacing": 0.000510012,
    "DeviceSerialNumber": "166095",
    "DwellTime": 2e-06,
    "EchoTime": 0.03,
    "EchoTrainLength": 90,
    "EffectiveEchoSpacing": 0.000510012,
    "FlipAngle": 52,
    "ImageComments": "SMS_ABCD_V1.2;_MB=6;_FOVshift=3;_K_PE=5;_K_RO=5;_LeakBlockOn;",
    "ImageOrientationPatientDICOM": [
      1,
      0,
      0,
      0,
      1,
      0
    ],
    "ImageType": [
      "ORIGINAL",
      "PRIMARY",
      "M",
      "ND",
      "MOSAIC"
    ],
    "ImagingFrequency": 123.261,
    "InPlanePhaseEncodingDirectionDICOM": "COL",
    "InstitutionAddress": "Hillhouse_Ave._10_New_Haven_Northeast_US_06519",
    "InstitutionName": "Yale_University_-_Dunham_Lab._Bldg.",
    "InstitutionalDepartmentName": "Department",
    "MRAcquisitionType": "2D",
    "MagneticFieldStrength": 3,
    "Manufacturer": "Siemens",
    "ManufacturersModelName": "Prisma",
    "Modality": "MR",
    "MultibandAccelerationFactor": 6,
    "PartialFourier": 1,
    "PatientPosition": "HFS",
    "PercentPhaseFOV": 100,
    "PhaseEncodingAxis": "j",
    "PhaseEncodingDirection": "j",
    "PhaseEncodingSteps": 90,
    "PhaseResolution": 1,
    "PixelBandwidth": 2780,
    "ProcedureStepDescription": "ABCDadult",
    "ProtocolName": "ABCD_fMRI_task_Stop",
    "PulseSequenceDetails": "%CustomerSeq%_ep2d_bold_sms_abcd",
    "ReceiveCoilActiveElements": "HEA;HEP",
    "ReceiveCoilName": "Head_32",
    "ReconMatrixPE": 90,
    "RefLinesPE": 22,
    "RepetitionTime": 0.8,
    "SAR": 0.0722129,
    "ScanOptions": "FS_CT",
    "ScanningSequence": "EP",
    "SequenceName": "epfid2d1_90",
    "SequenceVariant": "SK",
    "SeriesDescription": "ABCD_fMRI_task_Stop",
    "SeriesNumber": 41,
    "ShimSetting": [
      -2141,
      -653,
      -4022,
      387,
      -19,
      -32,
      77,
      110
    ],
    "SliceThickness": 2.4,
    "SliceTiming": [
      0.5475,
      0,
      0.39,
      0.08,
      0.47,
      0.235,
      0.625,
      0.3125,
      0.7025,
      0.1575,
      0.5475,
      0,
      0.39,
      0.08,
      0.47,
      0.235,
      0.625,
      0.3125,
      0.7025,
      0.1575,
      0.5475,
      0,
      0.39,
      0.08,
      0.47,
      0.235,
      0.625,
      0.3125,
      0.7025,
      0.1575,
      0.5475,
      0,
      0.39,
      0.08,
      0.47,
      0.235,
      0.625,
      0.3125,
      0.7025,
      0.1575,
      0.5475,
      0,
      0.39,
      0.08,
      0.47,
      0.235,
      0.625,
      0.3125,
      0.7025,
      0.1575,
      0.5475,
      0,
      0.39,
      0.08,
      0.47,
      0.235,
      0.625,
      0.3125,
      0.7025,
      0.1575
    ],
    "SoftwareVersions": "syngo_MR_E11",
    "SpacingBetweenSlices": 2.4,
    "StationName": "AWP166095",
    "TotalReadoutTime": 0.045391,
    "TxRefAmp": 251.085,
    "WipMemBlock": "bac5ce3c-af6d-4554-929a-b90b59ca965f",
    "dataset": "ds004097",
    "modality": "bold",
    "run_id": 1,
    "session_id": "03",
    "subject_id": "NDARJZ387ZJA",
    "task_id": "SST"
  },
  "dummy_trs": 5,
  "dvars_nstd": 36.68652198205014,
  "dvars_std": 1.1824889878132128,
  "dvars_vstd": 1.003403938861048,
  "efc": 0.5668921289986271,
  "fber": 537.7884521484375,
  "fd_mean": 0.06291172824706791,
  "fd_num": 0,
  "fd_perc": 0.0,
  "fwhm_avg": 2.6829138774091787,
  "fwhm_x": 2.566116564698356,
  "fwhm_y": 2.609804062962371,
  "fwhm_z": 2.872821004566809,
  "gcor": 0.0116057,
  "gsr_x": -0.020376229658722878,
  "gsr_y": 0.09693959355354309,
  "provenance": {
    "md5sum": "df215f1e201a33dab7c61135397c1639",
    "settings": {
      "fd_thres": 0.2,
      "testing": false
    },
    "software": "mriqc",
    "version": "23.0.1",
    "webapi_port": null,
    "webapi_url": "https://mriqc.nimh.nih.gov/api/v1"
  },
  "size_t": 440,
  "size_x": 90,
  "size_y": 90,
  "size_z": 60,
  "snr": 2.3599681437293625,
  "spacing_tr": 0.800000011920929,
  "spacing_x": 2.4000000953674316,
  "spacing_y": 2.4000000953674316,
  "spacing_z": 2.3999998569488525,
  "summary_bg_k": 28.546143043554142,
  "summary_bg_mad": 6.173016278409198,
  "summary_bg_mean": 26.585739135742188,
  "summary_bg_median": 11.256817817687988,
  "summary_bg_n": 278564.0,
  "summary_bg_p05": 6.399999618530273,
  "summary_bg_p95": 112.40090446472146,
  "summary_bg_stdv": 47.21074676513672,
  "summary_fg_k": 0.9503029534953478,
  "summary_fg_mad": 113.72737206909949,
  "summary_fg_mean": 305.9763488769531,
  "summary_fg_median": 283.25,
  "summary_fg_n": 100456.0,
  "summary_fg_p05": 154.86647415161133,
  "summary_fg_p95": 532.9312438964844,
  "summary_fg_stdv": 120.02220916748047,
  "tsnr": 42.037457674741745
}