{
  "aor": 0.0015304166666666667,
  "aqi": 0.007195930392156863,
  "bids_meta": {
    "AcquisitionMatrixPE": 90,
    "AcquisitionNumber": 1,
    "AcquisitionTime": "13:51:53.525000",
    "BandwidthPerPixelPhaseEncode": 21.786,
    "BaseResolution": 90,
    "BodyPartExamined": "BRAIN",
    "ConsistencyInfo": "N4_VE11C_LATEST_20160120",
    "ConversionSoftware": "dcm2niix",
    "ConversionSoftwareVersion": "v1.0.20190902",
    "Dcm2bidsVersion": "2.1.4",
    "DerivedVendorReportedEchoSpacing": 0.000510012,
    "DeviceSerialNumber": "166095",
    "DwellTime": 2e-06,
    "EchoTime": 0.03,
    "EchoTrainLength": 90,
    "EffectiveEchoSpacing": 0.000510012,
    "FlipAngle": 52,
    "ImageComments": "SMS_ABCD_V1.2;_MB=6;_FOVshift=3;_K_PE=5;_K_RO=5;_LeakBlockOn;",
    "ImageOrientationPatientDICOM": [
      1,
      0,
      0,
      0,
      1,
      0
    ],
    "ImageType": [
      "ORIGINAL",
      "PRIMARY",
      "M",
      "ND",
      "MOSAIC"
    ],
    "ImagingFrequency": 123.261,
    "InPlanePhaseEncodingDirectionDICOM": "COL",
    "InstitutionAddress": "Hillhouse_Ave._10_New_Haven_Northeast_US_06519",
    "InstitutionName": "Yale_University_-_Dunham_Lab._Bldg.",
    "InstitutionalDepartmentName": "Department",
    "MRAcquisitionType": "2D",
    "MagneticFieldStrength": 3,
    "Manufacturer": "Siemens",
    "ManufacturersModelName": "Prisma",
    "Modality": "MR",
    "MultibandAccelerationFactor": 6,
    "PartialFourier": 1,
    "PatientPosition": "HFS",
    "PercentPhaseFOV": 100,
    "PhaseEncodingAxis": "j",
    "PhaseEncodingDirection": "j",
    "PhaseEncodingSteps": 90,
    "PhaseResolution": 1,
    "PixelBandwidth": 2780,
    "ProcedureStepDescription": "ABCDadult",
    "ProtocolName": "ABCD_fMRI_task_Monetary_Incentive",
    "PulseSequenceDetails": "%CustomerSeq%_ep2d_bold_sms_abcd",
    "ReceiveCoilActiveElements": "HEA;HEP",
    "ReceiveCoilName": "Head_32",
    "ReconMatrixPE": 90,
    "RefLinesPE": 22,
    "RepetitionTime": 0.8,
    "SAR": 0.0721735,
    "ScanOptions": "FS_CT",
    "ScanningSequence": "EP",
    "SequenceName": "epfid2d1_90",
    "SequenceVariant": "SK",
    "SeriesDescription": "ABCD_fMRI_task_Monetary_Incentive",
    "SeriesNumber": 29,
    "ShimSetting": [
      -2141,
      -653,
      -4022,
      387,
      -19,
      -32,
      77,
      110
    ],
    "SliceThickness": 2.4,
    "SliceTiming": [
      0.545,
      0,
      0.39,
      0.0775,
      0.4675,
      0.235,
      0.625,
      0.3125,
      0.7025,
      0.155,
      0.545,
      0,
      0.39,
      0.0775,
      0.4675,
      0.235,
      0.625,
      0.3125,
      0.7025,
      0.155,
      0.545,
      0,
      0.39,
      0.0775,
      0.4675,
      0.235,
      0.625,
      0.3125,
      0.7025,
      0.155,
      0.545,
      0,
      0.39,
      0.0775,
      0.4675,
      0.235,
      0.625,
      0.3125,
      0.7025,
      0.155,
      0.545,
      0,
      0.39,
      0.0775,
      0.4675,
      0.235,
      0.625,
      0.3125,
      0.7025,
      0.155,
      0.545,
      0,
      0.39,
      0.0775,
      0.4675,
      0.235,
      0.625,
      0.3125,
      0.7025,
      0.155
    ],
    "SoftwareVersions": "syngo_MR_E11",
    "SpacingBetweenSlices": 2.4,
    "StationName": "AWP166095",
    "TotalReadoutTime": 0.045391,
    "TxRefAmp": 251.085,
    "WipMemBlock": "037e17aa-833d-4c73-8869-196bdf7eb0ad",
    "dataset": "ds004097",
    "modality": "bold",
    "run_id": 1,
    "session_id": "03",
    "subject_id": "NDARJZ387ZJA",
    "task_id": "MID"
  },
  "dummy_trs": 3,
  "dvars_nstd": 37.769844983071245,
  "dvars_std": 1.1936039654299753,
  "dvars_vstd": 1.0065230992137593,
  "efc": 0.5656923257118767,
  "fber": 535.9569091796875,
  "fd_mean": 0.07887508131569435,
  "fd_num": 1,
  "fd_perc": 0.24509803921568626,
  "fwhm_avg": 2.7423249890795796,
  "fwhm_x": 2.6169707293442594,
  "fwhm_y": 2.648999894738201,
  "fwhm_z": 2.961004343156279,
  "gcor": 0.0139996,
  "gsr_x": -0.011620151810348034,
  "gsr_y": 0.09600357711315155,
  "provenance": {
    "md5sum": "fdbaa310f2a69e16b525dfc7da258288",
    "settings": {
      "fd_thres": 0.2,
      "testing": false
    },
    "software": "mriqc",
    "version": "23.0.1",
    "webapi_port": null,
    "webapi_url": "https://mriqc.nimh.nih.gov/api/v1"
  },
  "size_t": 408,
  "size_x": 90,
  "size_y": 90,
  "size_z": 60,
  "snr": 2.346829699900939,
  "spacing_tr": 0.800000011920929,
  "spacing_x": 2.4000000953674316,
  "spacing_y": 2.4000000953674316,
  "spacing_z": 2.3999998569488525,
  "summary_bg_k": 24.165788277518082,
  "summary_bg_mad": 6.5772311648188895,
  "summary_bg_mean": 28.966781616210938,
  "summary_bg_median": 11.443628311157227,
  "summary_bg_n": 283421.0,
  "summary_bg_p05": 6.377451419830322,
  "summary_bg_p95": 130.25491333007812,
  "summary_bg_stdv": 52.700077056884766,
  "summary_fg_k": 0.9977633256574538,
  "summary_fg_mad": 115.2596085232527,
  "summary_fg_mean": 308.32672119140625,
  "summary_fg_median": 285.04046630859375,
  "summary_fg_n": 99910.0,
  "summary_fg_p05": 155.55258178710938,
  "summary_fg_p95": 537.9219421386715,
  "summary_fg_stdv": 121.45706176757812,
  "tsnr": 40.93469052342698
}