{
  "aor": 0.0006592042440318303,
  "aqi": 0.004243411989389921,
  "bids_meta": {
    "AcquisitionMatrixPE": 90,
    "AcquisitionNumber": 1,
    "AcquisitionTime": "14:05:23.370000",
    "BandwidthPerPixelPhaseEncode": 21.786,
    "BaseResolution": 90,
    "BodyPartExamined": "BRAIN",
    "ConsistencyInfo": "N4_VE11C_LATEST_20160120",
    "ConversionSoftware": "dcm2niix",
    "ConversionSoftwareVersion": "v1.0.20190902",
    "Dcm2bidsVersion": "2.1.4",
    "DerivedVendorReportedEchoSpacing": 0.000510012,
    "DeviceSerialNumber": "166095",
    "DwellTime": 2e-06,
    "EchoTime": 0.03,
    "EchoTrainLength": 90,
    "EffectiveEchoSpacing": 0.000510012,
    "FlipAngle": 52,
    "ImageComments": "SMS_ABCD_V1.2;_MB=6;_FOVshift=3;_K_PE=5;_K_RO=5;_LeakBlockOn;",
    "ImageOrientationPatientDICOM": [
      1,
      0,
      0,
      0,
      1,
      0
    ],
    "ImageType": [
      "ORIGINAL",
      "PRIMARY",
      "M",
      "ND",
      "MOSAIC"
    ],
    "ImagingFrequency": 123.261,
    "InPlanePhaseEncodingDirectionDICOM": "COL",
    "InstitutionAddress": "Hillhouse_Ave._10_New_Haven_Northeast_US_06519",
    "InstitutionName": "Yale_University_-_Dunham_Lab._Bldg.",
    "InstitutionalDepartmentName": "Department",
    "MRAcquisitionType": "2D",
    "MagneticFieldStrength": 3,
    "Manufacturer": "Siemens",
    "ManufacturersModelName": "Prisma",
    "Modality": "MR",
    "MultibandAccelerationFactor": 6,
    "PartialFourier": 1,
    "PatientPosition": "HFS",
    "PercentPhaseFOV": 100,
    "PhaseEncodingAxis": "j",
    "PhaseEncodingDirection": "j",
    "PhaseEncodingSteps": 90,
    "PhaseResolution": 1,
    "PixelBandwidth": 2780,
    "ProcedureStepDescription": "ABCDadult",
    "ProtocolName": "ABCD_fMRI_rest",
    "PulseSequenceDetails": "%CustomerSeq%_ep2d_bold_sms_abcd",
    "ReceiveCoilActiveElements": "HEA;HEP",
    "ReceiveCoilName": "Head_32",
    "ReconMatrixPE": 90,
    "RefLinesPE": 22,
    "RepetitionTime": 0.8,
    "SAR": 0.0678203,
    "ScanOptions": "FS_CT",
    "ScanningSequence": "EP",
    "SequenceName": "epfid2d1_90",
    "SequenceVariant": "SK",
    "SeriesDescription": "ABCD_fMRI_rest",
    "SeriesNumber": 8,
    "ShimSetting": [
      -2133,
      -690,
      -3999,
      565,
      -90,
      -185,
      47,
      50
    ],
    "SliceThickness": 2.4,
    "SliceTiming": [
      0.545,
      0,
      0.39,
      0.0775,
      0.4675,
      0.2325,
      0.6225,
      0.31,
      0.7,
      0.155,
      0.545,
      0,
      0.39,
      0.0775,
      0.4675,
      0.2325,
      0.6225,
      0.31,
      0.7,
      0.155,
      0.545,
      0,
      0.39,
      0.0775,
      0.4675,
      0.2325,
      0.6225,
      0.31,
      0.7,
      0.155,
      0.545,
      0,
      0.39,
      0.0775,
      0.4675,
      0.2325,
      0.6225,
      0.31,
      0.7,
      0.155,
      0.545,
      0,
      0.39,
      0.0775,
      0.4675,
      0.2325,
      0.6225,
      0.31,
      0.7,
      0.155,
      0.545,
      0,
      0.39,
      0.0775,
      0.4675,
      0.2325,
      0.6225,
      0.31,
      0.7,
      0.155
    ],
    "SoftwareVersions": "syngo_MR_E11",
    "SpacingBetweenSlices": 2.4,
    "StationName": "AWP166095",
    "TotalReadoutTime": 0.045391,
    "TxRefAmp": 250.29,
    "WipMemBlock": "5d87518c-a9af-462a-949c-6386fb3fd9b5",
    "dataset": "ds004097",
    "modality": "bold",
    "run_id": 1,
    "session_id": "04",
    "subject_id": "NDARMC914MYN",
    "task_id": "rest"
  },
  "dummy_trs": 6,
  "dvars_nstd": 26.0230377075532,
  "dvars_std": 1.0184975004255319,
  "dvars_vstd": 1.0009337531382976,
  "efc": 0.5202386099784955,
  "fber": 651.7424926757812,
  "fd_mean": 0.08396837983901839,
  "fd_num": 0,
  "fd_perc": 0.0,
  "fwhm_avg": 3.2520055375813683,
  "fwhm_x": 2.972745715207032,
  "fwhm_y": 3.4236665306223815,
  "fwhm_z": 3.3596043669146916,
  "gcor": 0.0110138,
  "gsr_x": -0.014804392121732235,
  "gsr_y": 0.09249714016914368,
  "provenance": {
    "md5sum": "2386633f5e07d4fc76b9191ae68df9ee",
    "settings": {
      "fd_thres": 0.2,
      "testing": false
    },
    "software": "mriqc",
    "version": "23.0.1",
    "webapi_port": null,
    "webapi_url": "https://mriqc.nimh.nih.gov/api/v1"
  },
  "size_t": 377,
  "size_x": 90,
  "size_y": 90,
  "size_z": 60,
  "snr": 2.28256627889682,
  "spacing_tr": 0.800000011920929,
  "spacing_x": 2.4000000953674316,
  "spacing_y": 2.4000000953674316,
  "spacing_z": 2.3999998569488525,
  "summary_bg_k": 17.418532776218033,
  "summary_bg_mad": 7.652900943333593,
  "summary_bg_mean": 28.47550392150879,
  "summary_bg_median": 11.564986228942871,
  "summary_bg_n": 324473.0,
  "summary_bg_p05": 5.968169689178467,
  "summary_bg_p95": 121.82546386718722,
  "summary_bg_stdv": 44.03609848022461,
  "summary_fg_k": 1.3104402388110161,
  "summary_fg_mad": 126.83918068443744,
  "summary_fg_mean": 326.5363464355469,
  "summary_fg_median": 300.00531005859375,
  "summary_fg_n": 85491.0,
  "summary_fg_p05": 164.87533569335938,
  "summary_fg_p95": 568.3156433105469,
  "summary_fg_stdv": 131.4325714111328,
  "tsnr": 46.44291357509792
}