{
  "bids_meta": {
    "AcquisitionMatrixPE": 256,
    "AcquisitionNumber": 1,
    "AcquisitionTime": "12:10:28.812500",
    "BaseResolution": 256,
    "BodyPartExamined": "BRAIN",
    "ConsistencyInfo": "N4_VE11C_LATEST_20160120",
    "ConversionSoftware": "dcm2niix",
    "ConversionSoftwareVersion": "v1.0.20190902",
    "Dcm2bidsVersion": "2.1.4",
    "DeviceSerialNumber": "166095",
    "DwellTime": 0.000510012,
    "EchoTime": 0.565,
    "EchoTrainLength": 190,
    "FlipAngle": 120,
    "ImageOrientationPatientDICOM": [
      0,
      1,
      0,
      0,
      0,
      -1
    ],
    "ImageType": [
      "ORIGINAL",
      "PRIMARY",
      "M",
      "ND",
      "NORM"
    ],
    "ImagingFrequency": 123.261,
    "InPlanePhaseEncodingDirectionDICOM": "ROW",
    "InstitutionAddress": "Hillhouse_Ave._10_New_Haven_Northeast_US_06519",
    "InstitutionName": "Yale_University_-_Dunham_Lab._Bldg.",
    "InstitutionalDepartmentName": "Department",
    "MRAcquisitionType": "3D",
    "MagneticFieldStrength": 3,
    "Manufacturer": "Siemens",
    "ManufacturersModelName": "Prisma",
    "Modality": "MR",
    "ParallelReductionFactorInPlane": 2,
    "PartialFourier": 1,
    "PatientPosition": "HFS",
    "PercentPhaseFOV": 100,
    "PhaseEncodingSteps": 227,
    "PhaseResolution": 1,
    "PixelBandwidth": 240,
    "ProcedureStepDescription": "Casey_ABCD-Adult",
    "ProtocolName": "ABCD_T2w_SPC_vNav",
    "PulseSequenceDetails": "%CustomerSeq%_tse_vfl_mgh_epinav_ABCD",
    "ReceiveCoilActiveElements": "HEA;HEP",
    "ReceiveCoilName": "Head_32",
    "ReconMatrixPE": 256,
    "RefLinesPE": 32,
    "RepetitionTime": 3.2,
    "SAR": 0.0748832,
    "ScanOptions": "PFP",
    "ScanningSequence": "SE",
    "SequenceName": "spc_200ns",
    "SequenceVariant": "SK_SP",
    "SeriesDescription": "ABCD_T2w_SPC_vNav",
    "SeriesNumber": 18,
    "ShimSetting": [
      -2133,
      -660,
      -4081,
      504,
      -28,
      -55,
      -86,
      73
    ],
    "SliceThickness": 1,
    "SoftwareVersions": "syngo_MR_E11",
    "StationName": "AWP166095",
    "TxRefAmp": 238.827,
    "WipMemBlock": "Prisma_epi_moco_navigator_ABCD_tse_vfl.prot",
    "dataset": "ds004097",
    "modality": "T2w",
    "session_id": "05",
    "subject_id": "NDARFT076LW8"
  },
  "cjv": 0.2722271040365935,
  "cnr": 1.448131688573802,
  "efc": 0.5220765411109911,
  "fber": 7865.698901499374,
  "fwhm_avg": 2.61139,
  "fwhm_x": 2.55801,
  "fwhm_y": 2.89495,
  "fwhm_z": 2.38121,
  "icvs_csf": 0.3364586805575117,
  "icvs_gm": 0.5444103065339296,
  "icvs_wm": 0.11913101290855868,
  "inu_med": 0.8561204969882965,
  "inu_range": 0.15570062398910522,
  "provenance": {
    "md5sum": "715b3dff4b03388d2426a59cb503bb0b",
    "settings": {
      "testing": false
    },
    "software": "mriqc",
    "version": "23.0.1",
    "warnings": {
      "large_rot_frame": true,
      "small_air_mask": false
    },
    "webapi_port": null,
    "webapi_url": "https://mriqc.nimh.nih.gov/api/v1"
  },
  "qi_1": 0.00048752803457141294,
  "qi_2": 0.014340383176389374,
  "rpve_csf": 13.640356322515341,
  "rpve_gm": 10.13820905171644,
  "rpve_wm": 49.66622969482404,
  "size_x": 176,
  "size_y": 256,
  "size_z": 256,
  "snr_csf": 8.228531312885876,
  "snr_gm": 10.287372281940698,
  "snr_total": 6.959960276308536,
  "snr_wm": 2.3639772340990355,
  "snrd_csf": 136.01217966133467,
  "snrd_gm": 80.54405377447218,
  "snrd_total": 141.91630024862903,
  "snrd_wm": 209.1926673100802,
  "spacing_x": 1.0,
  "spacing_y": 1.0,
  "spacing_z": 1.0,
  "summary_bg_k": 12.742578277937278,
  "summary_bg_mad": 0.0,
  "summary_bg_mean": 1.6179953532141331,
  "summary_bg_median": 0.0,
  "summary_bg_n": 2688113.0,
  "summary_bg_p05": 0.0,
  "summary_bg_p95": 7.879804763942957,
  "summary_bg_stdv": 3.133832761001614,
  "summary_csf_k": 1.4378314855935495,
  "summary_csf_mad": 70.76646835840505,
  "summary_csf_mean": 659.1034358270933,
  "summary_csf_median": 650.6117268372327,
  "summary_csf_n": 34787.0,
  "summary_csf_p05": 549.0338799711317,
  "summary_csf_p95": 801.2517265230417,
  "summary_csf_stdv": 79.06664636351576,
  "summary_gm_k": 0.5835770576574966,
  "summary_gm_mad": 36.3334948127672,
  "summary_gm_mean": 386.57242969265656,
  "summary_gm_median": 385.28098030015826,
  "summary_gm_n": 239908.0,
  "summary_gm_p05": 328.16182136535645,
  "summary_gm_p95": 449.3185324128717,
  "summary_gm_stdv": 37.45175801590825,
  "summary_wm_k": -1.2013878194806704,
  "summary_wm_mad": 131.19186511625327,
  "summary_wm_mean": 739.1584342820614,
  "summary_wm_median": 1000.6692257942632,
  "summary_wm_n": 19358.0,
  "summary_wm_p05": 25.469866546802226,
  "summary_wm_p95": 1102.7230656514876,
  "summary_wm_stdv": 423.28807766278663,
  "tpm_overlap_csf": 0.1178560858957122,
  "tpm_overlap_gm": 0.35173141191718055,
  "tpm_overlap_wm": 0.030568527139725767,
  "wm2max": 0.9153759842296268
}