{
  "bids_meta": {
    "AcquisitionMatrixPE": 256,
    "AcquisitionNumber": 1,
    "AcquisitionTime": "11:41:46.335000",
    "BaseResolution": 256,
    "BodyPartExamined": "BRAIN",
    "ConsistencyInfo": "N4_VE11C_LATEST_20160120",
    "ConversionSoftware": "dcm2niix",
    "ConversionSoftwareVersion": "v1.0.20190902",
    "Dcm2bidsVersion": "2.1.4",
    "DeviceSerialNumber": "166095",
    "DwellTime": 0.000510012,
    "EchoTime": 0.0029,
    "FlipAngle": 8,
    "ImageOrientationPatientDICOM": [
      0,
      1,
      0,
      0,
      0,
      -1
    ],
    "ImageType": [
      "ORIGINAL",
      "PRIMARY",
      "M",
      "ND"
    ],
    "ImagingFrequency": 123.261,
    "InPlanePhaseEncodingDirectionDICOM": "ROW",
    "InstitutionAddress": "Hillhouse_Ave._10_New_Haven_Northeast_US_06519",
    "InstitutionName": "Yale_University_-_Dunham_Lab._Bldg.",
    "InstitutionalDepartmentName": "Department",
    "InversionTime": 1.07,
    "MRAcquisitionType": "3D",
    "MagneticFieldStrength": 3,
    "Manufacturer": "Siemens",
    "ManufacturersModelName": "Prisma",
    "Modality": "MR",
    "ParallelReductionFactorInPlane": 2,
    "PartialFourier": 1,
    "PatientPosition": "HFS",
    "PercentPhaseFOV": 100,
    "PhaseEncodingSteps": 255,
    "PhaseResolution": 1,
    "PixelBandwidth": 240,
    "ProcedureStepDescription": "Casey_ABCD-Adult",
    "ProtocolName": "ABCD_T1w_MPR_vNav",
    "PulseSequenceDetails": "%CustomerSeq%_tfl_mgh_epinav_ABCD",
    "ReceiveCoilActiveElements": "HEA;HEP",
    "ReceiveCoilName": "Head_32",
    "ReconMatrixPE": 256,
    "RefLinesPE": 32,
    "RepetitionTime": 2.5,
    "SAR": 0.0341685,
    "ScanOptions": "IR_WE",
    "ScanningSequence": "GR_IR",
    "SequenceName": "tfl3d1_16ns",
    "SequenceVariant": "SK_SP_MP",
    "SeriesDescription": "ABCD_T1w_MPR_vNav",
    "SeriesNumber": 4,
    "ShimSetting": [
      -2133,
      -660,
      -4081,
      504,
      -28,
      -55,
      -86,
      73
    ],
    "SliceThickness": 1,
    "SoftwareVersions": "syngo_MR_E11",
    "StationName": "AWP166095",
    "TxRefAmp": 238.827,
    "WipMemBlock": "Prisma_epi_moco_navigator_ABCD_tfl.prot",
    "dataset": "ds004097",
    "modality": "T1w",
    "session_id": "05",
    "subject_id": "NDARFT076LW8"
  },
  "cjv": 0.3159302662555132,
  "cnr": 4.008690557585434,
  "efc": 0.5408216563565342,
  "fber": 25639.49574127172,
  "fwhm_avg": 3.704403333333333,
  "fwhm_x": 3.79769,
  "fwhm_y": 3.88987,
  "fwhm_z": 3.42565,
  "icvs_csf": 0.2158234991018848,
  "icvs_gm": 0.4384189091785443,
  "icvs_wm": 0.3457575917195709,
  "inu_med": 0.4557066559791565,
  "inu_range": 0.13219434022903442,
  "provenance": {
    "md5sum": "f6f1715658035a00c90e4210638bc13e",
    "settings": {
      "testing": false
    },
    "software": "mriqc",
    "version": "23.0.1",
    "warnings": {
      "large_rot_frame": true,
      "small_air_mask": false
    },
    "webapi_port": null,
    "webapi_url": "https://mriqc.nimh.nih.gov/api/v1"
  },
  "qi_1": 0.0,
  "qi_2": 0.0016492566365523319,
  "rpve_csf": 22.90619567804798,
  "rpve_gm": 11.811611636337972,
  "rpve_wm": 17.293804610066584,
  "size_x": 176,
  "size_y": 256,
  "size_z": 256,
  "snr_csf": 2.072270563127478,
  "snr_gm": 10.059801516247568,
  "snr_total": 13.050524451964934,
  "snr_wm": 27.019501276519758,
  "snrd_csf": 31.04663066003117,
  "snrd_gm": 99.20563890949553,
  "snrd_total": 91.49537247890004,
  "snrd_wm": 144.2338478671734,
  "spacing_x": 1.0,
  "spacing_y": 1.0,
  "spacing_z": 1.0,
  "summary_bg_k": 47.74971799460251,
  "summary_bg_mad": 0.0,
  "summary_bg_mean": 2.5586293772030717,
  "summary_bg_median": 0.0,
  "summary_bg_n": 2729525.0,
  "summary_bg_p05": 0.0,
  "summary_bg_p95": 11.511138640344143,
  "summary_bg_stdv": 4.542082590483439,
  "summary_csf_k": 2.32609912811591,
  "summary_csf_mad": 82.30900054131781,
  "summary_csf_mean": 229.00869457252406,
  "summary_csf_median": 215.2473295852542,
  "summary_csf_n": 42908.0,
  "summary_csf_p05": 80.45408870466053,
  "summary_csf_p95": 430.36968109384185,
  "summary_csf_stdv": 103.86907248414231,
  "summary_gm_k": 0.32601378708170925,
  "summary_gm_mad": 63.94226068908853,
  "summary_gm_mean": 686.935296578379,
  "summary_gm_median": 687.7960152551532,
  "summary_gm_n": 28816.0,
  "summary_gm_p05": 571.2813662365079,
  "summary_gm_p95": 799.7116903122514,
  "summary_gm_stdv": 68.36954782536046,
  "summary_wm_k": 0.6019850453900446,
  "summary_wm_mad": 34.68550694217461,
  "summary_wm_mean": 998.265846470401,
  "summary_wm_median": 999.9780951812863,
  "summary_wm_n": 206185.0,
  "summary_wm_p05": 935.669200643897,
  "summary_wm_p95": 1056.1743777245283,
  "summary_wm_stdv": 37.00940516965746,
  "tpm_overlap_csf": 0.16908272900627455,
  "tpm_overlap_gm": 0.4593418186472955,
  "tpm_overlap_wm": 0.49940932614494166,
  "wm2max": 0.8652629518970806
}