{
  "aor": 0.0005833786848072562,
  "aqi": 0.006192265464852608,
  "bids_meta": {
    "AcquisitionMatrixPE": 90,
    "AcquisitionNumber": 1,
    "AcquisitionTime": "13:06:22.202500",
    "BandwidthPerPixelPhaseEncode": 21.786,
    "BaseResolution": 90,
    "BodyPartExamined": "BRAIN",
    "ConsistencyInfo": "N4_VE11C_LATEST_20160120",
    "ConversionSoftware": "dcm2niix",
    "ConversionSoftwareVersion": "v1.0.20190902",
    "Dcm2bidsVersion": "2.1.4",
    "DerivedVendorReportedEchoSpacing": 0.000510012,
    "DeviceSerialNumber": "166095",
    "DwellTime": 2e-06,
    "EchoTime": 0.03,
    "EchoTrainLength": 90,
    "EffectiveEchoSpacing": 0.000510012,
    "FlipAngle": 52,
    "ImageComments": "SMS_ABCD_V1.2;_MB=6;_FOVshift=3;_K_PE=5;_K_RO=5;_LeakBlockOn;",
    "ImageOrientationPatientDICOM": [
      1,
      0,
      0,
      0,
      1,
      0
    ],
    "ImageType": [
      "ORIGINAL",
      "PRIMARY",
      "M",
      "ND",
      "MOSAIC"
    ],
    "ImagingFrequency": 123.261,
    "InPlanePhaseEncodingDirectionDICOM": "COL",
    "InstitutionAddress": "Hillhouse_Ave._10_New_Haven_Northeast_US_06519",
    "InstitutionName": "Yale_University_-_Dunham_Lab._Bldg.",
    "InstitutionalDepartmentName": "Department",
    "MRAcquisitionType": "2D",
    "MagneticFieldStrength": 3,
    "Manufacturer": "Siemens",
    "ManufacturersModelName": "Prisma",
    "Modality": "MR",
    "MultibandAccelerationFactor": 6,
    "PartialFourier": 1,
    "PatientPosition": "HFS",
    "PercentPhaseFOV": 100,
    "PhaseEncodingAxis": "j",
    "PhaseEncodingDirection": "j",
    "PhaseEncodingSteps": 90,
    "PhaseResolution": 1,
    "PixelBandwidth": 2780,
    "ProcedureStepDescription": "Casey_ABCD-Adult",
    "ProtocolName": "ABCD_fMRI_task_Stop",
    "PulseSequenceDetails": "%CustomerSeq%_ep2d_bold_sms_abcd",
    "ReceiveCoilActiveElements": "HEA;HEP",
    "ReceiveCoilName": "Head_32",
    "ReconMatrixPE": 90,
    "RefLinesPE": 22,
    "RepetitionTime": 0.8,
    "SAR": 0.0680607,
    "ScanOptions": "FS_CT",
    "ScanningSequence": "EP",
    "SequenceName": "epfid2d1_90",
    "SequenceVariant": "SK",
    "SeriesDescription": "ABCD_fMRI_task_Stop",
    "SeriesNumber": 42,
    "ShimSetting": [
      -2131,
      -632,
      -4080,
      488,
      -48,
      109,
      -26,
      100
    ],
    "SliceThickness": 2.4,
    "SliceTiming": [
      0.545,
      0,
      0.39,
      0.0775,
      0.4675,
      0.2325,
      0.6225,
      0.3125,
      0.7025,
      0.155,
      0.545,
      0,
      0.39,
      0.0775,
      0.4675,
      0.2325,
      0.6225,
      0.3125,
      0.7025,
      0.155,
      0.545,
      0,
      0.39,
      0.0775,
      0.4675,
      0.2325,
      0.6225,
      0.3125,
      0.7025,
      0.155,
      0.545,
      0,
      0.39,
      0.0775,
      0.4675,
      0.2325,
      0.6225,
      0.3125,
      0.7025,
      0.155,
      0.545,
      0,
      0.39,
      0.0775,
      0.4675,
      0.2325,
      0.6225,
      0.3125,
      0.7025,
      0.155,
      0.545,
      0,
      0.39,
      0.0775,
      0.4675,
      0.2325,
      0.6225,
      0.3125,
      0.7025,
      0.155
    ],
    "SoftwareVersions": "syngo_MR_E11",
    "SpacingBetweenSlices": 2.4,
    "StationName": "AWP166095",
    "TotalReadoutTime": 0.045391,
    "TxRefAmp": 245.651,
    "WipMemBlock": "9e163b93-ec4d-4ca1-98fd-e15b29f7bbd7",
    "dataset": "ds004097",
    "modality": "bold",
    "run_id": 1,
    "session_id": "05",
    "subject_id": "NDARFT076LW8",
    "task_id": "SST"
  },
  "dummy_trs": 4,
  "dvars_nstd": 27.492553156068208,
  "dvars_std": 0.9701217570909091,
  "dvars_vstd": 0.9615576551818183,
  "efc": 0.5264815454041147,
  "fber": 509.9949035644531,
  "fd_mean": 0.07789794305889328,
  "fd_num": 12,
  "fd_perc": 2.7210884353741496,
  "fwhm_avg": 3.1226735957085605,
  "fwhm_x": 2.8571082198020528,
  "fwhm_y": 3.2288457050305324,
  "fwhm_z": 3.2820668622930964,
  "gcor": 0.0381946,
  "gsr_x": -0.006939877290278673,
  "gsr_y": 0.07093773037195206,
  "provenance": {
    "md5sum": "160d7edc6df7d0d9177f6a40ee816466",
    "settings": {
      "fd_thres": 0.2,
      "testing": false
    },
    "software": "mriqc",
    "version": "23.0.1",
    "webapi_port": null,
    "webapi_url": "https://mriqc.nimh.nih.gov/api/v1"
  },
  "size_t": 441,
  "size_x": 90,
  "size_y": 90,
  "size_z": 60,
  "snr": 2.2526440942261514,
  "spacing_tr": 0.800000011920929,
  "spacing_x": 2.4000000953674316,
  "spacing_y": 2.4000000953674316,
  "spacing_z": 2.3999998569488525,
  "summary_bg_k": 32.3407421265741,
  "summary_bg_mad": 9.319214449863662,
  "summary_bg_mean": 28.848691940307617,
  "summary_bg_median": 13.356009483337402,
  "summary_bg_n": 315378.0,
  "summary_bg_p05": 6.297052383422852,
  "summary_bg_p95": 114.16360893249504,
  "summary_bg_stdv": 45.578887939453125,
  "summary_fg_k": 0.7861778819850165,
  "summary_fg_mad": 130.9867160501864,
  "summary_fg_mean": 337.32080078125,
  "summary_fg_median": 310.36737060546875,
  "summary_fg_n": 88782.0,
  "summary_fg_p05": 166.23627853393555,
  "summary_fg_p95": 604.2161163330076,
  "summary_fg_stdv": 137.7783660888672,
  "tsnr": 40.14191621169448
}