{
  "aor": 0.0009107239819004523,
  "aqi": 0.005649371719457013,
  "bids_meta": {
    "AcquisitionMatrixPE": 90,
    "AcquisitionNumber": 1,
    "AcquisitionTime": "13:12:31.192500",
    "BandwidthPerPixelPhaseEncode": 21.786,
    "BaseResolution": 90,
    "BodyPartExamined": "BRAIN",
    "ConsistencyInfo": "N4_VE11C_LATEST_20160120",
    "ConversionSoftware": "dcm2niix",
    "ConversionSoftwareVersion": "v1.0.20190902",
    "Dcm2bidsVersion": "2.1.4",
    "DerivedVendorReportedEchoSpacing": 0.000510012,
    "DeviceSerialNumber": "166095",
    "DwellTime": 2e-06,
    "EchoTime": 0.03,
    "EchoTrainLength": 90,
    "EffectiveEchoSpacing": 0.000510012,
    "FlipAngle": 52,
    "ImageComments": "SMS_ABCD_V1.2;_MB=6;_FOVshift=3;_K_PE=5;_K_RO=5;_LeakBlockOn;",
    "ImageOrientationPatientDICOM": [
      1,
      0,
      0,
      0,
      1,
      0
    ],
    "ImageType": [
      "ORIGINAL",
      "PRIMARY",
      "M",
      "ND",
      "MOSAIC"
    ],
    "ImagingFrequency": 123.261,
    "InPlanePhaseEncodingDirectionDICOM": "COL",
    "InstitutionAddress": "Hillhouse_Ave._10_New_Haven_Northeast_US_06519",
    "InstitutionName": "Yale_University_-_Dunham_Lab._Bldg.",
    "InstitutionalDepartmentName": "Department",
    "MRAcquisitionType": "2D",
    "MagneticFieldStrength": 3,
    "Manufacturer": "Siemens",
    "ManufacturersModelName": "Prisma",
    "Modality": "MR",
    "MultibandAccelerationFactor": 6,
    "PartialFourier": 1,
    "PatientPosition": "HFS",
    "PercentPhaseFOV": 100,
    "PhaseEncodingAxis": "j",
    "PhaseEncodingDirection": "j",
    "PhaseEncodingSteps": 90,
    "PhaseResolution": 1,
    "PixelBandwidth": 2780,
    "ProcedureStepDescription": "Casey_ABCD-Adult",
    "ProtocolName": "ABCD_fMRI_task_Stop",
    "PulseSequenceDetails": "%CustomerSeq%_ep2d_bold_sms_abcd",
    "ReceiveCoilActiveElements": "HEA;HEP",
    "ReceiveCoilName": "Head_32",
    "ReconMatrixPE": 90,
    "RefLinesPE": 22,
    "RepetitionTime": 0.8,
    "SAR": 0.0680607,
    "ScanOptions": "FS_CT",
    "ScanningSequence": "EP",
    "SequenceName": "epfid2d1_90",
    "SequenceVariant": "SK",
    "SeriesDescription": "ABCD_fMRI_task_Stop",
    "SeriesNumber": 44,
    "ShimSetting": [
      -2131,
      -632,
      -4080,
      488,
      -48,
      109,
      -26,
      100
    ],
    "SliceThickness": 2.4,
    "SliceTiming": [
      0.545,
      0,
      0.39,
      0.0775,
      0.4675,
      0.235,
      0.625,
      0.3125,
      0.7025,
      0.155,
      0.545,
      0,
      0.39,
      0.0775,
      0.4675,
      0.235,
      0.625,
      0.3125,
      0.7025,
      0.155,
      0.545,
      0,
      0.39,
      0.0775,
      0.4675,
      0.235,
      0.625,
      0.3125,
      0.7025,
      0.155,
      0.545,
      0,
      0.39,
      0.0775,
      0.4675,
      0.235,
      0.625,
      0.3125,
      0.7025,
      0.155,
      0.545,
      0,
      0.39,
      0.0775,
      0.4675,
      0.235,
      0.625,
      0.3125,
      0.7025,
      0.155,
      0.545,
      0,
      0.39,
      0.0775,
      0.4675,
      0.235,
      0.625,
      0.3125,
      0.7025,
      0.155
    ],
    "SoftwareVersions": "syngo_MR_E11",
    "SpacingBetweenSlices": 2.4,
    "StationName": "AWP166095",
    "TotalReadoutTime": 0.045391,
    "TxRefAmp": 245.651,
    "WipMemBlock": "72909406-3c90-4b6f-9d5c-613f789fd521",
    "dataset": "ds004097",
    "modality": "bold",
    "run_id": 2,
    "session_id": "05",
    "subject_id": "NDARFT076LW8",
    "task_id": "SST"
  },
  "dummy_trs": 3,
  "dvars_nstd": 26.854688756938774,
  "dvars_std": 0.9975684316780045,
  "dvars_vstd": 0.9866408681179147,
  "efc": 0.5268268298542251,
  "fber": 502.6908874511719,
  "fd_mean": 0.07414523793542269,
  "fd_num": 10,
  "fd_perc": 2.262443438914027,
  "fwhm_avg": 3.040618040764366,
  "fwhm_x": 2.779095722901991,
  "fwhm_y": 3.1406957085332987,
  "fwhm_z": 3.202062690857809,
  "gcor": 0.0160617,
  "gsr_x": -0.0072259800508618355,
  "gsr_y": 0.06930709630250931,
  "provenance": {
    "md5sum": "4dd1c5067eb358697c20114f60ce5d70",
    "settings": {
      "fd_thres": 0.2,
      "testing": false
    },
    "software": "mriqc",
    "version": "23.0.1",
    "webapi_port": null,
    "webapi_url": "https://mriqc.nimh.nih.gov/api/v1"
  },
  "size_t": 442,
  "size_x": 90,
  "size_y": 90,
  "size_z": 60,
  "snr": 2.2469427758526037,
  "spacing_tr": 0.800000011920929,
  "spacing_x": 2.4000000953674316,
  "spacing_y": 2.4000000953674316,
  "spacing_z": 2.3999998569488525,
  "summary_bg_k": 33.550113232376745,
  "summary_bg_mad": 9.254525504665642,
  "summary_bg_mean": 28.426042556762695,
  "summary_bg_median": 13.298643112182617,
  "summary_bg_n": 314508.0,
  "summary_bg_p05": 6.285068035125732,
  "summary_bg_p95": 111.9185562133789,
  "summary_bg_stdv": 44.447242736816406,
  "summary_fg_k": 0.8748717733992399,
  "summary_fg_mad": 130.25264289822138,
  "summary_fg_mean": 335.0099792480469,
  "summary_fg_median": 308.63690185546875,
  "summary_fg_n": 88504.0,
  "summary_fg_p05": 164.65000228881837,
  "summary_fg_p95": 600.2504821777343,
  "summary_fg_stdv": 137.35781860351562,
  "tsnr": 39.675750367343426
}