{
  "aor": 0.0006540710382513662,
  "aqi": 0.0035242071311475404,
  "bids_meta": {
    "AcquisitionMatrixPE": 90,
    "AcquisitionNumber": 1,
    "AcquisitionTime": "13:34:4.005000",
    "BandwidthPerPixelPhaseEncode": 21.786,
    "BaseResolution": 90,
    "BodyPartExamined": "BRAIN",
    "ConsistencyInfo": "N4_VE11C_LATEST_20160120",
    "ConversionSoftware": "dcm2niix",
    "ConversionSoftwareVersion": "v1.0.20190902",
    "Dcm2bidsVersion": "2.1.4",
    "DerivedVendorReportedEchoSpacing": 0.000510012,
    "DeviceSerialNumber": "166095",
    "DwellTime": 2e-06,
    "EchoTime": 0.03,
    "EchoTrainLength": 90,
    "EffectiveEchoSpacing": 0.000510012,
    "FlipAngle": 52,
    "ImageComments": "SMS_ABCD_V1.2;_MB=6;_FOVshift=3;_K_PE=5;_K_RO=5;_LeakBlockOn;",
    "ImageOrientationPatientDICOM": [
      1,
      0,
      0,
      0,
      1,
      0
    ],
    "ImageType": [
      "ORIGINAL",
      "PRIMARY",
      "M",
      "ND",
      "MOSAIC"
    ],
    "ImagingFrequency": 123.261,
    "InPlanePhaseEncodingDirectionDICOM": "COL",
    "InstitutionAddress": "Hillhouse_Ave._10_New_Haven_Northeast_US_06519",
    "InstitutionName": "Yale_University_-_Dunham_Lab._Bldg.",
    "InstitutionalDepartmentName": "Department",
    "MRAcquisitionType": "2D",
    "MagneticFieldStrength": 3,
    "Manufacturer": "Siemens",
    "ManufacturersModelName": "Prisma",
    "Modality": "MR",
    "MultibandAccelerationFactor": 6,
    "PartialFourier": 1,
    "PatientPosition": "HFS",
    "PercentPhaseFOV": 100,
    "PhaseEncodingAxis": "j",
    "PhaseEncodingDirection": "j",
    "PhaseEncodingSteps": 90,
    "PhaseResolution": 1,
    "PixelBandwidth": 2780,
    "ProcedureStepDescription": "ABCDadult",
    "ProtocolName": "ABCD_fMRI_task_Emotional_n-back",
    "PulseSequenceDetails": "%CustomerSeq%_ep2d_bold_sms_abcd",
    "ReceiveCoilActiveElements": "HEA;HEP",
    "ReceiveCoilName": "Head_32",
    "ReconMatrixPE": 90,
    "RefLinesPE": 22,
    "RepetitionTime": 0.8,
    "SAR": 0.0531337,
    "ScanOptions": "FS_CT",
    "ScanningSequence": "EP",
    "SequenceName": "epfid2d1_90",
    "SequenceVariant": "SK",
    "SeriesDescription": "ABCD_fMRI_task_Emotional_n-back",
    "SeriesNumber": 39,
    "ShimSetting": [
      -2131,
      -661,
      -4084,
      500,
      13,
      -220,
      -100,
      82
    ],
    "SliceThickness": 2.4,
    "SliceTiming": [
      0.545,
      0,
      0.39,
      0.0775,
      0.4675,
      0.235,
      0.625,
      0.3125,
      0.7025,
      0.155,
      0.545,
      0,
      0.39,
      0.0775,
      0.4675,
      0.235,
      0.625,
      0.3125,
      0.7025,
      0.155,
      0.545,
      0,
      0.39,
      0.0775,
      0.4675,
      0.235,
      0.625,
      0.3125,
      0.7025,
      0.155,
      0.545,
      0,
      0.39,
      0.0775,
      0.4675,
      0.235,
      0.625,
      0.3125,
      0.7025,
      0.155,
      0.545,
      0,
      0.39,
      0.0775,
      0.4675,
      0.235,
      0.625,
      0.3125,
      0.7025,
      0.155,
      0.545,
      0,
      0.39,
      0.0775,
      0.4675,
      0.235,
      0.625,
      0.3125,
      0.7025,
      0.155
    ],
    "SoftwareVersions": "syngo_MR_E11",
    "SpacingBetweenSlices": 2.4,
    "StationName": "AWP166095",
    "TotalReadoutTime": 0.045391,
    "TxRefAmp": 230.925,
    "WipMemBlock": "c7cac83b-222f-420f-beea-c72b576c7560",
    "dataset": "ds004097",
    "modality": "bold",
    "run_id": 1,
    "session_id": "01",
    "subject_id": "NDARNC943BP8",
    "task_id": "nback"
  },
  "dummy_trs": 4,
  "dvars_nstd": 29.18330963323287,
  "dvars_std": 1.0387973767945209,
  "dvars_vstd": 1.0151020338356167,
  "efc": 0.5277823932030663,
  "fber": 514.660888671875,
  "fd_mean": 0.12674271034964965,
  "fd_num": 33,
  "fd_perc": 9.01639344262295,
  "fwhm_avg": 2.9744833203745458,
  "fwhm_x": 2.7107790589499845,
  "fwhm_y": 3.0346332127478437,
  "fwhm_z": 3.1780376894258078,
  "gcor": 0.0108384,
  "gsr_x": -0.016624946147203445,
  "gsr_y": 0.0846128761768341,
  "provenance": {
    "md5sum": "3a117e5d7f554154e71de0c646d4d7d3",
    "settings": {
      "fd_thres": 0.2,
      "testing": false
    },
    "software": "mriqc",
    "version": "23.0.1",
    "webapi_port": null,
    "webapi_url": "https://mriqc.nimh.nih.gov/api/v1"
  },
  "size_t": 366,
  "size_x": 90,
  "size_y": 90,
  "size_z": 60,
  "snr": 2.641695449006291,
  "spacing_tr": 0.800000011920929,
  "spacing_x": 2.4000000953674316,
  "spacing_y": 2.4000000953674316,
  "spacing_z": 2.3999998569488525,
  "summary_bg_k": 29.796755723035027,
  "summary_bg_mad": 8.524962049447382,
  "summary_bg_mean": 25.817304611206055,
  "summary_bg_median": 12.020490646362305,
  "summary_bg_n": 328778.0,
  "summary_bg_p05": 5.7595624923706055,
  "summary_bg_p95": 98.51911926269531,
  "summary_bg_stdv": 37.42600631713867,
  "summary_fg_k": 0.31795138886056984,
  "summary_fg_mad": 101.5379820154276,
  "summary_fg_mean": 294.68212890625,
  "summary_fg_median": 274.8797607421875,
  "summary_fg_n": 83455.0,
  "summary_fg_p05": 159.64944915771486,
  "summary_fg_p95": 490.3267730712891,
  "summary_fg_stdv": 104.05367279052734,
  "tsnr": 46.72473675524816
}