{
  "bids_meta": {
    "AcquisitionMatrixPE": 256,
    "AcquisitionNumber": 1,
    "AcquisitionTime": "12:55:35.847500",
    "BaseResolution": 256,
    "BodyPartExamined": "BRAIN",
    "ConsistencyInfo": "N4_VE11C_LATEST_20160120",
    "ConversionSoftware": "dcm2niix",
    "ConversionSoftwareVersion": "v1.0.20190902",
    "Dcm2bidsVersion": "2.1.4",
    "DeviceSerialNumber": "166095",
    "DwellTime": 0.000510012,
    "EchoTime": 0.565,
    "EchoTrainLength": 190,
    "FlipAngle": 120,
    "ImageOrientationPatientDICOM": [
      0,
      1,
      0,
      -0.101056,
      0,
      -0.994881
    ],
    "ImageType": [
      "ORIGINAL",
      "PRIMARY",
      "M",
      "ND"
    ],
    "ImagingFrequency": 123.261,
    "InPlanePhaseEncodingDirectionDICOM": "ROW",
    "InstitutionAddress": "Hillhouse_Ave._10_New_Haven_Northeast_US_06519",
    "InstitutionName": "Yale_University_-_Dunham_Lab._Bldg.",
    "InstitutionalDepartmentName": "Department",
    "MRAcquisitionType": "3D",
    "MagneticFieldStrength": 3,
    "Manufacturer": "Siemens",
    "ManufacturersModelName": "Prisma",
    "Modality": "MR",
    "ParallelReductionFactorInPlane": 2,
    "PartialFourier": 1,
    "PatientPosition": "HFS",
    "PercentPhaseFOV": 100,
    "PhaseEncodingSteps": 227,
    "PhaseResolution": 1,
    "PixelBandwidth": 240,
    "ProcedureStepDescription": "ABCDadult",
    "ProtocolName": "ABCD_T2w_SPC_vNav",
    "PulseSequenceDetails": "%CustomerSeq%_tse_vfl_mgh_epinav_ABCD",
    "ReceiveCoilActiveElements": "HEA;HEP",
    "ReceiveCoilName": "Head_32",
    "ReconMatrixPE": 256,
    "RefLinesPE": 32,
    "RepetitionTime": 3.2,
    "SAR": 0.0688428,
    "ScanOptions": "PFP",
    "ScanningSequence": "SE",
    "SequenceName": "spc_200ns",
    "SequenceVariant": "SK_SP",
    "SeriesDescription": "ABCD_T2w_SPC_vNav",
    "SeriesNumber": 17,
    "ShimSetting": [
      -2146,
      -653,
      -4122,
      444,
      -56,
      -294,
      -78,
      119
    ],
    "SliceThickness": 1,
    "SoftwareVersions": "syngo_MR_E11",
    "StationName": "AWP166095",
    "TxRefAmp": 237.755,
    "WipMemBlock": "Prisma_epi_moco_navigator_ABCD_tse_vfl.prot",
    "dataset": "ds004097",
    "modality": "T2w",
    "session_id": "05",
    "subject_id": "NDARNC943BP8"
  },
  "cjv": 0.2880235692570696,
  "cnr": 1.191997185409477,
  "efc": 0.5211272093849607,
  "fber": 14635.8787547941,
  "fwhm_avg": 2.51905,
  "fwhm_x": 2.4373,
  "fwhm_y": 2.85539,
  "fwhm_z": 2.26446,
  "icvs_csf": 0.42186176763794464,
  "icvs_gm": 0.4619165369081726,
  "icvs_wm": 0.11622169545388278,
  "inu_med": 0.7199264168739319,
  "inu_range": 0.10918611288070679,
  "provenance": {
    "md5sum": "e065076ee936b824de3cf2f260b45742",
    "settings": {
      "testing": false
    },
    "software": "mriqc",
    "version": "23.0.1",
    "warnings": {
      "large_rot_frame": true,
      "small_air_mask": false
    },
    "webapi_port": null,
    "webapi_url": "https://mriqc.nimh.nih.gov/api/v1"
  },
  "qi_1": 0.001618316024266888,
  "qi_2": 0.013968605164543626,
  "rpve_csf": 13.356198450694821,
  "rpve_gm": 12.888371677573707,
  "rpve_wm": 53.48358425202701,
  "size_x": 176,
  "size_y": 256,
  "size_z": 256,
  "snr_csf": 8.55272533995818,
  "snr_gm": 12.0117370375692,
  "snr_total": 7.600625750156849,
  "snr_wm": 2.237414872943168,
  "snrd_csf": 85.20055303099066,
  "snrd_gm": 53.008161163302205,
  "snrd_total": 84.0498480482013,
  "snrd_wm": 113.94082995031103,
  "spacing_x": 1.0,
  "spacing_y": 1.0,
  "spacing_z": 1.0,
  "summary_bg_k": 13.485195445500295,
  "summary_bg_mad": 0.0,
  "summary_bg_mean": 3.397330700092805,
  "summary_bg_median": 0.0,
  "summary_bg_n": 3667382.0,
  "summary_bg_p05": 0.0,
  "summary_bg_p95": 14.481242656707764,
  "summary_bg_stdv": 5.752343749487713,
  "summary_csf_k": 0.7715439149249228,
  "summary_csf_mad": 79.44419023238893,
  "summary_csf_mean": 756.4546226695901,
  "summary_csf_median": 748.0928684175014,
  "summary_csf_n": 92315.0,
  "summary_csf_p05": 629.5092231929302,
  "summary_csf_p95": 916.695907920599,
  "summary_csf_stdv": 87.46788734843832,
  "summary_gm_k": -0.056763006329262566,
  "summary_gm_mad": 39.79055787923514,
  "summary_gm_mean": 465.2746785954004,
  "summary_gm_median": 465.43157202005386,
  "summary_gm_n": 205235.0,
  "summary_gm_p05": 401.4850642681122,
  "summary_gm_p95": 527.6418083310127,
  "summary_gm_stdv": 38.7479709773717,
  "summary_wm_k": -1.7186545828508613,
  "summary_wm_mad": 114.30542917269611,
  "summary_wm_mean": 657.1076631028543,
  "summary_wm_median": 1000.4432984888554,
  "summary_wm_n": 11899.0,
  "summary_wm_p05": 27.447865545749664,
  "summary_wm_p95": 1077.1735664993525,
  "summary_wm_stdv": 447.1237188676664,
  "tpm_overlap_csf": 0.11189696238522757,
  "tpm_overlap_gm": 0.28302333025264736,
  "tpm_overlap_wm": 0.02133327004263973,
  "wm2max": 0.9299167310498755
}