{
  "bids_meta": {
    "AcquisitionMatrixPE": 256,
    "AcquisitionNumber": 1,
    "AcquisitionTime": "12:26:26.820000",
    "BaseResolution": 256,
    "BodyPartExamined": "BRAIN",
    "ConsistencyInfo": "N4_VE11C_LATEST_20160120",
    "ConversionSoftware": "dcm2niix",
    "ConversionSoftwareVersion": "v1.0.20190902",
    "Dcm2bidsVersion": "2.1.4",
    "DeviceSerialNumber": "166095",
    "DwellTime": 0.000510012,
    "EchoTime": 0.0029,
    "FlipAngle": 8,
    "ImageOrientationPatientDICOM": [
      0,
      1,
      0,
      -0.101056,
      0,
      -0.994881
    ],
    "ImageType": [
      "ORIGINAL",
      "PRIMARY",
      "M",
      "ND"
    ],
    "ImagingFrequency": 123.261,
    "InPlanePhaseEncodingDirectionDICOM": "ROW",
    "InstitutionAddress": "Hillhouse_Ave._10_New_Haven_Northeast_US_06519",
    "InstitutionName": "Yale_University_-_Dunham_Lab._Bldg.",
    "InstitutionalDepartmentName": "Department",
    "InversionTime": 1.07,
    "MRAcquisitionType": "3D",
    "MagneticFieldStrength": 3,
    "Manufacturer": "Siemens",
    "ManufacturersModelName": "Prisma",
    "Modality": "MR",
    "ParallelReductionFactorInPlane": 2,
    "PartialFourier": 1,
    "PatientPosition": "HFS",
    "PercentPhaseFOV": 100,
    "PhaseEncodingSteps": 255,
    "PhaseResolution": 1,
    "PixelBandwidth": 240,
    "ProcedureStepDescription": "ABCDadult",
    "ProtocolName": "ABCD_T1w_MPR_vNav",
    "PulseSequenceDetails": "%CustomerSeq%_tfl_mgh_epinav_ABCD",
    "ReceiveCoilActiveElements": "HEA;HEP",
    "ReceiveCoilName": "Head_32",
    "ReconMatrixPE": 256,
    "RefLinesPE": 32,
    "RepetitionTime": 2.5,
    "SAR": 0.0314124,
    "ScanOptions": "IR_WE",
    "ScanningSequence": "GR_IR",
    "SequenceName": "tfl3d1_16ns",
    "SequenceVariant": "SK_SP_MP",
    "SeriesDescription": "ABCD_T1w_MPR_vNav",
    "SeriesNumber": 4,
    "ShimSetting": [
      -2146,
      -653,
      -4122,
      444,
      -56,
      -294,
      -78,
      119
    ],
    "SliceThickness": 1,
    "SoftwareVersions": "syngo_MR_E11",
    "StationName": "AWP166095",
    "TxRefAmp": 237.755,
    "WipMemBlock": "Prisma_epi_moco_navigator_ABCD_tfl.prot",
    "dataset": "ds004097",
    "modality": "T1w",
    "session_id": "05",
    "subject_id": "NDARNC943BP8"
  },
  "cjv": 0.47531183822424644,
  "cnr": 2.8230539381469533,
  "efc": 0.5422501387352352,
  "fber": 12035.574707445305,
  "fwhm_avg": 3.9993133333333333,
  "fwhm_x": 4.09165,
  "fwhm_y": 4.0908,
  "fwhm_z": 3.81549,
  "icvs_csf": 0.17970078783979246,
  "icvs_gm": 0.4225307772355829,
  "icvs_wm": 0.3977684349246246,
  "inu_med": 0.9625972509384155,
  "inu_range": 0.8714952379465104,
  "provenance": {
    "md5sum": "118b86f652e1201110d2e7fac177f15c",
    "settings": {
      "testing": false
    },
    "software": "mriqc",
    "version": "23.0.1",
    "warnings": {
      "large_rot_frame": true,
      "small_air_mask": false
    },
    "webapi_port": null,
    "webapi_url": "https://mriqc.nimh.nih.gov/api/v1"
  },
  "qi_1": 5.3388939184659376e-06,
  "qi_2": 0.000936001494337983,
  "rpve_csf": 28.30282458539668,
  "rpve_gm": 12.665540032797068,
  "rpve_wm": 15.276127003365026,
  "size_x": 176,
  "size_y": 256,
  "size_z": 256,
  "snr_csf": 1.8965432805266467,
  "snr_gm": 10.234463968847589,
  "snr_total": 9.059072662354458,
  "snr_wm": 15.046210737689137,
  "snrd_csf": 21.30410647780464,
  "snrd_gm": 65.59950825566621,
  "snrd_total": 59.164683161979134,
  "snrd_wm": 90.59043475246658,
  "spacing_x": 1.0,
  "spacing_y": 1.0,
  "spacing_z": 1.0,
  "summary_bg_k": 8.689632407351727,
  "summary_bg_mad": 7.232562297080771,
  "summary_bg_mean": 7.805930759694366,
  "summary_bg_median": 4.878289137035608,
  "summary_bg_n": 3688156.0,
  "summary_bg_p05": 0.0,
  "summary_bg_p95": 29.663940005004406,
  "summary_bg_stdv": 11.224653987613472,
  "summary_csf_k": 1.681479479938849,
  "summary_csf_mad": 93.21969182904105,
  "summary_csf_mean": 257.84933614442446,
  "summary_csf_median": 235.19266718253493,
  "summary_csf_n": 24825.0,
  "summary_csf_p05": 87.96688653975725,
  "summary_csf_p95": 509.09628331512204,
  "summary_csf_stdv": 124.00873343480487,
  "summary_gm_k": 0.08465576335508507,
  "summary_gm_mad": 69.9147688717808,
  "summary_gm_mean": 721.8302675143882,
  "summary_gm_median": 724.204196434468,
  "summary_gm_n": 21868.0,
  "summary_gm_p05": 602.6411731913686,
  "summary_gm_p95": 836.4196292806415,
  "summary_gm_stdv": 70.7597036749546,
  "summary_wm_k": 1.1094028092156405,
  "summary_wm_mad": 61.22108287832006,
  "summary_wm_mean": 1009.1445426418226,
  "summary_wm_median": 1000.0985487401485,
  "summary_wm_n": 218959.0,
  "summary_wm_p05": 917.7589411847293,
  "summary_wm_p95": 1132.452938862145,
  "summary_wm_stdv": 66.4683143427491,
  "tpm_overlap_csf": 0.15396128802904446,
  "tpm_overlap_gm": 0.4442143529152973,
  "tpm_overlap_wm": 0.48637111383158815,
  "wm2max": 0.5463845366930491
}