{
  "bids_meta": {
    "AcquisitionMatrixPE": 256,
    "AcquisitionNumber": 1,
    "AcquisitionTime": "12:56:31.897500",
    "BaseResolution": 256,
    "BodyPartExamined": "BRAIN",
    "ConsistencyInfo": "N4_VE11C_LATEST_20160120",
    "ConversionSoftware": "dcm2niix",
    "ConversionSoftwareVersion": "v1.0.20190902",
    "Dcm2bidsVersion": "2.1.4",
    "DeviceSerialNumber": "166095",
    "DwellTime": 0.000510012,
    "EchoTime": 0.565,
    "EchoTrainLength": 190,
    "FlipAngle": 120,
    "ImageOrientationPatientDICOM": [
      0,
      1,
      0,
      -0.0191974,
      0,
      -0.999816
    ],
    "ImageType": [
      "ORIGINAL",
      "PRIMARY",
      "M",
      "ND",
      "NORM"
    ],
    "ImagingFrequency": 123.261,
    "InPlanePhaseEncodingDirectionDICOM": "ROW",
    "InstitutionAddress": "Hillhouse_Ave._10_New_Haven_Northeast_US_06519",
    "InstitutionName": "Yale_University_-_Dunham_Lab._Bldg.",
    "InstitutionalDepartmentName": "Department",
    "MRAcquisitionType": "3D",
    "MagneticFieldStrength": 3,
    "Manufacturer": "Siemens",
    "ManufacturersModelName": "Prisma",
    "Modality": "MR",
    "ParallelReductionFactorInPlane": 2,
    "PartialFourier": 1,
    "PatientPosition": "HFS",
    "PercentPhaseFOV": 100,
    "PhaseEncodingSteps": 227,
    "PhaseResolution": 1,
    "PixelBandwidth": 240,
    "ProcedureStepDescription": "ABCDadult",
    "ProtocolName": "ABCD_T2w_SPC_vNav",
    "PulseSequenceDetails": "%CustomerSeq%_tse_vfl_mgh_epinav_ABCD",
    "ReceiveCoilActiveElements": "HEA;HEP",
    "ReceiveCoilName": "Head_32",
    "ReconMatrixPE": 256,
    "RefLinesPE": 32,
    "RepetitionTime": 3.2,
    "SAR": 0.0850015,
    "ScanOptions": "PFP",
    "ScanningSequence": "SE",
    "SequenceName": "spc_200ns",
    "SequenceVariant": "SK_SP",
    "SeriesDescription": "ABCD_T2w_SPC_vNav",
    "SeriesNumber": 18,
    "ShimSetting": [
      -2142,
      -723,
      -4027,
      419,
      -54,
      -261,
      54,
      99
    ],
    "SliceThickness": 1,
    "SoftwareVersions": "syngo_MR_E11",
    "StationName": "AWP166095",
    "TxRefAmp": 252.234,
    "WipMemBlock": "Prisma_epi_moco_navigator_ABCD_tse_vfl.prot",
    "dataset": "ds004097",
    "modality": "T2w",
    "session_id": "03",
    "subject_id": "NDARMC914MYN"
  },
  "cjv": 0.2971905290592402,
  "cnr": 1.3248366161388159,
  "efc": 0.5360108551929097,
  "fber": 11724.46525609897,
  "fwhm_avg": 2.4864533333333334,
  "fwhm_x": 2.42767,
  "fwhm_y": 2.77607,
  "fwhm_z": 2.25562,
  "icvs_csf": 0.43009398099863555,
  "icvs_gm": 0.4294544978029216,
  "icvs_wm": 0.14045152119844284,
  "inu_med": 0.8667462468147278,
  "inu_range": 0.15771480798721316,
  "provenance": {
    "md5sum": "c61f7dd1a55fbbcf09af2442a34bc738",
    "settings": {
      "testing": false
    },
    "software": "mriqc",
    "version": "23.0.1",
    "warnings": {
      "large_rot_frame": true,
      "small_air_mask": false
    },
    "webapi_port": null,
    "webapi_url": "https://mriqc.nimh.nih.gov/api/v1"
  },
  "qi_1": 0.0,
  "qi_2": 0.028281697376866744,
  "rpve_csf": 12.253080211485242,
  "rpve_gm": 12.730624129240306,
  "rpve_wm": 41.603757691445594,
  "size_x": 176,
  "size_y": 256,
  "size_z": 256,
  "snr_csf": 11.817949211822707,
  "snr_gm": 12.62437590129279,
  "snr_total": 8.930720017411238,
  "snr_wm": 2.3498349391182165,
  "snrd_csf": 148.17079948311064,
  "snrd_gm": 96.03079681143396,
  "snrd_total": 155.09475598187734,
  "snrd_wm": 221.08267165108745,
  "spacing_x": 1.0,
  "spacing_y": 1.0,
  "spacing_z": 1.0,
  "summary_bg_k": 8.754982627245115,
  "summary_bg_mad": 0.0,
  "summary_bg_mean": 1.7599464303617693,
  "summary_bg_median": 0.0,
  "summary_bg_n": 3299111.0,
  "summary_bg_p05": 0.0,
  "summary_bg_p95": 7.67270896397531,
  "summary_bg_stdv": 2.9645822932736348,
  "summary_csf_k": 0.5452590786278488,
  "summary_csf_mad": 54.59118339957847,
  "summary_csf_mean": 673.5154515933673,
  "summary_csf_median": 670.4932416025549,
  "summary_csf_n": 78063.0,
  "summary_csf_p05": 585.8591618090868,
  "summary_csf_p95": 770.1388886285945,
  "summary_csf_stdv": 56.73479679140349,
  "summary_gm_k": 0.13185838709418318,
  "summary_gm_mad": 34.67669019761135,
  "summary_gm_mean": 434.10331734929764,
  "summary_gm_median": 434.55256010219455,
  "summary_gm_n": 173196.0,
  "summary_gm_p05": 377.44652010314167,
  "summary_gm_p95": 489.1400773115456,
  "summary_gm_stdv": 34.421606975828794,
  "summary_wm_k": -1.355925722209761,
  "summary_wm_mad": 133.49657361551215,
  "summary_wm_mean": 724.0507202386589,
  "summary_wm_median": 1000.4294887697324,
  "summary_wm_n": 14628.0,
  "summary_wm_p05": 31.609413354005667,
  "summary_wm_p95": 1097.1056217158214,
  "summary_wm_stdv": 425.7300271727301,
  "tpm_overlap_csf": 0.11130992179771454,
  "tpm_overlap_gm": 0.2732341713358369,
  "tpm_overlap_wm": 0.03069541747972919,
  "wm2max": 0.9187195209409065
}