{
  "bids_meta": {
    "AcquisitionMatrixPE": 256,
    "AcquisitionNumber": 1,
    "AcquisitionTime": "12:27:9.727500",
    "BaseResolution": 256,
    "BodyPartExamined": "BRAIN",
    "ConsistencyInfo": "N4_VE11C_LATEST_20160120",
    "ConversionSoftware": "dcm2niix",
    "ConversionSoftwareVersion": "v1.0.20190902",
    "Dcm2bidsVersion": "2.1.4",
    "DeviceSerialNumber": "166095",
    "DwellTime": 0.000510012,
    "EchoTime": 0.0029,
    "FlipAngle": 8,
    "ImageOrientationPatientDICOM": [
      0,
      1,
      0,
      -0.0191974,
      0,
      -0.999816
    ],
    "ImageType": [
      "ORIGINAL",
      "PRIMARY",
      "M",
      "ND",
      "NORM"
    ],
    "ImagingFrequency": 123.261,
    "InPlanePhaseEncodingDirectionDICOM": "ROW",
    "InstitutionAddress": "Hillhouse_Ave._10_New_Haven_Northeast_US_06519",
    "InstitutionName": "Yale_University_-_Dunham_Lab._Bldg.",
    "InstitutionalDepartmentName": "Department",
    "InversionTime": 1.07,
    "MRAcquisitionType": "3D",
    "MagneticFieldStrength": 3,
    "Manufacturer": "Siemens",
    "ManufacturersModelName": "Prisma",
    "Modality": "MR",
    "ParallelReductionFactorInPlane": 2,
    "PartialFourier": 1,
    "PatientPosition": "HFS",
    "PercentPhaseFOV": 100,
    "PhaseEncodingSteps": 255,
    "PhaseResolution": 1,
    "PixelBandwidth": 240,
    "ProcedureStepDescription": "ABCDadult",
    "ProtocolName": "ABCD_T1w_MPR_vNav",
    "PulseSequenceDetails": "%CustomerSeq%_tfl_mgh_epinav_ABCD",
    "ReceiveCoilActiveElements": "HEA;HEP",
    "ReceiveCoilName": "Head_32",
    "ReconMatrixPE": 256,
    "RefLinesPE": 32,
    "RepetitionTime": 2.5,
    "SAR": 0.0387854,
    "ScanOptions": "IR_WE",
    "ScanningSequence": "GR_IR",
    "SequenceName": "tfl3d1_16ns",
    "SequenceVariant": "SK_SP_MP",
    "SeriesDescription": "ABCD_T1w_MPR_vNav",
    "SeriesNumber": 5,
    "ShimSetting": [
      -2142,
      -723,
      -4027,
      419,
      -54,
      -261,
      54,
      99
    ],
    "SliceThickness": 1,
    "SoftwareVersions": "syngo_MR_E11",
    "StationName": "AWP166095",
    "TxRefAmp": 252.234,
    "WipMemBlock": "Prisma_epi_moco_navigator_ABCD_tfl.prot",
    "dataset": "ds004097",
    "modality": "T1w",
    "session_id": "03",
    "subject_id": "NDARMC914MYN"
  },
  "cjv": 0.46979847878802955,
  "cnr": 2.6327963438851887,
  "efc": 0.5456500786688057,
  "fber": 14691.587926614324,
  "fwhm_avg": 3.814486666666667,
  "fwhm_x": 3.91353,
  "fwhm_y": 3.86785,
  "fwhm_z": 3.66208,
  "icvs_csf": 0.17232870334626746,
  "icvs_gm": 0.41594008236161406,
  "icvs_wm": 0.4117312142921185,
  "inu_med": 1.0238980054855347,
  "inu_range": 0.888702693581581,
  "provenance": {
    "md5sum": "33c88f2ac9c878e429450225d4a697b6",
    "settings": {
      "testing": false
    },
    "software": "mriqc",
    "version": "23.0.1",
    "warnings": {
      "large_rot_frame": true,
      "small_air_mask": false
    },
    "webapi_port": null,
    "webapi_url": "https://mriqc.nimh.nih.gov/api/v1"
  },
  "qi_1": 0.0,
  "qi_2": 0.0010463446421157226,
  "rpve_csf": 27.99729392427384,
  "rpve_gm": 12.046894021335708,
  "rpve_wm": 13.864503441733168,
  "size_x": 176,
  "size_y": 256,
  "size_z": 256,
  "snr_csf": 1.8731650351285205,
  "snr_gm": 11.043221940271906,
  "snr_total": 8.522519789239716,
  "snr_wm": 12.651172392318722,
  "snrd_csf": 18.91382801444387,
  "snrd_gm": 56.06310061010542,
  "snrd_total": 50.675449918703556,
  "snrd_wm": 77.0494211315614,
  "spacing_x": 1.0,
  "spacing_y": 1.0,
  "spacing_z": 1.0,
  "summary_bg_k": 5.766970140781783,
  "summary_bg_mad": 8.503494109626669,
  "summary_bg_mean": 7.940605918327484,
  "summary_bg_median": 5.735519617795944,
  "summary_bg_n": 3618420.0,
  "summary_bg_p05": 0.0,
  "summary_bg_p95": 29.081507921218872,
  "summary_bg_stdv": 10.665326435149522,
  "summary_csf_k": 1.8053150745463418,
  "summary_csf_mad": 106.83263022235195,
  "summary_csf_mean": 269.20719319460835,
  "summary_csf_median": 245.49639603495598,
  "summary_csf_n": 20258.0,
  "summary_csf_p05": 92.16010642200709,
  "summary_csf_p95": 520.6862233869731,
  "summary_csf_stdv": 131.05643769274312,
  "summary_gm_k": 0.19827363000526343,
  "summary_gm_mad": 63.53667077685842,
  "summary_gm_mean": 727.4668568604096,
  "summary_gm_median": 727.6839537620544,
  "summary_gm_n": 27243.0,
  "summary_gm_p05": 618.3859531581402,
  "summary_gm_p95": 836.170095603168,
  "summary_gm_stdv": 65.8929615057318,
  "summary_wm_k": 1.8045708136681542,
  "summary_wm_mad": 64.4349271968894,
  "summary_wm_mean": 1015.7853969094622,
  "summary_wm_median": 1000.0807446241379,
  "summary_wm_n": 220489.0,
  "summary_wm_p05": 916.3906273841858,
  "summary_wm_p95": 1174.2062733024359,
  "summary_wm_stdv": 79.05026077732104,
  "tpm_overlap_csf": 0.15599592889199468,
  "tpm_overlap_gm": 0.4534685961843946,
  "tpm_overlap_wm": 0.4840756254340076,
  "wm2max": 0.5193933418640263
}