{
  "aor": 0.0013761007957559684,
  "aqi": 0.006074663023872678,
  "bids_meta": {
    "AcquisitionMatrixPE": 90,
    "AcquisitionNumber": 1,
    "AcquisitionTime": "14:00:28.557500",
    "BandwidthPerPixelPhaseEncode": 21.786,
    "BaseResolution": 90,
    "BodyPartExamined": "BRAIN",
    "ConsistencyInfo": "N4_VE11C_LATEST_20160120",
    "ConversionSoftware": "dcm2niix",
    "ConversionSoftwareVersion": "v1.0.20190902",
    "Dcm2bidsVersion": "2.1.4",
    "DerivedVendorReportedEchoSpacing": 0.000510012,
    "DeviceSerialNumber": "166095",
    "DwellTime": 2e-06,
    "EchoTime": 0.03,
    "EchoTrainLength": 90,
    "EffectiveEchoSpacing": 0.000510012,
    "FlipAngle": 52,
    "ImageComments": "SMS_ABCD_V1.2;_MB=6;_FOVshift=3;_K_PE=5;_K_RO=5;_LeakBlockOn;",
    "ImageOrientationPatientDICOM": [
      1,
      0,
      0,
      0,
      1,
      0
    ],
    "ImageType": [
      "ORIGINAL",
      "PRIMARY",
      "M",
      "ND",
      "MOSAIC"
    ],
    "ImagingFrequency": 123.261,
    "InPlanePhaseEncodingDirectionDICOM": "COL",
    "InstitutionAddress": "Hillhouse_Ave._10_New_Haven_Northeast_US_06519",
    "InstitutionName": "Yale_University_-_Dunham_Lab._Bldg.",
    "InstitutionalDepartmentName": "Department",
    "MRAcquisitionType": "2D",
    "MagneticFieldStrength": 3,
    "Manufacturer": "Siemens",
    "ManufacturersModelName": "Prisma",
    "Modality": "MR",
    "MultibandAccelerationFactor": 6,
    "PartialFourier": 1,
    "PatientPosition": "HFS",
    "PercentPhaseFOV": 100,
    "PhaseEncodingAxis": "j",
    "PhaseEncodingDirection": "j",
    "PhaseEncodingSteps": 90,
    "PhaseResolution": 1,
    "PixelBandwidth": 2780,
    "ProcedureStepDescription": "ABCDadult",
    "ProtocolName": "ABCD_fMRI_rest",
    "PulseSequenceDetails": "%CustomerSeq%_ep2d_bold_sms_abcd",
    "ReceiveCoilActiveElements": "HEA;HEP",
    "ReceiveCoilName": "Head_32",
    "ReconMatrixPE": 90,
    "RefLinesPE": 22,
    "RepetitionTime": 0.8,
    "SAR": 0.0699408,
    "ScanOptions": "FS_CT",
    "ScanningSequence": "EP",
    "SequenceName": "epfid2d1_90",
    "SequenceVariant": "SK",
    "SeriesDescription": "ABCD_fMRI_rest",
    "SeriesNumber": 11,
    "ShimSetting": [
      -2124,
      -643,
      -4040,
      403,
      -52,
      -37,
      15,
      87
    ],
    "SliceThickness": 2.4,
    "SliceTiming": [
      0.545,
      0,
      0.39,
      0.0775,
      0.4675,
      0.2325,
      0.6225,
      0.31,
      0.7,
      0.155,
      0.545,
      0,
      0.39,
      0.0775,
      0.4675,
      0.2325,
      0.6225,
      0.31,
      0.7,
      0.155,
      0.545,
      0,
      0.39,
      0.0775,
      0.4675,
      0.2325,
      0.6225,
      0.31,
      0.7,
      0.155,
      0.545,
      0,
      0.39,
      0.0775,
      0.4675,
      0.2325,
      0.6225,
      0.31,
      0.7,
      0.155,
      0.545,
      0,
      0.39,
      0.0775,
      0.4675,
      0.2325,
      0.6225,
      0.31,
      0.7,
      0.155,
      0.545,
      0,
      0.39,
      0.0775,
      0.4675,
      0.2325,
      0.6225,
      0.31,
      0.7,
      0.155
    ],
    "SoftwareVersions": "syngo_MR_E11",
    "SpacingBetweenSlices": 2.4,
    "StationName": "AWP166095",
    "TotalReadoutTime": 0.045391,
    "TxRefAmp": 250.65,
    "WipMemBlock": "d10a3e5e-38fe-4e2c-8c2d-0c42b854ef90",
    "dataset": "ds004097",
    "modality": "bold",
    "run_id": 2,
    "session_id": "04",
    "subject_id": "NDARJZ387ZJA",
    "task_id": "rest"
  },
  "dummy_trs": 6,
  "dvars_nstd": 34.79885271795213,
  "dvars_std": 1.130337877579786,
  "dvars_vstd": 1.0251215251063828,
  "efc": 0.5637712496868943,
  "fber": 568.8596801757812,
  "fd_mean": 0.07586142041205143,
  "fd_num": 13,
  "fd_perc": 3.4482758620689653,
  "fwhm_avg": 2.7069347111889948,
  "fwhm_x": 2.5674207313131996,
  "fwhm_y": 2.6382540618318693,
  "fwhm_z": 2.9151293404219154,
  "gcor": 0.0119259,
  "gsr_x": -0.017072681337594986,
  "gsr_y": 0.10574612766504288,
  "provenance": {
    "md5sum": "c43b2f9002b7a4769b0d4ddec5d7eb60",
    "settings": {
      "fd_thres": 0.2,
      "testing": false
    },
    "software": "mriqc",
    "version": "23.0.1",
    "webapi_port": null,
    "webapi_url": "https://mriqc.nimh.nih.gov/api/v1"
  },
  "size_t": 377,
  "size_x": 90,
  "size_y": 90,
  "size_z": 60,
  "snr": 2.4492449329036083,
  "spacing_tr": 0.800000011920929,
  "spacing_x": 2.4000000953674316,
  "spacing_y": 2.4000000953674316,
  "spacing_z": 2.3999998569488525,
  "summary_bg_k": 24.309835982135994,
  "summary_bg_mad": 5.741642116263495,
  "summary_bg_mean": 26.82091522216797,
  "summary_bg_median": 10.466843605041504,
  "summary_bg_n": 288018.0,
  "summary_bg_p05": 6.010610103607178,
  "summary_bg_p95": 120.94031829833892,
  "summary_bg_stdv": 49.324459075927734,
  "summary_fg_k": 1.3992506530512294,
  "summary_fg_mad": 100.70290975450693,
  "summary_fg_mean": 285.5487060546875,
  "summary_fg_median": 265.4880676269531,
  "summary_fg_n": 98391.0,
  "summary_fg_p05": 149.97081756591797,
  "summary_fg_p95": 489.1485290527344,
  "summary_fg_stdv": 108.39533233642578,
  "tsnr": 42.57610951247625
}