{
  "aor": 0.0012472167487684728,
  "aqi": 0.011713065640394087,
  "bids_meta": {
    "AcquisitionMatrixPE": 90,
    "AcquisitionNumber": 1,
    "AcquisitionTime": "14:35:18.220000",
    "BandwidthPerPixelPhaseEncode": 21.786,
    "BaseResolution": 90,
    "BodyPartExamined": "BRAIN",
    "ConsistencyInfo": "N4_VE11C_LATEST_20160120",
    "ConversionSoftware": "dcm2niix",
    "ConversionSoftwareVersion": "v1.0.20190902",
    "Dcm2bidsVersion": "2.1.4",
    "DerivedVendorReportedEchoSpacing": 0.000510012,
    "DeviceSerialNumber": "166095",
    "DwellTime": 2e-06,
    "EchoTime": 0.03,
    "EchoTrainLength": 90,
    "EffectiveEchoSpacing": 0.000510012,
    "FlipAngle": 52,
    "ImageComments": "SMS_ABCD_V1.2;_MB=6;_FOVshift=3;_K_PE=5;_K_RO=5;_LeakBlockOn;",
    "ImageOrientationPatientDICOM": [
      1,
      0,
      0,
      0,
      1,
      0
    ],
    "ImageType": [
      "ORIGINAL",
      "PRIMARY",
      "M",
      "ND",
      "MOSAIC"
    ],
    "ImagingFrequency": 123.261,
    "InPlanePhaseEncodingDirectionDICOM": "COL",
    "InstitutionAddress": "Hillhouse_Ave._10_New_Haven_Northeast_US_06519",
    "InstitutionName": "Yale_University_-_Dunham_Lab._Bldg.",
    "InstitutionalDepartmentName": "Department",
    "MRAcquisitionType": "2D",
    "MagneticFieldStrength": 3,
    "Manufacturer": "Siemens",
    "ManufacturersModelName": "Prisma",
    "Modality": "MR",
    "MultibandAccelerationFactor": 6,
    "PartialFourier": 1,
    "PatientPosition": "HFS",
    "PercentPhaseFOV": 100,
    "PhaseEncodingAxis": "j",
    "PhaseEncodingDirection": "j",
    "PhaseEncodingSteps": 90,
    "PhaseResolution": 1,
    "PixelBandwidth": 2780,
    "ProcedureStepDescription": "ABCDadult",
    "ProtocolName": "ABCD_fMRI_task_Monetary_Incentive",
    "PulseSequenceDetails": "%CustomerSeq%_ep2d_bold_sms_abcd",
    "ReceiveCoilActiveElements": "HEA;HEP",
    "ReceiveCoilName": "Head_32",
    "ReconMatrixPE": 90,
    "RefLinesPE": 22,
    "RepetitionTime": 0.8,
    "SAR": 0.0699773,
    "ScanOptions": "FS_CT",
    "ScanningSequence": "EP",
    "SequenceName": "epfid2d1_90",
    "SequenceVariant": "SK",
    "SeriesDescription": "ABCD_fMRI_task_Monetary_Incentive",
    "SeriesNumber": 28,
    "ShimSetting": [
      -2124,
      -643,
      -4040,
      403,
      -52,
      -37,
      15,
      87
    ],
    "SliceThickness": 2.4,
    "SliceTiming": [
      0.545,
      0,
      0.39,
      0.0775,
      0.4675,
      0.2325,
      0.6225,
      0.31,
      0.7,
      0.155,
      0.545,
      0,
      0.39,
      0.0775,
      0.4675,
      0.2325,
      0.6225,
      0.31,
      0.7,
      0.155,
      0.545,
      0,
      0.39,
      0.0775,
      0.4675,
      0.2325,
      0.6225,
      0.31,
      0.7,
      0.155,
      0.545,
      0,
      0.39,
      0.0775,
      0.4675,
      0.2325,
      0.6225,
      0.31,
      0.7,
      0.155,
      0.545,
      0,
      0.39,
      0.0775,
      0.4675,
      0.2325,
      0.6225,
      0.31,
      0.7,
      0.155,
      0.545,
      0,
      0.39,
      0.0775,
      0.4675,
      0.2325,
      0.6225,
      0.31,
      0.7,
      0.155
    ],
    "SoftwareVersions": "syngo_MR_E11",
    "SpacingBetweenSlices": 2.4,
    "StationName": "AWP166095",
    "TotalReadoutTime": 0.045391,
    "TxRefAmp": 250.65,
    "WipMemBlock": "1cc530f3-78e4-40cf-bc79-751a6f302f3c",
    "dataset": "ds004097",
    "modality": "bold",
    "run_id": 1,
    "session_id": "04",
    "subject_id": "NDARJZ387ZJA",
    "task_id": "MID"
  },
  "dummy_trs": 5,
  "dvars_nstd": 36.067199283234544,
  "dvars_std": 1.0817705258024701,
  "dvars_vstd": 0.9611581156049378,
  "efc": 0.5683732949821366,
  "fber": 558.5048217773438,
  "fd_mean": 0.08040485452380236,
  "fd_num": 1,
  "fd_perc": 0.24630541871921183,
  "fwhm_avg": 2.716562488333087,
  "fwhm_x": 2.5423332323100873,
  "fwhm_y": 2.699808226052593,
  "fwhm_z": 2.90754600663658,
  "gcor": 0.0155352,
  "gsr_x": -0.010380413383245468,
  "gsr_y": 0.09390579164028168,
  "provenance": {
    "md5sum": "b40f43ade277a1fbaa9d06d54a34ea4e",
    "settings": {
      "fd_thres": 0.2,
      "testing": false
    },
    "software": "mriqc",
    "version": "23.0.1",
    "webapi_port": null,
    "webapi_url": "https://mriqc.nimh.nih.gov/api/v1"
  },
  "size_t": 406,
  "size_x": 90,
  "size_y": 90,
  "size_z": 60,
  "snr": 2.4889951696728128,
  "spacing_tr": 0.800000011920929,
  "spacing_x": 2.4000000953674316,
  "spacing_y": 2.4000000953674316,
  "spacing_z": 2.3999998569488525,
  "summary_bg_k": 25.954201873570682,
  "summary_bg_mad": 5.718608658087297,
  "summary_bg_mean": 25.36516761779785,
  "summary_bg_median": 10.485221862792969,
  "summary_bg_n": 281476.0,
  "summary_bg_p05": 5.977832317352295,
  "summary_bg_p95": 108.82943153381348,
  "summary_bg_stdv": 46.54541015625,
  "summary_fg_k": 1.1385318844275503,
  "summary_fg_mad": 99.7396798158544,
  "summary_fg_mean": 283.4888000488281,
  "summary_fg_median": 264.3029479980469,
  "summary_fg_n": 100785.0,
  "summary_fg_p05": 148.96009826660156,
  "summary_fg_p95": 483.1472839355467,
  "summary_fg_stdv": 106.1880874633789,
  "tsnr": 31.250759064685553
}