{
  "aor": 0.0006100990099009901,
  "aqi": 0.01057734014851485,
  "bids_meta": {
    "AcquisitionMatrixPE": 90,
    "AcquisitionNumber": 1,
    "AcquisitionTime": "14:41:1.702500",
    "BandwidthPerPixelPhaseEncode": 21.786,
    "BaseResolution": 90,
    "BodyPartExamined": "BRAIN",
    "ConsistencyInfo": "N4_VE11C_LATEST_20160120",
    "ConversionSoftware": "dcm2niix",
    "ConversionSoftwareVersion": "v1.0.20190902",
    "Dcm2bidsVersion": "2.1.4",
    "DerivedVendorReportedEchoSpacing": 0.000510012,
    "DeviceSerialNumber": "166095",
    "DwellTime": 2e-06,
    "EchoTime": 0.03,
    "EchoTrainLength": 90,
    "EffectiveEchoSpacing": 0.000510012,
    "FlipAngle": 52,
    "ImageComments": "SMS_ABCD_V1.2;_MB=6;_FOVshift=3;_K_PE=5;_K_RO=5;_LeakBlockOn;",
    "ImageOrientationPatientDICOM": [
      1,
      0,
      0,
      0,
      1,
      0
    ],
    "ImageType": [
      "ORIGINAL",
      "PRIMARY",
      "M",
      "ND",
      "MOSAIC"
    ],
    "ImagingFrequency": 123.261,
    "InPlanePhaseEncodingDirectionDICOM": "COL",
    "InstitutionAddress": "Hillhouse_Ave._10_New_Haven_Northeast_US_06519",
    "InstitutionName": "Yale_University_-_Dunham_Lab._Bldg.",
    "InstitutionalDepartmentName": "Department",
    "MRAcquisitionType": "2D",
    "MagneticFieldStrength": 3,
    "Manufacturer": "Siemens",
    "ManufacturersModelName": "Prisma",
    "Modality": "MR",
    "MultibandAccelerationFactor": 6,
    "PartialFourier": 1,
    "PatientPosition": "HFS",
    "PercentPhaseFOV": 100,
    "PhaseEncodingAxis": "j",
    "PhaseEncodingDirection": "j",
    "PhaseEncodingSteps": 90,
    "PhaseResolution": 1,
    "PixelBandwidth": 2780,
    "ProcedureStepDescription": "ABCDadult",
    "ProtocolName": "ABCD_fMRI_task_Monetary_Incentive",
    "PulseSequenceDetails": "%CustomerSeq%_ep2d_bold_sms_abcd",
    "ReceiveCoilActiveElements": "HEA;HEP",
    "ReceiveCoilName": "Head_32",
    "ReconMatrixPE": 90,
    "RefLinesPE": 22,
    "RepetitionTime": 0.8,
    "SAR": 0.0699773,
    "ScanOptions": "FS_CT",
    "ScanningSequence": "EP",
    "SequenceName": "epfid2d1_90",
    "SequenceVariant": "SK",
    "SeriesDescription": "ABCD_fMRI_task_Monetary_Incentive",
    "SeriesNumber": 30,
    "ShimSetting": [
      -2124,
      -643,
      -4040,
      403,
      -52,
      -37,
      15,
      87
    ],
    "SliceThickness": 2.4,
    "SliceTiming": [
      0.545,
      0,
      0.39,
      0.0775,
      0.4675,
      0.2325,
      0.6225,
      0.31,
      0.7,
      0.155,
      0.545,
      0,
      0.39,
      0.0775,
      0.4675,
      0.2325,
      0.6225,
      0.31,
      0.7,
      0.155,
      0.545,
      0,
      0.39,
      0.0775,
      0.4675,
      0.2325,
      0.6225,
      0.31,
      0.7,
      0.155,
      0.545,
      0,
      0.39,
      0.0775,
      0.4675,
      0.2325,
      0.6225,
      0.31,
      0.7,
      0.155,
      0.545,
      0,
      0.39,
      0.0775,
      0.4675,
      0.2325,
      0.6225,
      0.31,
      0.7,
      0.155,
      0.545,
      0,
      0.39,
      0.0775,
      0.4675,
      0.2325,
      0.6225,
      0.31,
      0.7,
      0.155
    ],
    "SoftwareVersions": "syngo_MR_E11",
    "SpacingBetweenSlices": 2.4,
    "StationName": "AWP166095",
    "TotalReadoutTime": 0.045391,
    "TxRefAmp": 250.65,
    "WipMemBlock": "ace8dee9-9a2c-4f8f-8f74-6b2a313b4578",
    "dataset": "ds004097",
    "modality": "bold",
    "run_id": 2,
    "session_id": "04",
    "subject_id": "NDARJZ387ZJA",
    "task_id": "MID"
  },
  "dummy_trs": 7,
  "dvars_nstd": 37.759253641364765,
  "dvars_std": 1.0865800486600488,
  "dvars_vstd": 0.9539303059553352,
  "efc": 0.570040128250903,
  "fber": 574.5202026367188,
  "fd_mean": 0.10545456712629592,
  "fd_num": 19,
  "fd_perc": 4.702970297029703,
  "fwhm_avg": 2.6612291553093663,
  "fwhm_x": 2.4669165686402095,
  "fwhm_y": 2.666274894051755,
  "fwhm_z": 2.850496003236135,
  "gcor": 0.00789875,
  "gsr_x": -0.020541051402688026,
  "gsr_y": 0.09731101244688034,
  "provenance": {
    "md5sum": "a8f52b98c6f23eb0213a5e747e49ef76",
    "settings": {
      "fd_thres": 0.2,
      "testing": false
    },
    "software": "mriqc",
    "version": "23.0.1",
    "webapi_port": null,
    "webapi_url": "https://mriqc.nimh.nih.gov/api/v1"
  },
  "size_t": 404,
  "size_x": 90,
  "size_y": 90,
  "size_z": 60,
  "snr": 2.532682948631588,
  "spacing_tr": 0.800000011920929,
  "spacing_x": 2.4000000953674316,
  "spacing_y": 2.4000000953674316,
  "spacing_z": 2.3999998569488525,
  "summary_bg_k": 32.07931227064144,
  "summary_bg_mad": 5.394616745189847,
  "summary_bg_mean": 23.040464401245117,
  "summary_bg_median": 10.158415794372559,
  "summary_bg_n": 276732.0,
  "summary_bg_p05": 5.86881160736084,
  "summary_bg_p95": 92.36249732971194,
  "summary_bg_stdv": 41.766387939453125,
  "summary_fg_k": 0.9498887951827726,
  "summary_fg_mad": 97.38567325691581,
  "summary_fg_mean": 279.1248474121094,
  "summary_fg_median": 260.9133605957031,
  "summary_fg_n": 101941.0,
  "summary_fg_p05": 147.36386108398438,
  "summary_fg_p95": 473.34405517578125,
  "summary_fg_stdv": 103.01805877685547,
  "tsnr": 32.32600833801553
}