{
  "bids_meta": {
    "AcquisitionMatrixPE": 256,
    "AcquisitionNumber": 1,
    "AcquisitionTime": "11:55:38.377500",
    "BaseResolution": 256,
    "BodyPartExamined": "BRAIN",
    "ConsistencyInfo": "N4_VE11C_LATEST_20160120",
    "ConversionSoftware": "dcm2niix",
    "ConversionSoftwareVersion": "v1.0.20190902",
    "Dcm2bidsVersion": "2.1.4",
    "DeviceSerialNumber": "166095",
    "DwellTime": 0.000510012,
    "EchoTime": 0.565,
    "EchoTrainLength": 190,
    "FlipAngle": 120,
    "ImageOrientationPatientDICOM": [
      -0.0191974,
      0.999816,
      -4.46083e-09,
      -0.0401245,
      -0.000770433,
      -0.999194
    ],
    "ImageType": [
      "ORIGINAL",
      "PRIMARY",
      "M",
      "ND",
      "NORM"
    ],
    "ImagingFrequency": 123.261,
    "InPlanePhaseEncodingDirectionDICOM": "ROW",
    "InstitutionAddress": "Hillhouse_Ave._10_New_Haven_Northeast_US_06519",
    "InstitutionName": "Yale_University_-_Dunham_Lab._Bldg.",
    "InstitutionalDepartmentName": "Department",
    "MRAcquisitionType": "3D",
    "MagneticFieldStrength": 3,
    "Manufacturer": "Siemens",
    "ManufacturersModelName": "Prisma",
    "Modality": "MR",
    "ParallelReductionFactorInPlane": 2,
    "PartialFourier": 1,
    "PatientPosition": "HFS",
    "PercentPhaseFOV": 100,
    "PhaseEncodingSteps": 227,
    "PhaseResolution": 1,
    "PixelBandwidth": 240,
    "ProcedureStepDescription": "ABCDadult",
    "ProtocolName": "ABCD_T2w_SPC_vNav",
    "PulseSequenceDetails": "%CustomerSeq%_tse_vfl_mgh_epinav_ABCD",
    "ReceiveCoilActiveElements": "HEA;HEP",
    "ReceiveCoilName": "Head_32",
    "ReconMatrixPE": 256,
    "RefLinesPE": 32,
    "RepetitionTime": 3.2,
    "SAR": 0.0788071,
    "ScanOptions": "PFP",
    "ScanningSequence": "SE",
    "SequenceName": "spc_200ns",
    "SequenceVariant": "SK_SP",
    "SeriesDescription": "ABCD_T2w_SPC_vNav",
    "SeriesNumber": 18,
    "ShimSetting": [
      -2136,
      -709,
      -4051,
      333,
      9,
      -203,
      7,
      88
    ],
    "SliceThickness": 1,
    "SoftwareVersions": "syngo_MR_E11",
    "StationName": "AWP166095",
    "TxRefAmp": 245.869,
    "WipMemBlock": "Prisma_epi_moco_navigator_ABCD_tse_vfl.prot",
    "dataset": "ds004097",
    "modality": "T2w",
    "session_id": "04",
    "subject_id": "NDARDD890AYU"
  },
  "cjv": 1.086384940898471,
  "cnr": 0.4658769718328266,
  "efc": 0.5631187342778154,
  "fber": 4820.044495855888,
  "fwhm_avg": 3.687426666666667,
  "fwhm_x": 3.59391,
  "fwhm_y": 3.93428,
  "fwhm_z": 3.53409,
  "icvs_csf": 0.4659874367945376,
  "icvs_gm": 0.39682925962906007,
  "icvs_wm": 0.13718330357640235,
  "inu_med": 0.9478452801704407,
  "inu_range": 0.988256901502609,
  "provenance": {
    "md5sum": "9d0912a6973e02932d5c0465a7364c03",
    "settings": {
      "testing": false
    },
    "software": "mriqc",
    "version": "23.0.1",
    "warnings": {
      "large_rot_frame": true,
      "small_air_mask": false
    },
    "webapi_port": null,
    "webapi_url": "https://mriqc.nimh.nih.gov/api/v1"
  },
  "qi_1": 3.0423837039665353e-05,
  "qi_2": 0.0014794440598249023,
  "rpve_csf": 11.38064743546216,
  "rpve_gm": 13.619830184491807,
  "rpve_wm": 38.72604229444502,
  "size_x": 176,
  "size_y": 256,
  "size_z": 256,
  "snr_csf": 9.420717702551052,
  "snr_gm": 12.71079684884961,
  "snr_total": 7.493623940013914,
  "snr_wm": 0.3493572686410791,
  "snrd_csf": 71.16141347660822,
  "snrd_gm": 44.25837043042187,
  "snrd_total": 44.78761395205996,
  "snrd_wm": 18.943057949149786,
  "spacing_x": 1.0,
  "spacing_y": 1.0,
  "spacing_z": 1.0,
  "summary_bg_k": 8.66884855714436,
  "summary_bg_mad": 34.90458236019731,
  "summary_bg_mean": 31.513218427249136,
  "summary_bg_median": 23.54278303682804,
  "summary_bg_n": 2509150.0,
  "summary_bg_p05": 0.0,
  "summary_bg_p95": 110.24517022073269,
  "summary_bg_stdv": 42.08960658028167,
  "summary_csf_k": 2.4700099914403735,
  "summary_csf_mad": 317.5113388489672,
  "summary_csf_mean": 3839.036107884701,
  "summary_csf_median": 3791.3622530549765,
  "summary_csf_n": 129512.0,
  "summary_csf_p05": 3292.9047087579966,
  "summary_csf_p95": 4574.7686541080475,
  "summary_csf_stdv": 402.44785329806604,
  "summary_gm_k": 0.2928598703630785,
  "summary_gm_mad": 179.81877946943027,
  "summary_gm_mean": 2362.619034230992,
  "summary_gm_median": 2358.012676164508,
  "summary_gm_n": 230673.0,
  "summary_gm_p05": 2064.9456183612347,
  "summary_gm_p95": 2674.4601529836655,
  "summary_gm_stdv": 185.51217465280797,
  "summary_wm_k": -1.495859249571598,
  "summary_wm_mad": 1285.451515885887,
  "summary_wm_mean": 2838.7046822994375,
  "summary_wm_median": 1009.2547541856766,
  "summary_wm_n": 27879.0,
  "summary_wm_p05": 102.93878927826881,
  "summary_wm_p95": 7359.8636509627095,
  "summary_wm_stdv": 2888.8382867262826,
  "tpm_overlap_csf": 0.10928708603939524,
  "tpm_overlap_gm": 0.25123970142443364,
  "tpm_overlap_wm": 0.02488808500513481,
  "wm2max": 0.1408374116367591
}