{
  "bids_meta": {
    "AcquisitionMatrixPE": 256,
    "AcquisitionNumber": 1,
    "AcquisitionTime": "11:26:40.905000",
    "BaseResolution": 256,
    "BodyPartExamined": "BRAIN",
    "ConsistencyInfo": "N4_VE11C_LATEST_20160120",
    "ConversionSoftware": "dcm2niix",
    "ConversionSoftwareVersion": "v1.0.20190902",
    "Dcm2bidsVersion": "2.1.4",
    "DeviceSerialNumber": "166095",
    "DwellTime": 0.000510012,
    "EchoTime": 0.0029,
    "FlipAngle": 8,
    "ImageOrientationPatientDICOM": [
      -0.0191974,
      0.999816,
      -4.46083e-09,
      -0.0401245,
      -0.000770433,
      -0.999194
    ],
    "ImageType": [
      "ORIGINAL",
      "PRIMARY",
      "M",
      "ND",
      "NORM"
    ],
    "ImagingFrequency": 123.261,
    "InPlanePhaseEncodingDirectionDICOM": "ROW",
    "InstitutionAddress": "Hillhouse_Ave._10_New_Haven_Northeast_US_06519",
    "InstitutionName": "Yale_University_-_Dunham_Lab._Bldg.",
    "InstitutionalDepartmentName": "Department",
    "InversionTime": 1.07,
    "MRAcquisitionType": "3D",
    "MagneticFieldStrength": 3,
    "Manufacturer": "Siemens",
    "ManufacturersModelName": "Prisma",
    "Modality": "MR",
    "ParallelReductionFactorInPlane": 2,
    "PartialFourier": 1,
    "PatientPosition": "HFS",
    "PercentPhaseFOV": 100,
    "PhaseEncodingSteps": 255,
    "PhaseResolution": 1,
    "PixelBandwidth": 240,
    "ProcedureStepDescription": "ABCDadult",
    "ProtocolName": "ABCD_T1w_MPR_vNav",
    "PulseSequenceDetails": "%CustomerSeq%_tfl_mgh_epinav_ABCD",
    "ReceiveCoilActiveElements": "HEA;HEP",
    "ReceiveCoilName": "Head_32",
    "ReconMatrixPE": 256,
    "RefLinesPE": 32,
    "RepetitionTime": 2.5,
    "SAR": 0.035959,
    "ScanOptions": "IR_WE",
    "ScanningSequence": "GR_IR",
    "SequenceName": "tfl3d1_16ns",
    "SequenceVariant": "SK_SP_MP",
    "SeriesDescription": "ABCD_T1w_MPR_vNav",
    "SeriesNumber": 5,
    "ShimSetting": [
      -2136,
      -709,
      -4051,
      333,
      9,
      -203,
      7,
      88
    ],
    "SliceThickness": 1,
    "SoftwareVersions": "syngo_MR_E11",
    "StationName": "AWP166095",
    "TxRefAmp": 245.869,
    "WipMemBlock": "Prisma_epi_moco_navigator_ABCD_tfl.prot",
    "dataset": "ds004097",
    "modality": "T1w",
    "session_id": "04",
    "subject_id": "NDARDD890AYU"
  },
  "cjv": 0.45029346748294524,
  "cnr": 2.8491469159825016,
  "efc": 0.5684534644642616,
  "fber": 10007.40877914952,
  "fwhm_avg": 3.85351,
  "fwhm_x": 3.87433,
  "fwhm_y": 3.93276,
  "fwhm_z": 3.75344,
  "icvs_csf": 0.16283864490478306,
  "icvs_gm": 0.43106474762056013,
  "icvs_wm": 0.4060966074746568,
  "inu_med": 1.0564995408058167,
  "inu_range": 0.9285236150026321,
  "provenance": {
    "md5sum": "c9bc4deb6a4be4d36dac8ab747d24f8f",
    "settings": {
      "testing": false
    },
    "software": "mriqc",
    "version": "23.0.1",
    "warnings": {
      "large_rot_frame": true,
      "small_air_mask": false
    },
    "webapi_port": null,
    "webapi_url": "https://mriqc.nimh.nih.gov/api/v1"
  },
  "qi_1": 6.571895988300549e-05,
  "qi_2": 0.0007027937377875773,
  "rpve_csf": 27.747776535122757,
  "rpve_gm": 11.180347158901805,
  "rpve_wm": 13.2806656141958,
  "size_x": 176,
  "size_y": 256,
  "size_z": 256,
  "snr_csf": 1.9710749930258753,
  "snr_gm": 11.057973249297941,
  "snr_total": 8.878924781955734,
  "snr_wm": 13.607726103543383,
  "snrd_csf": 16.479237762635993,
  "snrd_gm": 51.318206951950714,
  "snrd_total": 46.43645425990102,
  "snrd_wm": 71.51191806511635,
  "spacing_x": 1.0,
  "spacing_y": 1.0,
  "spacing_z": 1.0,
  "summary_bg_k": 273.8824941501306,
  "summary_bg_mad": 9.161645542139224,
  "summary_bg_mean": 8.816813564889152,
  "summary_bg_median": 6.179436013102531,
  "summary_bg_n": 2489005.0,
  "summary_bg_p05": 0.0,
  "summary_bg_p95": 33.127352461218834,
  "summary_bg_stdv": 14.535889317388639,
  "summary_csf_k": 2.757393179632283,
  "summary_csf_mad": 89.61880338588821,
  "summary_csf_mean": 252.13553411229043,
  "summary_csf_median": 230.45114755630493,
  "summary_csf_n": 23070.0,
  "summary_csf_p05": 100.75036107227207,
  "summary_csf_p95": 481.67077554762363,
  "summary_csf_stdv": 116.91394478189447,
  "summary_gm_k": 0.09795595913297062,
  "summary_gm_mad": 64.88924887740714,
  "summary_gm_mean": 717.7479446581758,
  "summary_gm_median": 717.6508921682835,
  "summary_gm_n": 31555.0,
  "summary_gm_p05": 611.5643790200353,
  "summary_gm_p95": 822.4225328415632,
  "summary_gm_stdv": 64.89792518666344,
  "summary_wm_k": 1.647046869841808,
  "summary_wm_mad": 62.271635865367365,
  "summary_wm_mean": 1013.6771296434869,
  "summary_wm_median": 1000.0464717745781,
  "summary_wm_n": 240963.0,
  "summary_wm_p05": 919.6673416793346,
  "summary_wm_p95": 1156.6185125306247,
  "summary_wm_stdv": 73.4909263354605,
  "tpm_overlap_csf": 0.14371394368244217,
  "tpm_overlap_gm": 0.43838367025777597,
  "tpm_overlap_wm": 0.4670352821369227,
  "wm2max": 0.496803231390652
}