{
  "aor": 0.0008968518518518518,
  "aqi": 0.005503125661375662,
  "bids_meta": {
    "AcquisitionMatrixPE": 90,
    "AcquisitionNumber": 1,
    "AcquisitionTime": "11:47:4.007500",
    "BandwidthPerPixelPhaseEncode": 21.786,
    "BaseResolution": 90,
    "BodyPartExamined": "BRAIN",
    "ConsistencyInfo": "N4_VE11C_LATEST_20160120",
    "ConversionSoftware": "dcm2niix",
    "ConversionSoftwareVersion": "v1.0.20190902",
    "Dcm2bidsVersion": "2.1.4",
    "DerivedVendorReportedEchoSpacing": 0.000510012,
    "DeviceSerialNumber": "166095",
    "DwellTime": 2e-06,
    "EchoTime": 0.03,
    "EchoTrainLength": 90,
    "EffectiveEchoSpacing": 0.000510012,
    "FlipAngle": 52,
    "ImageComments": "SMS_ABCD_V1.2;_MB=6;_FOVshift=3;_K_PE=5;_K_RO=5;_LeakBlockOn;",
    "ImageOrientationPatientDICOM": [
      1,
      0,
      0,
      0,
      1,
      0
    ],
    "ImageType": [
      "ORIGINAL",
      "PRIMARY",
      "M",
      "ND",
      "MOSAIC"
    ],
    "ImagingFrequency": 123.261,
    "InPlanePhaseEncodingDirectionDICOM": "COL",
    "InstitutionAddress": "Hillhouse_Ave._10_New_Haven_Northeast_US_06519",
    "InstitutionName": "Yale_University_-_Dunham_Lab._Bldg.",
    "InstitutionalDepartmentName": "Department",
    "MRAcquisitionType": "2D",
    "MagneticFieldStrength": 3,
    "Manufacturer": "Siemens",
    "ManufacturersModelName": "Prisma",
    "Modality": "MR",
    "MultibandAccelerationFactor": 6,
    "PartialFourier": 1,
    "PatientPosition": "HFS",
    "PercentPhaseFOV": 100,
    "PhaseEncodingAxis": "j",
    "PhaseEncodingDirection": "j",
    "PhaseEncodingSteps": 90,
    "PhaseResolution": 1,
    "PixelBandwidth": 2780,
    "ProcedureStepDescription": "Casey_ABCD-Adult",
    "ProtocolName": "ABCD_fMRI_rest",
    "PulseSequenceDetails": "%CustomerSeq%_ep2d_bold_sms_abcd",
    "ReceiveCoilActiveElements": "HEA;HEP",
    "ReceiveCoilName": "Head_32",
    "ReconMatrixPE": 90,
    "RefLinesPE": 22,
    "RepetitionTime": 0.8,
    "SAR": 0.0633805,
    "ScanOptions": "FS_CT",
    "ScanningSequence": "EP",
    "SequenceName": "epfid2d1_90",
    "SequenceVariant": "SK",
    "SeriesDescription": "ABCD_fMRI_rest",
    "SeriesNumber": 10,
    "ShimSetting": [
      -2124,
      -623,
      -4116,
      467,
      -79,
      -8,
      -121,
      100
    ],
    "SliceThickness": 2.4,
    "SliceTiming": [
      0.545,
      0,
      0.39,
      0.0775,
      0.4675,
      0.2325,
      0.6225,
      0.31,
      0.7,
      0.155,
      0.545,
      0,
      0.39,
      0.0775,
      0.4675,
      0.2325,
      0.6225,
      0.31,
      0.7,
      0.155,
      0.545,
      0,
      0.39,
      0.0775,
      0.4675,
      0.2325,
      0.6225,
      0.31,
      0.7,
      0.155,
      0.545,
      0,
      0.39,
      0.0775,
      0.4675,
      0.2325,
      0.6225,
      0.31,
      0.7,
      0.155,
      0.545,
      0,
      0.39,
      0.0775,
      0.4675,
      0.2325,
      0.6225,
      0.31,
      0.7,
      0.155,
      0.545,
      0,
      0.39,
      0.0775,
      0.4675,
      0.2325,
      0.6225,
      0.31,
      0.7,
      0.155
    ],
    "SoftwareVersions": "syngo_MR_E11",
    "SpacingBetweenSlices": 2.4,
    "StationName": "AWP166095",
    "TotalReadoutTime": 0.045391,
    "TxRefAmp": 244.983,
    "WipMemBlock": "60ff0e29-308a-413b-9822-64b21396067a",
    "dataset": "ds004097",
    "modality": "bold",
    "run_id": 2,
    "session_id": "03",
    "subject_id": "NDARFT076LW8",
    "task_id": "rest"
  },
  "dummy_trs": 5,
  "dvars_nstd": 30.602488808620684,
  "dvars_std": 1.0436960867108749,
  "dvars_vstd": 1.0122527058355444,
  "efc": 0.5331855198189674,
  "fber": 455.9091796875,
  "fd_mean": 0.09082405399133721,
  "fd_num": 23,
  "fd_perc": 6.084656084656085,
  "fwhm_avg": 2.9508012716345813,
  "fwhm_x": 2.6930623929873154,
  "fwhm_y": 3.087991543960907,
  "fwhm_z": 3.0713498779555213,
  "gcor": 0.0175819,
  "gsr_x": -0.01206878386437893,
  "gsr_y": 0.07195054739713669,
  "provenance": {
    "md5sum": "c73df2e97eb7941121371e2d0f0e4325",
    "settings": {
      "fd_thres": 0.2,
      "testing": false
    },
    "software": "mriqc",
    "version": "23.0.1",
    "webapi_port": null,
    "webapi_url": "https://mriqc.nimh.nih.gov/api/v1"
  },
  "size_t": 378,
  "size_x": 90,
  "size_y": 90,
  "size_z": 60,
  "snr": 2.462003884466532,
  "spacing_tr": 0.800000011920929,
  "spacing_x": 2.4000000953674316,
  "spacing_y": 2.4000000953674316,
  "spacing_z": 2.4000000953674316,
  "summary_bg_k": 45.062303811754546,
  "summary_bg_mad": 8.652434683105298,
  "summary_bg_mean": 25.234310150146484,
  "summary_bg_median": 12.354496955871582,
  "summary_bg_n": 316797.0,
  "summary_bg_p05": 5.724867343902588,
  "summary_bg_p95": 94.29417724609378,
  "summary_bg_stdv": 38.80233383178711,
  "summary_fg_k": 0.8129374026427065,
  "summary_fg_mad": 101.77004582093039,
  "summary_fg_mean": 290.0855712890625,
  "summary_fg_median": 269.81744384765625,
  "summary_fg_n": 88415.0,
  "summary_fg_p05": 150.81480407714844,
  "summary_fg_p95": 502.13305358886726,
  "summary_fg_stdv": 109.59199523925781,
  "tsnr": 39.65279757301323
}