{
  "bids_meta": {
    "AcquisitionMatrixPE": 256,
    "AcquisitionNumber": 1,
    "AcquisitionTime": "12:03:56.862500",
    "BaseResolution": 256,
    "BodyPartExamined": "BRAIN",
    "ConsistencyInfo": "N4_VE11C_LATEST_20160120",
    "ConversionSoftware": "dcm2niix",
    "ConversionSoftwareVersion": "v1.0.20190902",
    "Dcm2bidsVersion": "2.1.4",
    "DeviceSerialNumber": "166095",
    "DwellTime": 0.000510012,
    "EchoTime": 0.565,
    "EchoTrainLength": 190,
    "FlipAngle": 120,
    "ImageOrientationPatientDICOM": [
      0,
      1,
      0,
      -0.0627905,
      0,
      -0.998027
    ],
    "ImageType": [
      "ORIGINAL",
      "PRIMARY",
      "M",
      "ND"
    ],
    "ImagingFrequency": 123.261,
    "InPlanePhaseEncodingDirectionDICOM": "ROW",
    "InstitutionAddress": "Hillhouse_Ave._10_New_Haven_Northeast_US_06519",
    "InstitutionName": "Yale_University_-_Dunham_Lab._Bldg.",
    "InstitutionalDepartmentName": "Department",
    "MRAcquisitionType": "3D",
    "MagneticFieldStrength": 3,
    "Manufacturer": "Siemens",
    "ManufacturersModelName": "Prisma",
    "Modality": "MR",
    "ParallelReductionFactorInPlane": 2,
    "PartialFourier": 1,
    "PatientPosition": "HFS",
    "PercentPhaseFOV": 100,
    "PhaseEncodingSteps": 227,
    "PhaseResolution": 1,
    "PixelBandwidth": 240,
    "ProcedureStepDescription": "ABCDadult",
    "ProtocolName": "ABCD_T2w_SPC_vNav",
    "PulseSequenceDetails": "%CustomerSeq%_tse_vfl_mgh_epinav_ABCD",
    "ReceiveCoilActiveElements": "HEA;HEP",
    "ReceiveCoilName": "Head_32",
    "ReconMatrixPE": 256,
    "RefLinesPE": 32,
    "RepetitionTime": 3.2,
    "SAR": 0.0854874,
    "ScanOptions": "PFP",
    "ScanningSequence": "SE",
    "SequenceName": "spc_200ns",
    "SequenceVariant": "SK_SP",
    "SeriesDescription": "ABCD_T2w_SPC_vNav",
    "SeriesNumber": 17,
    "ShimSetting": [
      -2143,
      -699,
      -3990,
      403,
      -30,
      -170,
      -44,
      71
    ],
    "SliceThickness": 1,
    "SoftwareVersions": "syngo_MR_E11",
    "StationName": "AWP166095",
    "TxRefAmp": 254.718,
    "WipMemBlock": "Prisma_epi_moco_navigator_ABCD_tse_vfl.prot",
    "dataset": "ds004097",
    "modality": "T2w",
    "session_id": "03",
    "subject_id": "NDARDD890AYU"
  },
  "cjv": 0.5889332910785948,
  "cnr": 0.6033568602436866,
  "efc": 0.5479344166988199,
  "fber": 7586.605731599546,
  "fwhm_avg": 3.5906533333333335,
  "fwhm_x": 3.46715,
  "fwhm_y": 3.88782,
  "fwhm_z": 3.41699,
  "icvs_csf": 0.47493243388797374,
  "icvs_gm": 0.39951859174681187,
  "icvs_wm": 0.12554897436521442,
  "inu_med": 0.8735599219799042,
  "inu_range": 0.8634085059165955,
  "provenance": {
    "md5sum": "d1e2f9f75aac4591476c83eb5b325172",
    "settings": {
      "testing": false
    },
    "software": "mriqc",
    "version": "23.0.1",
    "warnings": {
      "large_rot_frame": true,
      "small_air_mask": false
    },
    "webapi_port": null,
    "webapi_url": "https://mriqc.nimh.nih.gov/api/v1"
  },
  "qi_1": 0.0010255994798321468,
  "qi_2": 0.0013748769704830547,
  "rpve_csf": 11.38100380997821,
  "rpve_gm": 13.635649459485613,
  "rpve_wm": 43.142534683164605,
  "size_x": 176,
  "size_y": 256,
  "size_z": 256,
  "snr_csf": 10.958673185230447,
  "snr_gm": 12.660792604903712,
  "snr_total": 7.954177045113295,
  "snr_wm": 0.24306534520572637,
  "snrd_csf": 80.43556888123082,
  "snrd_gm": 50.26819877351762,
  "snrd_total": 48.37165075434351,
  "snrd_wm": 14.411184608282113,
  "spacing_x": 1.0,
  "spacing_y": 1.0,
  "spacing_z": 1.0,
  "summary_bg_k": 13.213500563557755,
  "summary_bg_mad": 45.74696031851365,
  "summary_bg_mean": 50.816218486511396,
  "summary_bg_median": 30.855855837464333,
  "summary_bg_n": 2634662.0,
  "summary_bg_p05": 0.0,
  "summary_bg_p95": 178.1531530469656,
  "summary_bg_stdv": 68.50465637827581,
  "summary_csf_k": 0.47716101260094623,
  "summary_csf_mad": 461.4766362057362,
  "summary_csf_mean": 5655.768774641023,
  "summary_csf_median": 5616.666663318872,
  "summary_csf_n": 149121.0,
  "summary_csf_p05": 4882.657654747367,
  "summary_csf_p95": 6621.396392449737,
  "summary_csf_stdv": 512.5299145042487,
  "summary_gm_k": 0.23653175732570597,
  "summary_gm_mad": 269.1390512169489,
  "summary_gm_mean": 3512.644208204506,
  "summary_gm_median": 3510.1351330429316,
  "summary_gm_n": 227152.0,
  "summary_gm_p05": 3061.9369351118803,
  "summary_gm_p95": 3971.1711688041687,
  "summary_gm_stdv": 277.2438911346946,
  "summary_wm_k": -1.0844876679621567,
  "summary_wm_mad": 1205.4491003637538,
  "summary_wm_mean": 3566.250383531283,
  "summary_wm_median": 1006.306305706501,
  "summary_wm_n": 28587.0,
  "summary_wm_p05": 117.11711704730988,
  "summary_wm_p95": 10799.256750319897,
  "summary_wm_stdv": 4139.992494334964,
  "tpm_overlap_csf": 0.10844760884332424,
  "tpm_overlap_gm": 0.250506256848307,
  "tpm_overlap_wm": 0.024715310923871466,
  "wm2max": 0.09629137580667035
}