{
  "bids_meta": {
    "AcquisitionMatrixPE": 256,
    "AcquisitionNumber": 1,
    "AcquisitionTime": "11:35:1.577500",
    "BaseResolution": 256,
    "BodyPartExamined": "BRAIN",
    "ConsistencyInfo": "N4_VE11C_LATEST_20160120",
    "ConversionSoftware": "dcm2niix",
    "ConversionSoftwareVersion": "v1.0.20190902",
    "Dcm2bidsVersion": "2.1.4",
    "DeviceSerialNumber": "166095",
    "DwellTime": 0.000510012,
    "EchoTime": 0.0029,
    "FlipAngle": 8,
    "ImageOrientationPatientDICOM": [
      0,
      1,
      0,
      -0.0627905,
      0,
      -0.998027
    ],
    "ImageType": [
      "ORIGINAL",
      "PRIMARY",
      "M",
      "ND"
    ],
    "ImagingFrequency": 123.261,
    "InPlanePhaseEncodingDirectionDICOM": "ROW",
    "InstitutionAddress": "Hillhouse_Ave._10_New_Haven_Northeast_US_06519",
    "InstitutionName": "Yale_University_-_Dunham_Lab._Bldg.",
    "InstitutionalDepartmentName": "Department",
    "InversionTime": 1.07,
    "MRAcquisitionType": "3D",
    "MagneticFieldStrength": 3,
    "Manufacturer": "Siemens",
    "ManufacturersModelName": "Prisma",
    "Modality": "MR",
    "ParallelReductionFactorInPlane": 2,
    "PartialFourier": 1,
    "PatientPosition": "HFS",
    "PercentPhaseFOV": 100,
    "PhaseEncodingSteps": 255,
    "PhaseResolution": 1,
    "PixelBandwidth": 240,
    "ProcedureStepDescription": "ABCDadult",
    "ProtocolName": "ABCD_T1w_MPR_vNav",
    "PulseSequenceDetails": "%CustomerSeq%_tfl_mgh_epinav_ABCD",
    "ReceiveCoilActiveElements": "HEA;HEP",
    "ReceiveCoilName": "Head_32",
    "ReconMatrixPE": 256,
    "RefLinesPE": 32,
    "RepetitionTime": 2.5,
    "SAR": 0.0390071,
    "ScanOptions": "IR_WE",
    "ScanningSequence": "GR_IR",
    "SequenceName": "tfl3d1_16ns",
    "SequenceVariant": "SK_SP_MP",
    "SeriesDescription": "ABCD_T1w_MPR_vNav",
    "SeriesNumber": 4,
    "ShimSetting": [
      -2143,
      -699,
      -3990,
      403,
      -30,
      -170,
      -44,
      71
    ],
    "SliceThickness": 1,
    "SoftwareVersions": "syngo_MR_E11",
    "StationName": "AWP166095",
    "TxRefAmp": 254.718,
    "WipMemBlock": "Prisma_epi_moco_navigator_ABCD_tfl.prot",
    "dataset": "ds004097",
    "modality": "T1w",
    "session_id": "03",
    "subject_id": "NDARDD890AYU"
  },
  "cjv": 0.28675646462741816,
  "cnr": 4.476643447159329,
  "efc": 0.5669380787633319,
  "fber": 24031.596197374376,
  "fwhm_avg": 3.6761133333333333,
  "fwhm_x": 3.68275,
  "fwhm_y": 3.87859,
  "fwhm_z": 3.467,
  "icvs_csf": 0.1779109073643567,
  "icvs_gm": 0.4764629123810416,
  "icvs_wm": 0.3456261802546017,
  "inu_med": 0.46833735704421997,
  "inu_range": 0.1652808293700218,
  "provenance": {
    "md5sum": "76f6578d20965c4a7ce796aaa4254342",
    "settings": {
      "testing": false
    },
    "software": "mriqc",
    "version": "23.0.1",
    "warnings": {
      "large_rot_frame": true,
      "small_air_mask": false
    },
    "webapi_port": null,
    "webapi_url": "https://mriqc.nimh.nih.gov/api/v1"
  },
  "qi_1": 7.547609389501792e-05,
  "qi_2": 0.00137789227791054,
  "rpve_csf": 25.21514655721027,
  "rpve_gm": 10.71952818318481,
  "rpve_wm": 16.50991785559879,
  "size_x": 176,
  "size_y": 256,
  "size_z": 256,
  "snr_csf": 1.98488287173008,
  "snr_gm": 11.275973056209564,
  "snr_total": 13.229504717782506,
  "snr_wm": 26.42765822540788,
  "snrd_csf": 21.03502734630845,
  "snrd_gm": 63.19727708381113,
  "snrd_total": 59.06548336169311,
  "snrd_wm": 92.96414565495974,
  "spacing_x": 1.0,
  "spacing_y": 1.0,
  "spacing_z": 1.0,
  "summary_bg_k": 262.21451389587406,
  "summary_bg_mad": 0.0,
  "summary_bg_mean": 3.1960041567738626,
  "summary_bg_median": 0.0,
  "summary_bg_n": 2677747.0,
  "summary_bg_p05": 0.0,
  "summary_bg_p95": 14.144788842648268,
  "summary_bg_stdv": 7.04701066031652,
  "summary_csf_k": 1.4882606278273602,
  "summary_csf_mad": 99.16774409791226,
  "summary_csf_mean": 235.40632715223012,
  "summary_csf_median": 226.26442668959498,
  "summary_csf_n": 23125.0,
  "summary_csf_p05": 60.827811502665284,
  "summary_csf_p95": 444.85099936164914,
  "summary_csf_stdv": 113.99137836061361,
  "summary_gm_k": 0.48083369769548323,
  "summary_gm_mad": 55.83263938091588,
  "summary_gm_mean": 680.2158583630521,
  "summary_gm_median": 679.7849811315536,
  "summary_gm_n": 52834.0,
  "summary_gm_p05": 581.5543811246753,
  "summary_gm_p95": 780.9906843267381,
  "summary_gm_stdv": 60.285577528193045,
  "summary_wm_k": 0.47222451585587955,
  "summary_wm_mad": 35.983613738220214,
  "summary_wm_mean": 998.9389021877075,
  "summary_wm_median": 999.9739374238998,
  "summary_wm_n": 214829.0,
  "summary_wm_p05": 935.4872709475458,
  "summary_wm_p95": 1059.3194168116897,
  "summary_wm_stdv": 37.838071066317525,
  "tpm_overlap_csf": 0.14847442471001604,
  "tpm_overlap_gm": 0.46321501575065516,
  "tpm_overlap_wm": 0.49758181164342286,
  "wm2max": 0.7354228244597136
}