{
  "bids_meta": {
    "AcquisitionMatrixPE": 256,
    "AcquisitionNumber": 1,
    "AcquisitionTime": "13:10:27.457500",
    "BaseResolution": 256,
    "BodyPartExamined": "BRAIN",
    "ConsistencyInfo": "N4_VE11C_LATEST_20160120",
    "ConversionSoftware": "dcm2niix",
    "ConversionSoftwareVersion": "v1.0.20190902",
    "Dcm2bidsVersion": "2.1.4",
    "DeviceSerialNumber": "166095",
    "DwellTime": 0.000510012,
    "EchoTime": 0.0029,
    "FlipAngle": 8,
    "ImageOrientationPatientDICOM": [
      0.0610485,
      0.998135,
      0,
      0,
      0,
      -1
    ],
    "ImageType": [
      "ORIGINAL",
      "PRIMARY",
      "M",
      "ND"
    ],
    "ImagingFrequency": 123.261,
    "InPlanePhaseEncodingDirectionDICOM": "ROW",
    "InstitutionAddress": "Hillhouse_Ave._10_New_Haven_Northeast_US_06519",
    "InstitutionName": "Yale_University_-_Dunham_Lab._Bldg.",
    "InstitutionalDepartmentName": "Department",
    "InversionTime": 1.07,
    "MRAcquisitionType": "3D",
    "MagneticFieldStrength": 3,
    "Manufacturer": "Siemens",
    "ManufacturersModelName": "Prisma",
    "Modality": "MR",
    "ParallelReductionFactorInPlane": 2,
    "PartialFourier": 1,
    "PatientPosition": "HFS",
    "PercentPhaseFOV": 100,
    "PhaseEncodingSteps": 255,
    "PhaseResolution": 1,
    "PixelBandwidth": 240,
    "ProcedureStepDescription": "ABCDadult",
    "ProtocolName": "ABCD_T1w_MPR_vNav",
    "PulseSequenceDetails": "%CustomerSeq%_tfl_mgh_epinav_ABCD",
    "ReceiveCoilActiveElements": "HEA;HEP",
    "ReceiveCoilName": "Head_32",
    "ReconMatrixPE": 256,
    "RefLinesPE": 32,
    "RepetitionTime": 2.5,
    "SAR": 0.039229,
    "ScanOptions": "IR_WE",
    "ScanningSequence": "GR_IR",
    "SequenceName": "tfl3d1_16ns",
    "SequenceVariant": "SK_SP_MP",
    "SeriesDescription": "ABCD_T1w_MPR_vNav",
    "SeriesNumber": 4,
    "ShimSetting": [
      -2116,
      -645,
      -4047,
      374,
      -20,
      -87,
      -36,
      90
    ],
    "SliceThickness": 1,
    "SoftwareVersions": "syngo_MR_E11",
    "StationName": "AWP166095",
    "TxRefAmp": 255.704,
    "WipMemBlock": "Prisma_epi_moco_navigator_ABCD_tfl.prot",
    "dataset": "ds004097",
    "modality": "T1w",
    "session_id": "01",
    "subject_id": "NDARJZ387ZJA"
  },
  "cjv": 0.34451925069141065,
  "cnr": 3.9053913746218885,
  "efc": 0.5703105196556085,
  "fber": 26389.304866573824,
  "fwhm_avg": 3.6770899999999997,
  "fwhm_x": 3.66919,
  "fwhm_y": 3.91903,
  "fwhm_z": 3.44305,
  "icvs_csf": 0.2105407825667895,
  "icvs_gm": 0.43629702429132766,
  "icvs_wm": 0.3531621931418828,
  "inu_med": 0.45371584594249725,
  "inu_range": 0.13546239435672758,
  "provenance": {
    "md5sum": "81d0b479a0aa860e7f6a15c1a66ae834",
    "settings": {
      "testing": false
    },
    "software": "mriqc",
    "version": "23.0.1",
    "warnings": {
      "large_rot_frame": true,
      "small_air_mask": false
    },
    "webapi_port": null,
    "webapi_url": "https://mriqc.nimh.nih.gov/api/v1"
  },
  "qi_1": 0.0,
  "qi_2": 0.0014158068014697418,
  "rpve_csf": 21.11047846077773,
  "rpve_gm": 10.636371044945568,
  "rpve_wm": 15.10066587242217,
  "size_x": 176,
  "size_y": 256,
  "size_z": 256,
  "snr_csf": 2.1153939553898353,
  "snr_gm": 9.807901663642491,
  "snr_total": 11.655281775273572,
  "snr_wm": 23.04254970678839,
  "snrd_csf": 28.942903527859297,
  "snrd_gm": 82.40116125086364,
  "snrd_total": 77.51325510679682,
  "snrd_wm": 121.19570054166756,
  "spacing_x": 1.0,
  "spacing_y": 1.0,
  "spacing_z": 1.0,
  "summary_bg_k": 12.745448077002038,
  "summary_bg_mad": 0.0,
  "summary_bg_mean": 3.5247670084133897,
  "summary_bg_median": 0.0,
  "summary_bg_n": 3231824.0,
  "summary_bg_p05": 0.0,
  "summary_bg_p95": 13.786477094516158,
  "summary_bg_stdv": 5.405728349410771,
  "summary_csf_k": 0.7977447076107462,
  "summary_csf_mad": 99.35031558442992,
  "summary_csf_mean": 250.13978148074116,
  "summary_csf_median": 238.81664049625397,
  "summary_csf_n": 38813.0,
  "summary_csf_p05": 76.88698165677488,
  "summary_csf_p95": 458.96232433095577,
  "summary_csf_stdv": 112.89318633284452,
  "summary_gm_k": -0.007818606130303607,
  "summary_gm_mad": 68.97210971883398,
  "summary_gm_mean": 680.9143138489653,
  "summary_gm_median": 679.9168744068593,
  "summary_gm_n": 32341.0,
  "summary_gm_p05": 567.1895211786032,
  "summary_gm_p95": 796.3757376428694,
  "summary_gm_stdv": 69.32230623396023,
  "summary_wm_k": 0.4117515388271773,
  "summary_wm_mad": 41.31038463947453,
  "summary_wm_mean": 996.9456503484975,
  "summary_wm_median": 1000.0223377067596,
  "summary_wm_n": 216044.0,
  "summary_wm_p05": 922.0851705987006,
  "summary_wm_p95": 1064.1730277203023,
  "summary_wm_stdv": 43.39884413982198,
  "tpm_overlap_csf": 0.15740932533395177,
  "tpm_overlap_gm": 0.45020636999424896,
  "tpm_overlap_wm": 0.4782509103377568,
  "wm2max": 0.8870690973409926
}