{
  "bids_meta": {
    "AcquisitionMatrixPE": 256,
    "AcquisitionNumber": 1,
    "AcquisitionTime": "13:42:34.375000",
    "BaseResolution": 256,
    "BodyPartExamined": "BRAIN",
    "ConsistencyInfo": "N4_VE11C_LATEST_20160120",
    "ConversionSoftware": "dcm2niix",
    "ConversionSoftwareVersion": "v1.0.20190902",
    "Dcm2bidsVersion": "2.1.4",
    "DeviceSerialNumber": "166095",
    "DwellTime": 0.000510012,
    "EchoTime": 0.565,
    "EchoTrainLength": 190,
    "FlipAngle": 120,
    "ImageOrientationPatientDICOM": [
      0.0610485,
      0.998135,
      0,
      0,
      0,
      -1
    ],
    "ImageType": [
      "ORIGINAL",
      "PRIMARY",
      "M",
      "ND",
      "NORM"
    ],
    "ImagingFrequency": 123.261,
    "InPlanePhaseEncodingDirectionDICOM": "ROW",
    "InstitutionAddress": "Hillhouse_Ave._10_New_Haven_Northeast_US_06519",
    "InstitutionName": "Yale_University_-_Dunham_Lab._Bldg.",
    "InstitutionalDepartmentName": "Department",
    "MRAcquisitionType": "3D",
    "MagneticFieldStrength": 3,
    "Manufacturer": "Siemens",
    "ManufacturersModelName": "Prisma",
    "Modality": "MR",
    "ParallelReductionFactorInPlane": 2,
    "PartialFourier": 1,
    "PatientPosition": "HFS",
    "PercentPhaseFOV": 100,
    "PhaseEncodingSteps": 227,
    "PhaseResolution": 1,
    "PixelBandwidth": 240,
    "ProcedureStepDescription": "ABCDadult",
    "ProtocolName": "ABCD_T2w_SPC_vNav",
    "PulseSequenceDetails": "%CustomerSeq%_tse_vfl_mgh_epinav_ABCD",
    "ReceiveCoilActiveElements": "HEA;HEP",
    "ReceiveCoilName": "Head_32",
    "ReconMatrixPE": 256,
    "RefLinesPE": 32,
    "RepetitionTime": 3.2,
    "SAR": 0.0859736,
    "ScanOptions": "PFP",
    "ScanningSequence": "SE",
    "SequenceName": "spc_200ns",
    "SequenceVariant": "SK_SP",
    "SeriesDescription": "ABCD_T2w_SPC_vNav",
    "SeriesNumber": 18,
    "ShimSetting": [
      -2116,
      -645,
      -4047,
      374,
      -20,
      -87,
      -36,
      90
    ],
    "SliceThickness": 1,
    "SoftwareVersions": "syngo_MR_E11",
    "StationName": "AWP166095",
    "TxRefAmp": 255.704,
    "WipMemBlock": "Prisma_epi_moco_navigator_ABCD_tse_vfl.prot",
    "dataset": "ds004097",
    "modality": "T2w",
    "session_id": "01",
    "subject_id": "NDARJZ387ZJA"
  },
  "cjv": 0.5558809254401353,
  "cnr": 1.1836357761616803,
  "efc": 0.5580050093596632,
  "fber": 8723.917515624642,
  "fwhm_avg": 2.4106366666666665,
  "fwhm_x": 2.29161,
  "fwhm_y": 2.72055,
  "fwhm_z": 2.21975,
  "icvs_csf": 0.35360651452674013,
  "icvs_gm": 0.5154485759266901,
  "icvs_wm": 0.13094490954656968,
  "inu_med": 0.9110672473907471,
  "inu_range": 0.17677974700927734,
  "provenance": {
    "md5sum": "ef6eaad2a2a80c2b9de88549de6ff1ba",
    "settings": {
      "testing": false
    },
    "software": "mriqc",
    "version": "23.0.1",
    "warnings": {
      "large_rot_frame": true,
      "small_air_mask": false
    },
    "webapi_port": null,
    "webapi_url": "https://mriqc.nimh.nih.gov/api/v1"
  },
  "qi_1": 0.001577892271781488,
  "qi_2": 0.007205439338406655,
  "rpve_csf": 12.142336039868049,
  "rpve_gm": 9.510114631087548,
  "rpve_wm": 41.05324456267852,
  "size_x": 176,
  "size_y": 256,
  "size_z": 256,
  "snr_csf": 10.185358010601416,
  "snr_gm": 10.312966980143893,
  "snr_total": 7.542013338406604,
  "snr_wm": 2.1277150244745027,
  "snrd_csf": 92.52057783173983,
  "snrd_gm": 58.01100118264817,
  "snrd_total": 93.98689914305533,
  "snrd_wm": 131.42911841477797,
  "spacing_x": 1.0,
  "spacing_y": 1.0,
  "spacing_z": 1.0,
  "summary_bg_k": 21.62635793089547,
  "summary_bg_mad": 0.0,
  "summary_bg_mean": 3.013250428714848,
  "summary_bg_median": 0.0,
  "summary_bg_n": 2905530.0,
  "summary_bg_p05": 0.0,
  "summary_bg_p95": 12.447538495063782,
  "summary_bg_stdv": 4.994305733655681,
  "summary_csf_k": 1.1911353373693547,
  "summary_csf_mad": 63.22572446547906,
  "summary_csf_mean": 710.4014100989081,
  "summary_csf_median": 705.3127445615828,
  "summary_csf_n": 40028.0,
  "summary_csf_p05": 609.0019627485424,
  "summary_csf_p95": 831.4392709260807,
  "summary_csf_stdv": 69.2468476346442,
  "summary_gm_k": 0.48776111349918105,
  "summary_gm_mad": 42.82837120537252,
  "summary_gm_mean": 442.92905163797167,
  "summary_gm_median": 442.2356563024223,
  "summary_gm_n": 204354.0,
  "summary_gm_p05": 374.3607438853011,
  "summary_gm_p95": 512.1373883100222,
  "summary_gm_stdv": 42.881410860645644,
  "summary_wm_k": -1.564469881100697,
  "summary_wm_mad": 268.2919724197645,
  "summary_wm_mean": 734.2829185958199,
  "summary_wm_median": 1001.9244842268527,
  "summary_wm_n": 20495.0,
  "summary_wm_p05": 27.577030185610056,
  "summary_wm_p95": 1194.4580142747611,
  "summary_wm_stdv": 470.88074730865213,
  "tpm_overlap_csf": 0.11252244225651825,
  "tpm_overlap_gm": 0.3433425314429386,
  "tpm_overlap_wm": 0.03697254336567306,
  "wm2max": 0.8440548003514575
}