{
  "bids_meta": {
    "AcquisitionMatrixPE": 256,
    "AcquisitionNumber": 1,
    "AcquisitionTime": "11:40:1.810000",
    "BaseResolution": 256,
    "BodyPartExamined": "BRAIN",
    "ConsistencyInfo": "N4_VE11C_LATEST_20160120",
    "ConversionSoftware": "dcm2niix",
    "ConversionSoftwareVersion": "v1.0.20190902",
    "Dcm2bidsVersion": "2.1.4",
    "DeviceSerialNumber": "166095",
    "DwellTime": 0.000510012,
    "EchoTime": 0.0029,
    "FlipAngle": 8,
    "ImageOrientationPatientDICOM": [
      0,
      1,
      0,
      -0.0732382,
      0,
      -0.997314
    ],
    "ImageType": [
      "ORIGINAL",
      "PRIMARY",
      "M",
      "ND"
    ],
    "ImagingFrequency": 123.261,
    "InPlanePhaseEncodingDirectionDICOM": "ROW",
    "InstitutionAddress": "Hillhouse_Ave._10_New_Haven_Northeast_US_06519",
    "InstitutionName": "Yale_University_-_Dunham_Lab._Bldg.",
    "InstitutionalDepartmentName": "Department",
    "InversionTime": 1.07,
    "MRAcquisitionType": "3D",
    "MagneticFieldStrength": 3,
    "Manufacturer": "Siemens",
    "ManufacturersModelName": "Prisma",
    "Modality": "MR",
    "ParallelReductionFactorInPlane": 2,
    "PartialFourier": 1,
    "PatientPosition": "HFS",
    "PercentPhaseFOV": 100,
    "PhaseEncodingSteps": 255,
    "PhaseResolution": 1,
    "PixelBandwidth": 240,
    "ProcedureStepDescription": "ABCDadult",
    "ProtocolName": "ABCD_T1w_MPR_vNav",
    "PulseSequenceDetails": "%CustomerSeq%_tfl_mgh_epinav_ABCD",
    "ReceiveCoilActiveElements": "HEA;HEP",
    "ReceiveCoilName": "Head_32",
    "ReconMatrixPE": 256,
    "RefLinesPE": 32,
    "RepetitionTime": 2.5,
    "SAR": 0.0375169,
    "ScanOptions": "IR_WE",
    "ScanningSequence": "GR_IR",
    "SequenceName": "tfl3d1_16ns",
    "SequenceVariant": "SK_SP_MP",
    "SeriesDescription": "ABCD_T1w_MPR_vNav",
    "SeriesNumber": 4,
    "ShimSetting": [
      -2140,
      -676,
      -4043,
      371,
      -8,
      -61,
      -23,
      39
    ],
    "SliceThickness": 1,
    "SoftwareVersions": "syngo_MR_E11",
    "StationName": "AWP166095",
    "TxRefAmp": 250.165,
    "WipMemBlock": "Prisma_epi_moco_navigator_ABCD_tfl.prot",
    "dataset": "ds004097",
    "modality": "T1w",
    "session_id": "02",
    "subject_id": "NDARDD890AYU"
  },
  "cjv": 0.3075771382120096,
  "cnr": 4.197602574096941,
  "efc": 0.5911349420115198,
  "fber": 9544.979843789368,
  "fwhm_avg": 3.7195166666666672,
  "fwhm_x": 3.73844,
  "fwhm_y": 3.91882,
  "fwhm_z": 3.50129,
  "icvs_csf": 0.18200116494751872,
  "icvs_gm": 0.4705180331367372,
  "icvs_wm": 0.3474808019157441,
  "inu_med": 0.5119826197624207,
  "inu_range": 0.18222729563713075,
  "provenance": {
    "md5sum": "bce68c4d637a1c8a3f8946a92001e1eb",
    "settings": {
      "testing": false
    },
    "software": "mriqc",
    "version": "23.0.1",
    "warnings": {
      "large_rot_frame": true,
      "small_air_mask": false
    },
    "webapi_port": null,
    "webapi_url": "https://mriqc.nimh.nih.gov/api/v1"
  },
  "qi_1": 0.0,
  "qi_2": 0.001405221955656145,
  "rpve_csf": 24.716523281864447,
  "rpve_gm": 10.805462456300349,
  "rpve_wm": 16.310119778979097,
  "size_x": 176,
  "size_y": 256,
  "size_z": 256,
  "snr_csf": 2.0238457715409877,
  "snr_gm": 11.295308531285476,
  "snr_total": 12.431014629290777,
  "snr_wm": 23.973889585045868,
  "snrd_csf": 23.97204168564416,
  "snrd_gm": 72.48711453733686,
  "snrd_total": 67.23295392968983,
  "snrd_wm": 105.23970556608847,
  "spacing_x": 1.0,
  "spacing_y": 1.0,
  "spacing_z": 1.0,
  "summary_bg_k": 124.22391854178777,
  "summary_bg_mad": 0.0,
  "summary_bg_mean": 3.4033448563666355,
  "summary_bg_median": 0.0,
  "summary_bg_n": 1882185.0,
  "summary_bg_p05": 0.0,
  "summary_bg_p95": 15.040993673726916,
  "summary_bg_stdv": 6.225182829145738,
  "summary_csf_k": 1.5780575106482306,
  "summary_csf_mad": 94.02565426787356,
  "summary_csf_mean": 239.2074110415651,
  "summary_csf_median": 227.78514868207276,
  "summary_csf_n": 26041.0,
  "summary_csf_p05": 67.51868903636932,
  "summary_csf_p95": 449.6624120734632,
  "summary_csf_stdv": 112.54848479873547,
  "summary_gm_k": 0.3747222888275856,
  "summary_gm_mad": 56.75502895446741,
  "summary_gm_mean": 689.7787556444424,
  "summary_gm_median": 688.7810549866408,
  "summary_gm_n": 46933.0,
  "summary_gm_p05": 590.0349722709507,
  "summary_gm_p95": 792.8020352832973,
  "summary_gm_stdv": 60.97874308801176,
  "summary_wm_k": 0.5848046113347745,
  "summary_wm_mad": 38.968807282122505,
  "summary_wm_mean": 1000.4363203576897,
  "summary_wm_median": 1000.0000122636557,
  "summary_wm_n": 221121.0,
  "summary_wm_p05": 932.9937418494374,
  "summary_wm_p95": 1069.7492294199765,
  "summary_wm_stdv": 41.71195281050406,
  "tpm_overlap_csf": 0.15138407616455174,
  "tpm_overlap_gm": 0.4577054635677181,
  "tpm_overlap_wm": 0.4952970017279098,
  "wm2max": 0.7378374608080607
}