{
  "bids_meta": {
    "AcquisitionMatrixPE": 256,
    "AcquisitionNumber": 1,
    "AcquisitionTime": "12:10:58.370000",
    "BaseResolution": 256,
    "BodyPartExamined": "BRAIN",
    "ConsistencyInfo": "N4_VE11C_LATEST_20160120",
    "ConversionSoftware": "dcm2niix",
    "ConversionSoftwareVersion": "v1.0.20190902",
    "Dcm2bidsVersion": "2.1.4",
    "DeviceSerialNumber": "166095",
    "DwellTime": 0.000510012,
    "EchoTime": 0.565,
    "EchoTrainLength": 190,
    "FlipAngle": 120,
    "ImageOrientationPatientDICOM": [
      0,
      1,
      0,
      -0.0732382,
      0,
      -0.997314
    ],
    "ImageType": [
      "ORIGINAL",
      "PRIMARY",
      "M",
      "ND"
    ],
    "ImagingFrequency": 123.261,
    "InPlanePhaseEncodingDirectionDICOM": "ROW",
    "InstitutionAddress": "Hillhouse_Ave._10_New_Haven_Northeast_US_06519",
    "InstitutionName": "Yale_University_-_Dunham_Lab._Bldg.",
    "InstitutionalDepartmentName": "Department",
    "MRAcquisitionType": "3D",
    "MagneticFieldStrength": 3,
    "Manufacturer": "Siemens",
    "ManufacturersModelName": "Prisma",
    "Modality": "MR",
    "ParallelReductionFactorInPlane": 2,
    "PartialFourier": 1,
    "PatientPosition": "HFS",
    "PercentPhaseFOV": 100,
    "PhaseEncodingSteps": 227,
    "PhaseResolution": 1,
    "PixelBandwidth": 240,
    "ProcedureStepDescription": "ABCDadult",
    "ProtocolName": "ABCD_T2w_SPC_vNav",
    "PulseSequenceDetails": "%CustomerSeq%_tse_vfl_mgh_epinav_ABCD",
    "ReceiveCoilActiveElements": "HEA;HEP",
    "ReceiveCoilName": "Head_32",
    "ReconMatrixPE": 256,
    "RefLinesPE": 32,
    "RepetitionTime": 3.2,
    "SAR": 0.0822214,
    "ScanOptions": "PFP",
    "ScanningSequence": "SE",
    "SequenceName": "spc_200ns",
    "SequenceVariant": "SK_SP",
    "SeriesDescription": "ABCD_T2w_SPC_vNav",
    "SeriesNumber": 17,
    "ShimSetting": [
      -2140,
      -676,
      -4043,
      371,
      -8,
      -61,
      -23,
      39
    ],
    "SliceThickness": 1,
    "SoftwareVersions": "syngo_MR_E11",
    "StationName": "AWP166095",
    "TxRefAmp": 250.165,
    "WipMemBlock": "Prisma_epi_moco_navigator_ABCD_tse_vfl.prot",
    "dataset": "ds004097",
    "modality": "T2w",
    "session_id": "02",
    "subject_id": "NDARDD890AYU"
  },
  "cjv": 0.26388574035249784,
  "cnr": 1.3401906568776165,
  "efc": 0.5770644092199837,
  "fber": 7697.080992553493,
  "fwhm_avg": 2.58074,
  "fwhm_x": 2.46581,
  "fwhm_y": 2.91744,
  "fwhm_z": 2.35897,
  "icvs_csf": 0.4058715274971263,
  "icvs_gm": 0.45748551442349644,
  "icvs_wm": 0.13664295807937726,
  "inu_med": 0.8765629529953003,
  "inu_range": 0.17335547804832463,
  "provenance": {
    "md5sum": "db6b94e7464027fd525d1298b043f92a",
    "settings": {
      "testing": false
    },
    "software": "mriqc",
    "version": "23.0.1",
    "warnings": {
      "large_rot_frame": true,
      "small_air_mask": false
    },
    "webapi_port": null,
    "webapi_url": "https://mriqc.nimh.nih.gov/api/v1"
  },
  "qi_1": 2.862851924564337e-05,
  "qi_2": 0.008343891717151877,
  "rpve_csf": 12.135221726119033,
  "rpve_gm": 11.54362202966781,
  "rpve_wm": 40.351945688346206,
  "size_x": 176,
  "size_y": 256,
  "size_z": 256,
  "snr_csf": 10.803409201012991,
  "snr_gm": 12.450568074939065,
  "snr_total": 8.529233768174636,
  "snr_wm": 2.333724028571853,
  "snrd_csf": 120.62516889707591,
  "snrd_gm": 76.622090682991,
  "snrd_total": 125.99863254135664,
  "snrd_wm": 180.74863804400306,
  "spacing_x": 1.0,
  "spacing_y": 1.0,
  "spacing_z": 1.0,
  "summary_bg_k": 15.66322488606578,
  "summary_bg_mad": 0.0,
  "summary_bg_mean": 1.936924388874517,
  "summary_bg_median": 0.0,
  "summary_bg_n": 1861226.0,
  "summary_bg_p05": 0.0,
  "summary_bg_p95": 7.999551713466644,
  "summary_bg_stdv": 3.625892870917247,
  "summary_csf_k": 0.49382499242368194,
  "summary_csf_mad": 59.52245069217848,
  "summary_csf_mean": 669.4622868032295,
  "summary_csf_median": 667.6074477881193,
  "summary_csf_n": 70107.0,
  "summary_csf_p05": 572.771640792489,
  "summary_csf_p95": 773.9697116568684,
  "summary_csf_stdv": 61.79555675461902,
  "summary_gm_k": -0.03888549896360427,
  "summary_gm_mad": 35.2479316948096,
  "summary_gm_mean": 422.8416288794286,
  "summary_gm_median": 424.06969352066517,
  "summary_gm_n": 212562.0,
  "summary_gm_p05": 365.45615573227406,
  "summary_gm_p95": 475.59951612353325,
  "summary_gm_stdv": 34.060188534936785,
  "summary_wm_k": -1.2113307857803055,
  "summary_wm_mad": 116.82805033436894,
  "summary_wm_mean": 734.3623490644544,
  "summary_wm_median": 1000.3645013645291,
  "summary_wm_n": 16908.0,
  "summary_wm_p05": 19.662449538707733,
  "summary_wm_p95": 1098.875803323835,
  "summary_wm_stdv": 428.6431926400414,
  "tpm_overlap_csf": 0.11161916565222856,
  "tpm_overlap_gm": 0.2969613487139644,
  "tpm_overlap_wm": 0.0316970566850861,
  "wm2max": 0.9118930851891246
}