{
  "aor": 0.00039045092838196286,
  "aqi": 0.00527363350132626,
  "bids_meta": {
    "AcquisitionMatrixPE": 90,
    "AcquisitionNumber": 1,
    "AcquisitionTime": "12:25:6.577500",
    "BandwidthPerPixelPhaseEncode": 21.786,
    "BaseResolution": 90,
    "BodyPartExamined": "BRAIN",
    "ConsistencyInfo": "N4_VE11C_LATEST_20160120",
    "ConversionSoftware": "dcm2niix",
    "ConversionSoftwareVersion": "v1.0.20190902",
    "Dcm2bidsVersion": "2.1.4",
    "DerivedVendorReportedEchoSpacing": 0.000510012,
    "DeviceSerialNumber": "166095",
    "DwellTime": 2e-06,
    "EchoTime": 0.03,
    "EchoTrainLength": 90,
    "EffectiveEchoSpacing": 0.000510012,
    "FlipAngle": 52,
    "ImageComments": "SMS_ABCD_V1.2;_MB=6;_FOVshift=3;_K_PE=5;_K_RO=5;_LeakBlockOn;",
    "ImageOrientationPatientDICOM": [
      1,
      0,
      0,
      0,
      1,
      0
    ],
    "ImageType": [
      "ORIGINAL",
      "PRIMARY",
      "M",
      "ND",
      "MOSAIC"
    ],
    "ImagingFrequency": 123.261,
    "InPlanePhaseEncodingDirectionDICOM": "COL",
    "InstitutionAddress": "Hillhouse_Ave._10_New_Haven_Northeast_US_06519",
    "InstitutionName": "Yale_University_-_Dunham_Lab._Bldg.",
    "InstitutionalDepartmentName": "Department",
    "MRAcquisitionType": "2D",
    "MagneticFieldStrength": 3,
    "Manufacturer": "Siemens",
    "ManufacturersModelName": "Prisma",
    "Modality": "MR",
    "MultibandAccelerationFactor": 6,
    "PartialFourier": 1,
    "PatientPosition": "HFS",
    "PercentPhaseFOV": 100,
    "PhaseEncodingAxis": "j",
    "PhaseEncodingDirection": "j",
    "PhaseEncodingSteps": 90,
    "PhaseResolution": 1,
    "PixelBandwidth": 2780,
    "ProcedureStepDescription": "ABCDadult",
    "ProtocolName": "ABCD_fMRI_rest",
    "PulseSequenceDetails": "%CustomerSeq%_ep2d_bold_sms_abcd",
    "ReceiveCoilActiveElements": "HEA;HEP",
    "ReceiveCoilName": "Head_32",
    "ReconMatrixPE": 90,
    "RefLinesPE": 22,
    "RepetitionTime": 0.8,
    "SAR": 0.0615288,
    "ScanOptions": "FS_CT",
    "ScanningSequence": "EP",
    "SequenceName": "epfid2d1_90",
    "SequenceVariant": "SK",
    "SeriesDescription": "ABCD_fMRI_rest",
    "SeriesNumber": 8,
    "ShimSetting": [
      -2121,
      -697,
      -3937,
      755,
      -47,
      5,
      104,
      62
    ],
    "SliceThickness": 2.4,
    "SliceTiming": [
      0.5475,
      0,
      0.39,
      0.0775,
      0.4675,
      0.235,
      0.625,
      0.3125,
      0.7025,
      0.1575,
      0.5475,
      0,
      0.39,
      0.0775,
      0.4675,
      0.235,
      0.625,
      0.3125,
      0.7025,
      0.1575,
      0.5475,
      0,
      0.39,
      0.0775,
      0.4675,
      0.235,
      0.625,
      0.3125,
      0.7025,
      0.1575,
      0.5475,
      0,
      0.39,
      0.0775,
      0.4675,
      0.235,
      0.625,
      0.3125,
      0.7025,
      0.1575,
      0.5475,
      0,
      0.39,
      0.0775,
      0.4675,
      0.235,
      0.625,
      0.3125,
      0.7025,
      0.1575,
      0.5475,
      0,
      0.39,
      0.0775,
      0.4675,
      0.235,
      0.625,
      0.3125,
      0.7025,
      0.1575
    ],
    "SoftwareVersions": "syngo_MR_E11",
    "SpacingBetweenSlices": 2.4,
    "StationName": "AWP166095",
    "TotalReadoutTime": 0.045391,
    "TxRefAmp": 220.104,
    "WipMemBlock": "31c63b46-33f8-4cc2-a3ff-e55574a119b0",
    "dataset": "ds004097",
    "modality": "bold",
    "run_id": 1,
    "session_id": "01",
    "subject_id": "NDARUD216XXV",
    "task_id": "rest"
  },
  "dummy_trs": 6,
  "dvars_nstd": 31.62931616257982,
  "dvars_std": 1.0873711372606387,
  "dvars_vstd": 0.9790905196542554,
  "efc": 0.46751723159861747,
  "fber": 1364.99658203125,
  "fd_mean": 0.09428132140593844,
  "fd_num": 4,
  "fd_perc": 1.0610079575596818,
  "fwhm_avg": 2.9056498845398475,
  "fwhm_x": 2.7668332233892587,
  "fwhm_y": 3.005237380582596,
  "fwhm_z": 2.9448790496476867,
  "gcor": 0.0074952,
  "gsr_x": -0.014414039440453053,
  "gsr_y": 0.04430791735649109,
  "provenance": {
    "md5sum": "c6d3f0abf37c35641b89e880fd5e8632",
    "settings": {
      "fd_thres": 0.2,
      "testing": false
    },
    "software": "mriqc",
    "version": "23.0.1",
    "webapi_port": null,
    "webapi_url": "https://mriqc.nimh.nih.gov/api/v1"
  },
  "size_t": 377,
  "size_x": 90,
  "size_y": 90,
  "size_z": 60,
  "snr": 2.7346745248313193,
  "spacing_tr": 0.800000011920929,
  "spacing_x": 2.4000000953674316,
  "spacing_y": 2.4000000953674316,
  "spacing_z": 2.4000000953674316,
  "summary_bg_k": 29.537165660968114,
  "summary_bg_mad": 3.409591608722276,
  "summary_bg_mean": 17.062509536743164,
  "summary_bg_median": 7.681697368621826,
  "summary_bg_n": 345314.0,
  "summary_bg_p05": 5.196286201477051,
  "summary_bg_p95": 65.4580886840819,
  "summary_bg_stdv": 27.15699577331543,
  "summary_fg_k": 0.6534645341653569,
  "summary_fg_mad": 96.1882303548815,
  "summary_fg_mean": 304.4012145996094,
  "summary_fg_median": 283.4084777832031,
  "summary_fg_n": 72339.0,
  "summary_fg_p05": 173.23766326904297,
  "summary_fg_p95": 502.86816711425774,
  "summary_fg_stdv": 103.63446044921875,
  "tsnr": 44.54244711622596
}