{
  "bids_meta": {
    "AcquisitionMatrixPE": 256,
    "AcquisitionNumber": 1,
    "AcquisitionTime": "12:47:17.357500",
    "BaseResolution": 256,
    "BodyPartExamined": "BRAIN",
    "ConsistencyInfo": "N4_VE11C_LATEST_20160120",
    "ConversionSoftware": "dcm2niix",
    "ConversionSoftwareVersion": "v1.0.20190902",
    "Dcm2bidsVersion": "2.1.4",
    "DeviceSerialNumber": "166095",
    "DwellTime": 0.000510012,
    "EchoTime": 0.565,
    "EchoTrainLength": 190,
    "FlipAngle": 120,
    "ImageOrientationPatientDICOM": [
      0,
      1,
      0,
      -0.0209424,
      0,
      -0.999781
    ],
    "ImageType": [
      "ORIGINAL",
      "PRIMARY",
      "M",
      "ND"
    ],
    "ImagingFrequency": 123.261,
    "InPlanePhaseEncodingDirectionDICOM": "ROW",
    "InstitutionAddress": "Hillhouse_Ave._10_New_Haven_Northeast_US_06519",
    "InstitutionName": "Yale_University_-_Dunham_Lab._Bldg.",
    "InstitutionalDepartmentName": "Department",
    "MRAcquisitionType": "3D",
    "MagneticFieldStrength": 3,
    "Manufacturer": "Siemens",
    "ManufacturersModelName": "Prisma",
    "Modality": "MR",
    "ParallelReductionFactorInPlane": 2,
    "PartialFourier": 1,
    "PatientPosition": "HFS",
    "PercentPhaseFOV": 100,
    "PhaseEncodingSteps": 227,
    "PhaseResolution": 1,
    "PixelBandwidth": 240,
    "ProcedureStepDescription": "ABCDadult",
    "ProtocolName": "ABCD_T2w_SPC_vNav",
    "PulseSequenceDetails": "%CustomerSeq%_tse_vfl_mgh_epinav_ABCD",
    "ReceiveCoilActiveElements": "HEA;HEP",
    "ReceiveCoilName": "Head_32",
    "ReconMatrixPE": 256,
    "RefLinesPE": 32,
    "RepetitionTime": 3.2,
    "SAR": 0.0750406,
    "ScanOptions": "PFP",
    "ScanningSequence": "SE",
    "SequenceName": "spc_200ns",
    "SequenceVariant": "SK_SP",
    "SeriesDescription": "ABCD_T2w_SPC_vNav",
    "SeriesNumber": 17,
    "ShimSetting": [
      -2122,
      -722,
      -4011,
      524,
      -31,
      -97,
      133,
      63
    ],
    "SliceThickness": 1,
    "SoftwareVersions": "syngo_MR_E11",
    "StationName": "AWP166095",
    "TxRefAmp": 220.104,
    "WipMemBlock": "Prisma_epi_moco_navigator_ABCD_tse_vfl.prot",
    "dataset": "ds004097",
    "modality": "T2w",
    "session_id": "01",
    "subject_id": "NDARUD216XXV"
  },
  "cjv": 0.33283817484356876,
  "cnr": 0.9309657351985856,
  "efc": 0.4863413803264053,
  "fber": 2978.4784979993847,
  "fwhm_avg": 3.265216666666667,
  "fwhm_x": 3.30569,
  "fwhm_y": 3.38196,
  "fwhm_z": 3.108,
  "icvs_csf": 0.34181151818761163,
  "icvs_gm": 0.5677146860574739,
  "icvs_wm": 0.09047379575491447,
  "inu_med": 0.8259810209274292,
  "inu_range": 0.6892513930797577,
  "provenance": {
    "md5sum": "7a34f48aaaed994c87d8a659ce924622",
    "settings": {
      "testing": false
    },
    "software": "mriqc",
    "version": "23.0.1",
    "warnings": {
      "large_rot_frame": true,
      "small_air_mask": false
    },
    "webapi_port": null,
    "webapi_url": "https://mriqc.nimh.nih.gov/api/v1"
  },
  "qi_1": 0.0,
  "qi_2": 0.0035170955370453973,
  "rpve_csf": 15.902724805530582,
  "rpve_gm": 11.894905057538036,
  "rpve_wm": 73.63204996260475,
  "size_x": 176,
  "size_y": 256,
  "size_z": 256,
  "snr_csf": 6.034662763809595,
  "snr_gm": 10.570340180548408,
  "snr_total": 5.608784269006083,
  "snr_wm": 0.22134986266024512,
  "snrd_csf": 94.09270776455132,
  "snrd_gm": 46.54781945616448,
  "snrd_total": 49.84588905920679,
  "snrd_wm": 8.89713995690456,
  "spacing_x": 1.0,
  "spacing_y": 1.0,
  "spacing_z": 1.0,
  "summary_bg_k": 1.8493698422282154,
  "summary_bg_mad": 73.75189537026762,
  "summary_bg_mean": 81.87518012864578,
  "summary_bg_median": 49.74489748477936,
  "summary_bg_n": 2733637.0,
  "summary_bg_p05": 0.0,
  "summary_bg_p95": 266.2627525627613,
  "summary_bg_stdv": 93.1167010877144,
  "summary_csf_k": -0.8632469724602347,
  "summary_csf_mad": 1965.7716727536715,
  "summary_csf_mean": 10107.59396138183,
  "summary_csf_median": 10592.47438877821,
  "summary_csf_n": 42365.0,
  "summary_csf_p05": 7317.283093482256,
  "summary_csf_p95": 12404.910595983265,
  "summary_csf_stdv": 1755.2512523339758,
  "summary_gm_k": 0.911694792268801,
  "summary_gm_mad": 450.07566918265877,
  "summary_gm_mean": 5286.665220854915,
  "summary_gm_median": 5240.114745944738,
  "summary_gm_n": 215706.0,
  "summary_gm_p05": 4558.354548364878,
  "summary_gm_p95": 6187.181063443422,
  "summary_gm_stdv": 495.7364200203925,
  "summary_wm_k": 1.8514276931250224,
  "summary_wm_mad": 960.6657140537422,
  "summary_wm_mean": 2993.3722188688525,
  "summary_wm_median": 1001.5943782031536,
  "summary_wm_n": 15643.0,
  "summary_wm_p05": 169.67474327981472,
  "summary_wm_p95": 14221.58787457645,
  "summary_wm_stdv": 4524.793245925829,
  "tpm_overlap_csf": 0.1331399804086284,
  "tpm_overlap_gm": 0.3798973133332692,
  "tpm_overlap_wm": 0.018008782925925036,
  "wm2max": 0.073100912306833
}