{
  "bids_meta": {
    "AcquisitionMatrixPE": 256,
    "AcquisitionNumber": 1,
    "AcquisitionTime": "12:17:16.065000",
    "BaseResolution": 256,
    "BodyPartExamined": "BRAIN",
    "ConsistencyInfo": "N4_VE11C_LATEST_20160120",
    "ConversionSoftware": "dcm2niix",
    "ConversionSoftwareVersion": "v1.0.20190902",
    "Dcm2bidsVersion": "2.1.4",
    "DeviceSerialNumber": "166095",
    "DwellTime": 0.000510012,
    "EchoTime": 0.0029,
    "FlipAngle": 8,
    "ImageOrientationPatientDICOM": [
      0,
      1,
      0,
      -0.0209424,
      0,
      -0.999781
    ],
    "ImageType": [
      "ORIGINAL",
      "PRIMARY",
      "M",
      "ND",
      "NORM"
    ],
    "ImagingFrequency": 123.261,
    "InPlanePhaseEncodingDirectionDICOM": "ROW",
    "InstitutionAddress": "Hillhouse_Ave._10_New_Haven_Northeast_US_06519",
    "InstitutionName": "Yale_University_-_Dunham_Lab._Bldg.",
    "InstitutionalDepartmentName": "Department",
    "InversionTime": 1.07,
    "MRAcquisitionType": "3D",
    "MagneticFieldStrength": 3,
    "Manufacturer": "Siemens",
    "ManufacturersModelName": "Prisma",
    "Modality": "MR",
    "ParallelReductionFactorInPlane": 2,
    "PartialFourier": 1,
    "PatientPosition": "HFS",
    "PercentPhaseFOV": 100,
    "PhaseEncodingSteps": 255,
    "PhaseResolution": 1,
    "PixelBandwidth": 240,
    "ProcedureStepDescription": "ABCDadult",
    "ProtocolName": "ABCD_T1w_MPR_vNav",
    "PulseSequenceDetails": "%CustomerSeq%_tfl_mgh_epinav_ABCD",
    "ReceiveCoilActiveElements": "HEA;HEP",
    "ReceiveCoilName": "Head_32",
    "ReconMatrixPE": 256,
    "RefLinesPE": 32,
    "RepetitionTime": 2.5,
    "SAR": 0.0342404,
    "ScanOptions": "IR_WE",
    "ScanningSequence": "GR_IR",
    "SequenceName": "tfl3d1_16ns",
    "SequenceVariant": "SK_SP_MP",
    "SeriesDescription": "ABCD_T1w_MPR_vNav",
    "SeriesNumber": 5,
    "ShimSetting": [
      -2122,
      -722,
      -4011,
      524,
      -31,
      -97,
      133,
      63
    ],
    "SliceThickness": 1,
    "SoftwareVersions": "syngo_MR_E11",
    "StationName": "AWP166095",
    "TxRefAmp": 220.104,
    "WipMemBlock": "Prisma_epi_moco_navigator_ABCD_tfl.prot",
    "dataset": "ds004097",
    "modality": "T1w",
    "session_id": "01",
    "subject_id": "NDARUD216XXV"
  },
  "cjv": 0.32144740837511715,
  "cnr": 3.927369641189224,
  "efc": 0.49480429833182116,
  "fber": 18390.118069520253,
  "fwhm_avg": 3.8203266666666664,
  "fwhm_x": 3.97534,
  "fwhm_y": 3.88526,
  "fwhm_z": 3.60038,
  "icvs_csf": 0.2544305393409085,
  "icvs_gm": 0.4308454254496021,
  "icvs_wm": 0.31472403520948944,
  "inu_med": 0.45247113704681396,
  "inu_range": 0.1223510205745697,
  "provenance": {
    "md5sum": "bf48d55369e62ba0cdaaca200d1023c8",
    "settings": {
      "testing": false
    },
    "software": "mriqc",
    "version": "23.0.1",
    "warnings": {
      "large_rot_frame": true,
      "small_air_mask": false
    },
    "webapi_port": null,
    "webapi_url": "https://mriqc.nimh.nih.gov/api/v1"
  },
  "qi_1": 0.0,
  "qi_2": 0.0019799308303348855,
  "rpve_csf": 24.48954711274765,
  "rpve_gm": 14.33330988030159,
  "rpve_wm": 22.435402330309664,
  "size_x": 176,
  "size_y": 256,
  "size_z": 256,
  "snr_csf": 1.6543061421121616,
  "snr_gm": 9.83972736623412,
  "snr_total": 13.241447888045185,
  "snr_wm": 28.230310155789272,
  "snrd_csf": 22.448568222263233,
  "snrd_gm": 84.95818386305217,
  "snrd_total": 76.81194803775385,
  "snrd_wm": 123.02909202794613,
  "spacing_x": 1.0,
  "spacing_y": 1.0,
  "spacing_z": 1.0,
  "summary_bg_k": 181.5609694476144,
  "summary_bg_mad": 0.0,
  "summary_bg_mean": 3.1008557608991594,
  "summary_bg_median": 0.0,
  "summary_bg_n": 2769976.0,
  "summary_bg_p05": 0.0,
  "summary_bg_p95": 13.089112937450409,
  "summary_bg_stdv": 5.325052690875846,
  "summary_csf_k": 0.6577118390838206,
  "summary_csf_mad": 94.6497646567534,
  "summary_csf_mean": 207.4820019613601,
  "summary_csf_median": 182.46552720665932,
  "summary_csf_n": 53036.0,
  "summary_csf_p05": 64.59662457928061,
  "summary_csf_p95": 428.6941741593182,
  "summary_csf_stdv": 110.29627609381272,
  "summary_gm_k": 0.2649219489599073,
  "summary_gm_mad": 65.69340532107996,
  "summary_gm_mean": 689.8285035691606,
  "summary_gm_median": 690.5536092817783,
  "summary_gm_n": 30152.0,
  "summary_gm_p05": 570.336486864835,
  "summary_gm_p95": 805.6390173733234,
  "summary_gm_stdv": 70.1789930022976,
  "summary_wm_k": 0.4228333758734326,
  "summary_wm_mad": 33.7773338088414,
  "summary_wm_mean": 999.1168470181118,
  "summary_wm_median": 999.9999962747097,
  "summary_wm_n": 158355.0,
  "summary_wm_p05": 939.4319783896208,
  "summary_wm_p95": 1055.5464047938585,
  "summary_wm_stdv": 35.42280737578087,
  "tpm_overlap_csf": 0.13434836255512803,
  "tpm_overlap_gm": 0.4704196068884569,
  "tpm_overlap_wm": 0.4984249186364252,
  "wm2max": 0.9005013220031907
}