{
  "aor": 0.0009462169312169312,
  "aqi": 0.002810004682539683,
  "bids_meta": {
    "AcquisitionMatrixPE": 90,
    "AcquisitionNumber": 1,
    "AcquisitionTime": "14:41:20.322500",
    "BandwidthPerPixelPhaseEncode": 21.786,
    "BaseResolution": 90,
    "BodyPartExamined": "BRAIN",
    "ConsistencyInfo": "N4_VE11C_LATEST_20160120",
    "ConversionSoftware": "dcm2niix",
    "ConversionSoftwareVersion": "v1.0.20190902",
    "Dcm2bidsVersion": "2.1.4",
    "DerivedVendorReportedEchoSpacing": 0.000510012,
    "DeviceSerialNumber": "166095",
    "DwellTime": 2e-06,
    "EchoTime": 0.03,
    "EchoTrainLength": 90,
    "EffectiveEchoSpacing": 0.000510012,
    "FlipAngle": 52,
    "ImageComments": "SMS_ABCD_V1.2;_MB=6;_FOVshift=3;_K_PE=5;_K_RO=5;_LeakBlockOn;",
    "ImageOrientationPatientDICOM": [
      1,
      0,
      0,
      0,
      1,
      0
    ],
    "ImageType": [
      "ORIGINAL",
      "PRIMARY",
      "M",
      "ND",
      "MOSAIC"
    ],
    "ImagingFrequency": 123.261,
    "InPlanePhaseEncodingDirectionDICOM": "COL",
    "InstitutionAddress": "Hillhouse_Ave._10_New_Haven_Northeast_US_06519",
    "InstitutionName": "Yale_University_-_Dunham_Lab._Bldg.",
    "InstitutionalDepartmentName": "Department",
    "MRAcquisitionType": "2D",
    "MagneticFieldStrength": 3,
    "Manufacturer": "Siemens",
    "ManufacturersModelName": "Prisma",
    "Modality": "MR",
    "MultibandAccelerationFactor": 6,
    "PartialFourier": 1,
    "PatientPosition": "HFS",
    "PercentPhaseFOV": 100,
    "PhaseEncodingAxis": "j",
    "PhaseEncodingDirection": "j",
    "PhaseEncodingSteps": 90,
    "PhaseResolution": 1,
    "PixelBandwidth": 2780,
    "ProcedureStepDescription": "ABCDadult",
    "ProtocolName": "ABCD_fMRI_rest",
    "PulseSequenceDetails": "%CustomerSeq%_ep2d_bold_sms_abcd",
    "ReceiveCoilActiveElements": "HEA;HEP",
    "ReceiveCoilName": "Head_32",
    "ReconMatrixPE": 90,
    "RefLinesPE": 22,
    "RepetitionTime": 0.8,
    "SAR": 0.047491,
    "ScanOptions": "FS_CT",
    "ScanningSequence": "EP",
    "SequenceName": "epfid2d1_90",
    "SequenceVariant": "SK",
    "SeriesDescription": "ABCD_fMRI_rest",
    "SeriesNumber": 10,
    "ShimSetting": [
      -2125,
      -640,
      -4090,
      527,
      32,
      17,
      74,
      36
    ],
    "SliceThickness": 2.4,
    "SliceTiming": [
      0.545,
      0,
      0.39,
      0.0775,
      0.4675,
      0.2325,
      0.6225,
      0.31,
      0.7,
      0.155,
      0.545,
      0,
      0.39,
      0.0775,
      0.4675,
      0.2325,
      0.6225,
      0.31,
      0.7,
      0.155,
      0.545,
      0,
      0.39,
      0.0775,
      0.4675,
      0.2325,
      0.6225,
      0.31,
      0.7,
      0.155,
      0.545,
      0,
      0.39,
      0.0775,
      0.4675,
      0.2325,
      0.6225,
      0.31,
      0.7,
      0.155,
      0.545,
      0,
      0.39,
      0.0775,
      0.4675,
      0.2325,
      0.6225,
      0.31,
      0.7,
      0.155,
      0.545,
      0,
      0.39,
      0.0775,
      0.4675,
      0.2325,
      0.6225,
      0.31,
      0.7,
      0.155
    ],
    "SoftwareVersions": "syngo_MR_E11",
    "SpacingBetweenSlices": 2.4,
    "StationName": "AWP166095",
    "TotalReadoutTime": 0.045391,
    "TxRefAmp": 225.899,
    "WipMemBlock": "96edc342-4993-4748-9a81-a30f53691530",
    "dataset": "ds004097",
    "modality": "bold",
    "run_id": 2,
    "session_id": "04",
    "subject_id": "NDARTW625MMA",
    "task_id": "rest"
  },
  "dummy_trs": 5,
  "dvars_nstd": 27.094858726233415,
  "dvars_std": 1.0840621536604766,
  "dvars_vstd": 1.019829392679044,
  "efc": 0.48459685663901536,
  "fber": 1014.462158203125,
  "fd_mean": 0.10566042904747097,
  "fd_num": 11,
  "fd_perc": 2.9100529100529102,
  "fwhm_avg": 3.0845319240338345,
  "fwhm_x": 2.923749883820618,
  "fwhm_y": 3.244787371063734,
  "fwhm_z": 3.0850585172171505,
  "gcor": 0.0109762,
  "gsr_x": -0.014209000393748283,
  "gsr_y": 0.07495276629924774,
  "provenance": {
    "md5sum": "ea7d854aa875d8ff3aa6b09d4783f73d",
    "settings": {
      "fd_thres": 0.2,
      "testing": false
    },
    "software": "mriqc",
    "version": "23.0.1",
    "webapi_port": null,
    "webapi_url": "https://mriqc.nimh.nih.gov/api/v1"
  },
  "size_t": 378,
  "size_x": 90,
  "size_y": 90,
  "size_z": 60,
  "snr": 2.4522872147967982,
  "spacing_tr": 0.800000011920929,
  "spacing_x": 2.4000000953674316,
  "spacing_y": 2.4000000953674316,
  "spacing_z": 2.3999998569488525,
  "summary_bg_k": 28.92965125463097,
  "summary_bg_mad": 5.977474724612642,
  "summary_bg_mean": 23.984209060668945,
  "summary_bg_median": 9.920634269714355,
  "summary_bg_n": 341834.0,
  "summary_bg_p05": 5.611111164093018,
  "summary_bg_p95": 97.66136932373047,
  "summary_bg_stdv": 38.88544845581055,
  "summary_fg_k": 1.2906088913734939,
  "summary_fg_mad": 122.81869448340903,
  "summary_fg_mean": 340.7132873535156,
  "summary_fg_median": 315.58331298828125,
  "summary_fg_n": 73998.0,
  "summary_fg_p05": 179.9709014892578,
  "summary_fg_p95": 581.4465332031248,
  "summary_fg_stdv": 128.68850708007812,
  "tsnr": 50.92422495048959
}