{
  "aor": 0.0008307936507936508,
  "aqi": 0.010088771564625851,
  "bids_meta": {
    "AcquisitionMatrixPE": 90,
    "AcquisitionNumber": 1,
    "AcquisitionTime": "15:05:29.072500",
    "BandwidthPerPixelPhaseEncode": 21.786,
    "BaseResolution": 90,
    "BodyPartExamined": "BRAIN",
    "ConsistencyInfo": "N4_VE11C_LATEST_20160120",
    "ConversionSoftware": "dcm2niix",
    "ConversionSoftwareVersion": "v1.0.20190902",
    "Dcm2bidsVersion": "2.1.4",
    "DerivedVendorReportedEchoSpacing": 0.000510012,
    "DeviceSerialNumber": "166095",
    "DwellTime": 2e-06,
    "EchoTime": 0.03,
    "EchoTrainLength": 90,
    "EffectiveEchoSpacing": 0.000510012,
    "FlipAngle": 52,
    "ImageComments": "SMS_ABCD_V1.2;_MB=6;_FOVshift=3;_K_PE=5;_K_RO=5;_LeakBlockOn;",
    "ImageOrientationPatientDICOM": [
      1,
      0,
      0,
      0,
      1,
      0
    ],
    "ImageType": [
      "ORIGINAL",
      "PRIMARY",
      "M",
      "ND",
      "MOSAIC"
    ],
    "ImagingFrequency": 123.261,
    "InPlanePhaseEncodingDirectionDICOM": "COL",
    "InstitutionAddress": "Hillhouse_Ave._10_New_Haven_Northeast_US_06519",
    "InstitutionName": "Yale_University_-_Dunham_Lab._Bldg.",
    "InstitutionalDepartmentName": "Department",
    "MRAcquisitionType": "2D",
    "MagneticFieldStrength": 3,
    "Manufacturer": "Siemens",
    "ManufacturersModelName": "Prisma",
    "Modality": "MR",
    "MultibandAccelerationFactor": 6,
    "PartialFourier": 1,
    "PatientPosition": "HFS",
    "PercentPhaseFOV": 100,
    "PhaseEncodingAxis": "j",
    "PhaseEncodingDirection": "j",
    "PhaseEncodingSteps": 90,
    "PhaseResolution": 1,
    "PixelBandwidth": 2780,
    "ProcedureStepDescription": "ABCDadult",
    "ProtocolName": "ABCD_fMRI_task_Stop",
    "PulseSequenceDetails": "%CustomerSeq%_ep2d_bold_sms_abcd",
    "ReceiveCoilActiveElements": "HEA;HEP",
    "ReceiveCoilName": "Head_32",
    "ReconMatrixPE": 90,
    "RefLinesPE": 22,
    "RepetitionTime": 0.8,
    "SAR": 0.0700155,
    "ScanOptions": "FS_CT",
    "ScanningSequence": "EP",
    "SequenceName": "epfid2d1_90",
    "SequenceVariant": "SK",
    "SeriesDescription": "ABCD_fMRI_task_Stop",
    "SeriesNumber": 42,
    "ShimSetting": [
      -2124,
      -643,
      -4040,
      403,
      -52,
      -37,
      15,
      87
    ],
    "SliceThickness": 2.4,
    "SliceTiming": [
      0.5475,
      0,
      0.39,
      0.08,
      0.47,
      0.235,
      0.625,
      0.3125,
      0.7025,
      0.1575,
      0.5475,
      0,
      0.39,
      0.08,
      0.47,
      0.235,
      0.625,
      0.3125,
      0.7025,
      0.1575,
      0.5475,
      0,
      0.39,
      0.08,
      0.47,
      0.235,
      0.625,
      0.3125,
      0.7025,
      0.1575,
      0.5475,
      0,
      0.39,
      0.08,
      0.47,
      0.235,
      0.625,
      0.3125,
      0.7025,
      0.1575,
      0.5475,
      0,
      0.39,
      0.08,
      0.47,
      0.235,
      0.625,
      0.3125,
      0.7025,
      0.1575,
      0.5475,
      0,
      0.39,
      0.08,
      0.47,
      0.235,
      0.625,
      0.3125,
      0.7025,
      0.1575
    ],
    "SoftwareVersions": "syngo_MR_E11",
    "SpacingBetweenSlices": 2.4,
    "StationName": "AWP166095",
    "TotalReadoutTime": 0.045391,
    "TxRefAmp": 250.65,
    "WipMemBlock": "656d45c1-6d7b-4c92-a51d-aabf206fe70f",
    "dataset": "ds004097",
    "modality": "bold",
    "run_id": 2,
    "session_id": "04",
    "subject_id": "NDARJZ387ZJA",
    "task_id": "SST"
  },
  "dummy_trs": 4,
  "dvars_nstd": 36.381712818000004,
  "dvars_std": 1.0726083973409095,
  "dvars_vstd": 0.9796609943181813,
  "efc": 0.5676588690927993,
  "fber": 560.4541625976562,
  "fd_mean": 0.09181704529260286,
  "fd_num": 24,
  "fd_perc": 5.442176870748299,
  "fwhm_avg": 2.6558985991479958,
  "fwhm_x": 2.5102332335856268,
  "fwhm_y": 2.6316582287606307,
  "fwhm_z": 2.82580433509773,
  "gcor": 0.0347045,
  "gsr_x": -0.01675666682422161,
  "gsr_y": 0.0978192612528801,
  "provenance": {
    "md5sum": "b878725bb3337c130622eb7fc33ef535",
    "settings": {
      "fd_thres": 0.2,
      "testing": false
    },
    "software": "mriqc",
    "version": "23.0.1",
    "webapi_port": null,
    "webapi_url": "https://mriqc.nimh.nih.gov/api/v1"
  },
  "size_t": 441,
  "size_x": 90,
  "size_y": 90,
  "size_z": 60,
  "snr": 2.486038582263309,
  "spacing_tr": 0.800000011920929,
  "spacing_x": 2.4000000953674316,
  "spacing_y": 2.4000000953674316,
  "spacing_z": 2.3999998569488525,
  "summary_bg_k": 27.934422188499028,
  "summary_bg_mad": 5.5000838402623735,
  "summary_bg_mean": 25.448444366455078,
  "summary_bg_median": 10.308390617370605,
  "summary_bg_n": 283165.0,
  "summary_bg_p05": 6.006803035736084,
  "summary_bg_p95": 110.9859436035156,
  "summary_bg_stdv": 46.62729263305664,
  "summary_fg_k": 1.1873687050713553,
  "summary_fg_mad": 98.04842830136985,
  "summary_fg_mean": 278.9885559082031,
  "summary_fg_median": 260.2550964355469,
  "summary_fg_n": 99450.0,
  "summary_fg_p05": 146.27642288208008,
  "summary_fg_p95": 476.54740142822243,
  "summary_fg_stdv": 104.68614196777344,
  "tsnr": 34.3375297926832
}