{
  "aor": 0.0010468700265251992,
  "aqi": 0.004409812281167109,
  "bids_meta": {
    "AcquisitionMatrixPE": 90,
    "AcquisitionNumber": 1,
    "AcquisitionTime": "14:39:17.792500",
    "BandwidthPerPixelPhaseEncode": 21.786,
    "BaseResolution": 90,
    "BodyPartExamined": "BRAIN",
    "ConsistencyInfo": "N4_VE11C_LATEST_20160120",
    "ConversionSoftware": "dcm2niix",
    "ConversionSoftwareVersion": "v1.0.20190902",
    "Dcm2bidsVersion": "2.1.4",
    "DerivedVendorReportedEchoSpacing": 0.000510012,
    "DeviceSerialNumber": "166095",
    "DwellTime": 2e-06,
    "EchoTime": 0.03,
    "EchoTrainLength": 90,
    "EffectiveEchoSpacing": 0.000510012,
    "FlipAngle": 52,
    "ImageComments": "SMS_ABCD_V1.2;_MB=6;_FOVshift=3;_K_PE=5;_K_RO=5;_LeakBlockOn;",
    "ImageOrientationPatientDICOM": [
      1,
      0,
      0,
      0,
      1,
      0
    ],
    "ImageType": [
      "ORIGINAL",
      "PRIMARY",
      "M",
      "ND",
      "MOSAIC"
    ],
    "ImagingFrequency": 123.261,
    "InPlanePhaseEncodingDirectionDICOM": "COL",
    "InstitutionAddress": "Hillhouse_Ave._10_New_Haven_Northeast_US_06519",
    "InstitutionName": "Yale_University_-_Dunham_Lab._Bldg.",
    "InstitutionalDepartmentName": "Department",
    "MRAcquisitionType": "2D",
    "MagneticFieldStrength": 3,
    "Manufacturer": "Siemens",
    "ManufacturersModelName": "Prisma",
    "Modality": "MR",
    "MultibandAccelerationFactor": 6,
    "PartialFourier": 1,
    "PatientPosition": "HFS",
    "PercentPhaseFOV": 100,
    "PhaseEncodingAxis": "j",
    "PhaseEncodingDirection": "j",
    "PhaseEncodingSteps": 90,
    "PhaseResolution": 1,
    "PixelBandwidth": 2780,
    "ProcedureStepDescription": "ABCDadult",
    "ProtocolName": "ABCD_fMRI_rest",
    "PulseSequenceDetails": "%CustomerSeq%_ep2d_bold_sms_abcd",
    "ReceiveCoilActiveElements": "HEA;HEP",
    "ReceiveCoilName": "Head_32",
    "ReconMatrixPE": 90,
    "RefLinesPE": 22,
    "RepetitionTime": 0.8,
    "SAR": 0.0560246,
    "ScanOptions": "FS_CT",
    "ScanningSequence": "EP",
    "SequenceName": "epfid2d1_90",
    "SequenceVariant": "SK",
    "SeriesDescription": "ABCD_fMRI_rest",
    "SeriesNumber": 10,
    "ShimSetting": [
      -2126,
      -638,
      -4005,
      619,
      -4,
      41,
      53,
      68
    ],
    "SliceThickness": 2.4,
    "SliceTiming": [
      0.5475,
      0,
      0.39,
      0.08,
      0.47,
      0.235,
      0.625,
      0.3125,
      0.7025,
      0.1575,
      0.5475,
      0,
      0.39,
      0.08,
      0.47,
      0.235,
      0.625,
      0.3125,
      0.7025,
      0.1575,
      0.5475,
      0,
      0.39,
      0.08,
      0.47,
      0.235,
      0.625,
      0.3125,
      0.7025,
      0.1575,
      0.5475,
      0,
      0.39,
      0.08,
      0.47,
      0.235,
      0.625,
      0.3125,
      0.7025,
      0.1575,
      0.5475,
      0,
      0.39,
      0.08,
      0.47,
      0.235,
      0.625,
      0.3125,
      0.7025,
      0.1575,
      0.5475,
      0,
      0.39,
      0.08,
      0.47,
      0.235,
      0.625,
      0.3125,
      0.7025,
      0.1575
    ],
    "SoftwareVersions": "syngo_MR_E11",
    "SpacingBetweenSlices": 2.4,
    "StationName": "AWP166095",
    "TotalReadoutTime": 0.045391,
    "TxRefAmp": 234.685,
    "WipMemBlock": "e8716145-1193-4bf0-948f-800c43ea5c13",
    "dataset": "ds004097",
    "modality": "bold",
    "run_id": 2,
    "session_id": "02",
    "subject_id": "NDARTW625MMA",
    "task_id": "rest"
  },
  "dummy_trs": 6,
  "dvars_nstd": 26.28154405109043,
  "dvars_std": 0.9923053241755313,
  "dvars_vstd": 0.9710995756648937,
  "efc": 0.48242576364736905,
  "fber": 992.9047241210938,
  "fd_mean": 0.11878126657818507,
  "fd_num": 11,
  "fd_perc": 2.9177718832891246,
  "fwhm_avg": 3.220286090511864,
  "fwhm_x": 3.0422873791103613,
  "fwhm_y": 3.3763040325043985,
  "fwhm_z": 3.2422668599208313,
  "gcor": 0.0197656,
  "gsr_x": -0.016112785786390305,
  "gsr_y": 0.07010003924369812,
  "provenance": {
    "md5sum": "0092996951124ddc2b7a94f351e935d6",
    "settings": {
      "fd_thres": 0.2,
      "testing": false
    },
    "software": "mriqc",
    "version": "23.0.1",
    "webapi_port": null,
    "webapi_url": "https://mriqc.nimh.nih.gov/api/v1"
  },
  "size_t": 377,
  "size_x": 90,
  "size_y": 90,
  "size_z": 60,
  "snr": 2.3641498815173736,
  "spacing_tr": 0.800000011920929,
  "spacing_x": 2.4000000953674316,
  "spacing_y": 2.4000000953674316,
  "spacing_z": 2.3999998569488525,
  "summary_bg_k": 24.657551543187328,
  "summary_bg_mad": 5.9933311266087115,
  "summary_bg_mean": 23.958650588989258,
  "summary_bg_median": 9.97082233428955,
  "summary_bg_n": 342866.0,
  "summary_bg_p05": 5.687002658843994,
  "summary_bg_p95": 98.27055549621582,
  "summary_bg_stdv": 37.85911178588867,
  "summary_fg_k": 1.684022383904157,
  "summary_fg_mad": 123.38434152580413,
  "summary_fg_mean": 341.3797912597656,
  "summary_fg_median": 314.5,
  "summary_fg_n": 74092.0,
  "summary_fg_p05": 178.16060943603514,
  "summary_fg_p95": 591.4730529785156,
  "summary_fg_stdv": 133.02789306640625,
  "tsnr": 44.08061622455716
}