{
  "aor": 0.0016595454545454548,
  "aqi": 0.006560249385026738,
  "bids_meta": {
    "AcquisitionMatrixPE": 90,
    "AcquisitionNumber": 1,
    "AcquisitionTime": "14:50:21.975000",
    "BandwidthPerPixelPhaseEncode": 21.786,
    "BaseResolution": 90,
    "BodyPartExamined": "BRAIN",
    "ConsistencyInfo": "N4_VE11C_LATEST_20160120",
    "ConversionSoftware": "dcm2niix",
    "ConversionSoftwareVersion": "v1.0.20190902",
    "Dcm2bidsVersion": "2.1.4",
    "DerivedVendorReportedEchoSpacing": 0.000510012,
    "DeviceSerialNumber": "166095",
    "DwellTime": 2e-06,
    "EchoTime": 0.03,
    "EchoTrainLength": 90,
    "EffectiveEchoSpacing": 0.000510012,
    "FlipAngle": 52,
    "ImageComments": "SMS_ABCD_V1.2;_MB=6;_FOVshift=3;_K_PE=5;_K_RO=5;_LeakBlockOn;",
    "ImageOrientationPatientDICOM": [
      1,
      0,
      0,
      0,
      1,
      0
    ],
    "ImageType": [
      "ORIGINAL",
      "PRIMARY",
      "M",
      "ND",
      "MOSAIC"
    ],
    "ImagingFrequency": 123.261,
    "InPlanePhaseEncodingDirectionDICOM": "COL",
    "InstitutionAddress": "Hillhouse_Ave._10_New_Haven_Northeast_US_06519",
    "InstitutionName": "Yale_University_-_Dunham_Lab._Bldg.",
    "InstitutionalDepartmentName": "Department",
    "MRAcquisitionType": "2D",
    "MagneticFieldStrength": 3,
    "Manufacturer": "Siemens",
    "ManufacturersModelName": "Prisma",
    "Modality": "MR",
    "MultibandAccelerationFactor": 6,
    "PartialFourier": 1,
    "PatientPosition": "HFS",
    "PercentPhaseFOV": 100,
    "PhaseEncodingAxis": "j",
    "PhaseEncodingDirection": "j",
    "PhaseEncodingSteps": 90,
    "PhaseResolution": 1,
    "PixelBandwidth": 2780,
    "ProcedureStepDescription": "ABCDadult",
    "ProtocolName": "ABCD_fMRI_rest",
    "PulseSequenceDetails": "%CustomerSeq%_ep2d_bold_sms_abcd",
    "ReceiveCoilActiveElements": "HEA;HEP",
    "ReceiveCoilName": "Head_32",
    "ReconMatrixPE": 90,
    "RefLinesPE": 22,
    "RepetitionTime": 0.8,
    "SAR": 0.058286,
    "ScanOptions": "FS_CT",
    "ScanningSequence": "EP",
    "SequenceName": "epfid2d1_90",
    "SequenceVariant": "SK",
    "SeriesDescription": "ABCD_fMRI_rest",
    "SeriesNumber": 10,
    "ShimSetting": [
      -2117,
      -616,
      -4031,
      537,
      25,
      -68,
      -121,
      43
    ],
    "SliceThickness": 2.4,
    "SliceTiming": [
      0.5475,
      0,
      0.39,
      0.0775,
      0.4675,
      0.235,
      0.625,
      0.3125,
      0.7025,
      0.1575,
      0.5475,
      0,
      0.39,
      0.0775,
      0.4675,
      0.235,
      0.625,
      0.3125,
      0.7025,
      0.1575,
      0.5475,
      0,
      0.39,
      0.0775,
      0.4675,
      0.235,
      0.625,
      0.3125,
      0.7025,
      0.1575,
      0.5475,
      0,
      0.39,
      0.0775,
      0.4675,
      0.235,
      0.625,
      0.3125,
      0.7025,
      0.1575,
      0.5475,
      0,
      0.39,
      0.0775,
      0.4675,
      0.235,
      0.625,
      0.3125,
      0.7025,
      0.1575,
      0.5475,
      0,
      0.39,
      0.0775,
      0.4675,
      0.235,
      0.625,
      0.3125,
      0.7025,
      0.1575
    ],
    "SoftwareVersions": "syngo_MR_E11",
    "SpacingBetweenSlices": 2.4,
    "StationName": "AWP166095",
    "TotalReadoutTime": 0.045391,
    "TxRefAmp": 221.685,
    "WipMemBlock": "0b9b5418-6859-4e5d-92dc-ea04f7a12f61",
    "dataset": "ds004097",
    "modality": "bold",
    "run_id": 2,
    "session_id": "01",
    "subject_id": "NDARTR918TJX",
    "task_id": "rest"
  },
  "dummy_trs": 9,
  "dvars_nstd": 32.771518282707795,
  "dvars_std": 1.0486263066756027,
  "dvars_vstd": 1.012027047587132,
  "efc": 0.47917276154837485,
  "fber": 1150.7236328125,
  "fd_mean": 0.12473388971429147,
  "fd_num": 39,
  "fd_perc": 10.427807486631016,
  "fwhm_avg": 2.837041653350416,
  "fwhm_x": 2.703820725893151,
  "fwhm_y": 2.8049915552063167,
  "fwhm_z": 3.0023126789517804,
  "gcor": 0.00375881,
  "gsr_x": -0.01843000017106533,
  "gsr_y": 0.06460700929164886,
  "provenance": {
    "md5sum": "a057d92be18eb11cc0369b15a819f494",
    "settings": {
      "fd_thres": 0.2,
      "testing": false
    },
    "software": "mriqc",
    "version": "23.0.1",
    "webapi_port": null,
    "webapi_url": "https://mriqc.nimh.nih.gov/api/v1"
  },
  "size_t": 374,
  "size_x": 90,
  "size_y": 90,
  "size_z": 60,
  "snr": 2.7984026168526177,
  "spacing_tr": 0.800000011920929,
  "spacing_x": 2.4000000953674316,
  "spacing_y": 2.4000000953674316,
  "spacing_z": 2.3999998569488525,
  "summary_bg_k": 33.87457983490479,
  "summary_bg_mad": 3.1475562412852374,
  "summary_bg_mean": 16.136173248291016,
  "summary_bg_median": 7.192513465881348,
  "summary_bg_n": 345182.0,
  "summary_bg_p05": 4.727272987365723,
  "summary_bg_p95": 60.12807445526129,
  "summary_bg_stdv": 26.733938217163086,
  "summary_fg_k": 1.9562253236966738,
  "summary_fg_mad": 69.34137996201062,
  "summary_fg_mean": 260.4372863769531,
  "summary_fg_median": 241.71658325195312,
  "summary_fg_n": 73088.0,
  "summary_fg_p05": 153.1080223083496,
  "summary_fg_p95": 430.8470703124998,
  "summary_fg_stdv": 86.37603759765625,
  "tsnr": 39.75771931000054
}