{
  "bids_meta": {
    "AcquisitionMatrixPE": 256,
    "AcquisitionNumber": 1,
    "AcquisitionTime": "12:06:36.870000",
    "BaseResolution": 256,
    "BodyPartExamined": "BRAIN",
    "ConsistencyInfo": "N4_VE11C_LATEST_20160120",
    "ConversionSoftware": "dcm2niix",
    "ConversionSoftwareVersion": "v1.0.20190902",
    "Dcm2bidsVersion": "2.1.4",
    "DeviceSerialNumber": "166095",
    "DwellTime": 0.000510012,
    "EchoTime": 0.565,
    "EchoTrainLength": 190,
    "FlipAngle": 120,
    "ImageOrientationPatientDICOM": [
      -0.0975829,
      0.995227,
      0,
      0,
      0,
      -1
    ],
    "ImageType": [
      "ORIGINAL",
      "PRIMARY",
      "M",
      "ND",
      "NORM"
    ],
    "ImagingFrequency": 123.261,
    "InPlanePhaseEncodingDirectionDICOM": "ROW",
    "InstitutionAddress": "Hillhouse_Ave._10_New_Haven_Northeast_US_06519",
    "InstitutionName": "Yale_University_-_Dunham_Lab._Bldg.",
    "InstitutionalDepartmentName": "Department",
    "MRAcquisitionType": "3D",
    "MagneticFieldStrength": 3,
    "Manufacturer": "Siemens",
    "ManufacturersModelName": "Prisma",
    "Modality": "MR",
    "ParallelReductionFactorInPlane": 2,
    "PartialFourier": 1,
    "PatientPosition": "HFS",
    "PercentPhaseFOV": 100,
    "PhaseEncodingSteps": 227,
    "PhaseResolution": 1,
    "PixelBandwidth": 240,
    "ProcedureStepDescription": "ABCDadult",
    "ProtocolName": "ABCD_T2w_SPC_vNav",
    "PulseSequenceDetails": "%CustomerSeq%_tse_vfl_mgh_epinav_ABCD",
    "ReceiveCoilActiveElements": "HEA;HEP",
    "ReceiveCoilName": "Head_32",
    "ReconMatrixPE": 256,
    "RefLinesPE": 32,
    "RepetitionTime": 3.2,
    "SAR": 0.0806459,
    "ScanOptions": "PFP",
    "ScanningSequence": "SE",
    "SequenceName": "spc_200ns",
    "SequenceVariant": "SK_SP",
    "SeriesDescription": "ABCD_T2w_SPC_vNav",
    "SeriesNumber": 18,
    "ShimSetting": [
      -2120,
      -643,
      -4045,
      498,
      -32,
      -52,
      -189,
      88
    ],
    "SliceThickness": 1,
    "SoftwareVersions": "syngo_MR_E11",
    "StationName": "AWP166095",
    "TxRefAmp": 246.663,
    "WipMemBlock": "Prisma_epi_moco_navigator_ABCD_tse_vfl.prot",
    "dataset": "ds004097",
    "modality": "T2w",
    "session_id": "04",
    "subject_id": "NDARFT076LW8"
  },
  "cjv": 0.22957421242202616,
  "cnr": 1.6247772957048916,
  "efc": 0.507020422419068,
  "fber": 8029.408207717631,
  "fwhm_avg": 2.55767,
  "fwhm_x": 2.49542,
  "fwhm_y": 2.83868,
  "fwhm_z": 2.33891,
  "icvs_csf": 0.3294066035265898,
  "icvs_gm": 0.5484685665059699,
  "icvs_wm": 0.12212482996744034,
  "inu_med": 0.8682918548583984,
  "inu_range": 0.15862443447113028,
  "provenance": {
    "md5sum": "8778fceb2891d9e55e5a950b9fa85726",
    "settings": {
      "testing": false
    },
    "software": "mriqc",
    "version": "23.0.1",
    "warnings": {
      "large_rot_frame": true,
      "small_air_mask": false
    },
    "webapi_port": null,
    "webapi_url": "https://mriqc.nimh.nih.gov/api/v1"
  },
  "qi_1": 0.0023899523137887032,
  "qi_2": 0.01237140903821628,
  "rpve_csf": 13.839593828235882,
  "rpve_gm": 10.08965215065088,
  "rpve_wm": 48.7987721171446,
  "size_x": 176,
  "size_y": 256,
  "size_z": 256,
  "snr_csf": 8.230673990950635,
  "snr_gm": 10.174538074108721,
  "snr_total": 7.006209845918842,
  "snr_wm": 2.6134174726971686,
  "snrd_csf": 110.53768635716091,
  "snrd_gm": 65.22520782084862,
  "snrd_total": 116.5043749334681,
  "snrd_wm": 173.75023062239478,
  "spacing_x": 1.0,
  "spacing_y": 1.0,
  "spacing_z": 1.0,
  "summary_bg_k": 12.224623528827799,
  "summary_bg_mad": 0.0,
  "summary_bg_mean": 2.324826383059218,
  "summary_bg_median": 0.0,
  "summary_bg_n": 3458045.0,
  "summary_bg_p05": 0.0,
  "summary_bg_p95": 8.28450970351696,
  "summary_bg_stdv": 3.7716899822964978,
  "summary_csf_k": 1.558945149270083,
  "summary_csf_mad": 68.38438616019133,
  "summary_csf_mean": 645.120970752682,
  "summary_csf_median": 636.3772251084447,
  "summary_csf_n": 30577.0,
  "summary_csf_p05": 538.5267165787518,
  "summary_csf_p95": 786.5059752762318,
  "summary_csf_stdv": 77.31648946134241,
  "summary_gm_k": 0.5981246412862369,
  "summary_gm_mad": 36.128644144502374,
  "summary_gm_mean": 376.42432443965384,
  "summary_gm_median": 375.5084634758532,
  "summary_gm_n": 241769.0,
  "summary_gm_p05": 318.33788299933076,
  "summary_gm_p95": 436.9892280548811,
  "summary_gm_stdv": 36.90660786315113,
  "summary_wm_k": -0.38007707796814216,
  "summary_wm_mad": 107.30705255476624,
  "summary_wm_mean": 791.2040395040848,
  "summary_wm_median": 1000.2985702827573,
  "summary_wm_n": 19476.0,
  "summary_wm_p05": 28.305408153682947,
  "summary_wm_p95": 1089.5622964575887,
  "summary_wm_stdv": 382.745160356253,
  "tpm_overlap_csf": 0.11954810909218282,
  "tpm_overlap_gm": 0.353693323531256,
  "tpm_overlap_wm": 0.03143323307067116,
  "wm2max": 0.9238325004308117
}