{
  "bids_meta": {
    "AcquisitionMatrixPE": 256,
    "AcquisitionNumber": 1,
    "AcquisitionTime": "11:38:8.907500",
    "BaseResolution": 256,
    "BodyPartExamined": "BRAIN",
    "ConsistencyInfo": "N4_VE11C_LATEST_20160120",
    "ConversionSoftware": "dcm2niix",
    "ConversionSoftwareVersion": "v1.0.20190902",
    "Dcm2bidsVersion": "2.1.4",
    "DeviceSerialNumber": "166095",
    "DwellTime": 0.000510012,
    "EchoTime": 0.0029,
    "FlipAngle": 8,
    "ImageOrientationPatientDICOM": [
      -0.0975829,
      0.995227,
      0,
      0,
      0,
      -1
    ],
    "ImageType": [
      "ORIGINAL",
      "PRIMARY",
      "M",
      "ND",
      "NORM"
    ],
    "ImagingFrequency": 123.261,
    "InPlanePhaseEncodingDirectionDICOM": "ROW",
    "InstitutionAddress": "Hillhouse_Ave._10_New_Haven_Northeast_US_06519",
    "InstitutionName": "Yale_University_-_Dunham_Lab._Bldg.",
    "InstitutionalDepartmentName": "Department",
    "InversionTime": 1.07,
    "MRAcquisitionType": "3D",
    "MagneticFieldStrength": 3,
    "Manufacturer": "Siemens",
    "ManufacturersModelName": "Prisma",
    "Modality": "MR",
    "ParallelReductionFactorInPlane": 2,
    "PartialFourier": 1,
    "PatientPosition": "HFS",
    "PercentPhaseFOV": 100,
    "PhaseEncodingSteps": 255,
    "PhaseResolution": 1,
    "PixelBandwidth": 240,
    "ProcedureStepDescription": "ABCDadult",
    "ProtocolName": "ABCD_T1w_MPR_vNav",
    "PulseSequenceDetails": "%CustomerSeq%_tfl_mgh_epinav_ABCD",
    "ReceiveCoilActiveElements": "HEA;HEP",
    "ReceiveCoilName": "Head_32",
    "ReconMatrixPE": 256,
    "RefLinesPE": 32,
    "RepetitionTime": 2.5,
    "SAR": 0.036798,
    "ScanOptions": "IR_WE",
    "ScanningSequence": "GR_IR",
    "SequenceName": "tfl3d1_16ns",
    "SequenceVariant": "SK_SP_MP",
    "SeriesDescription": "ABCD_T1w_MPR_vNav",
    "SeriesNumber": 5,
    "ShimSetting": [
      -2120,
      -643,
      -4045,
      498,
      -32,
      -52,
      -189,
      88
    ],
    "SliceThickness": 1,
    "SoftwareVersions": "syngo_MR_E11",
    "StationName": "AWP166095",
    "TxRefAmp": 246.663,
    "WipMemBlock": "Prisma_epi_moco_navigator_ABCD_tfl.prot",
    "dataset": "ds004097",
    "modality": "T1w",
    "session_id": "04",
    "subject_id": "NDARFT076LW8"
  },
  "cjv": 0.41866824766149224,
  "cnr": 3.186030144366707,
  "efc": 0.532490246043056,
  "fber": 11976.257843857766,
  "fwhm_avg": 4.057453333333333,
  "fwhm_x": 4.212,
  "fwhm_y": 4.11422,
  "fwhm_z": 3.84614,
  "icvs_csf": 0.19916322303379824,
  "icvs_gm": 0.42374088391562414,
  "icvs_wm": 0.3770958930505776,
  "inu_med": 0.9384106397628784,
  "inu_range": 0.9455368965864182,
  "provenance": {
    "md5sum": "3835f25f94da5690ed2e32e4c25897f3",
    "settings": {
      "testing": false
    },
    "software": "mriqc",
    "version": "23.0.1",
    "warnings": {
      "large_rot_frame": true,
      "small_air_mask": false
    },
    "webapi_port": null,
    "webapi_url": "https://mriqc.nimh.nih.gov/api/v1"
  },
  "qi_1": 3.569508367150707e-05,
  "qi_2": 0.0013786105065727852,
  "rpve_csf": 24.809509683984885,
  "rpve_gm": 12.081997688470397,
  "rpve_wm": 15.49441195220957,
  "size_x": 176,
  "size_y": 256,
  "size_z": 256,
  "snr_csf": 2.0377565704137646,
  "snr_gm": 10.779498680471264,
  "snr_total": 10.260372413243452,
  "snr_wm": 17.963861988845327,
  "snrd_csf": 12.853237661362725,
  "snrd_gm": 42.55286897144245,
  "snrd_total": 38.152712765847504,
  "snrd_wm": 59.05203166473734,
  "spacing_x": 1.0,
  "spacing_y": 1.0,
  "spacing_z": 1.0,
  "summary_bg_k": 92.62659232992867,
  "summary_bg_mad": 0.0,
  "summary_bg_mean": 7.41431177879915,
  "summary_bg_median": 0.0,
  "summary_bg_n": 3346121.0,
  "summary_bg_p05": 0.0,
  "summary_bg_p95": 28.58244540914893,
  "summary_bg_stdv": 11.09475750966446,
  "summary_csf_k": 4.923552571804531,
  "summary_csf_mad": 74.2480210048943,
  "summary_csf_mean": 238.93296819906223,
  "summary_csf_median": 217.6700227111578,
  "summary_csf_n": 37672.0,
  "summary_csf_p05": 111.00399962440133,
  "summary_csf_p95": 455.1453183036295,
  "summary_csf_stdv": 106.81704421238709,
  "summary_gm_k": 0.3437384088315816,
  "summary_gm_mad": 64.38639742580344,
  "summary_gm_mean": 719.2512643802067,
  "summary_gm_median": 720.6343023814261,
  "summary_gm_n": 20228.0,
  "summary_gm_p05": 607.7023131847382,
  "summary_gm_p95": 826.0953319855034,
  "summary_gm_stdv": 66.8506496201948,
  "summary_wm_k": 0.6846166915406688,
  "summary_wm_mad": 52.59532575515131,
  "summary_wm_mean": 1005.134758365873,
  "summary_wm_median": 1000.0481911450624,
  "summary_wm_n": 214730.0,
  "summary_wm_p05": 923.2660064287484,
  "summary_wm_p95": 1104.3524270057678,
  "summary_wm_stdv": 55.669870050524324,
  "tpm_overlap_csf": 0.17490832463624348,
  "tpm_overlap_gm": 0.4483290961890239,
  "tpm_overlap_wm": 0.49201664243432164,
  "wm2max": 0.5312916111850865
}