{
  "aor": 0.0007705707762557078,
  "aqi": 0.0035359673287671234,
  "bids_meta": {
    "AcquisitionMatrixPE": 90,
    "AcquisitionNumber": 1,
    "AcquisitionTime": "14:13:0.657500",
    "BandwidthPerPixelPhaseEncode": 21.786,
    "BaseResolution": 90,
    "BodyPartExamined": "BRAIN",
    "ConsistencyInfo": "N4_VE11C_LATEST_20160120",
    "ConversionSoftware": "dcm2niix",
    "ConversionSoftwareVersion": "v1.0.20190902",
    "Dcm2bidsVersion": "2.1.4",
    "DerivedVendorReportedEchoSpacing": 0.000510012,
    "DeviceSerialNumber": "166095",
    "DwellTime": 2e-06,
    "EchoTime": 0.03,
    "EchoTrainLength": 90,
    "EffectiveEchoSpacing": 0.000510012,
    "FlipAngle": 52,
    "ImageComments": "SMS_ABCD_V1.2;_MB=6;_FOVshift=3;_K_PE=5;_K_RO=5;_LeakBlockOn;",
    "ImageOrientationPatientDICOM": [
      1,
      0,
      0,
      0,
      1,
      0
    ],
    "ImageType": [
      "ORIGINAL",
      "PRIMARY",
      "M",
      "ND",
      "MOSAIC"
    ],
    "ImagingFrequency": 123.261,
    "InPlanePhaseEncodingDirectionDICOM": "COL",
    "InstitutionAddress": "Hillhouse_Ave._10_New_Haven_Northeast_US_06519",
    "InstitutionName": "Yale_University_-_Dunham_Lab._Bldg.",
    "InstitutionalDepartmentName": "Department",
    "MRAcquisitionType": "2D",
    "MagneticFieldStrength": 3,
    "Manufacturer": "Siemens",
    "ManufacturersModelName": "Prisma",
    "Modality": "MR",
    "MultibandAccelerationFactor": 6,
    "PartialFourier": 1,
    "PatientPosition": "HFS",
    "PercentPhaseFOV": 100,
    "PhaseEncodingAxis": "j",
    "PhaseEncodingDirection": "j",
    "PhaseEncodingSteps": 90,
    "PhaseResolution": 1,
    "PixelBandwidth": 2780,
    "ProcedureStepDescription": "ABCDadult",
    "ProtocolName": "ABCD_fMRI_task_Stop",
    "PulseSequenceDetails": "%CustomerSeq%_ep2d_bold_sms_abcd",
    "ReceiveCoilActiveElements": "HEA;HEP",
    "ReceiveCoilName": "Head_32",
    "ReconMatrixPE": 90,
    "RefLinesPE": 22,
    "RepetitionTime": 0.8,
    "SAR": 0.0704353,
    "ScanOptions": "FS_CT",
    "ScanningSequence": "EP",
    "SequenceName": "epfid2d1_90",
    "SequenceVariant": "SK",
    "SeriesDescription": "ABCD_fMRI_task_Stop",
    "SeriesNumber": 41,
    "ShimSetting": [
      -2152,
      -628,
      -4051,
      383,
      -83,
      -18,
      11,
      115
    ],
    "SliceThickness": 2.4,
    "SliceTiming": [
      0.545,
      0,
      0.39,
      0.0775,
      0.4675,
      0.235,
      0.625,
      0.3125,
      0.7025,
      0.155,
      0.545,
      0,
      0.39,
      0.0775,
      0.4675,
      0.235,
      0.625,
      0.3125,
      0.7025,
      0.155,
      0.545,
      0,
      0.39,
      0.0775,
      0.4675,
      0.235,
      0.625,
      0.3125,
      0.7025,
      0.155,
      0.545,
      0,
      0.39,
      0.0775,
      0.4675,
      0.235,
      0.625,
      0.3125,
      0.7025,
      0.155,
      0.545,
      0,
      0.39,
      0.0775,
      0.4675,
      0.235,
      0.625,
      0.3125,
      0.7025,
      0.155,
      0.545,
      0,
      0.39,
      0.0775,
      0.4675,
      0.235,
      0.625,
      0.3125,
      0.7025,
      0.155
    ],
    "SoftwareVersions": "syngo_MR_E11",
    "SpacingBetweenSlices": 2.4,
    "StationName": "AWP166095",
    "TotalReadoutTime": 0.045391,
    "TxRefAmp": 249.575,
    "WipMemBlock": "f5dc0fbd-28b3-4eec-a9c3-ab634e4ed195",
    "dataset": "ds004097",
    "modality": "bold",
    "run_id": 2,
    "session_id": "02",
    "subject_id": "NDARJZ387ZJA",
    "task_id": "SST"
  },
  "dummy_trs": 7,
  "dvars_nstd": 34.372792263455395,
  "dvars_std": 1.172618912379862,
  "dvars_vstd": 1.019558045629291,
  "efc": 0.5683619548886552,
  "fber": 478.34515380859375,
  "fd_mean": 0.06331455993157567,
  "fd_num": 0,
  "fd_perc": 0.0,
  "fwhm_avg": 2.670759712347339,
  "fwhm_x": 2.5081249003360706,
  "fwhm_y": 2.5974540634531156,
  "fwhm_z": 2.906700173252831,
  "gcor": 0.00769698,
  "gsr_x": -0.02696250006556511,
  "gsr_y": 0.08964337408542633,
  "provenance": {
    "md5sum": "502781096ac2bb2711c3ad8cbfb13bdc",
    "settings": {
      "fd_thres": 0.2,
      "testing": false
    },
    "software": "mriqc",
    "version": "23.0.1",
    "webapi_port": null,
    "webapi_url": "https://mriqc.nimh.nih.gov/api/v1"
  },
  "size_t": 438,
  "size_x": 90,
  "size_y": 90,
  "size_z": 60,
  "snr": 2.3320411406292814,
  "spacing_tr": 0.800000011920929,
  "spacing_x": 2.4000000953674316,
  "spacing_y": 2.4000000953674316,
  "spacing_z": 2.3999998569488525,
  "summary_bg_k": 23.225846959206287,
  "summary_bg_mad": 7.101596701941499,
  "summary_bg_mean": 27.092435836791992,
  "summary_bg_median": 11.924656867980957,
  "summary_bg_n": 281669.0,
  "summary_bg_p05": 6.449771404266357,
  "summary_bg_p95": 112.17214355468728,
  "summary_bg_stdv": 44.9203987121582,
  "summary_fg_k": 1.0924197184118967,
  "summary_fg_mad": 113.02982328972018,
  "summary_fg_mean": 301.61175537109375,
  "summary_fg_median": 279.4040832519531,
  "summary_fg_n": 100805.0,
  "summary_fg_p05": 151.1648376464844,
  "summary_fg_p95": 529.0091064453122,
  "summary_fg_stdv": 119.81036376953125,
  "tsnr": 46.820452557876706
}