{
  "aor": 0.0010807272727272727,
  "aqi": 0.005321389159090909,
  "bids_meta": {
    "AcquisitionMatrixPE": 90,
    "AcquisitionNumber": 1,
    "AcquisitionTime": "14:06:44.615000",
    "BandwidthPerPixelPhaseEncode": 21.786,
    "BaseResolution": 90,
    "BodyPartExamined": "BRAIN",
    "ConsistencyInfo": "N4_VE11C_LATEST_20160120",
    "ConversionSoftware": "dcm2niix",
    "ConversionSoftwareVersion": "v1.0.20190902",
    "Dcm2bidsVersion": "2.1.4",
    "DerivedVendorReportedEchoSpacing": 0.000510012,
    "DeviceSerialNumber": "166095",
    "DwellTime": 2e-06,
    "EchoTime": 0.03,
    "EchoTrainLength": 90,
    "EffectiveEchoSpacing": 0.000510012,
    "FlipAngle": 52,
    "ImageComments": "SMS_ABCD_V1.2;_MB=6;_FOVshift=3;_K_PE=5;_K_RO=5;_LeakBlockOn;",
    "ImageOrientationPatientDICOM": [
      1,
      0,
      0,
      0,
      1,
      0
    ],
    "ImageType": [
      "ORIGINAL",
      "PRIMARY",
      "M",
      "ND",
      "MOSAIC"
    ],
    "ImagingFrequency": 123.261,
    "InPlanePhaseEncodingDirectionDICOM": "COL",
    "InstitutionAddress": "Hillhouse_Ave._10_New_Haven_Northeast_US_06519",
    "InstitutionName": "Yale_University_-_Dunham_Lab._Bldg.",
    "InstitutionalDepartmentName": "Department",
    "MRAcquisitionType": "2D",
    "MagneticFieldStrength": 3,
    "Manufacturer": "Siemens",
    "ManufacturersModelName": "Prisma",
    "Modality": "MR",
    "MultibandAccelerationFactor": 6,
    "PartialFourier": 1,
    "PatientPosition": "HFS",
    "PercentPhaseFOV": 100,
    "PhaseEncodingAxis": "j",
    "PhaseEncodingDirection": "j",
    "PhaseEncodingSteps": 90,
    "PhaseResolution": 1,
    "PixelBandwidth": 2780,
    "ProcedureStepDescription": "ABCDadult",
    "ProtocolName": "ABCD_fMRI_task_Stop",
    "PulseSequenceDetails": "%CustomerSeq%_ep2d_bold_sms_abcd",
    "ReceiveCoilActiveElements": "HEA;HEP",
    "ReceiveCoilName": "Head_32",
    "ReconMatrixPE": 90,
    "RefLinesPE": 22,
    "RepetitionTime": 0.8,
    "SAR": 0.0704353,
    "ScanOptions": "FS_CT",
    "ScanningSequence": "EP",
    "SequenceName": "epfid2d1_90",
    "SequenceVariant": "SK",
    "SeriesDescription": "ABCD_fMRI_task_Stop",
    "SeriesNumber": 39,
    "ShimSetting": [
      -2152,
      -628,
      -4051,
      383,
      -83,
      -18,
      11,
      115
    ],
    "SliceThickness": 2.4,
    "SliceTiming": [
      0.5475,
      0,
      0.39,
      0.08,
      0.47,
      0.235,
      0.625,
      0.3125,
      0.7025,
      0.1575,
      0.5475,
      0,
      0.39,
      0.08,
      0.47,
      0.235,
      0.625,
      0.3125,
      0.7025,
      0.1575,
      0.5475,
      0,
      0.39,
      0.08,
      0.47,
      0.235,
      0.625,
      0.3125,
      0.7025,
      0.1575,
      0.5475,
      0,
      0.39,
      0.08,
      0.47,
      0.235,
      0.625,
      0.3125,
      0.7025,
      0.1575,
      0.5475,
      0,
      0.39,
      0.08,
      0.47,
      0.235,
      0.625,
      0.3125,
      0.7025,
      0.1575,
      0.5475,
      0,
      0.39,
      0.08,
      0.47,
      0.235,
      0.625,
      0.3125,
      0.7025,
      0.1575
    ],
    "SoftwareVersions": "syngo_MR_E11",
    "SpacingBetweenSlices": 2.4,
    "StationName": "AWP166095",
    "TotalReadoutTime": 0.045391,
    "TxRefAmp": 249.575,
    "WipMemBlock": "d2c82f9e-35fb-4898-8f8b-cf85b259a52f",
    "dataset": "ds004097",
    "modality": "bold",
    "run_id": 1,
    "session_id": "02",
    "subject_id": "NDARJZ387ZJA",
    "task_id": "SST"
  },
  "dummy_trs": 5,
  "dvars_nstd": 36.036571984783635,
  "dvars_std": 1.1702899363097952,
  "dvars_vstd": 0.9996032249430521,
  "efc": 0.5681126333050821,
  "fber": 480.8662109375,
  "fd_mean": 0.06765508123495316,
  "fd_num": 10,
  "fd_perc": 2.272727272727273,
  "fwhm_avg": 2.6912833231502447,
  "fwhm_x": 2.524087399701778,
  "fwhm_y": 2.6277415622495983,
  "fwhm_z": 2.9220210074993576,
  "gcor": 0.0112491,
  "gsr_x": -0.027137987315654755,
  "gsr_y": 0.08684379607439041,
  "provenance": {
    "md5sum": "acd120c3f242bead4c9cef3008bd95cc",
    "settings": {
      "fd_thres": 0.2,
      "testing": false
    },
    "software": "mriqc",
    "version": "23.0.1",
    "webapi_port": null,
    "webapi_url": "https://mriqc.nimh.nih.gov/api/v1"
  },
  "size_t": 440,
  "size_x": 90,
  "size_y": 90,
  "size_z": 60,
  "snr": 2.3282603238613593,
  "spacing_tr": 0.800000011920929,
  "spacing_x": 2.4000000953674316,
  "spacing_y": 2.4000000953674316,
  "spacing_z": 2.3999998569488525,
  "summary_bg_k": 23.216240529263207,
  "summary_bg_mad": 7.123229672697207,
  "summary_bg_mean": 27.048809051513672,
  "summary_bg_median": 11.895454406738281,
  "summary_bg_n": 281883.0,
  "summary_bg_p05": 6.4295454025268555,
  "summary_bg_p95": 112.09704284667944,
  "summary_bg_stdv": 44.89228439331055,
  "summary_fg_k": 1.1412940266736173,
  "summary_fg_mad": 113.02143026263484,
  "summary_fg_mean": 301.8182678222656,
  "summary_fg_median": 279.43634033203125,
  "summary_fg_n": 100793.0,
  "summary_fg_p05": 151.54318237304688,
  "summary_fg_p95": 529.987255859375,
  "summary_fg_stdv": 120.0187759399414,
  "tsnr": 41.39885852346197
}