{
  "aor": 0.0009496145124716554,
  "aqi": 0.010601667732426304,
  "bids_meta": {
    "AcquisitionMatrixPE": 90,
    "AcquisitionNumber": 1,
    "AcquisitionTime": "14:10:47.860000",
    "BandwidthPerPixelPhaseEncode": 21.786,
    "BaseResolution": 90,
    "BodyPartExamined": "BRAIN",
    "ConsistencyInfo": "N4_VE11C_LATEST_20160120",
    "ConversionSoftware": "dcm2niix",
    "ConversionSoftwareVersion": "v1.0.20190902",
    "Dcm2bidsVersion": "2.1.4",
    "DerivedVendorReportedEchoSpacing": 0.000510012,
    "DeviceSerialNumber": "166095",
    "DwellTime": 2e-06,
    "EchoTime": 0.03,
    "EchoTrainLength": 90,
    "EffectiveEchoSpacing": 0.000510012,
    "FlipAngle": 52,
    "ImageComments": "SMS_ABCD_V1.2;_MB=6;_FOVshift=3;_K_PE=5;_K_RO=5;_LeakBlockOn;",
    "ImageOrientationPatientDICOM": [
      1,
      0,
      0,
      0,
      1,
      0
    ],
    "ImageType": [
      "ORIGINAL",
      "PRIMARY",
      "M",
      "ND",
      "MOSAIC"
    ],
    "ImagingFrequency": 123.261,
    "InPlanePhaseEncodingDirectionDICOM": "COL",
    "InstitutionAddress": "Hillhouse_Ave._10_New_Haven_Northeast_US_06519",
    "InstitutionName": "Yale_University_-_Dunham_Lab._Bldg.",
    "InstitutionalDepartmentName": "Department",
    "MRAcquisitionType": "2D",
    "MagneticFieldStrength": 3,
    "Manufacturer": "Siemens",
    "ManufacturersModelName": "Prisma",
    "Modality": "MR",
    "MultibandAccelerationFactor": 6,
    "PartialFourier": 1,
    "PatientPosition": "HFS",
    "PercentPhaseFOV": 100,
    "PhaseEncodingAxis": "j",
    "PhaseEncodingDirection": "j",
    "PhaseEncodingSteps": 90,
    "PhaseResolution": 1,
    "PixelBandwidth": 2780,
    "ProcedureStepDescription": "ABCDadult",
    "ProtocolName": "ABCD_fMRI_task_Stop",
    "PulseSequenceDetails": "%CustomerSeq%_ep2d_bold_sms_abcd",
    "ReceiveCoilActiveElements": "HEA;HEP",
    "ReceiveCoilName": "Head_32",
    "ReconMatrixPE": 90,
    "RefLinesPE": 22,
    "RepetitionTime": 0.8,
    "SAR": 0.0741247,
    "ScanOptions": "FS_CT",
    "ScanningSequence": "EP",
    "SequenceName": "epfid2d1_90",
    "SequenceVariant": "SK",
    "SeriesDescription": "ABCD_fMRI_task_Stop",
    "SeriesNumber": 39,
    "ShimSetting": [
      -2141,
      -641,
      -4013,
      397,
      -93,
      -21,
      1,
      83
    ],
    "SliceThickness": 2.4,
    "SliceTiming": [
      0.5475,
      0,
      0.39,
      0.0775,
      0.4675,
      0.235,
      0.625,
      0.3125,
      0.7025,
      0.1575,
      0.5475,
      0,
      0.39,
      0.0775,
      0.4675,
      0.235,
      0.625,
      0.3125,
      0.7025,
      0.1575,
      0.5475,
      0,
      0.39,
      0.0775,
      0.4675,
      0.235,
      0.625,
      0.3125,
      0.7025,
      0.1575,
      0.5475,
      0,
      0.39,
      0.0775,
      0.4675,
      0.235,
      0.625,
      0.3125,
      0.7025,
      0.1575,
      0.5475,
      0,
      0.39,
      0.0775,
      0.4675,
      0.235,
      0.625,
      0.3125,
      0.7025,
      0.1575,
      0.5475,
      0,
      0.39,
      0.0775,
      0.4675,
      0.235,
      0.625,
      0.3125,
      0.7025,
      0.1575
    ],
    "SoftwareVersions": "syngo_MR_E11",
    "SpacingBetweenSlices": 2.4,
    "StationName": "AWP166095",
    "TotalReadoutTime": 0.045391,
    "TxRefAmp": 254.38,
    "WipMemBlock": "a19e1e88-f101-4573-aa18-a8f49d8d8e6a",
    "dataset": "ds004097",
    "modality": "bold",
    "run_id": 1,
    "session_id": "05",
    "subject_id": "NDARJZ387ZJA",
    "task_id": "SST"
  },
  "dummy_trs": 4,
  "dvars_nstd": 47.16493206913637,
  "dvars_std": 1.314634978136364,
  "dvars_vstd": 0.9881641674090901,
  "efc": 0.5694286190590113,
  "fber": 560.3081665039062,
  "fd_mean": 0.07942084329044763,
  "fd_num": 14,
  "fd_perc": 3.1746031746031744,
  "fwhm_avg": 2.579266656832624,
  "fwhm_x": 2.4419665696316333,
  "fwhm_y": 2.497691567417321,
  "fwhm_z": 2.7981418334489168,
  "gcor": 0.0182832,
  "gsr_x": -0.021155713126063347,
  "gsr_y": 0.08633922785520554,
  "provenance": {
    "md5sum": "24665280c2271fd1bac9593079d3f290",
    "settings": {
      "fd_thres": 0.2,
      "testing": false
    },
    "software": "mriqc",
    "version": "23.0.1",
    "webapi_port": null,
    "webapi_url": "https://mriqc.nimh.nih.gov/api/v1"
  },
  "size_t": 441,
  "size_x": 90,
  "size_y": 90,
  "size_z": 60,
  "snr": 2.4977102061163095,
  "spacing_tr": 0.800000011920929,
  "spacing_x": 2.4000000953674316,
  "spacing_y": 2.4000000953674316,
  "spacing_z": 2.3999998569488525,
  "summary_bg_k": 30.58140814732365,
  "summary_bg_mad": 5.258026450622247,
  "summary_bg_mean": 22.395540237426758,
  "summary_bg_median": 10.040816307067871,
  "summary_bg_n": 276049.0,
  "summary_bg_p05": 5.9365081787109375,
  "summary_bg_p95": 90.36417388915957,
  "summary_bg_stdv": 39.53126525878906,
  "summary_fg_k": 0.9221821834566297,
  "summary_fg_mad": 97.40463109168002,
  "summary_fg_mean": 276.2308654785156,
  "summary_fg_median": 257.716552734375,
  "summary_fg_n": 101514.0,
  "summary_fg_p05": 144.5229049682617,
  "summary_fg_p95": 472.54058685302726,
  "summary_fg_stdv": 103.18061828613281,
  "tsnr": 34.790244396892376
}