{
  "aor": 0.0014873351648351648,
  "aqi": 0.005512712197802199,
  "bids_meta": {
    "AcquisitionMatrixPE": 90,
    "AcquisitionNumber": 1,
    "AcquisitionTime": "14:23:26.875000",
    "BandwidthPerPixelPhaseEncode": 21.786,
    "BaseResolution": 90,
    "BodyPartExamined": "BRAIN",
    "ConsistencyInfo": "N4_VE11C_LATEST_20160120",
    "ConversionSoftware": "dcm2niix",
    "ConversionSoftwareVersion": "v1.0.20190902",
    "Dcm2bidsVersion": "2.1.4",
    "DerivedVendorReportedEchoSpacing": 0.000510012,
    "DeviceSerialNumber": "166095",
    "DwellTime": 2e-06,
    "EchoTime": 0.03,
    "EchoTrainLength": 90,
    "EffectiveEchoSpacing": 0.000510012,
    "FlipAngle": 52,
    "ImageComments": "SMS_ABCD_V1.2;_MB=6;_FOVshift=3;_K_PE=5;_K_RO=5;_LeakBlockOn;",
    "ImageOrientationPatientDICOM": [
      1,
      0,
      0,
      0,
      1,
      0
    ],
    "ImageType": [
      "ORIGINAL",
      "PRIMARY",
      "M",
      "ND",
      "MOSAIC"
    ],
    "ImagingFrequency": 123.261,
    "InPlanePhaseEncodingDirectionDICOM": "COL",
    "InstitutionAddress": "Hillhouse_Ave._10_New_Haven_Northeast_US_06519",
    "InstitutionName": "Yale_University_-_Dunham_Lab._Bldg.",
    "InstitutionalDepartmentName": "Department",
    "MRAcquisitionType": "2D",
    "MagneticFieldStrength": 3,
    "Manufacturer": "Siemens",
    "ManufacturersModelName": "Prisma",
    "Modality": "MR",
    "MultibandAccelerationFactor": 6,
    "PartialFourier": 1,
    "PatientPosition": "HFS",
    "PercentPhaseFOV": 100,
    "PhaseEncodingAxis": "j",
    "PhaseEncodingDirection": "j",
    "PhaseEncodingSteps": 90,
    "PhaseResolution": 1,
    "PixelBandwidth": 2780,
    "ProcedureStepDescription": "ABCDadult",
    "ProtocolName": "ABCD_fMRI_task_Emotional_n-back",
    "PulseSequenceDetails": "%CustomerSeq%_ep2d_bold_sms_abcd",
    "ReceiveCoilActiveElements": "HEA;HEP",
    "ReceiveCoilName": "Head_32",
    "ReconMatrixPE": 90,
    "RefLinesPE": 22,
    "RepetitionTime": 0.8,
    "SAR": 0.0704742,
    "ScanOptions": "FS_CT",
    "ScanningSequence": "EP",
    "SequenceName": "epfid2d1_90",
    "SequenceVariant": "SK",
    "SeriesDescription": "ABCD_fMRI_task_Emotional_n-back",
    "SeriesNumber": 36,
    "ShimSetting": [
      -2115,
      -631,
      -4048,
      364,
      -15,
      -33,
      -34,
      93
    ],
    "SliceThickness": 2.4,
    "SliceTiming": [
      0.5475,
      0,
      0.39,
      0.0775,
      0.4675,
      0.235,
      0.625,
      0.3125,
      0.7025,
      0.1575,
      0.5475,
      0,
      0.39,
      0.0775,
      0.4675,
      0.235,
      0.625,
      0.3125,
      0.7025,
      0.1575,
      0.5475,
      0,
      0.39,
      0.0775,
      0.4675,
      0.235,
      0.625,
      0.3125,
      0.7025,
      0.1575,
      0.5475,
      0,
      0.39,
      0.0775,
      0.4675,
      0.235,
      0.625,
      0.3125,
      0.7025,
      0.1575,
      0.5475,
      0,
      0.39,
      0.0775,
      0.4675,
      0.235,
      0.625,
      0.3125,
      0.7025,
      0.1575,
      0.5475,
      0,
      0.39,
      0.0775,
      0.4675,
      0.235,
      0.625,
      0.3125,
      0.7025,
      0.1575
    ],
    "SoftwareVersions": "syngo_MR_E11",
    "SpacingBetweenSlices": 2.4,
    "StationName": "AWP166095",
    "TotalReadoutTime": 0.045391,
    "TxRefAmp": 255.704,
    "WipMemBlock": "72fba440-b162-49df-89d8-2a640a71bda6",
    "dataset": "ds004097",
    "modality": "bold",
    "run_id": 2,
    "session_id": "01",
    "subject_id": "NDARJZ387ZJA",
    "task_id": "nback"
  },
  "dummy_trs": 6,
  "dvars_nstd": 36.579106911597776,
  "dvars_std": 1.132387303994491,
  "dvars_vstd": 1.0143895318181815,
  "efc": 0.5691405699863786,
  "fber": 578.9484252929688,
  "fd_mean": 0.07027186980076464,
  "fd_num": 4,
  "fd_perc": 1.098901098901099,
  "fwhm_avg": 2.5337124920256495,
  "fwhm_x": 2.3745832389758728,
  "fwhm_y": 2.426916570229667,
  "fwhm_z": 2.7996376668714085,
  "gcor": 0.00520165,
  "gsr_x": -0.010617945343255997,
  "gsr_y": 0.07157433032989502,
  "provenance": {
    "md5sum": "803d3bb091ce8f35e5976c3627b34568",
    "settings": {
      "fd_thres": 0.2,
      "testing": false
    },
    "software": "mriqc",
    "version": "23.0.1",
    "webapi_port": null,
    "webapi_url": "https://mriqc.nimh.nih.gov/api/v1"
  },
  "size_t": 364,
  "size_x": 90,
  "size_y": 90,
  "size_z": 60,
  "snr": 2.5435998221063096,
  "spacing_tr": 0.800000011920929,
  "spacing_x": 2.4000000953674316,
  "spacing_y": 2.4000000953674316,
  "spacing_z": 2.3999998569488525,
  "summary_bg_k": 24.988316886756266,
  "summary_bg_mad": 4.895845981702518,
  "summary_bg_mean": 20.88492774963379,
  "summary_bg_median": 9.557692527770996,
  "summary_bg_n": 277892.0,
  "summary_bg_p05": 5.714285850524902,
  "summary_bg_p95": 84.58090972900393,
  "summary_bg_stdv": 34.443626403808594,
  "summary_fg_k": 0.8823373306288316,
  "summary_fg_mad": 89.6139337803112,
  "summary_fg_mean": 263.4536437988281,
  "summary_fg_median": 245.95742797851562,
  "summary_fg_n": 101580.0,
  "summary_fg_p05": 139.88433837890625,
  "summary_fg_p95": 448.9184265136717,
  "summary_fg_stdv": 96.69611358642578,
  "tsnr": 39.29854100430384
}