{
  "bids_meta": {
    "AcquisitionMatrixPE": 256,
    "AcquisitionNumber": 1,
    "AcquisitionTime": "12:31:46.970000",
    "BaseResolution": 256,
    "BodyPartExamined": "BRAIN",
    "ConsistencyInfo": "N4_VE11C_LATEST_20160120",
    "ConversionSoftware": "dcm2niix",
    "ConversionSoftwareVersion": "v1.0.20190902",
    "Dcm2bidsVersion": "2.1.4",
    "DeviceSerialNumber": "166095",
    "DwellTime": 0.000510012,
    "EchoTime": 0.0029,
    "FlipAngle": 8,
    "ImageOrientationPatientDICOM": [
      0,
      1,
      0,
      -0.0296663,
      0,
      -0.99956
    ],
    "ImageType": [
      "ORIGINAL",
      "PRIMARY",
      "M",
      "ND"
    ],
    "ImagingFrequency": 123.261,
    "InPlanePhaseEncodingDirectionDICOM": "ROW",
    "InstitutionAddress": "Hillhouse_Ave._10_New_Haven_Northeast_US_06519",
    "InstitutionName": "Yale_University_-_Dunham_Lab._Bldg.",
    "InstitutionalDepartmentName": "Department",
    "InversionTime": 1.07,
    "MRAcquisitionType": "3D",
    "MagneticFieldStrength": 3,
    "Manufacturer": "Siemens",
    "ManufacturersModelName": "Prisma",
    "Modality": "MR",
    "ParallelReductionFactorInPlane": 2,
    "PartialFourier": 1,
    "PatientPosition": "HFS",
    "PercentPhaseFOV": 100,
    "PhaseEncodingSteps": 255,
    "PhaseResolution": 1,
    "PixelBandwidth": 240,
    "ProcedureStepDescription": "ABCDadult",
    "ProtocolName": "ABCD_T1w_MPR_vNav",
    "PulseSequenceDetails": "%CustomerSeq%_tfl_mgh_epinav_ABCD",
    "ReceiveCoilActiveElements": "HEA;HEP",
    "ReceiveCoilName": "Head_32",
    "ReconMatrixPE": 256,
    "RefLinesPE": 32,
    "RepetitionTime": 2.5,
    "SAR": 0.0353412,
    "ScanOptions": "IR_WE",
    "ScanningSequence": "GR_IR",
    "SequenceName": "tfl3d1_16ns",
    "SequenceVariant": "SK_SP_MP",
    "SeriesDescription": "ABCD_T1w_MPR_vNav",
    "SeriesNumber": 4,
    "ShimSetting": [
      -2120,
      -736,
      -4047,
      498,
      -6,
      -196,
      142,
      40
    ],
    "SliceThickness": 1,
    "SoftwareVersions": "syngo_MR_E11",
    "StationName": "AWP166095",
    "TxRefAmp": 222.835,
    "WipMemBlock": "Prisma_epi_moco_navigator_ABCD_tfl.prot",
    "dataset": "ds004097",
    "modality": "T1w",
    "session_id": "03",
    "subject_id": "NDARUD216XXV"
  },
  "cjv": 0.3262047949836398,
  "cnr": 3.8979834173942285,
  "efc": 0.49027085624879746,
  "fber": 25656.273314967857,
  "fwhm_avg": 3.8917633333333335,
  "fwhm_x": 4.02642,
  "fwhm_y": 3.99159,
  "fwhm_z": 3.65728,
  "icvs_csf": 0.25381888540503084,
  "icvs_gm": 0.4313717096128485,
  "icvs_wm": 0.3148094049821207,
  "inu_med": 0.4410635828971863,
  "inu_range": 0.11431688070297241,
  "provenance": {
    "md5sum": "3c440f0e3cd8e048e8f6eb997cdbb504",
    "settings": {
      "testing": false
    },
    "software": "mriqc",
    "version": "23.0.1",
    "warnings": {
      "large_rot_frame": true,
      "small_air_mask": false
    },
    "webapi_port": null,
    "webapi_url": "https://mriqc.nimh.nih.gov/api/v1"
  },
  "qi_1": 0.0003225038475024906,
  "qi_2": 0.0017732391546771574,
  "rpve_csf": 24.301613545985635,
  "rpve_gm": 14.217506148555074,
  "rpve_wm": 22.273715635597085,
  "size_x": 176,
  "size_y": 256,
  "size_z": 256,
  "snr_csf": 1.632321452378291,
  "snr_gm": 9.955941754258982,
  "snr_total": 13.356931616184246,
  "snr_wm": 28.48253164191546,
  "snrd_csf": 23.237873501945124,
  "snrd_gm": 86.20462316335153,
  "snrd_total": 77.8381797253318,
  "snrd_wm": 124.07204251069875,
  "spacing_x": 1.0,
  "spacing_y": 1.0,
  "spacing_z": 1.0,
  "summary_bg_k": 322.0375352879247,
  "summary_bg_mad": 0.0,
  "summary_bg_mean": 2.759270448406979,
  "summary_bg_median": 0.0,
  "summary_bg_n": 3264544.0,
  "summary_bg_p05": 0.0,
  "summary_bg_p95": 11.736400052905083,
  "summary_bg_stdv": 5.280290102434103,
  "summary_csf_k": 0.5241604427450608,
  "summary_csf_mad": 100.74838985553971,
  "summary_csf_mean": 212.46873532446705,
  "summary_csf_median": 187.29338417761028,
  "summary_csf_n": 56225.0,
  "summary_csf_p05": 61.518296943977475,
  "summary_csf_p95": 440.43579691871975,
  "summary_csf_stdv": 114.7394824266908,
  "summary_gm_k": 0.17799198254113335,
  "summary_gm_mad": 66.55657879057675,
  "summary_gm_mean": 694.9157264439087,
  "summary_gm_median": 694.7948831319809,
  "summary_gm_n": 33895.0,
  "summary_gm_p05": 578.109637739323,
  "summary_gm_p95": 810.697701854445,
  "summary_gm_stdv": 69.78592793949824,
  "summary_wm_k": 0.4580486735677516,
  "summary_wm_mad": 33.00278285998969,
  "summary_wm_mean": 999.9897081916303,
  "summary_wm_median": 999.9999665077776,
  "summary_wm_n": 159949.0,
  "summary_wm_p05": 941.6192005112767,
  "summary_wm_p95": 1057.4692054335028,
  "summary_wm_stdv": 35.109127695480886,
  "tpm_overlap_csf": 0.13423289935114457,
  "tpm_overlap_gm": 0.4725335917585827,
  "tpm_overlap_wm": 0.49971608935064116,
  "wm2max": 0.8980606401292907
}