{
  "bids_meta": {
    "AcquisitionMatrixPE": 256,
    "AcquisitionNumber": 1,
    "AcquisitionTime": "13:01:8.350000",
    "BaseResolution": 256,
    "BodyPartExamined": "BRAIN",
    "ConsistencyInfo": "N4_VE11C_LATEST_20160120",
    "ConversionSoftware": "dcm2niix",
    "ConversionSoftwareVersion": "v1.0.20190902",
    "Dcm2bidsVersion": "2.1.4",
    "DeviceSerialNumber": "166095",
    "DwellTime": 0.000510012,
    "EchoTime": 0.565,
    "EchoTrainLength": 190,
    "FlipAngle": 120,
    "ImageOrientationPatientDICOM": [
      0,
      1,
      0,
      -0.0296663,
      0,
      -0.99956
    ],
    "ImageType": [
      "ORIGINAL",
      "PRIMARY",
      "M",
      "ND",
      "NORM"
    ],
    "ImagingFrequency": 123.261,
    "InPlanePhaseEncodingDirectionDICOM": "ROW",
    "InstitutionAddress": "Hillhouse_Ave._10_New_Haven_Northeast_US_06519",
    "InstitutionName": "Yale_University_-_Dunham_Lab._Bldg.",
    "InstitutionalDepartmentName": "Department",
    "MRAcquisitionType": "3D",
    "MagneticFieldStrength": 3,
    "Manufacturer": "Siemens",
    "ManufacturersModelName": "Prisma",
    "Modality": "MR",
    "ParallelReductionFactorInPlane": 2,
    "PartialFourier": 1,
    "PatientPosition": "HFS",
    "PercentPhaseFOV": 100,
    "PhaseEncodingSteps": 227,
    "PhaseResolution": 1,
    "PixelBandwidth": 240,
    "ProcedureStepDescription": "ABCDadult",
    "ProtocolName": "ABCD_T2w_SPC_vNav",
    "PulseSequenceDetails": "%CustomerSeq%_tse_vfl_mgh_epinav_ABCD",
    "ReceiveCoilActiveElements": "HEA;HEP",
    "ReceiveCoilName": "Head_32",
    "ReconMatrixPE": 256,
    "RefLinesPE": 32,
    "RepetitionTime": 3.2,
    "SAR": 0.0774533,
    "ScanOptions": "PFP",
    "ScanningSequence": "SE",
    "SequenceName": "spc_200ns",
    "SequenceVariant": "SK_SP",
    "SeriesDescription": "ABCD_T2w_SPC_vNav",
    "SeriesNumber": 18,
    "ShimSetting": [
      -2120,
      -736,
      -4047,
      498,
      -6,
      -196,
      142,
      40
    ],
    "SliceThickness": 1,
    "SoftwareVersions": "syngo_MR_E11",
    "StationName": "AWP166095",
    "TxRefAmp": 222.835,
    "WipMemBlock": "Prisma_epi_moco_navigator_ABCD_tse_vfl.prot",
    "dataset": "ds004097",
    "modality": "T2w",
    "session_id": "03",
    "subject_id": "NDARUD216XXV"
  },
  "cjv": 0.2773105769169859,
  "cnr": 3.357613047101471,
  "efc": 0.47043161903733494,
  "fber": 12568.193472365701,
  "fwhm_avg": 2.443613333333333,
  "fwhm_x": 2.44982,
  "fwhm_y": 2.589,
  "fwhm_z": 2.29202,
  "icvs_csf": 0.3306230082295146,
  "icvs_gm": 0.5888084921248139,
  "icvs_wm": 0.0805684996456715,
  "inu_med": 0.6472218036651611,
  "inu_range": 0.1229115545749665,
  "provenance": {
    "md5sum": "2d1f55813c4f449d69713c4de9f941f7",
    "settings": {
      "testing": false
    },
    "software": "mriqc",
    "version": "23.0.1",
    "warnings": {
      "large_rot_frame": true,
      "small_air_mask": false
    },
    "webapi_port": null,
    "webapi_url": "https://mriqc.nimh.nih.gov/api/v1"
  },
  "qi_1": 2.045026218696857e-06,
  "qi_2": 0.01640686610561469,
  "rpve_csf": 16.39103387098861,
  "rpve_gm": 11.739648903674206,
  "rpve_wm": 78.79763639971806,
  "size_x": 176,
  "size_y": 256,
  "size_z": 256,
  "snr_csf": 6.340802104713247,
  "snr_gm": 11.236041372612796,
  "snr_total": 6.107197369504511,
  "snr_wm": 0.7447486311874889,
  "snrd_csf": 200.35904886275404,
  "snrd_gm": 97.14051831120943,
  "snrd_total": 104.71576102643894,
  "snrd_wm": 16.64771590535335,
  "spacing_x": 1.0,
  "spacing_y": 1.0,
  "spacing_z": 1.0,
  "summary_bg_k": 18.759207284660572,
  "summary_bg_mad": 0.0,
  "summary_bg_mean": 23.540433424941114,
  "summary_bg_median": 0.0,
  "summary_bg_n": 3191292.0,
  "summary_bg_p05": 0.0,
  "summary_bg_p95": 91.11933508515358,
  "summary_bg_stdv": 39.398435808192254,
  "summary_csf_k": -0.25769569458971997,
  "summary_csf_mad": 1661.0699669345597,
  "summary_csf_mean": 11318.758354918156,
  "summary_csf_median": 12049.14446092397,
  "summary_csf_n": 45070.0,
  "summary_csf_p05": 8067.171700865775,
  "summary_csf_p95": 13433.984903707355,
  "summary_csf_stdv": 1900.2344797634812,
  "summary_gm_k": 0.841212851031595,
  "summary_gm_mad": 486.2002710523698,
  "summary_gm_mean": 5871.07592421193,
  "summary_gm_median": 5841.813208758831,
  "summary_gm_n": 213258.0,
  "summary_gm_p05": 5081.637436106801,
  "summary_gm_p95": 6782.840047493577,
  "summary_gm_stdv": 519.916162501458,
  "summary_wm_k": 11.656143777932863,
  "summary_wm_mad": 856.1650753298783,
  "summary_wm_mean": 1406.3998440290059,
  "summary_wm_median": 1001.1563491970301,
  "summary_wm_n": 3709.0,
  "summary_wm_p05": 192.50694041848183,
  "summary_wm_p95": 3753.0527757078407,
  "summary_wm_stdv": 1344.1063669936477,
  "tpm_overlap_csf": 0.14331288853756893,
  "tpm_overlap_gm": 0.3818227610653794,
  "tpm_overlap_wm": 0.020673721594742206,
  "wm2max": 0.07354615110174818
}