{
  "bids_meta": {
    "AcquisitionMatrixPE": 256,
    "AcquisitionNumber": 1,
    "AcquisitionTime": "11:38:2.272500",
    "BaseResolution": 256,
    "BodyPartExamined": "BRAIN",
    "ConsistencyInfo": "N4_VE11C_LATEST_20160120",
    "ConversionSoftware": "dcm2niix",
    "ConversionSoftwareVersion": "v1.0.20190902",
    "Dcm2bidsVersion": "2.1.4",
    "DeviceSerialNumber": "166095",
    "DwellTime": 0.000510012,
    "EchoTime": 0.0029,
    "FlipAngle": 8,
    "ImageOrientationPatientDICOM": [
      -0.0732392,
      0.997314,
      2.11814e-08,
      -0.00520785,
      -0.000382425,
      -0.999986
    ],
    "ImageType": [
      "ORIGINAL",
      "PRIMARY",
      "M",
      "ND",
      "NORM"
    ],
    "ImagingFrequency": 123.261,
    "InPlanePhaseEncodingDirectionDICOM": "ROW",
    "InstitutionAddress": "Hillhouse_Ave._10_New_Haven_Northeast_US_06519",
    "InstitutionName": "Yale_University_-_Dunham_Lab._Bldg.",
    "InstitutionalDepartmentName": "Department",
    "InversionTime": 1.07,
    "MRAcquisitionType": "3D",
    "MagneticFieldStrength": 3,
    "Manufacturer": "Siemens",
    "ManufacturersModelName": "Prisma",
    "Modality": "MR",
    "ParallelReductionFactorInPlane": 2,
    "PartialFourier": 1,
    "PatientPosition": "HFS",
    "PercentPhaseFOV": 100,
    "PhaseEncodingSteps": 255,
    "PhaseResolution": 1,
    "PixelBandwidth": 240,
    "ProcedureStepDescription": "ABCDadult",
    "ProtocolName": "ABCD_T1w_MPR_vNav",
    "PulseSequenceDetails": "%CustomerSeq%_tfl_mgh_epinav_ABCD",
    "ReceiveCoilActiveElements": "HEA;HEP",
    "ReceiveCoilName": "Head_32",
    "ReconMatrixPE": 256,
    "RefLinesPE": 32,
    "RepetitionTime": 2.5,
    "SAR": 0.0342556,
    "ScanOptions": "IR_WE",
    "ScanningSequence": "GR_IR",
    "SequenceName": "tfl3d1_16ns",
    "SequenceVariant": "SK_SP_MP",
    "SeriesDescription": "ABCD_T1w_MPR_vNav",
    "SeriesNumber": 5,
    "ShimSetting": [
      -2117,
      -634,
      -4117,
      452,
      -43,
      -21,
      -70,
      106
    ],
    "SliceThickness": 1,
    "SoftwareVersions": "syngo_MR_E11",
    "StationName": "AWP166095",
    "TxRefAmp": 242.77,
    "WipMemBlock": "Prisma_epi_moco_navigator_ABCD_tfl.prot",
    "dataset": "ds004097",
    "modality": "T1w",
    "session_id": "02",
    "subject_id": "NDARFT076LW8"
  },
  "cjv": 0.32875407707699444,
  "cnr": 3.8736355839706005,
  "efc": 0.5478582471325089,
  "fber": 28938.503381986473,
  "fwhm_avg": 3.7115966666666664,
  "fwhm_x": 3.81052,
  "fwhm_y": 3.89116,
  "fwhm_z": 3.43311,
  "icvs_csf": 0.21585674859604584,
  "icvs_gm": 0.4367467240035834,
  "icvs_wm": 0.34739652740037075,
  "inu_med": 0.4454287737607956,
  "inu_range": 0.12055428326129913,
  "provenance": {
    "md5sum": "7ca8edb1f60f65fed0b61b9842e931c1",
    "settings": {
      "testing": false
    },
    "software": "mriqc",
    "version": "23.0.1",
    "warnings": {
      "large_rot_frame": true,
      "small_air_mask": false
    },
    "webapi_port": null,
    "webapi_url": "https://mriqc.nimh.nih.gov/api/v1"
  },
  "qi_1": 5.013725444241291e-05,
  "qi_2": 0.0020699576270435103,
  "rpve_csf": 23.035061076794037,
  "rpve_gm": 11.888950289517311,
  "rpve_wm": 17.253094550309868,
  "size_x": 176,
  "size_y": 256,
  "size_z": 256,
  "snr_csf": 2.172708051541756,
  "snr_gm": 10.035295965786625,
  "snr_total": 12.812547372770366,
  "snr_wm": 26.22963810098272,
  "snrd_csf": 30.60104545049086,
  "snrd_gm": 93.86385179276166,
  "snrd_total": 86.5944272374652,
  "snrd_wm": 135.31838446914307,
  "spacing_x": 1.0,
  "spacing_y": 1.0,
  "spacing_z": 1.0,
  "summary_bg_k": 85.33544321137747,
  "summary_bg_mad": 0.0,
  "summary_bg_mean": 2.790092390614389,
  "summary_bg_median": 0.0,
  "summary_bg_n": 3137445.0,
  "summary_bg_p05": 0.0,
  "summary_bg_p95": 11.849000431597233,
  "summary_bg_stdv": 4.8413407269520645,
  "summary_csf_k": 2.348016002696637,
  "summary_csf_mad": 81.08253612641957,
  "summary_csf_mean": 237.86602955691117,
  "summary_csf_median": 226.13624830916524,
  "summary_csf_n": 43540.0,
  "summary_csf_p05": 81.84900234956297,
  "summary_csf_p95": 434.60807521678487,
  "summary_csf_stdv": 104.07917034895809,
  "summary_gm_k": 0.2601466848589702,
  "summary_gm_mad": 64.75187280803628,
  "summary_gm_mean": 694.0021480695992,
  "summary_gm_median": 693.6370631717145,
  "summary_gm_n": 27781.0,
  "summary_gm_p05": 578.9113622419536,
  "summary_gm_p95": 810.0738110952079,
  "summary_gm_stdv": 69.11849749176861,
  "summary_wm_k": 0.7415458576790388,
  "summary_wm_mad": 35.959169326304185,
  "summary_wm_mean": 998.9568609312173,
  "summary_wm_median": 999.9786393120885,
  "summary_wm_n": 207146.0,
  "summary_wm_p05": 935.3866152986884,
  "summary_wm_p95": 1058.4964464977384,
  "summary_wm_stdv": 38.123904788712615,
  "tpm_overlap_csf": 0.16646647971952375,
  "tpm_overlap_gm": 0.45639217181413905,
  "tpm_overlap_wm": 0.5001228965870522,
  "wm2max": 0.8718044341680807
}