{
  "bids_meta": {
    "AcquisitionMatrixPE": 256,
    "AcquisitionNumber": 1,
    "AcquisitionTime": "12:11:20.837500",
    "BaseResolution": 256,
    "BodyPartExamined": "BRAIN",
    "ConsistencyInfo": "N4_VE11C_LATEST_20160120",
    "ConversionSoftware": "dcm2niix",
    "ConversionSoftwareVersion": "v1.0.20190902",
    "Dcm2bidsVersion": "2.1.4",
    "DeviceSerialNumber": "166095",
    "DwellTime": 0.000510012,
    "EchoTime": 0.565,
    "EchoTrainLength": 190,
    "FlipAngle": 120,
    "ImageOrientationPatientDICOM": [
      0,
      1,
      0,
      0,
      0,
      -1
    ],
    "ImageType": [
      "ORIGINAL",
      "PRIMARY",
      "M",
      "ND",
      "NORM"
    ],
    "ImagingFrequency": 123.261,
    "InPlanePhaseEncodingDirectionDICOM": "ROW",
    "InstitutionAddress": "Hillhouse_Ave._10_New_Haven_Northeast_US_06519",
    "InstitutionName": "Yale_University_-_Dunham_Lab._Bldg.",
    "InstitutionalDepartmentName": "Department",
    "MRAcquisitionType": "3D",
    "MagneticFieldStrength": 3,
    "Manufacturer": "Siemens",
    "ManufacturersModelName": "Prisma",
    "Modality": "MR",
    "ParallelReductionFactorInPlane": 2,
    "PartialFourier": 1,
    "PatientPosition": "HFS",
    "PercentPhaseFOV": 100,
    "PhaseEncodingSteps": 227,
    "PhaseResolution": 1,
    "PixelBandwidth": 240,
    "ProcedureStepDescription": "ABCDadult",
    "ProtocolName": "ABCD_T2w_SPC_vNav",
    "PulseSequenceDetails": "%CustomerSeq%_tse_vfl_mgh_epinav_ABCD",
    "ReceiveCoilActiveElements": "HEA;HEP",
    "ReceiveCoilName": "Head_32",
    "ReconMatrixPE": 256,
    "RefLinesPE": 32,
    "RepetitionTime": 3.2,
    "SAR": 0.0750739,
    "ScanOptions": "PFP",
    "ScanningSequence": "SE",
    "SequenceName": "spc_200ns",
    "SequenceVariant": "SK_SP",
    "SeriesDescription": "ABCD_T2w_SPC_vNav",
    "SeriesNumber": 22,
    "ShimSetting": [
      -2117,
      -634,
      -4118,
      439,
      -43,
      -22,
      -68,
      104
    ],
    "SliceThickness": 1,
    "SoftwareVersions": "syngo_MR_E11",
    "StationName": "AWP166095",
    "TxRefAmp": 242.77,
    "WipMemBlock": "Prisma_epi_moco_navigator_ABCD_tse_vfl.prot",
    "dataset": "ds004097",
    "modality": "T2w",
    "session_id": "02",
    "subject_id": "NDARFT076LW8"
  },
  "cjv": 100.86142892493609,
  "cnr": 0.011531890666284482,
  "efc": 0.5327604162210424,
  "fber": 7692.84425572825,
  "fwhm_avg": 3.7677666666666667,
  "fwhm_x": 3.71162,
  "fwhm_y": 3.98029,
  "fwhm_z": 3.61139,
  "icvs_csf": 0.3522091539024038,
  "icvs_gm": 0.525586842080967,
  "icvs_wm": 0.12220400401662923,
  "inu_med": 0.9048999547958374,
  "inu_range": 0.8539573431015012,
  "provenance": {
    "md5sum": "97e35143a89401b2b7ff0ecf23c47bc7",
    "settings": {
      "testing": false
    },
    "software": "mriqc",
    "version": "23.0.1",
    "warnings": {
      "large_rot_frame": true,
      "small_air_mask": false
    },
    "webapi_port": null,
    "webapi_url": "https://mriqc.nimh.nih.gov/api/v1"
  },
  "qi_1": 0.008757170800041179,
  "qi_2": 0.0016735300139013413,
  "rpve_csf": 13.234747126168768,
  "rpve_gm": 10.304605319305407,
  "rpve_wm": 49.72655386740332,
  "size_x": 176,
  "size_y": 256,
  "size_z": 256,
  "snr_csf": 5.962667798186416,
  "snr_gm": 10.0691623564451,
  "snr_total": 5.601908781130727,
  "snr_wm": 0.7738961887606637,
  "snrd_csf": 62.64388573294006,
  "snrd_gm": 35.459295913189365,
  "snrd_total": 44.346749780876564,
  "snrd_wm": 34.93706769650028,
  "spacing_x": 1.0,
  "spacing_y": 1.0,
  "spacing_z": 1.0,
  "summary_bg_k": 10.826469569379892,
  "summary_bg_mad": 0.0,
  "summary_bg_mean": 12.420161923959105,
  "summary_bg_median": 0.0,
  "summary_bg_n": 2882624.0,
  "summary_bg_p05": 0.0,
  "summary_bg_p95": 49.284205958247185,
  "summary_bg_stdv": 19.627663615562234,
  "summary_csf_k": 0.49191709596973565,
  "summary_csf_mad": 249.1300625387845,
  "summary_csf_mean": 1946.848076721868,
  "summary_csf_median": 1876.7895002290606,
  "summary_csf_n": 39429.0,
  "summary_csf_p05": 1554.7211257368326,
  "summary_csf_p95": 2645.6231131777167,
  "summary_csf_stdv": 314.752685205912,
  "summary_gm_k": 1.4233189289451502,
  "summary_gm_mad": 94.29364098884162,
  "summary_gm_mean": 1069.4555572608288,
  "summary_gm_median": 1062.3484395444393,
  "summary_gm_n": 260101.0,
  "summary_gm_p05": 911.1319790408015,
  "summary_gm_p95": 1254.0874693915248,
  "summary_gm_stdv": 105.50494269049385,
  "summary_wm_k": -1.8257647021960266,
  "summary_wm_mad": 1483.7620530999395,
  "summary_wm_mean": 1553.6180890070975,
  "summary_wm_median": 1046.7026598751545,
  "summary_wm_n": 32092.0,
  "summary_wm_p05": 56.715951301157475,
  "summary_wm_p95": 3322.5377705693245,
  "summary_wm_stdv": 1352.4893481906051,
  "tpm_overlap_csf": 0.12136584194640827,
  "tpm_overlap_gm": 0.3495563268412237,
  "tpm_overlap_wm": 0.024026310255378786,
  "wm2max": 0.3183743396944749
}