{
  "bids_meta": {
    "AcquisitionMatrixPE": 256,
    "AcquisitionNumber": 1,
    "AcquisitionTime": "11:52:12.817500",
    "BaseResolution": 256,
    "BodyPartExamined": "BRAIN",
    "ConsistencyInfo": "N4_VE11C_LATEST_20160120",
    "ConversionSoftware": "dcm2niix",
    "ConversionSoftwareVersion": "v1.0.20190902",
    "Dcm2bidsVersion": "2.1.4",
    "DeviceSerialNumber": "166095",
    "DwellTime": 0.000510012,
    "EchoTime": 0.565,
    "EchoTrainLength": 190,
    "FlipAngle": 120,
    "ImageOrientationPatientDICOM": [
      0,
      1,
      0,
      -0.045363,
      0,
      -0.998971
    ],
    "ImageType": [
      "ORIGINAL",
      "PRIMARY",
      "M",
      "ND",
      "NORM"
    ],
    "ImagingFrequency": 123.261,
    "InPlanePhaseEncodingDirectionDICOM": "ROW",
    "InstitutionAddress": "Hillhouse_Ave._10_New_Haven_Northeast_US_06519",
    "InstitutionName": "Yale_University_-_Dunham_Lab._Bldg.",
    "InstitutionalDepartmentName": "Department",
    "MRAcquisitionType": "3D",
    "MagneticFieldStrength": 3,
    "Manufacturer": "Siemens",
    "ManufacturersModelName": "Prisma",
    "Modality": "MR",
    "ParallelReductionFactorInPlane": 2,
    "PartialFourier": 1,
    "PatientPosition": "HFS",
    "PercentPhaseFOV": 100,
    "PhaseEncodingSteps": 227,
    "PhaseResolution": 1,
    "PixelBandwidth": 240,
    "ProcedureStepDescription": "ABCDadult",
    "ProtocolName": "ABCD_T2w_SPC_vNav",
    "PulseSequenceDetails": "%CustomerSeq%_tse_vfl_mgh_epinav_ABCD",
    "ReceiveCoilActiveElements": "HEA;HEP",
    "ReceiveCoilName": "Head_32",
    "ReconMatrixPE": 256,
    "RefLinesPE": 32,
    "RepetitionTime": 3.2,
    "SAR": 0.0865242,
    "ScanOptions": "PFP",
    "ScanningSequence": "SE",
    "SequenceName": "spc_200ns",
    "SequenceVariant": "SK_SP",
    "SeriesDescription": "ABCD_T2w_SPC_vNav",
    "SeriesNumber": 18,
    "ShimSetting": [
      -2142,
      -729,
      -4020,
      378,
      -27,
      -228,
      -36,
      85
    ],
    "SliceThickness": 1,
    "SoftwareVersions": "syngo_MR_E11",
    "StationName": "AWP166095",
    "TxRefAmp": 254.824,
    "WipMemBlock": "Prisma_epi_moco_navigator_ABCD_tse_vfl.prot",
    "dataset": "ds004097",
    "modality": "T2w",
    "session_id": "05",
    "subject_id": "NDARDD890AYU"
  },
  "cjv": 0.8625446556850926,
  "cnr": 0.5262520935353601,
  "efc": 0.546231566380004,
  "fber": 5797.174008927623,
  "fwhm_avg": 3.6252599999999995,
  "fwhm_x": 3.54459,
  "fwhm_y": 3.86767,
  "fwhm_z": 3.46352,
  "icvs_csf": 0.46496309879595416,
  "icvs_gm": 0.3960747844154421,
  "icvs_wm": 0.1389621167886037,
  "inu_med": 0.9224347472190857,
  "inu_range": 0.9420752704143522,
  "provenance": {
    "md5sum": "b951c92a7a3307a4227ddc8e3bb6416b",
    "settings": {
      "testing": false
    },
    "software": "mriqc",
    "version": "23.0.1",
    "warnings": {
      "large_rot_frame": true,
      "small_air_mask": false
    },
    "webapi_port": null,
    "webapi_url": "https://mriqc.nimh.nih.gov/api/v1"
  },
  "qi_1": 1.9551917607162342e-05,
  "qi_2": 0.00393798196960947,
  "rpve_csf": 11.357867324698,
  "rpve_gm": 13.544305840550006,
  "rpve_wm": 38.1278081088338,
  "size_x": 176,
  "size_y": 256,
  "size_z": 256,
  "snr_csf": 10.641136109420561,
  "snr_gm": 12.393544733067161,
  "snr_total": 7.785035491607189,
  "snr_wm": 0.3204256323338476,
  "snrd_csf": 74.15889805586892,
  "snrd_gm": 46.37511465932861,
  "snrd_total": 46.019243120583354,
  "snrd_wm": 17.523716646552533,
  "spacing_x": 1.0,
  "spacing_y": 1.0,
  "spacing_z": 1.0,
  "summary_bg_k": 4.213516041671867,
  "summary_bg_mad": 37.65600687282832,
  "summary_bg_mean": 42.536585108917215,
  "summary_bg_median": 25.39859066903591,
  "summary_bg_n": 3546024.0,
  "summary_bg_p05": 0.0,
  "summary_bg_p95": 153.3184998780489,
  "summary_bg_stdv": 55.19568714113661,
  "summary_csf_k": 0.959265288490434,
  "summary_csf_mad": 353.4717141493228,
  "summary_csf_mean": 4293.844315927365,
  "summary_csf_median": 4262.513844251633,
  "summary_csf_n": 132813.0,
  "summary_csf_p05": 3703.7448495328426,
  "summary_csf_p95": 5014.460440993309,
  "summary_csf_stdv": 400.567923701053,
  "summary_gm_k": 0.18648167718432562,
  "summary_gm_mad": 210.5438048509963,
  "summary_gm_mean": 2669.5551429720667,
  "summary_gm_median": 2665.554282039404,
  "summary_gm_n": 228944.0,
  "summary_gm_p05": 2322.951394766569,
  "summary_gm_p95": 3031.3310659080744,
  "summary_gm_stdv": 215.0755508639927,
  "summary_wm_k": -1.26029202551773,
  "summary_wm_mad": 1219.8347335884096,
  "summary_wm_mean": 2929.892178747076,
  "summary_wm_median": 1007.2302416414022,
  "summary_wm_n": 31940.0,
  "summary_wm_p05": 115.68409180641174,
  "summary_wm_p95": 8291.258689203114,
  "summary_wm_stdv": 3143.364239137784,
  "tpm_overlap_csf": 0.10930934258961231,
  "tpm_overlap_gm": 0.25385006554363004,
  "tpm_overlap_wm": 0.02278305582134798,
  "wm2max": 0.1253986290973133
}