{
  "aor": 0.0005866502463054186,
  "aqi": 0.003791821231527094,
  "bids_meta": {
    "AcquisitionMatrixPE": 90,
    "AcquisitionNumber": 1,
    "AcquisitionTime": "12:35:49.755000",
    "BandwidthPerPixelPhaseEncode": 21.786,
    "BaseResolution": 90,
    "BodyPartExamined": "BRAIN",
    "ConsistencyInfo": "N4_VE11C_LATEST_20160120",
    "ConversionSoftware": "dcm2niix",
    "ConversionSoftwareVersion": "v1.0.20190902",
    "Dcm2bidsVersion": "2.1.4",
    "DerivedVendorReportedEchoSpacing": 0.000510012,
    "DeviceSerialNumber": "166095",
    "DwellTime": 2e-06,
    "EchoTime": 0.03,
    "EchoTrainLength": 90,
    "EffectiveEchoSpacing": 0.000510012,
    "FlipAngle": 52,
    "ImageComments": "SMS_ABCD_V1.2;_MB=6;_FOVshift=3;_K_PE=5;_K_RO=5;_LeakBlockOn;",
    "ImageOrientationPatientDICOM": [
      1,
      0,
      0,
      0,
      1,
      0
    ],
    "ImageType": [
      "ORIGINAL",
      "PRIMARY",
      "M",
      "ND",
      "MOSAIC"
    ],
    "ImagingFrequency": 123.261,
    "InPlanePhaseEncodingDirectionDICOM": "COL",
    "InstitutionAddress": "Hillhouse_Ave._10_New_Haven_Northeast_US_06519",
    "InstitutionName": "Yale_University_-_Dunham_Lab._Bldg.",
    "InstitutionalDepartmentName": "Department",
    "MRAcquisitionType": "2D",
    "MagneticFieldStrength": 3,
    "Manufacturer": "Siemens",
    "ManufacturersModelName": "Prisma",
    "Modality": "MR",
    "MultibandAccelerationFactor": 6,
    "PartialFourier": 1,
    "PatientPosition": "HFS",
    "PercentPhaseFOV": 100,
    "PhaseEncodingAxis": "j",
    "PhaseEncodingDirection": "j",
    "PhaseEncodingSteps": 90,
    "PhaseResolution": 1,
    "PixelBandwidth": 2780,
    "ProcedureStepDescription": "ABCDadult",
    "ProtocolName": "ABCD_fMRI_task_Monetary_Incentive",
    "PulseSequenceDetails": "%CustomerSeq%_ep2d_bold_sms_abcd",
    "ReceiveCoilActiveElements": "HEA;HEP",
    "ReceiveCoilName": "Head_32",
    "ReconMatrixPE": 90,
    "RefLinesPE": 22,
    "RepetitionTime": 0.8,
    "SAR": 0.0674517,
    "ScanOptions": "FS_CT",
    "ScanningSequence": "EP",
    "SequenceName": "epfid2d1_90",
    "SequenceVariant": "SK",
    "SeriesDescription": "ABCD_fMRI_task_Monetary_Incentive",
    "SeriesNumber": 29,
    "ShimSetting": [
      -2139,
      -653,
      -4025,
      437,
      -4,
      32,
      -50,
      30
    ],
    "SliceThickness": 2.4,
    "SliceTiming": [
      0.545,
      0,
      0.39,
      0.0775,
      0.4675,
      0.2325,
      0.6225,
      0.31,
      0.7,
      0.155,
      0.545,
      0,
      0.39,
      0.0775,
      0.4675,
      0.2325,
      0.6225,
      0.31,
      0.7,
      0.155,
      0.545,
      0,
      0.39,
      0.0775,
      0.4675,
      0.2325,
      0.6225,
      0.31,
      0.7,
      0.155,
      0.545,
      0,
      0.39,
      0.0775,
      0.4675,
      0.2325,
      0.6225,
      0.31,
      0.7,
      0.155,
      0.545,
      0,
      0.39,
      0.0775,
      0.4675,
      0.2325,
      0.6225,
      0.31,
      0.7,
      0.155,
      0.545,
      0,
      0.39,
      0.0775,
      0.4675,
      0.2325,
      0.6225,
      0.31,
      0.7,
      0.155
    ],
    "SoftwareVersions": "syngo_MR_E11",
    "SpacingBetweenSlices": 2.4,
    "StationName": "AWP166095",
    "TotalReadoutTime": 0.045391,
    "TxRefAmp": 250.165,
    "WipMemBlock": "b7087bee-ebce-491a-8a49-08986337a1ff",
    "dataset": "ds004097",
    "modality": "bold",
    "run_id": 2,
    "session_id": "02",
    "subject_id": "NDARDD890AYU",
    "task_id": "MID"
  },
  "dummy_trs": 5,
  "dvars_nstd": 33.05041328711111,
  "dvars_std": 1.0454483399753083,
  "dvars_vstd": 1.0157600226172845,
  "efc": 0.5432713561686494,
  "fber": 571.0213012695312,
  "fd_mean": 0.07496439511580812,
  "fd_num": 0,
  "fd_perc": 0.0,
  "fwhm_avg": 2.799579152393044,
  "fwhm_x": 2.6138207294694293,
  "fwhm_y": 2.856470719827385,
  "fwhm_z": 2.9284460078823176,
  "gcor": 0.0127846,
  "gsr_x": -0.01716631092131138,
  "gsr_y": 0.08674704283475876,
  "provenance": {
    "md5sum": "a0e1b6d3eae9f851720baf17ad8146dc",
    "settings": {
      "fd_thres": 0.2,
      "testing": false
    },
    "software": "mriqc",
    "version": "23.0.1",
    "webapi_port": null,
    "webapi_url": "https://mriqc.nimh.nih.gov/api/v1"
  },
  "size_t": 406,
  "size_x": 90,
  "size_y": 90,
  "size_z": 60,
  "snr": 2.5309649130734835,
  "spacing_tr": 0.800000011920929,
  "spacing_x": 2.4000000953674316,
  "spacing_y": 2.4000000953674316,
  "spacing_z": 2.3999998569488525,
  "summary_bg_k": 27.65942291518297,
  "summary_bg_mad": 5.758777408589536,
  "summary_bg_mean": 23.21673011779785,
  "summary_bg_median": 9.990147590637207,
  "summary_bg_n": 312551.0,
  "summary_bg_p05": 5.7512311935424805,
  "summary_bg_p95": 96.46797561645508,
  "summary_bg_stdv": 37.208473205566406,
  "summary_fg_k": 0.7194248072998901,
  "summary_fg_mad": 91.48677782421386,
  "summary_fg_mean": 260.3127746582031,
  "summary_fg_median": 243.17733764648438,
  "summary_fg_n": 95141.0,
  "summary_fg_p05": 135.48521423339844,
  "summary_fg_p95": 441.6083679199219,
  "summary_fg_stdv": 96.08037567138672,
  "tsnr": 42.450468115042895
}