{
  "aor": 0.0008487397260273971,
  "aqi": 0.0037555029589041093,
  "bids_meta": {
    "AcquisitionMatrixPE": 90,
    "AcquisitionNumber": 1,
    "AcquisitionTime": "13:01:38.022500",
    "BandwidthPerPixelPhaseEncode": 21.786,
    "BaseResolution": 90,
    "BodyPartExamined": "BRAIN",
    "ConsistencyInfo": "N4_VE11C_LATEST_20160120",
    "ConversionSoftware": "dcm2niix",
    "ConversionSoftwareVersion": "v1.0.20190902",
    "Dcm2bidsVersion": "2.1.4",
    "DerivedVendorReportedEchoSpacing": 0.000510012,
    "DeviceSerialNumber": "166095",
    "DwellTime": 2e-06,
    "EchoTime": 0.03,
    "EchoTrainLength": 90,
    "EffectiveEchoSpacing": 0.000510012,
    "FlipAngle": 52,
    "ImageComments": "SMS_ABCD_V1.2;_MB=6;_FOVshift=3;_K_PE=5;_K_RO=5;_LeakBlockOn;",
    "ImageOrientationPatientDICOM": [
      1,
      0,
      0,
      0,
      1,
      0
    ],
    "ImageType": [
      "ORIGINAL",
      "PRIMARY",
      "M",
      "ND",
      "MOSAIC"
    ],
    "ImagingFrequency": 123.261,
    "InPlanePhaseEncodingDirectionDICOM": "COL",
    "InstitutionAddress": "Hillhouse_Ave._10_New_Haven_Northeast_US_06519",
    "InstitutionName": "Yale_University_-_Dunham_Lab._Bldg.",
    "InstitutionalDepartmentName": "Department",
    "MRAcquisitionType": "2D",
    "MagneticFieldStrength": 3,
    "Manufacturer": "Siemens",
    "ManufacturersModelName": "Prisma",
    "Modality": "MR",
    "MultibandAccelerationFactor": 6,
    "PartialFourier": 1,
    "PatientPosition": "HFS",
    "PercentPhaseFOV": 100,
    "PhaseEncodingAxis": "j",
    "PhaseEncodingDirection": "j",
    "PhaseEncodingSteps": 90,
    "PhaseResolution": 1,
    "PixelBandwidth": 2780,
    "ProcedureStepDescription": "ABCDadult",
    "ProtocolName": "ABCD_fMRI_task_Emotional_n-back",
    "PulseSequenceDetails": "%CustomerSeq%_ep2d_bold_sms_abcd",
    "ReceiveCoilActiveElements": "HEA;HEP",
    "ReceiveCoilName": "Head_32",
    "ReconMatrixPE": 90,
    "RefLinesPE": 22,
    "RepetitionTime": 0.8,
    "SAR": 0.0673985,
    "ScanOptions": "FS_CT",
    "ScanningSequence": "EP",
    "SequenceName": "epfid2d1_90",
    "SequenceVariant": "SK",
    "SeriesDescription": "ABCD_fMRI_task_Emotional_n-back",
    "SeriesNumber": 41,
    "ShimSetting": [
      -2139,
      -653,
      -4025,
      437,
      -4,
      32,
      -50,
      30
    ],
    "SliceThickness": 2.4,
    "SliceTiming": [
      0.545,
      0,
      0.39,
      0.0775,
      0.4675,
      0.235,
      0.625,
      0.3125,
      0.7025,
      0.155,
      0.545,
      0,
      0.39,
      0.0775,
      0.4675,
      0.235,
      0.625,
      0.3125,
      0.7025,
      0.155,
      0.545,
      0,
      0.39,
      0.0775,
      0.4675,
      0.235,
      0.625,
      0.3125,
      0.7025,
      0.155,
      0.545,
      0,
      0.39,
      0.0775,
      0.4675,
      0.235,
      0.625,
      0.3125,
      0.7025,
      0.155,
      0.545,
      0,
      0.39,
      0.0775,
      0.4675,
      0.235,
      0.625,
      0.3125,
      0.7025,
      0.155,
      0.545,
      0,
      0.39,
      0.0775,
      0.4675,
      0.235,
      0.625,
      0.3125,
      0.7025,
      0.155
    ],
    "SoftwareVersions": "syngo_MR_E11",
    "SpacingBetweenSlices": 2.4,
    "StationName": "AWP166095",
    "TotalReadoutTime": 0.045391,
    "TxRefAmp": 250.165,
    "WipMemBlock": "803a77cf-175e-41fd-8a68-a6e39e2929bc",
    "dataset": "ds004097",
    "modality": "bold",
    "run_id": 2,
    "session_id": "02",
    "subject_id": "NDARDD890AYU",
    "task_id": "nback"
  },
  "dummy_trs": 5,
  "dvars_nstd": 31.74328857467032,
  "dvars_std": 1.0337735486813187,
  "dvars_vstd": 1.0186051528846158,
  "efc": 0.5453088286248385,
  "fber": 561.47607421875,
  "fd_mean": 0.0634778105211215,
  "fd_num": 3,
  "fd_perc": 0.821917808219178,
  "fwhm_avg": 2.792159707594807,
  "fwhm_x": 2.6048415631595625,
  "fwhm_y": 2.8627790529100476,
  "fwhm_z": 2.9088585067148114,
  "gcor": 0.00852664,
  "gsr_x": -0.016031889244914055,
  "gsr_y": 0.08733092248439789,
  "provenance": {
    "md5sum": "7b37ca8e3f7cfc3159746b0203cde7e0",
    "settings": {
      "fd_thres": 0.2,
      "testing": false
    },
    "software": "mriqc",
    "version": "23.0.1",
    "webapi_port": null,
    "webapi_url": "https://mriqc.nimh.nih.gov/api/v1"
  },
  "size_t": 365,
  "size_x": 90,
  "size_y": 90,
  "size_z": 60,
  "snr": 2.5383799638535574,
  "spacing_tr": 0.800000011920929,
  "spacing_x": 2.4000000953674316,
  "spacing_y": 2.4000000953674316,
  "spacing_z": 2.3999998569488525,
  "summary_bg_k": 24.646543409255454,
  "summary_bg_mad": 5.715126880931354,
  "summary_bg_mean": 23.297489166259766,
  "summary_bg_median": 10.002739906311035,
  "summary_bg_n": 311529.0,
  "summary_bg_p05": 5.778082370758057,
  "summary_bg_p95": 97.48931427001946,
  "summary_bg_stdv": 37.2597541809082,
  "summary_fg_k": 0.7567077568188285,
  "summary_fg_mad": 90.90179967226504,
  "summary_fg_mean": 258.9885559082031,
  "summary_fg_median": 242.0575408935547,
  "summary_fg_n": 95535.0,
  "summary_fg_p05": 135.14987182617188,
  "summary_fg_p95": 437.2824829101563,
  "summary_fg_stdv": 95.35856628417969,
  "tsnr": 43.28669606940821
}