{
  "aor": 0.0013200789473684208,
  "aqi": 0.004061294868421053,
  "bids_meta": {
    "AcquisitionMatrixPE": 90,
    "AcquisitionNumber": 1,
    "AcquisitionTime": "12:40:18.360000",
    "BandwidthPerPixelPhaseEncode": 21.786,
    "BaseResolution": 90,
    "BodyPartExamined": "BRAIN",
    "ConsistencyInfo": "N4_VE11C_LATEST_20160120",
    "ConversionSoftware": "dcm2niix",
    "ConversionSoftwareVersion": "v1.0.20190902",
    "Dcm2bidsVersion": "2.1.4",
    "DerivedVendorReportedEchoSpacing": 0.000510012,
    "DeviceSerialNumber": "166095",
    "DwellTime": 2e-06,
    "EchoTime": 0.03,
    "EchoTrainLength": 90,
    "EffectiveEchoSpacing": 0.000510012,
    "FlipAngle": 52,
    "ImageComments": "SMS_ABCD_V1.2;_MB=6;_FOVshift=3;_K_PE=5;_K_RO=5;_LeakBlockOn;",
    "ImageOrientationPatientDICOM": [
      1,
      0,
      0,
      0,
      1,
      0
    ],
    "ImageType": [
      "ORIGINAL",
      "PRIMARY",
      "M",
      "ND",
      "MOSAIC"
    ],
    "ImagingFrequency": 123.261,
    "InPlanePhaseEncodingDirectionDICOM": "COL",
    "InstitutionAddress": "Hillhouse_Ave._10_New_Haven_Northeast_US_06519",
    "InstitutionName": "Yale_University_-_Dunham_Lab._Bldg.",
    "InstitutionalDepartmentName": "Department",
    "MRAcquisitionType": "2D",
    "MagneticFieldStrength": 3,
    "Manufacturer": "Siemens",
    "ManufacturersModelName": "Prisma",
    "Modality": "MR",
    "MultibandAccelerationFactor": 6,
    "PartialFourier": 1,
    "PatientPosition": "HFS",
    "PercentPhaseFOV": 100,
    "PhaseEncodingAxis": "j",
    "PhaseEncodingDirection": "j",
    "PhaseEncodingSteps": 90,
    "PhaseResolution": 1,
    "PixelBandwidth": 2780,
    "ProcedureStepDescription": "ABCDadult",
    "ProtocolName": "ABCD_fMRI_rest",
    "PulseSequenceDetails": "%CustomerSeq%_ep2d_bold_sms_abcd",
    "ReceiveCoilActiveElements": "HEA;HEP",
    "ReceiveCoilName": "Head_32",
    "ReconMatrixPE": 90,
    "RefLinesPE": 22,
    "RepetitionTime": 0.8,
    "SAR": 0.0638772,
    "ScanOptions": "FS_CT",
    "ScanningSequence": "EP",
    "SequenceName": "epfid2d1_90",
    "SequenceVariant": "SK",
    "SeriesDescription": "ABCD_fMRI_rest",
    "SeriesNumber": 8,
    "ShimSetting": [
      -2141,
      -681,
      -3986,
      576,
      -93,
      -113,
      44,
      95
    ],
    "SliceThickness": 2.4,
    "SliceTiming": [
      0.545,
      0,
      0.39,
      0.0775,
      0.4675,
      0.2325,
      0.6225,
      0.3125,
      0.7025,
      0.155,
      0.545,
      0,
      0.39,
      0.0775,
      0.4675,
      0.2325,
      0.6225,
      0.3125,
      0.7025,
      0.155,
      0.545,
      0,
      0.39,
      0.0775,
      0.4675,
      0.2325,
      0.6225,
      0.3125,
      0.7025,
      0.155,
      0.545,
      0,
      0.39,
      0.0775,
      0.4675,
      0.2325,
      0.6225,
      0.3125,
      0.7025,
      0.155,
      0.545,
      0,
      0.39,
      0.0775,
      0.4675,
      0.2325,
      0.6225,
      0.3125,
      0.7025,
      0.155,
      0.545,
      0,
      0.39,
      0.0775,
      0.4675,
      0.2325,
      0.6225,
      0.3125,
      0.7025,
      0.155
    ],
    "SoftwareVersions": "syngo_MR_E11",
    "SpacingBetweenSlices": 2.4,
    "StationName": "AWP166095",
    "TotalReadoutTime": 0.045391,
    "TxRefAmp": 247.004,
    "WipMemBlock": "2ff97754-1042-4c6e-931d-353f8bcc2ceb",
    "dataset": "ds004097",
    "modality": "bold",
    "run_id": 1,
    "session_id": "01",
    "subject_id": "NDARMC914MYN",
    "task_id": "rest"
  },
  "dummy_trs": 3,
  "dvars_nstd": 27.516984532084447,
  "dvars_std": 1.0692862296569927,
  "dvars_vstd": 1.012070047255937,
  "efc": 0.5171088511596025,
  "fber": 705.91259765625,
  "fd_mean": 0.07259697675459274,
  "fd_num": 2,
  "fd_perc": 0.5263157894736842,
  "fwhm_avg": 3.296112482203137,
  "fwhm_x": 3.04679987893105,
  "fwhm_y": 3.4236498639563777,
  "fwhm_z": 3.4178877037219824,
  "gcor": 0.041175,
  "gsr_x": -0.014803492464125156,
  "gsr_y": 0.09636484831571579,
  "provenance": {
    "md5sum": "9d5bfd871d87e9f5f908b8b86a9116c9",
    "settings": {
      "fd_thres": 0.2,
      "testing": false
    },
    "software": "mriqc",
    "version": "23.0.1",
    "webapi_port": null,
    "webapi_url": "https://mriqc.nimh.nih.gov/api/v1"
  },
  "size_t": 380,
  "size_x": 90,
  "size_y": 90,
  "size_z": 60,
  "snr": 2.265651188836911,
  "spacing_tr": 0.800000011920929,
  "spacing_x": 2.4000000953674316,
  "spacing_y": 2.4000000953674316,
  "spacing_z": 2.3999998569488525,
  "summary_bg_k": 17.015101259642964,
  "summary_bg_mad": 7.779760642820097,
  "summary_bg_mean": 29.227867126464844,
  "summary_bg_median": 11.71315860748291,
  "summary_bg_n": 324342.0,
  "summary_bg_p05": 6.021052837371826,
  "summary_bg_p95": 125.65223922729501,
  "summary_bg_stdv": 45.623355865478516,
  "summary_fg_k": 0.8310454753686312,
  "summary_fg_mad": 136.70370223546703,
  "summary_fg_mean": 343.9596862792969,
  "summary_fg_median": 315.6026306152344,
  "summary_fg_n": 85846.0,
  "summary_fg_p05": 171.53290557861328,
  "summary_fg_p95": 604.8342132568359,
  "summary_fg_stdv": 139.2980499267578,
  "tsnr": 46.669286374002695
}