{
  "aor": 0.0005973878627968338,
  "aqi": 0.0031897504221635883,
  "bids_meta": {
    "AcquisitionMatrixPE": 90,
    "AcquisitionNumber": 1,
    "AcquisitionTime": "13:10:28.437500",
    "BandwidthPerPixelPhaseEncode": 21.786,
    "BaseResolution": 90,
    "BodyPartExamined": "BRAIN",
    "ConsistencyInfo": "N4_VE11C_LATEST_20160120",
    "ConversionSoftware": "dcm2niix",
    "ConversionSoftwareVersion": "v1.0.20190902",
    "Dcm2bidsVersion": "2.1.4",
    "DerivedVendorReportedEchoSpacing": 0.000510012,
    "DeviceSerialNumber": "166095",
    "DwellTime": 2e-06,
    "EchoTime": 0.03,
    "EchoTrainLength": 90,
    "EffectiveEchoSpacing": 0.000510012,
    "FlipAngle": 52,
    "ImageComments": "SMS_ABCD_V1.2;_MB=6;_FOVshift=3;_K_PE=5;_K_RO=5;_LeakBlockOn;",
    "ImageOrientationPatientDICOM": [
      1,
      0,
      0,
      0,
      1,
      0
    ],
    "ImageType": [
      "ORIGINAL",
      "PRIMARY",
      "M",
      "ND",
      "MOSAIC"
    ],
    "ImagingFrequency": 123.261,
    "InPlanePhaseEncodingDirectionDICOM": "COL",
    "InstitutionAddress": "Hillhouse_Ave._10_New_Haven_Northeast_US_06519",
    "InstitutionName": "Yale_University_-_Dunham_Lab._Bldg.",
    "InstitutionalDepartmentName": "Department",
    "MRAcquisitionType": "2D",
    "MagneticFieldStrength": 3,
    "Manufacturer": "Siemens",
    "ManufacturersModelName": "Prisma",
    "Modality": "MR",
    "MultibandAccelerationFactor": 6,
    "PartialFourier": 1,
    "PatientPosition": "HFS",
    "PercentPhaseFOV": 100,
    "PhaseEncodingAxis": "j",
    "PhaseEncodingDirection": "j",
    "PhaseEncodingSteps": 90,
    "PhaseResolution": 1,
    "PixelBandwidth": 2780,
    "ProcedureStepDescription": "ABCDadult",
    "ProtocolName": "ABCD_fMRI_rest",
    "PulseSequenceDetails": "%CustomerSeq%_ep2d_bold_sms_abcd",
    "ReceiveCoilActiveElements": "HEA;HEP",
    "ReceiveCoilName": "Head_32",
    "ReconMatrixPE": 90,
    "RefLinesPE": 22,
    "RepetitionTime": 0.8,
    "SAR": 0.0638772,
    "ScanOptions": "FS_CT",
    "ScanningSequence": "EP",
    "SequenceName": "epfid2d1_90",
    "SequenceVariant": "SK",
    "SeriesDescription": "ABCD_fMRI_rest",
    "SeriesNumber": 21,
    "ShimSetting": [
      -2141,
      -681,
      -3986,
      576,
      -93,
      -113,
      44,
      95
    ],
    "SliceThickness": 2.4,
    "SliceTiming": [
      0.545,
      0,
      0.39,
      0.0775,
      0.4675,
      0.2325,
      0.6225,
      0.3125,
      0.7025,
      0.155,
      0.545,
      0,
      0.39,
      0.0775,
      0.4675,
      0.2325,
      0.6225,
      0.3125,
      0.7025,
      0.155,
      0.545,
      0,
      0.39,
      0.0775,
      0.4675,
      0.2325,
      0.6225,
      0.3125,
      0.7025,
      0.155,
      0.545,
      0,
      0.39,
      0.0775,
      0.4675,
      0.2325,
      0.6225,
      0.3125,
      0.7025,
      0.155,
      0.545,
      0,
      0.39,
      0.0775,
      0.4675,
      0.2325,
      0.6225,
      0.3125,
      0.7025,
      0.155,
      0.545,
      0,
      0.39,
      0.0775,
      0.4675,
      0.2325,
      0.6225,
      0.3125,
      0.7025,
      0.155
    ],
    "SoftwareVersions": "syngo_MR_E11",
    "SpacingBetweenSlices": 2.4,
    "StationName": "AWP166095",
    "TotalReadoutTime": 0.045391,
    "TxRefAmp": 247.004,
    "WipMemBlock": "bcb4a721-3e18-41ed-8023-972bb6ed7193",
    "dataset": "ds004097",
    "modality": "bold",
    "run_id": 3,
    "session_id": "01",
    "subject_id": "NDARMC914MYN",
    "task_id": "rest"
  },
  "dummy_trs": 4,
  "dvars_nstd": 27.58142255875662,
  "dvars_std": 1.066881257724868,
  "dvars_vstd": 1.0078311222486769,
  "efc": 0.5200928469844519,
  "fber": 690.4531860351562,
  "fd_mean": 0.07275107236330024,
  "fd_num": 0,
  "fd_perc": 0.0,
  "fwhm_avg": 3.224284704663418,
  "fwhm_x": 2.993687381041551,
  "fwhm_y": 3.340283200602404,
  "fwhm_z": 3.3388835323463004,
  "gcor": 0.00954712,
  "gsr_x": -0.012617893517017365,
  "gsr_y": 0.09545166045427322,
  "provenance": {
    "md5sum": "97c9101922d5f72a0ae7f2d4b07e36c2",
    "settings": {
      "fd_thres": 0.2,
      "testing": false
    },
    "software": "mriqc",
    "version": "23.0.1",
    "webapi_port": null,
    "webapi_url": "https://mriqc.nimh.nih.gov/api/v1"
  },
  "size_t": 379,
  "size_x": 90,
  "size_y": 90,
  "size_z": 60,
  "snr": 2.2999417851518267,
  "spacing_tr": 0.800000011920929,
  "spacing_x": 2.4000000953674316,
  "spacing_y": 2.4000000953674316,
  "spacing_z": 2.3999998569488525,
  "summary_bg_k": 16.912188027416455,
  "summary_bg_mad": 7.729873315553849,
  "summary_bg_mean": 29.375625610351562,
  "summary_bg_median": 11.730871200561523,
  "summary_bg_n": 323147.0,
  "summary_bg_p05": 6.0554094314575195,
  "summary_bg_p95": 126.74934387207031,
  "summary_bg_stdv": 46.11127471923828,
  "summary_fg_k": 0.6647537710480362,
  "summary_fg_mad": 135.23562379968052,
  "summary_fg_mean": 340.90484619140625,
  "summary_fg_median": 313.75860595703125,
  "summary_fg_n": 86424.0,
  "summary_fg_p05": 170.50700302124022,
  "summary_fg_p95": 595.1229980468746,
  "summary_fg_stdv": 136.41944885253906,
  "tsnr": 51.00604897597805
}