{
  "aor": 0.0009121917808219179,
  "aqi": 0.003787749780821918,
  "bids_meta": {
    "AcquisitionMatrixPE": 90,
    "AcquisitionNumber": 1,
    "AcquisitionTime": "12:32:28.660000",
    "BandwidthPerPixelPhaseEncode": 21.786,
    "BaseResolution": 90,
    "BodyPartExamined": "BRAIN",
    "ConsistencyInfo": "N4_VE11C_LATEST_20160120",
    "ConversionSoftware": "dcm2niix",
    "ConversionSoftwareVersion": "v1.0.20190902",
    "Dcm2bidsVersion": "2.1.4",
    "DerivedVendorReportedEchoSpacing": 0.000510012,
    "DeviceSerialNumber": "166095",
    "DwellTime": 2e-06,
    "EchoTime": 0.03,
    "EchoTrainLength": 90,
    "EffectiveEchoSpacing": 0.000510012,
    "FlipAngle": 52,
    "ImageComments": "SMS_ABCD_V1.2;_MB=6;_FOVshift=3;_K_PE=5;_K_RO=5;_LeakBlockOn;",
    "ImageOrientationPatientDICOM": [
      1,
      0,
      0,
      0,
      1,
      0
    ],
    "ImageType": [
      "ORIGINAL",
      "PRIMARY",
      "M",
      "ND",
      "MOSAIC"
    ],
    "ImagingFrequency": 123.261,
    "InPlanePhaseEncodingDirectionDICOM": "COL",
    "InstitutionAddress": "Hillhouse_Ave._10_New_Haven_Northeast_US_06519",
    "InstitutionName": "Yale_University_-_Dunham_Lab._Bldg.",
    "InstitutionalDepartmentName": "Department",
    "MRAcquisitionType": "2D",
    "MagneticFieldStrength": 3,
    "Manufacturer": "Siemens",
    "ManufacturersModelName": "Prisma",
    "Modality": "MR",
    "MultibandAccelerationFactor": 6,
    "PartialFourier": 1,
    "PatientPosition": "HFS",
    "PercentPhaseFOV": 100,
    "PhaseEncodingAxis": "j",
    "PhaseEncodingDirection": "j",
    "PhaseEncodingSteps": 90,
    "PhaseResolution": 1,
    "PixelBandwidth": 2780,
    "ProcedureStepDescription": "Casey_ABCD-Adult",
    "ProtocolName": "ABCD_fMRI_task_Emotional_n-back",
    "PulseSequenceDetails": "%CustomerSeq%_ep2d_bold_sms_abcd",
    "ReceiveCoilActiveElements": "HEA;HEP",
    "ReceiveCoilName": "Head_32",
    "ReconMatrixPE": 90,
    "RefLinesPE": 22,
    "RepetitionTime": 0.8,
    "SAR": 0.0652316,
    "ScanOptions": "FS_CT",
    "ScanningSequence": "EP",
    "SequenceName": "epfid2d1_90",
    "SequenceVariant": "SK",
    "SeriesDescription": "ABCD_fMRI_task_Emotional_n-back",
    "SeriesNumber": 30,
    "ShimSetting": [
      -2114,
      -649,
      -4087,
      500,
      -26,
      18,
      -73,
      87
    ],
    "SliceThickness": 2.4,
    "SliceTiming": [
      0.545,
      0,
      0.39,
      0.0775,
      0.4675,
      0.2325,
      0.6225,
      0.3125,
      0.7025,
      0.155,
      0.545,
      0,
      0.39,
      0.0775,
      0.4675,
      0.2325,
      0.6225,
      0.3125,
      0.7025,
      0.155,
      0.545,
      0,
      0.39,
      0.0775,
      0.4675,
      0.2325,
      0.6225,
      0.3125,
      0.7025,
      0.155,
      0.545,
      0,
      0.39,
      0.0775,
      0.4675,
      0.2325,
      0.6225,
      0.3125,
      0.7025,
      0.155,
      0.545,
      0,
      0.39,
      0.0775,
      0.4675,
      0.2325,
      0.6225,
      0.3125,
      0.7025,
      0.155,
      0.545,
      0,
      0.39,
      0.0775,
      0.4675,
      0.2325,
      0.6225,
      0.3125,
      0.7025,
      0.155
    ],
    "SoftwareVersions": "syngo_MR_E11",
    "SpacingBetweenSlices": 2.4,
    "StationName": "AWP166095",
    "TotalReadoutTime": 0.045391,
    "TxRefAmp": 244.429,
    "WipMemBlock": "2f836397-6ade-4ec3-9840-b7d4609317a3",
    "dataset": "ds004097",
    "modality": "bold",
    "run_id": 1,
    "session_id": "03",
    "subject_id": "NDARFT076LW8",
    "task_id": "nback"
  },
  "dummy_trs": 5,
  "dvars_nstd": 27.277093332115378,
  "dvars_std": 1.0059415609890106,
  "dvars_vstd": 0.9958273701648346,
  "efc": 0.5283822948464416,
  "fber": 517.6537475585938,
  "fd_mean": 0.09151113550457649,
  "fd_num": 5,
  "fd_perc": 1.36986301369863,
  "fwhm_avg": 3.042360990218547,
  "fwhm_x": 2.7545540572105227,
  "fwhm_y": 3.2229873719299884,
  "fwhm_z": 3.14954154151513,
  "gcor": 0.0066079,
  "gsr_x": -0.011529370211064816,
  "gsr_y": 0.07335095852613449,
  "provenance": {
    "md5sum": "579ccb541cde61827ad90bafc6a5b86e",
    "settings": {
      "fd_thres": 0.2,
      "testing": false
    },
    "software": "mriqc",
    "version": "23.0.1",
    "webapi_port": null,
    "webapi_url": "https://mriqc.nimh.nih.gov/api/v1"
  },
  "size_t": 365,
  "size_x": 90,
  "size_y": 90,
  "size_z": 60,
  "snr": 2.396549589399983,
  "spacing_tr": 0.800000011920929,
  "spacing_x": 2.4000000953674316,
  "spacing_y": 2.4000000953674316,
  "spacing_z": 2.4000000953674316,
  "summary_bg_k": 38.57599151498466,
  "summary_bg_mad": 8.595030958941184,
  "summary_bg_mean": 27.2037296295166,
  "summary_bg_median": 12.597260475158691,
  "summary_bg_n": 317449.0,
  "summary_bg_p05": 6.060274124145508,
  "summary_bg_p95": 107.3079498291013,
  "summary_bg_stdv": 43.13138198852539,
  "summary_fg_k": 0.5382521792136701,
  "summary_fg_mad": 118.08419016683385,
  "summary_fg_mean": 315.23516845703125,
  "summary_fg_median": 292.4630126953125,
  "summary_fg_n": 88775.0,
  "summary_fg_p05": 160.36082458496094,
  "summary_fg_p95": 547.0846679687501,
  "summary_fg_stdv": 122.03434753417969,
  "tsnr": 43.72743966453709
}