{
  "aor": 0.0018138666666666667,
  "aqi": 0.005220891973333334,
  "bids_meta": {
    "AcquisitionMatrixPE": 90,
    "AcquisitionNumber": 1,
    "AcquisitionTime": "12:15:2.457500",
    "BandwidthPerPixelPhaseEncode": 21.786,
    "BaseResolution": 90,
    "BodyPartExamined": "BRAIN",
    "ConsistencyInfo": "N4_VE11C_LATEST_20160120",
    "ConversionSoftware": "dcm2niix",
    "ConversionSoftwareVersion": "v1.0.20190902",
    "Dcm2bidsVersion": "2.1.4",
    "DerivedVendorReportedEchoSpacing": 0.000510012,
    "DeviceSerialNumber": "166095",
    "DwellTime": 2e-06,
    "EchoTime": 0.03,
    "EchoTrainLength": 90,
    "EffectiveEchoSpacing": 0.000510012,
    "FlipAngle": 52,
    "ImageComments": "SMS_ABCD_V1.2;_MB=6;_FOVshift=3;_K_PE=5;_K_RO=5;_LeakBlockOn;",
    "ImageOrientationPatientDICOM": [
      1,
      0,
      0,
      0,
      1,
      0
    ],
    "ImageType": [
      "ORIGINAL",
      "PRIMARY",
      "M",
      "ND",
      "MOSAIC"
    ],
    "ImagingFrequency": 123.261,
    "InPlanePhaseEncodingDirectionDICOM": "COL",
    "InstitutionAddress": "Hillhouse_Ave._10_New_Haven_Northeast_US_06519",
    "InstitutionName": "Yale_University_-_Dunham_Lab._Bldg.",
    "InstitutionalDepartmentName": "Department",
    "MRAcquisitionType": "2D",
    "MagneticFieldStrength": 3,
    "Manufacturer": "Siemens",
    "ManufacturersModelName": "Prisma",
    "Modality": "MR",
    "MultibandAccelerationFactor": 6,
    "PartialFourier": 1,
    "PatientPosition": "HFS",
    "PercentPhaseFOV": 100,
    "PhaseEncodingAxis": "j",
    "PhaseEncodingDirection": "j",
    "PhaseEncodingSteps": 90,
    "PhaseResolution": 1,
    "PixelBandwidth": 2780,
    "ProcedureStepDescription": "Casey_ABCD-Adult",
    "ProtocolName": "ABCD_fMRI_rest",
    "PulseSequenceDetails": "%CustomerSeq%_ep2d_bold_sms_abcd",
    "ReceiveCoilActiveElements": "HEA;HEP",
    "ReceiveCoilName": "Head_32",
    "ReconMatrixPE": 90,
    "RefLinesPE": 22,
    "RepetitionTime": 0.8,
    "SAR": 0.0633805,
    "ScanOptions": "FS_CT",
    "ScanningSequence": "EP",
    "SequenceName": "epfid2d1_90",
    "SequenceVariant": "SK",
    "SeriesDescription": "ABCD_fMRI_rest",
    "SeriesNumber": 23,
    "ShimSetting": [
      -2124,
      -623,
      -4116,
      467,
      -79,
      -8,
      -121,
      100
    ],
    "SliceThickness": 2.4,
    "SliceTiming": [
      0.5475,
      0,
      0.39,
      0.08,
      0.47,
      0.235,
      0.625,
      0.3125,
      0.7025,
      0.1575,
      0.5475,
      0,
      0.39,
      0.08,
      0.47,
      0.235,
      0.625,
      0.3125,
      0.7025,
      0.1575,
      0.5475,
      0,
      0.39,
      0.08,
      0.47,
      0.235,
      0.625,
      0.3125,
      0.7025,
      0.1575,
      0.5475,
      0,
      0.39,
      0.08,
      0.47,
      0.235,
      0.625,
      0.3125,
      0.7025,
      0.1575,
      0.5475,
      0,
      0.39,
      0.08,
      0.47,
      0.235,
      0.625,
      0.3125,
      0.7025,
      0.1575,
      0.5475,
      0,
      0.39,
      0.08,
      0.47,
      0.235,
      0.625,
      0.3125,
      0.7025,
      0.1575
    ],
    "SoftwareVersions": "syngo_MR_E11",
    "SpacingBetweenSlices": 2.4,
    "StationName": "AWP166095",
    "TotalReadoutTime": 0.045391,
    "TxRefAmp": 244.983,
    "WipMemBlock": "97bd2d04-1ba7-4f9a-b07b-cc296e78ed34",
    "dataset": "ds004097",
    "modality": "bold",
    "run_id": 4,
    "session_id": "03",
    "subject_id": "NDARFT076LW8",
    "task_id": "rest"
  },
  "dummy_trs": 8,
  "dvars_nstd": 28.772441308235305,
  "dvars_std": 1.0112731792513376,
  "dvars_vstd": 1.0025539679144395,
  "efc": 0.5363342679453412,
  "fber": 440.6766357421875,
  "fd_mean": 0.07959975531856119,
  "fd_num": 4,
  "fd_perc": 1.0666666666666667,
  "fwhm_avg": 2.9718471041316286,
  "fwhm_x": 2.7090248923530225,
  "fwhm_y": 3.0964373769586335,
  "fwhm_z": 3.1100790430832292,
  "gcor": 0.00648943,
  "gsr_x": -0.003081776900216937,
  "gsr_y": 0.06821808964014053,
  "provenance": {
    "md5sum": "37df6f737171ee5158b43cccf7b8d1bf",
    "settings": {
      "fd_thres": 0.2,
      "testing": false
    },
    "software": "mriqc",
    "version": "23.0.1",
    "webapi_port": null,
    "webapi_url": "https://mriqc.nimh.nih.gov/api/v1"
  },
  "size_t": 375,
  "size_x": 90,
  "size_y": 90,
  "size_z": 60,
  "snr": 2.439883130727683,
  "spacing_tr": 0.800000011920929,
  "spacing_x": 2.4000000953674316,
  "spacing_y": 2.4000000953674316,
  "spacing_z": 2.4000000953674316,
  "summary_bg_k": 34.60281830483332,
  "summary_bg_mad": 9.164460236419384,
  "summary_bg_mean": 27.431241989135742,
  "summary_bg_median": 12.861332893371582,
  "summary_bg_n": 319025.0,
  "summary_bg_p05": 5.901333332061768,
  "summary_bg_p95": 105.319465637207,
  "summary_bg_stdv": 42.48286437988281,
  "summary_fg_k": 0.7982137943936425,
  "summary_fg_mad": 105.3398649260901,
  "summary_fg_mean": 295.3420715332031,
  "summary_fg_median": 274.4186706542969,
  "summary_fg_n": 88545.0,
  "summary_fg_p05": 153.71786499023438,
  "summary_fg_p95": 512.5946777343751,
  "summary_fg_stdv": 112.47142028808594,
  "tsnr": 40.40979755111039
}