{
  "bids_meta": {
    "AcquisitionMatrixPE": 256,
    "AcquisitionNumber": 1,
    "AcquisitionTime": "12:51:11.850000",
    "BaseResolution": 256,
    "BodyPartExamined": "BRAIN",
    "ConsistencyInfo": "N4_VE11C_LATEST_20160120",
    "ConversionSoftware": "dcm2niix",
    "ConversionSoftwareVersion": "v1.0.20190902",
    "Dcm2bidsVersion": "2.1.4",
    "DeviceSerialNumber": "166095",
    "DwellTime": 0.000510012,
    "EchoTime": 0.565,
    "EchoTrainLength": 190,
    "FlipAngle": 120,
    "ImageOrientationPatientDICOM": [
      0,
      1,
      0,
      0,
      0,
      -1
    ],
    "ImageType": [
      "ORIGINAL",
      "PRIMARY",
      "M",
      "ND",
      "NORM"
    ],
    "ImagingFrequency": 123.261,
    "InPlanePhaseEncodingDirectionDICOM": "ROW",
    "InstitutionAddress": "Hillhouse_Ave._10_New_Haven_Northeast_US_06519",
    "InstitutionName": "Yale_University_-_Dunham_Lab._Bldg.",
    "InstitutionalDepartmentName": "Department",
    "MRAcquisitionType": "3D",
    "MagneticFieldStrength": 3,
    "Manufacturer": "Siemens",
    "ManufacturersModelName": "Prisma",
    "Modality": "MR",
    "ParallelReductionFactorInPlane": 2,
    "PartialFourier": 1,
    "PatientPosition": "HFS",
    "PercentPhaseFOV": 100,
    "PhaseEncodingSteps": 227,
    "PhaseResolution": 1,
    "PixelBandwidth": 240,
    "ProcedureStepDescription": "ABCDadult",
    "ProtocolName": "ABCD_T2w_SPC_vNav",
    "PulseSequenceDetails": "%CustomerSeq%_tse_vfl_mgh_epinav_ABCD",
    "ReceiveCoilActiveElements": "HEA;HEP",
    "ReceiveCoilName": "Head_32",
    "ReconMatrixPE": 256,
    "RefLinesPE": 32,
    "RepetitionTime": 3.2,
    "SAR": 0.0652314,
    "ScanOptions": "PFP",
    "ScanningSequence": "SE",
    "SequenceName": "spc_200ns",
    "SequenceVariant": "SK_SP",
    "SeriesDescription": "ABCD_T2w_SPC_vNav",
    "SeriesNumber": 20,
    "ShimSetting": [
      -2140,
      -658,
      -4136,
      450,
      -14,
      -230,
      -66,
      166
    ],
    "SliceThickness": 1,
    "SoftwareVersions": "syngo_MR_E11",
    "StationName": "AWP166095",
    "TxRefAmp": 235.461,
    "WipMemBlock": "Prisma_epi_moco_navigator_ABCD_tse_vfl.prot",
    "dataset": "ds004097",
    "modality": "T2w",
    "session_id": "03",
    "subject_id": "NDARNC943BP8"
  },
  "cjv": 0.799381519128469,
  "cnr": 0.584116593096003,
  "efc": 0.5696251215842989,
  "fber": 7716.285710066163,
  "fwhm_avg": 3.719936666666667,
  "fwhm_x": 3.61065,
  "fwhm_y": 4.03398,
  "fwhm_z": 3.51518,
  "icvs_csf": 0.46194931613059226,
  "icvs_gm": 0.40137074071472706,
  "icvs_wm": 0.13667994315468068,
  "inu_med": 1.0149834156036377,
  "inu_range": 1.1194226503372195,
  "provenance": {
    "md5sum": "3250e03f9bd93d20213ca5ce444618b4",
    "settings": {
      "testing": false
    },
    "software": "mriqc",
    "version": "23.0.1",
    "warnings": {
      "large_rot_frame": true,
      "small_air_mask": false
    },
    "webapi_port": null,
    "webapi_url": "https://mriqc.nimh.nih.gov/api/v1"
  },
  "qi_1": 0.008815262347545054,
  "qi_2": 0.0018366480917099142,
  "rpve_csf": 12.793817667936395,
  "rpve_gm": 15.134597132558604,
  "rpve_wm": 43.35109637555572,
  "size_x": 176,
  "size_y": 256,
  "size_z": 256,
  "snr_csf": 12.477503586654914,
  "snr_gm": 12.35144779130339,
  "snr_total": 8.387128336268846,
  "snr_wm": 0.33243363084823535,
  "snrd_csf": 54.505696398557305,
  "snrd_gm": 35.28185386190728,
  "snrd_total": 34.18693846066017,
  "snrd_wm": 12.773265121515937,
  "spacing_x": 1.0,
  "spacing_y": 1.0,
  "spacing_z": 1.0,
  "summary_bg_k": 17.343271861168397,
  "summary_bg_mad": 0.0,
  "summary_bg_mean": 31.874851882254728,
  "summary_bg_median": 0.0,
  "summary_bg_n": 2764763.0,
  "summary_bg_p05": 0.0,
  "summary_bg_p95": 129.36815950274467,
  "summary_bg_stdv": 51.53406633804664,
  "summary_csf_k": 0.17221428089086288,
  "summary_csf_mad": 333.36307890890987,
  "summary_csf_mean": 4290.488176268886,
  "summary_csf_median": 4287.50436398387,
  "summary_csf_n": 105197.0,
  "summary_csf_p05": 3733.498016536236,
  "summary_csf_p95": 4867.8079225718975,
  "summary_csf_stdv": 343.6171310796058,
  "summary_gm_k": -0.1308726332063599,
  "summary_gm_mad": 230.7898238600145,
  "summary_gm_mean": 2778.3355468003997,
  "summary_gm_median": 2775.3264777362347,
  "summary_gm_n": 212127.0,
  "summary_gm_p05": 2415.6371065676212,
  "summary_gm_p95": 3151.606035798788,
  "summary_gm_stdv": 224.69592091221313,
  "summary_wm_k": -1.167481776904713,
  "summary_wm_mad": 1184.5640959345642,
  "summary_wm_mean": 2814.2578864191014,
  "summary_wm_median": 1004.7652551829815,
  "summary_wm_n": 27535.0,
  "summary_wm_p05": 130.42710760235786,
  "summary_wm_p95": 8093.716816693544,
  "summary_wm_stdv": 3022.398808494931,
  "tpm_overlap_csf": 0.10944277432233306,
  "tpm_overlap_gm": 0.2427108403196225,
  "tpm_overlap_wm": 0.021242953230376484,
  "wm2max": 0.128116842200018
}