{
  "bids_meta": {
    "AcquisitionMatrixPE": 256,
    "AcquisitionNumber": 1,
    "AcquisitionTime": "12:22:1.810000",
    "BaseResolution": 256,
    "BodyPartExamined": "BRAIN",
    "ConsistencyInfo": "N4_VE11C_LATEST_20160120",
    "ConversionSoftware": "dcm2niix",
    "ConversionSoftwareVersion": "v1.0.20190902",
    "Dcm2bidsVersion": "2.1.4",
    "DeviceSerialNumber": "166095",
    "DwellTime": 0.000510012,
    "EchoTime": 0.0029,
    "FlipAngle": 8,
    "ImageOrientationPatientDICOM": [
      0,
      1,
      0,
      -0.21644,
      0,
      -0.976296
    ],
    "ImageType": [
      "ORIGINAL",
      "PRIMARY",
      "M",
      "ND",
      "NORM"
    ],
    "ImagingFrequency": 123.261,
    "InPlanePhaseEncodingDirectionDICOM": "ROW",
    "InstitutionAddress": "Hillhouse_Ave._10_New_Haven_Northeast_US_06519",
    "InstitutionName": "Yale_University_-_Dunham_Lab._Bldg.",
    "InstitutionalDepartmentName": "Department",
    "InversionTime": 1.07,
    "MRAcquisitionType": "3D",
    "MagneticFieldStrength": 3,
    "Manufacturer": "Siemens",
    "ManufacturersModelName": "Prisma",
    "Modality": "MR",
    "ParallelReductionFactorInPlane": 2,
    "PartialFourier": 1,
    "PatientPosition": "HFS",
    "PercentPhaseFOV": 100,
    "PhaseEncodingSteps": 255,
    "PhaseResolution": 1,
    "PixelBandwidth": 240,
    "ProcedureStepDescription": "ABCDadult",
    "ProtocolName": "ABCD_T1w_MPR_vNav",
    "PulseSequenceDetails": "%CustomerSeq%_tfl_mgh_epinav_ABCD",
    "ReceiveCoilActiveElements": "HEA;HEP",
    "ReceiveCoilName": "Head_32",
    "ReconMatrixPE": 256,
    "RefLinesPE": 32,
    "RepetitionTime": 2.5,
    "SAR": 0.0297645,
    "ScanOptions": "IR_WE",
    "ScanningSequence": "GR_IR",
    "SequenceName": "tfl3d1_16ns",
    "SequenceVariant": "SK_SP_MP",
    "SeriesDescription": "ABCD_T1w_MPR_vNav",
    "SeriesNumber": 5,
    "ShimSetting": [
      -2140,
      -658,
      -4136,
      457,
      -15,
      -232,
      -68,
      166
    ],
    "SliceThickness": 1,
    "SoftwareVersions": "syngo_MR_E11",
    "StationName": "AWP166095",
    "TxRefAmp": 235.461,
    "WipMemBlock": "Prisma_epi_moco_navigator_ABCD_tfl.prot",
    "dataset": "ds004097",
    "modality": "T1w",
    "session_id": "03",
    "subject_id": "NDARNC943BP8"
  },
  "cjv": 0.48580798471947956,
  "cnr": 2.855846531157314,
  "efc": 0.5505071729928498,
  "fber": 11381.438202854672,
  "fwhm_avg": 4.15205,
  "fwhm_x": 4.24172,
  "fwhm_y": 4.24596,
  "fwhm_z": 3.96847,
  "icvs_csf": 0.1727419637455459,
  "icvs_gm": 0.43149641866901856,
  "icvs_wm": 0.39576161758543554,
  "inu_med": 0.893292248249054,
  "inu_range": 0.9269145369529725,
  "provenance": {
    "md5sum": "8185a420facddf2af33bc384b804963e",
    "settings": {
      "testing": false
    },
    "software": "mriqc",
    "version": "23.0.1",
    "warnings": {
      "large_rot_frame": true,
      "small_air_mask": false
    },
    "webapi_port": null,
    "webapi_url": "https://mriqc.nimh.nih.gov/api/v1"
  },
  "qi_1": 0.0,
  "qi_2": 0.000941154567592171,
  "rpve_csf": 29.389929853427752,
  "rpve_gm": 12.58284459666373,
  "rpve_wm": 15.43209700120254,
  "size_x": 176,
  "size_y": 256,
  "size_z": 256,
  "snr_csf": 1.858349009912903,
  "snr_gm": 10.297377687666012,
  "snr_total": 9.164725823845778,
  "snr_wm": 15.338450773958419,
  "snrd_csf": 24.087633274833955,
  "snrd_gm": 73.81451097353744,
  "snrd_total": 66.60211351809589,
  "snrd_wm": 101.90419630591626,
  "spacing_x": 1.0,
  "spacing_y": 1.0,
  "spacing_z": 1.0,
  "summary_bg_k": 7.784917122795127,
  "summary_bg_mad": 6.429578053558153,
  "summary_bg_mean": 7.555909408710298,
  "summary_bg_median": 4.336684495210648,
  "summary_bg_n": 3279341.0,
  "summary_bg_p05": 0.0,
  "summary_bg_p95": 29.223339837044477,
  "summary_bg_stdv": 10.853619951414824,
  "summary_csf_k": 2.1908937572171387,
  "summary_csf_mad": 93.37500855053771,
  "summary_csf_mean": 260.1419942725652,
  "summary_csf_median": 236.3985854946077,
  "summary_csf_n": 23848.0,
  "summary_csf_p05": 87.53942617122084,
  "summary_csf_p95": 517.4108127336947,
  "summary_csf_stdv": 127.2062609449835,
  "summary_gm_k": 0.01710779222022918,
  "summary_gm_mad": 70.21391488033392,
  "summary_gm_mean": 723.8312484749847,
  "summary_gm_median": 724.4234327226877,
  "summary_gm_n": 25719.0,
  "summary_gm_p05": 606.5444632619619,
  "summary_gm_p95": 839.3504998963325,
  "summary_gm_stdv": 70.34891514411875,
  "summary_wm_k": 0.634868983836943,
  "summary_wm_mad": 63.71127343980351,
  "summary_wm_mean": 1007.0861120634529,
  "summary_wm_median": 1000.0985812023282,
  "summary_wm_n": 218221.0,
  "summary_wm_p05": 913.7591353431344,
  "summary_wm_p95": 1123.6940893158317,
  "summary_wm_stdv": 65.20191018356259,
  "tpm_overlap_csf": 0.15265167048464515,
  "tpm_overlap_gm": 0.45042028353760105,
  "tpm_overlap_wm": 0.4888757116178867,
  "wm2max": 0.5348008954370366
}