{
  "bids_meta": {
    "AcquisitionMatrixPE": 256,
    "AcquisitionNumber": 1,
    "AcquisitionTime": "14:16:12.357500",
    "BaseResolution": 256,
    "BodyPartExamined": "BRAIN",
    "ConsistencyInfo": "N4_VE11C_LATEST_20160120",
    "ConversionSoftware": "dcm2niix",
    "ConversionSoftwareVersion": "v1.0.20190902",
    "Dcm2bidsVersion": "2.1.4",
    "DeviceSerialNumber": "166095",
    "DwellTime": 0.000510012,
    "EchoTime": 0.565,
    "EchoTrainLength": 190,
    "FlipAngle": 120,
    "ImageOrientationPatientDICOM": [
      0.026177,
      0.999657,
      0,
      0,
      0,
      -1
    ],
    "ImageType": [
      "ORIGINAL",
      "PRIMARY",
      "M",
      "ND"
    ],
    "ImagingFrequency": 123.261,
    "InPlanePhaseEncodingDirectionDICOM": "ROW",
    "InstitutionAddress": "Hillhouse_Ave._10_New_Haven_Northeast_US_06519",
    "InstitutionName": "Yale_University_-_Dunham_Lab._Bldg.",
    "InstitutionalDepartmentName": "Department",
    "MRAcquisitionType": "3D",
    "MagneticFieldStrength": 3,
    "Manufacturer": "Siemens",
    "ManufacturersModelName": "Prisma",
    "Modality": "MR",
    "ParallelReductionFactorInPlane": 2,
    "PartialFourier": 1,
    "PatientPosition": "HFS",
    "PercentPhaseFOV": 100,
    "PhaseEncodingSteps": 227,
    "PhaseResolution": 1,
    "PixelBandwidth": 240,
    "ProcedureStepDescription": "ABCDadult",
    "ProtocolName": "ABCD_T2w_SPC_vNav",
    "PulseSequenceDetails": "%CustomerSeq%_tse_vfl_mgh_epinav_ABCD",
    "ReceiveCoilActiveElements": "HEA;HEP",
    "ReceiveCoilName": "Head_32",
    "ReconMatrixPE": 256,
    "RefLinesPE": 32,
    "RepetitionTime": 3.2,
    "SAR": 0.0852999,
    "ScanOptions": "PFP",
    "ScanningSequence": "SE",
    "SequenceName": "spc_200ns",
    "SequenceVariant": "SK_SP",
    "SeriesDescription": "ABCD_T2w_SPC_vNav",
    "SeriesNumber": 18,
    "ShimSetting": [
      -2125,
      -662,
      -4047,
      381,
      -57,
      -93,
      7,
      87
    ],
    "SliceThickness": 1,
    "SoftwareVersions": "syngo_MR_E11",
    "StationName": "AWP166095",
    "TxRefAmp": 250.65,
    "WipMemBlock": "Prisma_epi_moco_navigator_ABCD_tse_vfl.prot",
    "dataset": "ds004097",
    "modality": "T2w",
    "session_id": "04",
    "subject_id": "NDARJZ387ZJA"
  },
  "cjv": 1.5214083037381343,
  "cnr": 0.40601115924509634,
  "efc": 0.5647227233462591,
  "fber": 7721.634668715962,
  "fwhm_avg": 3.5192333333333337,
  "fwhm_x": 3.41147,
  "fwhm_y": 3.79025,
  "fwhm_z": 3.35598,
  "icvs_csf": 0.401168431514644,
  "icvs_gm": 0.46598889799732585,
  "icvs_wm": 0.1328426704880302,
  "inu_med": 1.0052789449691772,
  "inu_range": 1.0599813461303706,
  "provenance": {
    "md5sum": "c9f8c1205c797855a3dff86fffb418df",
    "settings": {
      "testing": false
    },
    "software": "mriqc",
    "version": "23.0.1",
    "warnings": {
      "large_rot_frame": true,
      "small_air_mask": false
    },
    "webapi_port": null,
    "webapi_url": "https://mriqc.nimh.nih.gov/api/v1"
  },
  "qi_1": 4.719472725985599e-06,
  "qi_2": 0.0013326692489805927,
  "rpve_csf": 11.257773698181548,
  "rpve_gm": 10.38270302999261,
  "rpve_wm": 40.316480699321275,
  "size_x": 176,
  "size_y": 256,
  "size_z": 256,
  "snr_csf": 9.259209524136555,
  "snr_gm": 10.348214358986494,
  "snr_total": 6.676509280082395,
  "snr_wm": 0.42210395712413684,
  "snrd_csf": 72.01768835380746,
  "snrd_gm": 44.163729634326,
  "snrd_total": 46.21868916821893,
  "snrd_wm": 22.47464951652332,
  "spacing_x": 1.0,
  "spacing_y": 1.0,
  "spacing_z": 1.0,
  "summary_bg_k": 6.651528294954369,
  "summary_bg_mad": 29.302046586438966,
  "summary_bg_mean": 26.104660145901388,
  "summary_bg_median": 19.763930082321167,
  "summary_bg_n": 2530059.0,
  "summary_bg_p05": 0.0,
  "summary_bg_p95": 92.9179212898016,
  "summary_bg_stdv": 34.32905205388497,
  "summary_csf_k": 0.6648784121898359,
  "summary_csf_mad": 301.36340968413964,
  "summary_csf_mean": 3264.447288590952,
  "summary_csf_median": 3221.1088548749685,
  "summary_csf_n": 64126.0,
  "summary_csf_p05": 2774.4989348202944,
  "summary_csf_p95": 3992.862874686718,
  "summary_csf_stdv": 347.8789124399445,
  "summary_gm_k": 1.2467606438333263,
  "summary_gm_mad": 181.10292681896306,
  "summary_gm_mean": 1984.2100266813504,
  "summary_gm_median": 1975.2950121164322,
  "summary_gm_n": 214064.0,
  "summary_gm_p05": 1692.8355113565922,
  "summary_gm_p95": 2304.2820982784033,
  "summary_gm_stdv": 190.88224594035842,
  "summary_wm_k": -1.5203181106990824,
  "summary_wm_mad": 1294.784183538272,
  "summary_wm_mean": 2435.3028141788504,
  "summary_wm_median": 1005.2154439091682,
  "summary_wm_n": 37120.0,
  "summary_wm_p05": 95.25116303563118,
  "summary_wm_p95": 6136.569903521984,
  "summary_wm_stdv": 2381.408387137292,
  "tpm_overlap_csf": 0.11250181173280593,
  "tpm_overlap_gm": 0.32127020434575054,
  "tpm_overlap_wm": 0.029554929136594743,
  "wm2max": 0.16713447890280916
}