{
  "bids_meta": {
    "AcquisitionMatrixPE": 256,
    "AcquisitionNumber": 1,
    "AcquisitionTime": "13:46:47.225000",
    "BaseResolution": 256,
    "BodyPartExamined": "BRAIN",
    "ConsistencyInfo": "N4_VE11C_LATEST_20160120",
    "ConversionSoftware": "dcm2niix",
    "ConversionSoftwareVersion": "v1.0.20190902",
    "Dcm2bidsVersion": "2.1.4",
    "DeviceSerialNumber": "166095",
    "DwellTime": 0.000510012,
    "EchoTime": 0.0029,
    "FlipAngle": 8,
    "ImageOrientationPatientDICOM": [
      0.026177,
      0.999657,
      0,
      0,
      0,
      -1
    ],
    "ImageType": [
      "ORIGINAL",
      "PRIMARY",
      "M",
      "ND",
      "NORM"
    ],
    "ImagingFrequency": 123.261,
    "InPlanePhaseEncodingDirectionDICOM": "ROW",
    "InstitutionAddress": "Hillhouse_Ave._10_New_Haven_Northeast_US_06519",
    "InstitutionName": "Yale_University_-_Dunham_Lab._Bldg.",
    "InstitutionalDepartmentName": "Department",
    "InversionTime": 1.07,
    "MRAcquisitionType": "3D",
    "MagneticFieldStrength": 3,
    "Manufacturer": "Siemens",
    "ManufacturersModelName": "Prisma",
    "Modality": "MR",
    "ParallelReductionFactorInPlane": 2,
    "PartialFourier": 1,
    "PatientPosition": "HFS",
    "PercentPhaseFOV": 100,
    "PhaseEncodingSteps": 255,
    "PhaseResolution": 1,
    "PixelBandwidth": 240,
    "ProcedureStepDescription": "ABCDadult",
    "ProtocolName": "ABCD_T1w_MPR_vNav",
    "PulseSequenceDetails": "%CustomerSeq%_tfl_mgh_epinav_ABCD",
    "ReceiveCoilActiveElements": "HEA;HEP",
    "ReceiveCoilName": "Head_32",
    "ReconMatrixPE": 256,
    "RefLinesPE": 32,
    "RepetitionTime": 2.5,
    "SAR": 0.0389216,
    "ScanOptions": "IR_WE",
    "ScanningSequence": "GR_IR",
    "SequenceName": "tfl3d1_16ns",
    "SequenceVariant": "SK_SP_MP",
    "SeriesDescription": "ABCD_T1w_MPR_vNav",
    "SeriesNumber": 6,
    "ShimSetting": [
      -2125,
      -662,
      -4047,
      381,
      -57,
      -93,
      7,
      87
    ],
    "SliceThickness": 1,
    "SoftwareVersions": "syngo_MR_E11",
    "StationName": "AWP166095",
    "TxRefAmp": 250.65,
    "WipMemBlock": "Prisma_epi_moco_navigator_ABCD_tfl.prot",
    "dataset": "ds004097",
    "modality": "T1w",
    "session_id": "04",
    "subject_id": "NDARJZ387ZJA"
  },
  "cjv": 0.3338370500491764,
  "cnr": 3.9148836521535473,
  "efc": 0.5882048448090154,
  "fber": 19131.333055920964,
  "fwhm_avg": 3.60162,
  "fwhm_x": 3.64434,
  "fwhm_y": 3.7556,
  "fwhm_z": 3.40492,
  "icvs_csf": 0.21242980683731624,
  "icvs_gm": 0.4370789794306138,
  "icvs_wm": 0.35049121373206993,
  "inu_med": 0.45950815081596375,
  "inu_range": 0.1321525394916534,
  "provenance": {
    "md5sum": "e85ab6e1d1b1a218e5607372dff1b786",
    "settings": {
      "testing": false
    },
    "software": "mriqc",
    "version": "23.0.1",
    "warnings": {
      "large_rot_frame": true,
      "small_air_mask": false
    },
    "webapi_port": null,
    "webapi_url": "https://mriqc.nimh.nih.gov/api/v1"
  },
  "qi_1": 0.0,
  "qi_2": 0.0012402323330311933,
  "rpve_csf": 20.984186831222893,
  "rpve_gm": 10.597201875866599,
  "rpve_wm": 15.126122911760742,
  "size_x": 176,
  "size_y": 256,
  "size_z": 256,
  "snr_csf": 2.080892642784008,
  "snr_gm": 9.571717366646203,
  "snr_total": 11.449367138015576,
  "snr_wm": 22.695491404616522,
  "snrd_csf": 34.784066083664,
  "snrd_gm": 99.96335528657707,
  "snrd_total": 94.35933465851615,
  "snrd_wm": 148.33058260530737,
  "spacing_x": 1.0,
  "spacing_y": 1.0,
  "spacing_z": 1.0,
  "summary_bg_k": 164.06919142080056,
  "summary_bg_mad": 4.416731915908735,
  "summary_bg_mean": 3.96611191693162,
  "summary_bg_median": 2.9790404066443443,
  "summary_bg_n": 2519834.0,
  "summary_bg_p05": 0.0,
  "summary_bg_p95": 15.661240994930267,
  "summary_bg_stdv": 6.24462091439775,
  "summary_csf_k": 0.6196491479512996,
  "summary_csf_mad": 99.96010768254877,
  "summary_csf_mean": 245.27329039190468,
  "summary_csf_median": 234.50367715302855,
  "summary_csf_n": 41726.0,
  "summary_csf_p05": 72.53963390178978,
  "summary_csf_p95": 454.73987864423543,
  "summary_csf_stdv": 112.69243894285206,
  "summary_gm_k": 0.2047083406569623,
  "summary_gm_mad": 68.03344554755134,
  "summary_gm_mean": 675.1840051480148,
  "summary_gm_median": 673.9227765630931,
  "summary_gm_n": 32096.0,
  "summary_gm_p05": 560.5490102302283,
  "summary_gm_p95": 792.9407605235465,
  "summary_gm_stdv": 70.40662110248938,
  "summary_wm_k": 0.7271433524953368,
  "summary_wm_mad": 40.82322213704217,
  "summary_wm_mean": 997.9562447724437,
  "summary_wm_median": 1000.000027930364,
  "summary_wm_n": 215753.0,
  "summary_wm_p05": 923.0769488587976,
  "summary_wm_p95": 1066.7943696193397,
  "summary_wm_stdv": 44.06151392074833,
  "tpm_overlap_csf": 0.14819978653150667,
  "tpm_overlap_gm": 0.4455102356059597,
  "tpm_overlap_wm": 0.4761713290936178,
  "wm2max": 0.8813297755703198
}