{
  "aor": 0.0012676657824933688,
  "aqi": 0.00866613,
  "bids_meta": {
    "AcquisitionMatrixPE": 90,
    "AcquisitionNumber": 1,
    "AcquisitionTime": "15:01:28.155000",
    "BandwidthPerPixelPhaseEncode": 21.786,
    "BaseResolution": 90,
    "BodyPartExamined": "BRAIN",
    "ConsistencyInfo": "N4_VE11C_LATEST_20160120",
    "ConversionSoftware": "dcm2niix",
    "ConversionSoftwareVersion": "v1.0.20190902",
    "Dcm2bidsVersion": "2.1.4",
    "DerivedVendorReportedEchoSpacing": 0.000510012,
    "DeviceSerialNumber": "166095",
    "DwellTime": 2e-06,
    "EchoTime": 0.03,
    "EchoTrainLength": 90,
    "EffectiveEchoSpacing": 0.000510012,
    "FlipAngle": 52,
    "ImageComments": "SMS_ABCD_V1.2;_MB=6;_FOVshift=3;_K_PE=5;_K_RO=5;_LeakBlockOn;",
    "ImageOrientationPatientDICOM": [
      1,
      0,
      0,
      0,
      1,
      0
    ],
    "ImageType": [
      "ORIGINAL",
      "PRIMARY",
      "M",
      "ND",
      "MOSAIC"
    ],
    "ImagingFrequency": 123.261,
    "InPlanePhaseEncodingDirectionDICOM": "COL",
    "InstitutionAddress": "Hillhouse_Ave._10_New_Haven_Northeast_US_06519",
    "InstitutionName": "Yale_University_-_Dunham_Lab._Bldg.",
    "InstitutionalDepartmentName": "Department",
    "MRAcquisitionType": "2D",
    "MagneticFieldStrength": 3,
    "Manufacturer": "Siemens",
    "ManufacturersModelName": "Prisma",
    "Modality": "MR",
    "MultibandAccelerationFactor": 6,
    "PartialFourier": 1,
    "PatientPosition": "HFS",
    "PercentPhaseFOV": 100,
    "PhaseEncodingAxis": "j",
    "PhaseEncodingDirection": "j",
    "PhaseEncodingSteps": 90,
    "PhaseResolution": 1,
    "PixelBandwidth": 2780,
    "ProcedureStepDescription": "ABCDadult",
    "ProtocolName": "ABCD_fMRI_rest",
    "PulseSequenceDetails": "%CustomerSeq%_ep2d_bold_sms_abcd",
    "ReceiveCoilActiveElements": "HEA;HEP",
    "ReceiveCoilName": "Head_32",
    "ReconMatrixPE": 90,
    "RefLinesPE": 22,
    "RepetitionTime": 0.8,
    "SAR": 0.0544257,
    "ScanOptions": "FS_CT",
    "ScanningSequence": "EP",
    "SequenceName": "epfid2d1_90",
    "SequenceVariant": "SK",
    "SeriesDescription": "ABCD_fMRI_rest",
    "SeriesNumber": 23,
    "ShimSetting": [
      -2138,
      -625,
      -4064,
      560,
      12,
      -86,
      -28,
      96
    ],
    "SliceThickness": 2.4,
    "SliceTiming": [
      0.5475,
      0,
      0.39,
      0.08,
      0.47,
      0.235,
      0.625,
      0.3125,
      0.7025,
      0.1575,
      0.5475,
      0,
      0.39,
      0.08,
      0.47,
      0.235,
      0.625,
      0.3125,
      0.7025,
      0.1575,
      0.5475,
      0,
      0.39,
      0.08,
      0.47,
      0.235,
      0.625,
      0.3125,
      0.7025,
      0.1575,
      0.5475,
      0,
      0.39,
      0.08,
      0.47,
      0.235,
      0.625,
      0.3125,
      0.7025,
      0.1575,
      0.5475,
      0,
      0.39,
      0.08,
      0.47,
      0.235,
      0.625,
      0.3125,
      0.7025,
      0.1575,
      0.5475,
      0,
      0.39,
      0.08,
      0.47,
      0.235,
      0.625,
      0.3125,
      0.7025,
      0.1575
    ],
    "SoftwareVersions": "syngo_MR_E11",
    "SpacingBetweenSlices": 2.4,
    "StationName": "AWP166095",
    "TotalReadoutTime": 0.045391,
    "TxRefAmp": 217.724,
    "WipMemBlock": "53d58661-c779-459e-b536-64ad7e83dccb",
    "dataset": "ds004097",
    "modality": "bold",
    "run_id": 4,
    "session_id": "02",
    "subject_id": "NDARTR918TJX",
    "task_id": "rest"
  },
  "dummy_trs": 6,
  "dvars_nstd": 32.858685168617015,
  "dvars_std": 1.0348637645744676,
  "dvars_vstd": 0.9816521328723407,
  "efc": 0.4853792161072281,
  "fber": 1120.1824951171875,
  "fd_mean": 0.21415264369019096,
  "fd_num": 174,
  "fd_perc": 46.15384615384615,
  "fwhm_avg": 2.946390261593964,
  "fwhm_x": 2.776941556320923,
  "fwhm_y": 3.015295713516247,
  "fwhm_z": 3.046933514944723,
  "gcor": 0.0116283,
  "gsr_x": -0.020368151366710663,
  "gsr_y": 0.07416851818561554,
  "provenance": {
    "md5sum": "7137d26477a7b8082a262b8f8dfe0eaa",
    "settings": {
      "fd_thres": 0.2,
      "testing": false
    },
    "software": "mriqc",
    "version": "23.0.1",
    "webapi_port": null,
    "webapi_url": "https://mriqc.nimh.nih.gov/api/v1"
  },
  "size_t": 377,
  "size_x": 90,
  "size_y": 90,
  "size_z": 60,
  "snr": 2.8281521811781336,
  "spacing_tr": 0.800000011920929,
  "spacing_x": 2.4000000953674316,
  "spacing_y": 2.4000000953674316,
  "spacing_z": 2.3999998569488525,
  "summary_bg_k": 33.46067193012158,
  "summary_bg_mad": 4.2118489152779945,
  "summary_bg_mean": 19.724197387695312,
  "summary_bg_median": 8.331564903259277,
  "summary_bg_n": 343713.0,
  "summary_bg_p05": 5.2095489501953125,
  "summary_bg_p95": 75.79681549072257,
  "summary_bg_stdv": 32.12034606933594,
  "summary_fg_k": 0.670485094389973,
  "summary_fg_mad": 91.41795952665689,
  "summary_fg_mean": 295.00750732421875,
  "summary_fg_median": 276.99468994140625,
  "summary_fg_n": 72963.0,
  "summary_fg_p05": 165.6206817626953,
  "summary_fg_p95": 480.112985229492,
  "summary_fg_stdv": 97.9412612915039,
  "tsnr": 35.709939900785685
}