{
  "aor": 0.00042669703872437356,
  "aqi": 0.005196057198177676,
  "bids_meta": {
    "AcquisitionMatrixPE": 90,
    "AcquisitionNumber": 1,
    "AcquisitionTime": "15:14:23.157500",
    "BandwidthPerPixelPhaseEncode": 21.786,
    "BaseResolution": 90,
    "BodyPartExamined": "BRAIN",
    "ConsistencyInfo": "N4_VE11C_LATEST_20160120",
    "ConversionSoftware": "dcm2niix",
    "ConversionSoftwareVersion": "v1.0.20190902",
    "Dcm2bidsVersion": "2.1.4",
    "DerivedVendorReportedEchoSpacing": 0.000510012,
    "DeviceSerialNumber": "166095",
    "DwellTime": 2e-06,
    "EchoTime": 0.03,
    "EchoTrainLength": 90,
    "EffectiveEchoSpacing": 0.000510012,
    "FlipAngle": 52,
    "ImageComments": "SMS_ABCD_V1.2;_MB=6;_FOVshift=3;_K_PE=5;_K_RO=5;_LeakBlockOn;",
    "ImageOrientationPatientDICOM": [
      1,
      0,
      0,
      0,
      1,
      0
    ],
    "ImageType": [
      "ORIGINAL",
      "PRIMARY",
      "M",
      "ND",
      "MOSAIC"
    ],
    "ImagingFrequency": 123.261,
    "InPlanePhaseEncodingDirectionDICOM": "COL",
    "InstitutionAddress": "Hillhouse_Ave._10_New_Haven_Northeast_US_06519",
    "InstitutionName": "Yale_University_-_Dunham_Lab._Bldg.",
    "InstitutionalDepartmentName": "Department",
    "MRAcquisitionType": "2D",
    "MagneticFieldStrength": 3,
    "Manufacturer": "Siemens",
    "ManufacturersModelName": "Prisma",
    "Modality": "MR",
    "MultibandAccelerationFactor": 6,
    "PartialFourier": 1,
    "PatientPosition": "HFS",
    "PercentPhaseFOV": 100,
    "PhaseEncodingAxis": "j",
    "PhaseEncodingDirection": "j",
    "PhaseEncodingSteps": 90,
    "PhaseResolution": 1,
    "PixelBandwidth": 2780,
    "ProcedureStepDescription": "ABCDadult",
    "ProtocolName": "ABCD_fMRI_task_Stop",
    "PulseSequenceDetails": "%CustomerSeq%_ep2d_bold_sms_abcd",
    "ReceiveCoilActiveElements": "HEA;HEP",
    "ReceiveCoilName": "Head_32",
    "ReconMatrixPE": 90,
    "RefLinesPE": 22,
    "RepetitionTime": 0.8,
    "SAR": 0.0544838,
    "ScanOptions": "FS_CT",
    "ScanningSequence": "EP",
    "SequenceName": "epfid2d1_90",
    "SequenceVariant": "SK",
    "SeriesDescription": "ABCD_fMRI_task_Stop",
    "SeriesNumber": 29,
    "ShimSetting": [
      -2138,
      -625,
      -4064,
      560,
      12,
      -86,
      -28,
      96
    ],
    "SliceThickness": 2.4,
    "SliceTiming": [
      0.545,
      0,
      0.39,
      0.0775,
      0.4675,
      0.235,
      0.625,
      0.3125,
      0.7025,
      0.155,
      0.545,
      0,
      0.39,
      0.0775,
      0.4675,
      0.235,
      0.625,
      0.3125,
      0.7025,
      0.155,
      0.545,
      0,
      0.39,
      0.0775,
      0.4675,
      0.235,
      0.625,
      0.3125,
      0.7025,
      0.155,
      0.545,
      0,
      0.39,
      0.0775,
      0.4675,
      0.235,
      0.625,
      0.3125,
      0.7025,
      0.155,
      0.545,
      0,
      0.39,
      0.0775,
      0.4675,
      0.235,
      0.625,
      0.3125,
      0.7025,
      0.155,
      0.545,
      0,
      0.39,
      0.0775,
      0.4675,
      0.235,
      0.625,
      0.3125,
      0.7025,
      0.155
    ],
    "SoftwareVersions": "syngo_MR_E11",
    "SpacingBetweenSlices": 2.4,
    "StationName": "AWP166095",
    "TotalReadoutTime": 0.045391,
    "TxRefAmp": 217.724,
    "WipMemBlock": "605c357c-89e0-4bb3-8b73-f1255a78422c",
    "dataset": "ds004097",
    "modality": "bold",
    "run_id": 2,
    "session_id": "02",
    "subject_id": "NDARTR918TJX",
    "task_id": "SST"
  },
  "dummy_trs": 6,
  "dvars_nstd": 29.48699680317352,
  "dvars_std": 1.015986785821918,
  "dvars_vstd": 0.9773564281506845,
  "efc": 0.48504115294306127,
  "fber": 1137.672119140625,
  "fd_mean": 0.10574787066840122,
  "fd_num": 14,
  "fd_perc": 3.1890660592255125,
  "fwhm_avg": 2.839979150096306,
  "fwhm_x": 2.6939207262865414,
  "fwhm_y": 2.918449884031221,
  "fwhm_z": 2.9075668399711554,
  "gcor": 0.00876384,
  "gsr_x": -0.01805681176483631,
  "gsr_y": 0.07289586961269379,
  "provenance": {
    "md5sum": "24de453a08607f85d7de8e46e2be722d",
    "settings": {
      "fd_thres": 0.2,
      "testing": false
    },
    "software": "mriqc",
    "version": "23.0.1",
    "webapi_port": null,
    "webapi_url": "https://mriqc.nimh.nih.gov/api/v1"
  },
  "size_t": 439,
  "size_x": 90,
  "size_y": 90,
  "size_z": 60,
  "snr": 2.866397475786242,
  "spacing_tr": 0.800000011920929,
  "spacing_x": 2.4000000953674316,
  "spacing_y": 2.4000000953674316,
  "spacing_z": 2.3999998569488525,
  "summary_bg_k": 28.839913765132643,
  "summary_bg_mad": 3.8973189527267658,
  "summary_bg_mean": 19.339881896972656,
  "summary_bg_median": 8.09339427947998,
  "summary_bg_n": 344978.0,
  "summary_bg_p05": 5.236902236938477,
  "summary_bg_p95": 74.84874916076629,
  "summary_bg_stdv": 31.82990837097168,
  "summary_fg_k": 0.6960285678056319,
  "summary_fg_mad": 86.8521301695113,
  "summary_fg_mean": 287.5345458984375,
  "summary_fg_median": 270.1754150390625,
  "summary_fg_n": 72611.0,
  "summary_fg_p05": 162.68224334716797,
  "summary_fg_p95": 467.6355438232422,
  "summary_fg_stdv": 94.25543975830078,
  "tsnr": 42.13509178161621
}