{
  "aor": 0.0009920580474934036,
  "aqi": 0.0029981225593667545,
  "bids_meta": {
    "AcquisitionMatrixPE": 90,
    "AcquisitionNumber": 1,
    "AcquisitionTime": "13:05:30.240000",
    "BandwidthPerPixelPhaseEncode": 21.786,
    "BaseResolution": 90,
    "BodyPartExamined": "BRAIN",
    "ConsistencyInfo": "N4_VE11C_LATEST_20160120",
    "ConversionSoftware": "dcm2niix",
    "ConversionSoftwareVersion": "v1.0.20190902",
    "Dcm2bidsVersion": "2.1.4",
    "DerivedVendorReportedEchoSpacing": 0.000510012,
    "DeviceSerialNumber": "166095",
    "DwellTime": 2e-06,
    "EchoTime": 0.03,
    "EchoTrainLength": 90,
    "EffectiveEchoSpacing": 0.000510012,
    "FlipAngle": 52,
    "ImageComments": "SMS_ABCD_V1.2;_MB=6;_FOVshift=3;_K_PE=5;_K_RO=5;_LeakBlockOn;",
    "ImageOrientationPatientDICOM": [
      1,
      0,
      0,
      0,
      1,
      0
    ],
    "ImageType": [
      "ORIGINAL",
      "PRIMARY",
      "M",
      "ND",
      "MOSAIC"
    ],
    "ImagingFrequency": 123.261,
    "InPlanePhaseEncodingDirectionDICOM": "COL",
    "InstitutionAddress": "Hillhouse_Ave._10_New_Haven_Northeast_US_06519",
    "InstitutionName": "Yale_University_-_Dunham_Lab._Bldg.",
    "InstitutionalDepartmentName": "Department",
    "MRAcquisitionType": "2D",
    "MagneticFieldStrength": 3,
    "Manufacturer": "Siemens",
    "ManufacturersModelName": "Prisma",
    "Modality": "MR",
    "MultibandAccelerationFactor": 6,
    "PartialFourier": 1,
    "PatientPosition": "HFS",
    "PercentPhaseFOV": 100,
    "PhaseEncodingAxis": "j",
    "PhaseEncodingDirection": "j",
    "PhaseEncodingSteps": 90,
    "PhaseResolution": 1,
    "PixelBandwidth": 2780,
    "ProcedureStepDescription": "Casey_ABCD-Adult",
    "ProtocolName": "ABCD_fMRI_rest",
    "PulseSequenceDetails": "%CustomerSeq%_ep2d_bold_sms_abcd",
    "ReceiveCoilActiveElements": "HEA;HEP",
    "ReceiveCoilName": "Head_32",
    "ReconMatrixPE": 90,
    "RefLinesPE": 22,
    "RepetitionTime": 0.8,
    "SAR": 0.0677333,
    "ScanOptions": "FS_CT",
    "ScanningSequence": "EP",
    "SequenceName": "epfid2d1_90",
    "SequenceVariant": "SK",
    "SeriesDescription": "ABCD_fMRI_rest",
    "SeriesNumber": 21,
    "ShimSetting": [
      -2144,
      -684,
      -3975,
      602,
      -105,
      -123,
      55,
      76
    ],
    "SliceThickness": 2.4,
    "SliceTiming": [
      0.545,
      0,
      0.39,
      0.0775,
      0.4675,
      0.2325,
      0.6225,
      0.31,
      0.7,
      0.155,
      0.545,
      0,
      0.39,
      0.0775,
      0.4675,
      0.2325,
      0.6225,
      0.31,
      0.7,
      0.155,
      0.545,
      0,
      0.39,
      0.0775,
      0.4675,
      0.2325,
      0.6225,
      0.31,
      0.7,
      0.155,
      0.545,
      0,
      0.39,
      0.0775,
      0.4675,
      0.2325,
      0.6225,
      0.31,
      0.7,
      0.155,
      0.545,
      0,
      0.39,
      0.0775,
      0.4675,
      0.2325,
      0.6225,
      0.31,
      0.7,
      0.155,
      0.545,
      0,
      0.39,
      0.0775,
      0.4675,
      0.2325,
      0.6225,
      0.31,
      0.7,
      0.155
    ],
    "SoftwareVersions": "syngo_MR_E11",
    "SpacingBetweenSlices": 2.4,
    "StationName": "AWP166095",
    "TotalReadoutTime": 0.045391,
    "TxRefAmp": 250.712,
    "WipMemBlock": "25f42b7a-f67e-4d45-96bf-0bfa632a2f39",
    "dataset": "ds004097",
    "modality": "bold",
    "run_id": 3,
    "session_id": "02",
    "subject_id": "NDARMC914MYN",
    "task_id": "rest"
  },
  "dummy_trs": 4,
  "dvars_nstd": 26.61912332248676,
  "dvars_std": 1.0670887669312163,
  "dvars_vstd": 1.0167722287566145,
  "efc": 0.5184116781258127,
  "fber": 730.7427368164062,
  "fd_mean": 0.06865530542876401,
  "fd_num": 0,
  "fd_perc": 0.0,
  "fwhm_avg": 3.2232123719210475,
  "fwhm_x": 2.9878040479420007,
  "fwhm_y": 3.3514665334913514,
  "fwhm_z": 3.330366534329791,
  "gcor": 0.0113362,
  "gsr_x": -0.011797537095844746,
  "gsr_y": 0.09696211665868759,
  "provenance": {
    "md5sum": "52afa6ea93686dfa0ac861a067e97732",
    "settings": {
      "fd_thres": 0.2,
      "testing": false
    },
    "software": "mriqc",
    "version": "23.0.1",
    "webapi_port": null,
    "webapi_url": "https://mriqc.nimh.nih.gov/api/v1"
  },
  "size_t": 379,
  "size_x": 90,
  "size_y": 90,
  "size_z": 60,
  "snr": 2.256524644447572,
  "spacing_tr": 0.800000011920929,
  "spacing_x": 2.4000000953674316,
  "spacing_y": 2.4000000953674316,
  "spacing_z": 2.4000000953674316,
  "summary_bg_k": 16.571441314617402,
  "summary_bg_mad": 7.632076734621826,
  "summary_bg_mean": 30.683719635009766,
  "summary_bg_median": 11.741425514221191,
  "summary_bg_n": 323675.0,
  "summary_bg_p05": 6.153034687042236,
  "summary_bg_p95": 135.7493438720703,
  "summary_bg_stdv": 49.07780456542969,
  "summary_fg_k": 0.5462720829903049,
  "summary_fg_mad": 142.17335428294672,
  "summary_fg_mean": 351.73846435546875,
  "summary_fg_median": 323.1662292480469,
  "summary_fg_n": 85835.0,
  "summary_fg_p05": 173.39868621826173,
  "summary_fg_p95": 618.9849853515627,
  "summary_fg_stdv": 143.2133026123047,
  "tsnr": 52.56532255187631
}