{
  "aor": 0.000673743842364532,
  "aqi": 0.004171673128078818,
  "bids_meta": {
    "AcquisitionMatrixPE": 90,
    "AcquisitionNumber": 1,
    "AcquisitionTime": "12:14:35.982500",
    "BandwidthPerPixelPhaseEncode": 21.786,
    "BaseResolution": 90,
    "BodyPartExamined": "BRAIN",
    "ConsistencyInfo": "N4_VE11C_LATEST_20160120",
    "ConversionSoftware": "dcm2niix",
    "ConversionSoftwareVersion": "v1.0.20190902",
    "Dcm2bidsVersion": "2.1.4",
    "DerivedVendorReportedEchoSpacing": 0.000510012,
    "DeviceSerialNumber": "166095",
    "DwellTime": 2e-06,
    "EchoTime": 0.03,
    "EchoTrainLength": 90,
    "EffectiveEchoSpacing": 0.000510012,
    "FlipAngle": 52,
    "ImageComments": "SMS_ABCD_V1.2;_MB=6;_FOVshift=3;_K_PE=5;_K_RO=5;_LeakBlockOn;",
    "ImageOrientationPatientDICOM": [
      1,
      0,
      0,
      0,
      1,
      0
    ],
    "ImageType": [
      "ORIGINAL",
      "PRIMARY",
      "M",
      "ND",
      "MOSAIC"
    ],
    "ImagingFrequency": 123.261,
    "InPlanePhaseEncodingDirectionDICOM": "COL",
    "InstitutionAddress": "Hillhouse_Ave._10_New_Haven_Northeast_US_06519",
    "InstitutionName": "Yale_University_-_Dunham_Lab._Bldg.",
    "InstitutionalDepartmentName": "Department",
    "MRAcquisitionType": "2D",
    "MagneticFieldStrength": 3,
    "Manufacturer": "Siemens",
    "ManufacturersModelName": "Prisma",
    "Modality": "MR",
    "MultibandAccelerationFactor": 6,
    "PartialFourier": 1,
    "PatientPosition": "HFS",
    "PercentPhaseFOV": 100,
    "PhaseEncodingAxis": "j",
    "PhaseEncodingDirection": "j",
    "PhaseEncodingSteps": 90,
    "PhaseResolution": 1,
    "PixelBandwidth": 2780,
    "ProcedureStepDescription": "ABCDadult",
    "ProtocolName": "ABCD_fMRI_task_Monetary_Incentive",
    "PulseSequenceDetails": "%CustomerSeq%_ep2d_bold_sms_abcd",
    "ReceiveCoilActiveElements": "HEA;HEP",
    "ReceiveCoilName": "Head_32",
    "ReconMatrixPE": 90,
    "RefLinesPE": 22,
    "RepetitionTime": 0.8,
    "SAR": 0.0646508,
    "ScanOptions": "FS_CT",
    "ScanningSequence": "EP",
    "SequenceName": "epfid2d1_90",
    "SequenceVariant": "SK",
    "SeriesDescription": "ABCD_fMRI_task_Monetary_Incentive",
    "SeriesNumber": 27,
    "ShimSetting": [
      -2133,
      -684,
      -4018,
      472,
      14,
      -138,
      -27,
      90
    ],
    "SliceThickness": 2.4,
    "SliceTiming": [
      0.5475,
      0,
      0.39,
      0.08,
      0.47,
      0.235,
      0.625,
      0.3125,
      0.7025,
      0.1575,
      0.5475,
      0,
      0.39,
      0.08,
      0.47,
      0.235,
      0.625,
      0.3125,
      0.7025,
      0.1575,
      0.5475,
      0,
      0.39,
      0.08,
      0.47,
      0.235,
      0.625,
      0.3125,
      0.7025,
      0.1575,
      0.5475,
      0,
      0.39,
      0.08,
      0.47,
      0.235,
      0.625,
      0.3125,
      0.7025,
      0.1575,
      0.5475,
      0,
      0.39,
      0.08,
      0.47,
      0.235,
      0.625,
      0.3125,
      0.7025,
      0.1575,
      0.5475,
      0,
      0.39,
      0.08,
      0.47,
      0.235,
      0.625,
      0.3125,
      0.7025,
      0.1575
    ],
    "SoftwareVersions": "syngo_MR_E11",
    "SpacingBetweenSlices": 2.4,
    "StationName": "AWP166095",
    "TotalReadoutTime": 0.045391,
    "TxRefAmp": 245.869,
    "WipMemBlock": "4aca67b4-f89d-4c4f-9d52-e855d23269ec",
    "dataset": "ds004097",
    "modality": "bold",
    "run_id": 1,
    "session_id": "04",
    "subject_id": "NDARDD890AYU",
    "task_id": "MID"
  },
  "dummy_trs": 5,
  "dvars_nstd": 34.939415571456756,
  "dvars_std": 1.1204528603209876,
  "dvars_vstd": 1.006143594740741,
  "efc": 0.5427379438469607,
  "fber": 586.0173950195312,
  "fd_mean": 0.057394118213346106,
  "fd_num": 3,
  "fd_perc": 0.7389162561576355,
  "fwhm_avg": 3.06235414936408,
  "fwhm_x": 2.878354052291153,
  "fwhm_y": 3.156404041242439,
  "fwhm_z": 3.1523043545586478,
  "gcor": 0.0156083,
  "gsr_x": -0.02668367512524128,
  "gsr_y": 0.10883224010467529,
  "provenance": {
    "md5sum": "35cc0e7aeb5c207102854097ffe57e98",
    "settings": {
      "fd_thres": 0.2,
      "testing": false
    },
    "software": "mriqc",
    "version": "23.0.1",
    "webapi_port": null,
    "webapi_url": "https://mriqc.nimh.nih.gov/api/v1"
  },
  "size_t": 406,
  "size_x": 90,
  "size_y": 90,
  "size_z": 60,
  "snr": 2.26241557192444,
  "spacing_tr": 0.800000011920929,
  "spacing_x": 2.4000000953674316,
  "spacing_y": 2.4000000953674316,
  "spacing_z": 2.3999998569488525,
  "summary_bg_k": 13.571106682256506,
  "summary_bg_mad": 7.201210876592899,
  "summary_bg_mean": 30.10215187072754,
  "summary_bg_median": 11.39162540435791,
  "summary_bg_n": 311879.0,
  "summary_bg_p05": 6.1724138259887695,
  "summary_bg_p95": 134.75935974121077,
  "summary_bg_stdv": 47.58040237426758,
  "summary_fg_k": 2.3489296797635877,
  "summary_fg_mad": 117.58567602976431,
  "summary_fg_mean": 308.6747131347656,
  "summary_fg_median": 283.2659912109375,
  "summary_fg_n": 95173.0,
  "summary_fg_p05": 155.4448272705078,
  "summary_fg_p95": 536.9955688476562,
  "summary_fg_stdv": 125.20445251464844,
  "tsnr": 43.723523044842295
}