{
  "aor": 0.002013981900452489,
  "aqi": 0.00704297221719457,
  "bids_meta": {
    "AcquisitionMatrixPE": 90,
    "AcquisitionNumber": 1,
    "AcquisitionTime": "12:33:41.665000",
    "BandwidthPerPixelPhaseEncode": 21.786,
    "BaseResolution": 90,
    "BodyPartExamined": "BRAIN",
    "ConsistencyInfo": "N4_VE11C_LATEST_20160120",
    "ConversionSoftware": "dcm2niix",
    "ConversionSoftwareVersion": "v1.0.20190902",
    "Dcm2bidsVersion": "2.1.4",
    "DerivedVendorReportedEchoSpacing": 0.000510012,
    "DeviceSerialNumber": "166095",
    "DwellTime": 2e-06,
    "EchoTime": 0.03,
    "EchoTrainLength": 90,
    "EffectiveEchoSpacing": 0.000510012,
    "FlipAngle": 52,
    "ImageComments": "SMS_ABCD_V1.2;_MB=6;_FOVshift=3;_K_PE=5;_K_RO=5;_LeakBlockOn;",
    "ImageOrientationPatientDICOM": [
      1,
      0,
      0,
      0,
      1,
      0
    ],
    "ImageType": [
      "ORIGINAL",
      "PRIMARY",
      "M",
      "ND",
      "MOSAIC"
    ],
    "ImagingFrequency": 123.261,
    "InPlanePhaseEncodingDirectionDICOM": "COL",
    "InstitutionAddress": "Hillhouse_Ave._10_New_Haven_Northeast_US_06519",
    "InstitutionName": "Yale_University_-_Dunham_Lab._Bldg.",
    "InstitutionalDepartmentName": "Department",
    "MRAcquisitionType": "2D",
    "MagneticFieldStrength": 3,
    "Manufacturer": "Siemens",
    "ManufacturersModelName": "Prisma",
    "Modality": "MR",
    "MultibandAccelerationFactor": 6,
    "PartialFourier": 1,
    "PatientPosition": "HFS",
    "PercentPhaseFOV": 100,
    "PhaseEncodingAxis": "j",
    "PhaseEncodingDirection": "j",
    "PhaseEncodingSteps": 90,
    "PhaseResolution": 1,
    "PixelBandwidth": 2780,
    "ProcedureStepDescription": "ABCDadult",
    "ProtocolName": "ABCD_fMRI_task_Stop",
    "PulseSequenceDetails": "%CustomerSeq%_ep2d_bold_sms_abcd",
    "ReceiveCoilActiveElements": "HEA;HEP",
    "ReceiveCoilName": "Head_32",
    "ReconMatrixPE": 90,
    "RefLinesPE": 22,
    "RepetitionTime": 0.8,
    "SAR": 0.0646861,
    "ScanOptions": "FS_CT",
    "ScanningSequence": "EP",
    "SequenceName": "epfid2d1_90",
    "SequenceVariant": "SK",
    "SeriesDescription": "ABCD_fMRI_task_Stop",
    "SeriesNumber": 35,
    "ShimSetting": [
      -2133,
      -684,
      -4018,
      472,
      14,
      -138,
      -27,
      90
    ],
    "SliceThickness": 2.4,
    "SliceTiming": [
      0.5475,
      0,
      0.39,
      0.08,
      0.47,
      0.235,
      0.625,
      0.3125,
      0.7025,
      0.1575,
      0.5475,
      0,
      0.39,
      0.08,
      0.47,
      0.235,
      0.625,
      0.3125,
      0.7025,
      0.1575,
      0.5475,
      0,
      0.39,
      0.08,
      0.47,
      0.235,
      0.625,
      0.3125,
      0.7025,
      0.1575,
      0.5475,
      0,
      0.39,
      0.08,
      0.47,
      0.235,
      0.625,
      0.3125,
      0.7025,
      0.1575,
      0.5475,
      0,
      0.39,
      0.08,
      0.47,
      0.235,
      0.625,
      0.3125,
      0.7025,
      0.1575,
      0.5475,
      0,
      0.39,
      0.08,
      0.47,
      0.235,
      0.625,
      0.3125,
      0.7025,
      0.1575
    ],
    "SoftwareVersions": "syngo_MR_E11",
    "SpacingBetweenSlices": 2.4,
    "StationName": "AWP166095",
    "TotalReadoutTime": 0.045391,
    "TxRefAmp": 245.869,
    "WipMemBlock": "726a94cb-e4cc-48a1-8d8e-90dc635f7528",
    "dataset": "ds004097",
    "modality": "bold",
    "run_id": 2,
    "session_id": "04",
    "subject_id": "NDARDD890AYU",
    "task_id": "SST"
  },
  "dummy_trs": 3,
  "dvars_nstd": 34.686538436893414,
  "dvars_std": 1.09857427276644,
  "dvars_vstd": 1.0242941610884357,
  "efc": 0.5476306057831712,
  "fber": 570.1796875,
  "fd_mean": 0.09799128749951047,
  "fd_num": 36,
  "fd_perc": 8.144796380090497,
  "fwhm_avg": 3.027537483679538,
  "fwhm_x": 2.8163540547548114,
  "fwhm_y": 3.126074875780945,
  "fwhm_z": 3.1401835205028563,
  "gcor": 0.030089,
  "gsr_x": -0.02671831287443638,
  "gsr_y": 0.10833853483200073,
  "provenance": {
    "md5sum": "866f591af67bc6de8c0e18be95eba9d9",
    "settings": {
      "fd_thres": 0.2,
      "testing": false
    },
    "software": "mriqc",
    "version": "23.0.1",
    "webapi_port": null,
    "webapi_url": "https://mriqc.nimh.nih.gov/api/v1"
  },
  "size_t": 442,
  "size_x": 90,
  "size_y": 90,
  "size_z": 60,
  "snr": 2.300745012872763,
  "spacing_tr": 0.800000011920929,
  "spacing_x": 2.4000000953674316,
  "spacing_y": 2.4000000953674316,
  "spacing_z": 2.3999998569488525,
  "summary_bg_k": 13.258278455727599,
  "summary_bg_mad": 6.864582763718733,
  "summary_bg_mean": 29.099960327148438,
  "summary_bg_median": 11.061086654663086,
  "summary_bg_n": 310162.0,
  "summary_bg_p05": 6.047511577606201,
  "summary_bg_p95": 130.96799850463876,
  "summary_bg_stdv": 45.949188232421875,
  "summary_fg_k": 2.2291983590745534,
  "summary_fg_mad": 109.78970762591332,
  "summary_fg_mean": 293.1604309082031,
  "summary_fg_median": 269.9389343261719,
  "summary_fg_n": 97651.0,
  "summary_fg_p05": 147.35860443115234,
  "summary_fg_p95": 506.52378845214844,
  "summary_fg_stdv": 117.3261489868164,
  "tsnr": 37.60910112597048
}