{
  "aor": 0.000829868073878628,
  "aqi": 0.005513612532981531,
  "bids_meta": {
    "AcquisitionMatrixPE": 90,
    "AcquisitionNumber": 1,
    "AcquisitionTime": "12:08:16.215000",
    "BandwidthPerPixelPhaseEncode": 21.786,
    "BaseResolution": 90,
    "BodyPartExamined": "BRAIN",
    "ConsistencyInfo": "N4_VE11C_LATEST_20160120",
    "ConversionSoftware": "dcm2niix",
    "ConversionSoftwareVersion": "v1.0.20190902",
    "Dcm2bidsVersion": "2.1.4",
    "DerivedVendorReportedEchoSpacing": 0.000510012,
    "DeviceSerialNumber": "166095",
    "DwellTime": 2e-06,
    "EchoTime": 0.03,
    "EchoTrainLength": 90,
    "EffectiveEchoSpacing": 0.000510012,
    "FlipAngle": 52,
    "ImageComments": "SMS_ABCD_V1.2;_MB=6;_FOVshift=3;_K_PE=5;_K_RO=5;_LeakBlockOn;",
    "ImageOrientationPatientDICOM": [
      1,
      0,
      0,
      0,
      1,
      0
    ],
    "ImageType": [
      "ORIGINAL",
      "PRIMARY",
      "M",
      "ND",
      "MOSAIC"
    ],
    "ImagingFrequency": 123.261,
    "InPlanePhaseEncodingDirectionDICOM": "COL",
    "InstitutionAddress": "Hillhouse_Ave._10_New_Haven_Northeast_US_06519",
    "InstitutionName": "Yale_University_-_Dunham_Lab._Bldg.",
    "InstitutionalDepartmentName": "Department",
    "MRAcquisitionType": "2D",
    "MagneticFieldStrength": 3,
    "Manufacturer": "Siemens",
    "ManufacturersModelName": "Prisma",
    "Modality": "MR",
    "MultibandAccelerationFactor": 6,
    "PartialFourier": 1,
    "PatientPosition": "HFS",
    "PercentPhaseFOV": 100,
    "PhaseEncodingAxis": "j",
    "PhaseEncodingDirection": "j",
    "PhaseEncodingSteps": 90,
    "PhaseResolution": 1,
    "PixelBandwidth": 2780,
    "ProcedureStepDescription": "ABCDadult",
    "ProtocolName": "ABCD_fMRI_rest",
    "PulseSequenceDetails": "%CustomerSeq%_ep2d_bold_sms_abcd",
    "ReceiveCoilActiveElements": "HEA;HEP",
    "ReceiveCoilName": "Head_32",
    "ReconMatrixPE": 90,
    "RefLinesPE": 22,
    "RepetitionTime": 0.8,
    "SAR": 0.0646171,
    "ScanOptions": "FS_CT",
    "ScanningSequence": "EP",
    "SequenceName": "epfid2d1_90",
    "SequenceVariant": "SK",
    "SeriesDescription": "ABCD_fMRI_rest",
    "SeriesNumber": 23,
    "ShimSetting": [
      -2133,
      -684,
      -4018,
      472,
      14,
      -138,
      -27,
      90
    ],
    "SliceThickness": 2.4,
    "SliceTiming": [
      0.545,
      0,
      0.39,
      0.0775,
      0.4675,
      0.2325,
      0.6225,
      0.31,
      0.7,
      0.155,
      0.545,
      0,
      0.39,
      0.0775,
      0.4675,
      0.2325,
      0.6225,
      0.31,
      0.7,
      0.155,
      0.545,
      0,
      0.39,
      0.0775,
      0.4675,
      0.2325,
      0.6225,
      0.31,
      0.7,
      0.155,
      0.545,
      0,
      0.39,
      0.0775,
      0.4675,
      0.2325,
      0.6225,
      0.31,
      0.7,
      0.155,
      0.545,
      0,
      0.39,
      0.0775,
      0.4675,
      0.2325,
      0.6225,
      0.31,
      0.7,
      0.155,
      0.545,
      0,
      0.39,
      0.0775,
      0.4675,
      0.2325,
      0.6225,
      0.31,
      0.7,
      0.155
    ],
    "SoftwareVersions": "syngo_MR_E11",
    "SpacingBetweenSlices": 2.4,
    "StationName": "AWP166095",
    "TotalReadoutTime": 0.045391,
    "TxRefAmp": 245.869,
    "WipMemBlock": "aff9b27a-b6ca-416f-ac96-0b5265329b02",
    "dataset": "ds004097",
    "modality": "bold",
    "run_id": 4,
    "session_id": "04",
    "subject_id": "NDARDD890AYU",
    "task_id": "rest"
  },
  "dummy_trs": 4,
  "dvars_nstd": 33.90578808346563,
  "dvars_std": 1.0860342678835977,
  "dvars_vstd": 0.9899708993121684,
  "efc": 0.5428717783464458,
  "fber": 575.4957885742188,
  "fd_mean": 0.052448020462904914,
  "fd_num": 1,
  "fd_perc": 0.2638522427440633,
  "fwhm_avg": 3.133819427167797,
  "fwhm_x": 2.930124883567298,
  "fwhm_y": 3.232487371552492,
  "fwhm_z": 3.2388460263836003,
  "gcor": 0.0146547,
  "gsr_x": -0.027034925296902657,
  "gsr_y": 0.10895998030900955,
  "provenance": {
    "md5sum": "dbc10e7d57ecad722b40519697566545",
    "settings": {
      "fd_thres": 0.2,
      "testing": false
    },
    "software": "mriqc",
    "version": "23.0.1",
    "webapi_port": null,
    "webapi_url": "https://mriqc.nimh.nih.gov/api/v1"
  },
  "size_t": 379,
  "size_x": 90,
  "size_y": 90,
  "size_z": 60,
  "snr": 2.2070380648507135,
  "spacing_tr": 0.800000011920929,
  "spacing_x": 2.4000000953674316,
  "spacing_y": 2.4000000953674316,
  "spacing_z": 2.3999998569488525,
  "summary_bg_k": 13.822996858362824,
  "summary_bg_mad": 7.3621566442162125,
  "summary_bg_mean": 30.23871421813965,
  "summary_bg_median": 11.49868106842041,
  "summary_bg_n": 311340.0,
  "summary_bg_p05": 6.142480373382568,
  "summary_bg_p95": 135.0870819091797,
  "summary_bg_stdv": 47.66960525512695,
  "summary_fg_k": 2.295073923336692,
  "summary_fg_mad": 119.93429838264817,
  "summary_fg_mean": 307.7657470703125,
  "summary_fg_median": 282.1029052734375,
  "summary_fg_n": 96889.0,
  "summary_fg_p05": 150.37045593261718,
  "summary_fg_p95": 540.9810180664061,
  "summary_fg_stdv": 127.81902313232422,
  "tsnr": 40.54760127654299
}