{
  "bids_meta": {
    "AcquisitionMatrixPE": 256,
    "AcquisitionNumber": 1,
    "AcquisitionTime": "14:33:25.225000",
    "BaseResolution": 256,
    "BodyPartExamined": "BRAIN",
    "ConsistencyInfo": "N4_VE11C_LATEST_20160120",
    "ConversionSoftware": "dcm2niix",
    "ConversionSoftwareVersion": "v1.0.20190902",
    "Dcm2bidsVersion": "2.1.4",
    "DeviceSerialNumber": "166095",
    "DwellTime": 0.000510012,
    "EchoTime": 0.0029,
    "FlipAngle": 8,
    "ImageOrientationPatientDICOM": [
      0,
      1,
      0,
      -0.101056,
      0,
      -0.994881
    ],
    "ImageType": [
      "ORIGINAL",
      "PRIMARY",
      "M",
      "ND",
      "NORM"
    ],
    "ImagingFrequency": 123.261,
    "InPlanePhaseEncodingDirectionDICOM": "ROW",
    "InstitutionAddress": "Hillhouse_Ave._10_New_Haven_Northeast_US_06519",
    "InstitutionName": "Yale_University_-_Dunham_Lab._Bldg.",
    "InstitutionalDepartmentName": "Department",
    "InversionTime": 1.07,
    "MRAcquisitionType": "3D",
    "MagneticFieldStrength": 3,
    "Manufacturer": "Siemens",
    "ManufacturersModelName": "Prisma",
    "Modality": "MR",
    "ParallelReductionFactorInPlane": 2,
    "PartialFourier": 1,
    "PatientPosition": "HFS",
    "PercentPhaseFOV": 100,
    "PhaseEncodingSteps": 255,
    "PhaseResolution": 1,
    "PixelBandwidth": 240,
    "ProcedureStepDescription": "Casey_ABCD-Adult",
    "ProtocolName": "ABCD_T1w_MPR_vNav",
    "PulseSequenceDetails": "%CustomerSeq%_tfl_mgh_epinav_ABCD",
    "ReceiveCoilActiveElements": "HEA;HEP",
    "ReceiveCoilName": "Head_32",
    "ReconMatrixPE": 256,
    "RefLinesPE": 32,
    "RepetitionTime": 2.5,
    "SAR": 0.0299811,
    "ScanOptions": "IR_WE",
    "ScanningSequence": "GR_IR",
    "SequenceName": "tfl3d1_16ns",
    "SequenceVariant": "SK_SP_MP",
    "SeriesDescription": "ABCD_T1w_MPR_vNav",
    "SeriesNumber": 5,
    "ShimSetting": [
      -2128,
      -641,
      -4062,
      548,
      -4,
      -171,
      -26,
      78
    ],
    "SliceThickness": 1,
    "SoftwareVersions": "syngo_MR_E11",
    "StationName": "AWP166095",
    "TxRefAmp": 219.29,
    "WipMemBlock": "Prisma_epi_moco_navigator_ABCD_tfl.prot",
    "dataset": "ds004097",
    "modality": "T1w",
    "session_id": "04",
    "subject_id": "NDARTR918TJX"
  },
  "cjv": 0.36310445999875984,
  "cnr": 3.5137204761469216,
  "efc": 0.48792849057847293,
  "fber": 27800.285851626337,
  "fwhm_avg": 3.6245166666666666,
  "fwhm_x": 3.60613,
  "fwhm_y": 3.84675,
  "fwhm_z": 3.42067,
  "icvs_csf": 0.23584267820542018,
  "icvs_gm": 0.42405042131632886,
  "icvs_wm": 0.340106900478251,
  "inu_med": 0.392498642206192,
  "inu_range": 0.09047451019287112,
  "provenance": {
    "md5sum": "77a4d4fd25099a24d6957ee9f94db98a",
    "settings": {
      "testing": false
    },
    "software": "mriqc",
    "version": "23.0.1",
    "warnings": {
      "large_rot_frame": true,
      "small_air_mask": false
    },
    "webapi_port": null,
    "webapi_url": "https://mriqc.nimh.nih.gov/api/v1"
  },
  "qi_1": 1.1591742153287542e-05,
  "qi_2": 0.0022895206234725277,
  "rpve_csf": 25.113379807892493,
  "rpve_gm": 14.135538635151725,
  "rpve_wm": 20.742800422355938,
  "size_x": 176,
  "size_y": 256,
  "size_z": 256,
  "snr_csf": 2.0246734658246273,
  "snr_gm": 8.756088496204937,
  "snr_total": 12.369706279207355,
  "snr_wm": 26.3283568755925,
  "snrd_csf": 39.159053401374806,
  "snrd_gm": 132.6490933451467,
  "snrd_total": 121.19758858265227,
  "snrd_wm": 191.78461900143532,
  "spacing_x": 1.0,
  "spacing_y": 1.0,
  "spacing_z": 1.0,
  "summary_bg_k": 122.47942418560535,
  "summary_bg_mad": 3.4160008733897835,
  "summary_bg_mean": 2.765825501857921,
  "summary_bg_median": 2.304057575762272,
  "summary_bg_n": 3397580.0,
  "summary_bg_p05": 0.0,
  "summary_bg_p95": 10.836880970746279,
  "summary_bg_stdv": 4.3346752610344375,
  "summary_csf_k": 1.6097350361243592,
  "summary_csf_mad": 79.46544404622843,
  "summary_csf_mean": 219.54574836781595,
  "summary_csf_median": 204.1824582181871,
  "summary_csf_n": 38013.0,
  "summary_csf_p05": 78.19346582964063,
  "summary_csf_p95": 419.89301467984916,
  "summary_csf_stdv": 100.84577881543032,
  "summary_gm_k": 0.10729043386043369,
  "summary_gm_mad": 76.72974843152221,
  "summary_gm_mean": 691.17982937821,
  "summary_gm_median": 691.6566057410091,
  "summary_gm_n": 22640.0,
  "summary_gm_p05": 557.3271201873198,
  "summary_gm_p95": 821.9452038768678,
  "summary_gm_stdv": 78.98976018462878,
  "summary_wm_k": 0.7078424648136283,
  "summary_wm_mad": 35.23112765182514,
  "summary_wm_mean": 999.3133153175714,
  "summary_wm_median": 1000.000039704144,
  "summary_wm_n": 166426.0,
  "summary_wm_p05": 936.7751377522945,
  "summary_wm_p95": 1060.4913140237331,
  "summary_wm_stdv": 37.981748731470844,
  "tpm_overlap_csf": 0.1604392468899699,
  "tpm_overlap_gm": 0.46202233845507656,
  "tpm_overlap_wm": 0.5113826986649099,
  "wm2max": 0.9086645648009885
}