{
  "bids_meta": {
    "AcquisitionMatrixPE": 256,
    "AcquisitionNumber": 1,
    "AcquisitionTime": "15:02:58.902500",
    "BaseResolution": 256,
    "BodyPartExamined": "BRAIN",
    "ConsistencyInfo": "N4_VE11C_LATEST_20160120",
    "ConversionSoftware": "dcm2niix",
    "ConversionSoftwareVersion": "v1.0.20190902",
    "Dcm2bidsVersion": "2.1.4",
    "DeviceSerialNumber": "166095",
    "DwellTime": 0.000510012,
    "EchoTime": 0.565,
    "EchoTrainLength": 190,
    "FlipAngle": 120,
    "ImageOrientationPatientDICOM": [
      0,
      1,
      0,
      -0.101056,
      0,
      -0.994881
    ],
    "ImageType": [
      "ORIGINAL",
      "PRIMARY",
      "M",
      "ND",
      "NORM"
    ],
    "ImagingFrequency": 123.261,
    "InPlanePhaseEncodingDirectionDICOM": "ROW",
    "InstitutionAddress": "Hillhouse_Ave._10_New_Haven_Northeast_US_06519",
    "InstitutionName": "Yale_University_-_Dunham_Lab._Bldg.",
    "InstitutionalDepartmentName": "Department",
    "MRAcquisitionType": "3D",
    "MagneticFieldStrength": 3,
    "Manufacturer": "Siemens",
    "ManufacturersModelName": "Prisma",
    "Modality": "MR",
    "ParallelReductionFactorInPlane": 2,
    "PartialFourier": 1,
    "PatientPosition": "HFS",
    "PercentPhaseFOV": 100,
    "PhaseEncodingSteps": 227,
    "PhaseResolution": 1,
    "PixelBandwidth": 240,
    "ProcedureStepDescription": "Casey_ABCD-Adult",
    "ProtocolName": "ABCD_T2w_SPC_vNav",
    "PulseSequenceDetails": "%CustomerSeq%_tse_vfl_mgh_epinav_ABCD",
    "ReceiveCoilActiveElements": "HEA;HEP",
    "ReceiveCoilName": "Head_32",
    "ReconMatrixPE": 256,
    "RefLinesPE": 32,
    "RepetitionTime": 3.2,
    "SAR": 0.0657061,
    "ScanOptions": "PFP",
    "ScanningSequence": "SE",
    "SequenceName": "spc_200ns",
    "SequenceVariant": "SK_SP",
    "SeriesDescription": "ABCD_T2w_SPC_vNav",
    "SeriesNumber": 18,
    "ShimSetting": [
      -2128,
      -641,
      -4062,
      548,
      -4,
      -171,
      -26,
      78
    ],
    "SliceThickness": 1,
    "SoftwareVersions": "syngo_MR_E11",
    "StationName": "AWP166095",
    "TxRefAmp": 219.29,
    "WipMemBlock": "Prisma_epi_moco_navigator_ABCD_tse_vfl.prot",
    "dataset": "ds004097",
    "modality": "T2w",
    "session_id": "04",
    "subject_id": "NDARTR918TJX"
  },
  "cjv": 0.17566356978989228,
  "cnr": 1.658789382984446,
  "efc": 0.4778148795482011,
  "fber": 8656.295655517108,
  "fwhm_avg": 2.492436666666667,
  "fwhm_x": 2.39026,
  "fwhm_y": 2.77105,
  "fwhm_z": 2.316,
  "icvs_csf": 0.32020260019085356,
  "icvs_gm": 0.5518658930952529,
  "icvs_wm": 0.12793150671389353,
  "inu_med": 0.8538776636123657,
  "inu_range": 0.13692215085029602,
  "provenance": {
    "md5sum": "56757a7c96aec4d9a82b30e153648232",
    "settings": {
      "testing": false
    },
    "software": "mriqc",
    "version": "23.0.1",
    "warnings": {
      "large_rot_frame": true,
      "small_air_mask": false
    },
    "webapi_port": null,
    "webapi_url": "https://mriqc.nimh.nih.gov/api/v1"
  },
  "qi_1": 0.00015055171045492082,
  "qi_2": 0.014327504486316818,
  "rpve_csf": 17.012838439807968,
  "rpve_gm": 12.143463939805011,
  "rpve_wm": 54.68731573225214,
  "size_x": 176,
  "size_y": 256,
  "size_z": 256,
  "snr_csf": 8.613963105401519,
  "snr_gm": 10.849314332288216,
  "snr_total": 7.380321342196101,
  "snr_wm": 2.6776865888985686,
  "snrd_csf": 129.1517674125741,
  "snrd_gm": 78.46543655260517,
  "snrd_total": 138.43171513020954,
  "snrd_wm": 207.67794142544938,
  "spacing_x": 1.0,
  "spacing_y": 1.0,
  "spacing_z": 1.0,
  "summary_bg_k": 4.693878630066164,
  "summary_bg_mad": 0.0,
  "summary_bg_mean": 2.1134177825372515,
  "summary_bg_median": 0.0,
  "summary_bg_n": 3337029.0,
  "summary_bg_p05": 0.0,
  "summary_bg_p95": 7.604495722800493,
  "summary_bg_stdv": 3.154802482618155,
  "summary_csf_k": 1.8448068720028852,
  "summary_csf_mad": 61.93059000747072,
  "summary_csf_mean": 627.5088122884342,
  "summary_csf_median": 621.9289852734655,
  "summary_csf_n": 26528.0,
  "summary_csf_p05": 522.7975589793176,
  "summary_csf_p95": 753.5239860821515,
  "summary_csf_stdv": 72.19873772729478,
  "summary_gm_k": 0.22331979368503196,
  "summary_gm_mad": 34.71687222570287,
  "summary_gm_mean": 377.89813090610096,
  "summary_gm_median": 377.849489107728,
  "summary_gm_n": 217082.0,
  "summary_gm_p05": 321.3386910557747,
  "summary_gm_p95": 434.7148091048002,
  "summary_gm_stdv": 34.826958390370244,
  "summary_wm_k": -0.2739536576124171,
  "summary_wm_mad": 74.58477167035939,
  "summary_wm_mean": 787.9880567063709,
  "summary_wm_median": 1000.0709549859166,
  "summary_wm_n": 16943.0,
  "summary_wm_p05": 35.0994451764971,
  "summary_wm_p95": 1062.3250085487962,
  "summary_wm_stdv": 373.47217777098587,
  "tpm_overlap_csf": 0.12210392354188242,
  "tpm_overlap_gm": 0.3434269838590021,
  "tpm_overlap_wm": 0.03928812470564947,
  "wm2max": 0.9562859128430259
}