{
  "aor": 0.0008604187192118226,
  "aqi": 0.005006217438423646,
  "bids_meta": {
    "AcquisitionMatrixPE": 90,
    "AcquisitionNumber": 1,
    "AcquisitionTime": "13:34:53.800000",
    "BandwidthPerPixelPhaseEncode": 21.786,
    "BaseResolution": 90,
    "BodyPartExamined": "BRAIN",
    "ConsistencyInfo": "N4_VE11C_LATEST_20160120",
    "ConversionSoftware": "dcm2niix",
    "ConversionSoftwareVersion": "v1.0.20190902",
    "Dcm2bidsVersion": "2.1.4",
    "DerivedVendorReportedEchoSpacing": 0.000510012,
    "DeviceSerialNumber": "166095",
    "DwellTime": 2e-06,
    "EchoTime": 0.03,
    "EchoTrainLength": 90,
    "EffectiveEchoSpacing": 0.000510012,
    "FlipAngle": 52,
    "ImageComments": "SMS_ABCD_V1.2;_MB=6;_FOVshift=3;_K_PE=5;_K_RO=5;_LeakBlockOn;",
    "ImageOrientationPatientDICOM": [
      1,
      0,
      0,
      0,
      1,
      0
    ],
    "ImageType": [
      "ORIGINAL",
      "PRIMARY",
      "M",
      "ND",
      "MOSAIC"
    ],
    "ImagingFrequency": 123.261,
    "InPlanePhaseEncodingDirectionDICOM": "COL",
    "InstitutionAddress": "Hillhouse_Ave._10_New_Haven_Northeast_US_06519",
    "InstitutionName": "Yale_University_-_Dunham_Lab._Bldg.",
    "InstitutionalDepartmentName": "Department",
    "MRAcquisitionType": "2D",
    "MagneticFieldStrength": 3,
    "Manufacturer": "Siemens",
    "ManufacturersModelName": "Prisma",
    "Modality": "MR",
    "MultibandAccelerationFactor": 6,
    "PartialFourier": 1,
    "PatientPosition": "HFS",
    "PercentPhaseFOV": 100,
    "PhaseEncodingAxis": "j",
    "PhaseEncodingDirection": "j",
    "PhaseEncodingSteps": 90,
    "PhaseResolution": 1,
    "PixelBandwidth": 2780,
    "ProcedureStepDescription": "ABCDadult",
    "ProtocolName": "ABCD_fMRI_task_Monetary_Incentive",
    "PulseSequenceDetails": "%CustomerSeq%_ep2d_bold_sms_abcd",
    "ReceiveCoilActiveElements": "HEA;HEP",
    "ReceiveCoilName": "Head_32",
    "ReconMatrixPE": 90,
    "RefLinesPE": 22,
    "RepetitionTime": 0.8,
    "SAR": 0.0540055,
    "ScanOptions": "FS_CT",
    "ScanningSequence": "EP",
    "SequenceName": "epfid2d1_90",
    "SequenceVariant": "SK",
    "SeriesDescription": "ABCD_fMRI_task_Monetary_Incentive",
    "SeriesNumber": 35,
    "ShimSetting": [
      -2141,
      -640,
      -4144,
      478,
      -11,
      -151,
      -109,
      136
    ],
    "SliceThickness": 2.4,
    "SliceTiming": [
      0.545,
      0,
      0.39,
      0.0775,
      0.4675,
      0.2325,
      0.6225,
      0.3125,
      0.7025,
      0.155,
      0.545,
      0,
      0.39,
      0.0775,
      0.4675,
      0.2325,
      0.6225,
      0.3125,
      0.7025,
      0.155,
      0.545,
      0,
      0.39,
      0.0775,
      0.4675,
      0.2325,
      0.6225,
      0.3125,
      0.7025,
      0.155,
      0.545,
      0,
      0.39,
      0.0775,
      0.4675,
      0.2325,
      0.6225,
      0.3125,
      0.7025,
      0.155,
      0.545,
      0,
      0.39,
      0.0775,
      0.4675,
      0.2325,
      0.6225,
      0.3125,
      0.7025,
      0.155,
      0.545,
      0,
      0.39,
      0.0775,
      0.4675,
      0.2325,
      0.6225,
      0.3125,
      0.7025,
      0.155
    ],
    "SoftwareVersions": "syngo_MR_E11",
    "SpacingBetweenSlices": 2.4,
    "StationName": "AWP166095",
    "TotalReadoutTime": 0.045391,
    "TxRefAmp": 236.46,
    "WipMemBlock": "53cc94e2-0797-4408-8d1b-c6bda39bf32a",
    "dataset": "ds004097",
    "modality": "bold",
    "run_id": 2,
    "session_id": "04",
    "subject_id": "NDARNC943BP8",
    "task_id": "MID"
  },
  "dummy_trs": 5,
  "dvars_nstd": 29.971357952913582,
  "dvars_std": 1.0260647391358022,
  "dvars_vstd": 1.011677671728395,
  "efc": 0.5273501858665999,
  "fber": 515.298828125,
  "fd_mean": 0.1374637646282929,
  "fd_num": 55,
  "fd_perc": 13.54679802955665,
  "fwhm_avg": 3.0314249883563504,
  "fwhm_x": 2.7504623907064443,
  "fwhm_y": 3.057729045163431,
  "fwhm_z": 3.286083529199175,
  "gcor": 0.00697683,
  "gsr_x": -0.007791468407958746,
  "gsr_y": 0.06706531345844269,
  "provenance": {
    "md5sum": "f3e4704f5bb0841c2882d5d9cb0b9a44",
    "settings": {
      "fd_thres": 0.2,
      "testing": false
    },
    "software": "mriqc",
    "version": "23.0.1",
    "webapi_port": null,
    "webapi_url": "https://mriqc.nimh.nih.gov/api/v1"
  },
  "size_t": 406,
  "size_x": 90,
  "size_y": 90,
  "size_z": 60,
  "snr": 2.642413091598064,
  "spacing_tr": 0.800000011920929,
  "spacing_x": 2.4000000953674316,
  "spacing_y": 2.4000000953674316,
  "spacing_z": 2.3999998569488525,
  "summary_bg_k": 33.98751281948912,
  "summary_bg_mad": 8.00094009480148,
  "summary_bg_mean": 23.693294525146484,
  "summary_bg_median": 11.46798038482666,
  "summary_bg_n": 326189.0,
  "summary_bg_p05": 5.460590839385986,
  "summary_bg_p95": 87.52955627441406,
  "summary_bg_stdv": 34.50895309448242,
  "summary_fg_k": 1.413893230684785,
  "summary_fg_mad": 89.38705057643253,
  "summary_fg_mean": 283.2392578125,
  "summary_fg_median": 264.2881774902344,
  "summary_fg_n": 83165.0,
  "summary_fg_p05": 157.38916015625,
  "summary_fg_p95": 473.04138183593756,
  "summary_fg_stdv": 100.01713562011719,
  "tsnr": 41.87583567202091
}