{
  "aor": 0.0006421857923497268,
  "aqi": 0.005806064890710382,
  "bids_meta": {
    "AcquisitionMatrixPE": 90,
    "AcquisitionNumber": 1,
    "AcquisitionTime": "13:40:48.302500",
    "BandwidthPerPixelPhaseEncode": 21.786,
    "BaseResolution": 90,
    "BodyPartExamined": "BRAIN",
    "ConsistencyInfo": "N4_VE11C_LATEST_20160120",
    "ConversionSoftware": "dcm2niix",
    "ConversionSoftwareVersion": "v1.0.20190902",
    "Dcm2bidsVersion": "2.1.4",
    "DerivedVendorReportedEchoSpacing": 0.000510012,
    "DeviceSerialNumber": "166095",
    "DwellTime": 2e-06,
    "EchoTime": 0.03,
    "EchoTrainLength": 90,
    "EffectiveEchoSpacing": 0.000510012,
    "FlipAngle": 52,
    "ImageComments": "SMS_ABCD_V1.2;_MB=6;_FOVshift=3;_K_PE=5;_K_RO=5;_LeakBlockOn;",
    "ImageOrientationPatientDICOM": [
      1,
      0,
      0,
      0,
      1,
      0
    ],
    "ImageType": [
      "ORIGINAL",
      "PRIMARY",
      "M",
      "ND",
      "MOSAIC"
    ],
    "ImagingFrequency": 123.261,
    "InPlanePhaseEncodingDirectionDICOM": "COL",
    "InstitutionAddress": "Hillhouse_Ave._10_New_Haven_Northeast_US_06519",
    "InstitutionName": "Yale_University_-_Dunham_Lab._Bldg.",
    "InstitutionalDepartmentName": "Department",
    "MRAcquisitionType": "2D",
    "MagneticFieldStrength": 3,
    "Manufacturer": "Siemens",
    "ManufacturersModelName": "Prisma",
    "Modality": "MR",
    "MultibandAccelerationFactor": 6,
    "PartialFourier": 1,
    "PatientPosition": "HFS",
    "PercentPhaseFOV": 100,
    "PhaseEncodingAxis": "j",
    "PhaseEncodingDirection": "j",
    "PhaseEncodingSteps": 90,
    "PhaseResolution": 1,
    "PixelBandwidth": 2780,
    "ProcedureStepDescription": "ABCDadult",
    "ProtocolName": "ABCD_fMRI_task_Emotional_n-back",
    "PulseSequenceDetails": "%CustomerSeq%_ep2d_bold_sms_abcd",
    "ReceiveCoilActiveElements": "HEA;HEP",
    "ReceiveCoilName": "Head_32",
    "ReconMatrixPE": 90,
    "RefLinesPE": 22,
    "RepetitionTime": 0.8,
    "SAR": 0.0564318,
    "ScanOptions": "FS_CT",
    "ScanningSequence": "EP",
    "SequenceName": "epfid2d1_90",
    "SequenceVariant": "SK",
    "SeriesDescription": "ABCD_fMRI_task_Emotional_n-back",
    "SeriesNumber": 39,
    "ShimSetting": [
      -2143,
      -642,
      -4132,
      509,
      -80,
      -222,
      -99,
      102
    ],
    "SliceThickness": 2.4,
    "SliceTiming": [
      0.545,
      0,
      0.39,
      0.0775,
      0.4675,
      0.235,
      0.625,
      0.3125,
      0.7025,
      0.155,
      0.545,
      0,
      0.39,
      0.0775,
      0.4675,
      0.235,
      0.625,
      0.3125,
      0.7025,
      0.155,
      0.545,
      0,
      0.39,
      0.0775,
      0.4675,
      0.235,
      0.625,
      0.3125,
      0.7025,
      0.155,
      0.545,
      0,
      0.39,
      0.0775,
      0.4675,
      0.235,
      0.625,
      0.3125,
      0.7025,
      0.155,
      0.545,
      0,
      0.39,
      0.0775,
      0.4675,
      0.235,
      0.625,
      0.3125,
      0.7025,
      0.155,
      0.545,
      0,
      0.39,
      0.0775,
      0.4675,
      0.235,
      0.625,
      0.3125,
      0.7025,
      0.155
    ],
    "SoftwareVersions": "syngo_MR_E11",
    "SpacingBetweenSlices": 2.4,
    "StationName": "AWP166095",
    "TotalReadoutTime": 0.045391,
    "TxRefAmp": 237.755,
    "WipMemBlock": "4e3276c9-6e9b-435e-8b9e-1e331db80be2",
    "dataset": "ds004097",
    "modality": "bold",
    "run_id": 1,
    "session_id": "05",
    "subject_id": "NDARNC943BP8",
    "task_id": "nback"
  },
  "dummy_trs": 4,
  "dvars_nstd": 30.80728265931506,
  "dvars_std": 1.0070336736438366,
  "dvars_vstd": 0.9879141022739708,
  "efc": 0.5323074114482453,
  "fber": 447.8789978027344,
  "fd_mean": 0.1381732667288411,
  "fd_num": 40,
  "fd_perc": 10.92896174863388,
  "fwhm_avg": 3.0627680408886526,
  "fwhm_x": 2.813233221545489,
  "fwhm_y": 3.1426748751213203,
  "fwhm_z": 3.23239602599915,
  "gcor": 0.00969166,
  "gsr_x": -0.01406402699649334,
  "gsr_y": 0.07258427143096924,
  "provenance": {
    "md5sum": "170fc03a5f8de3d98b27eaf673110e45",
    "settings": {
      "fd_thres": 0.2,
      "testing": false
    },
    "software": "mriqc",
    "version": "23.0.1",
    "webapi_port": null,
    "webapi_url": "https://mriqc.nimh.nih.gov/api/v1"
  },
  "size_t": 366,
  "size_x": 90,
  "size_y": 90,
  "size_z": 60,
  "snr": 2.64591955333147,
  "spacing_tr": 0.800000011920929,
  "spacing_x": 2.4000000953674316,
  "spacing_y": 2.4000000953674316,
  "spacing_z": 2.3999998569488525,
  "summary_bg_k": 28.741573729752396,
  "summary_bg_mad": 9.32500020910107,
  "summary_bg_mean": 26.56095314025879,
  "summary_bg_median": 12.726775169372559,
  "summary_bg_n": 329086.0,
  "summary_bg_p05": 5.825136661529541,
  "summary_bg_p95": 99.72335433959961,
  "summary_bg_stdv": 37.901344299316406,
  "summary_fg_k": 0.9726771022018057,
  "summary_fg_mad": 97.6451557924117,
  "summary_fg_mean": 290.08349609375,
  "summary_fg_median": 271.16119384765625,
  "summary_fg_n": 82859.0,
  "summary_fg_p05": 158.48605499267578,
  "summary_fg_p95": 481.3043487548827,
  "summary_fg_stdv": 102.48216247558594,
  "tsnr": 39.156479358673096
}