{
  "bids_meta": {
    "AcquisitionMatrixPE": 256,
    "AcquisitionNumber": 1,
    "AcquisitionTime": "15:06:20.907500",
    "BaseResolution": 256,
    "BodyPartExamined": "BRAIN",
    "ConsistencyInfo": "N4_VE11C_LATEST_20160120",
    "ConversionSoftware": "dcm2niix",
    "ConversionSoftwareVersion": "v1.0.20190902",
    "Dcm2bidsVersion": "2.1.4",
    "DeviceSerialNumber": "166095",
    "DwellTime": 0.000510012,
    "EchoTime": 0.565,
    "EchoTrainLength": 190,
    "FlipAngle": 120,
    "ImageOrientationPatientDICOM": [
      -0.0261913,
      0.999657,
      3.61057e-08,
      -0.0331324,
      -0.000868044,
      -0.999451
    ],
    "ImageType": [
      "ORIGINAL",
      "PRIMARY",
      "M",
      "ND",
      "NORM"
    ],
    "ImagingFrequency": 123.261,
    "InPlanePhaseEncodingDirectionDICOM": "ROW",
    "InstitutionAddress": "Hillhouse_Ave._10_New_Haven_Northeast_US_06519",
    "InstitutionName": "Yale_University_-_Dunham_Lab._Bldg.",
    "InstitutionalDepartmentName": "Department",
    "MRAcquisitionType": "3D",
    "MagneticFieldStrength": 3,
    "Manufacturer": "Siemens",
    "ManufacturersModelName": "Prisma",
    "Modality": "MR",
    "ParallelReductionFactorInPlane": 2,
    "PartialFourier": 1,
    "PatientPosition": "HFS",
    "PercentPhaseFOV": 100,
    "PhaseEncodingSteps": 227,
    "PhaseResolution": 1,
    "PixelBandwidth": 240,
    "ProcedureStepDescription": "ABCDadult",
    "ProtocolName": "ABCD_T2w_SPC_vNav",
    "PulseSequenceDetails": "%CustomerSeq%_tse_vfl_mgh_epinav_ABCD",
    "ReceiveCoilActiveElements": "HEA;HEP",
    "ReceiveCoilName": "Head_32",
    "ReconMatrixPE": 256,
    "RefLinesPE": 32,
    "RepetitionTime": 3.2,
    "SAR": 0.0710857,
    "ScanOptions": "PFP",
    "ScanningSequence": "SE",
    "SequenceName": "spc_200ns",
    "SequenceVariant": "SK_SP",
    "SeriesDescription": "ABCD_T2w_SPC_vNav",
    "SeriesNumber": 18,
    "ShimSetting": [
      -2124,
      -630,
      -4032,
      554,
      -10,
      -129,
      -118,
      44
    ],
    "SliceThickness": 1,
    "SoftwareVersions": "syngo_MR_E11",
    "StationName": "AWP166095",
    "TxRefAmp": 221.685,
    "WipMemBlock": "Prisma_epi_moco_navigator_ABCD_tse_vfl.prot",
    "dataset": "ds004097",
    "modality": "T2w",
    "session_id": "01",
    "subject_id": "NDARTR918TJX"
  },
  "cjv": 2.0172210894363847,
  "cnr": 0.7078866226618722,
  "efc": 0.4694904094262272,
  "fber": 10257.754981626209,
  "fwhm_avg": 3.2068966666666667,
  "fwhm_x": 3.12077,
  "fwhm_y": 3.43646,
  "fwhm_z": 3.06346,
  "icvs_csf": 0.3858243519064757,
  "icvs_gm": 0.4895419465071407,
  "icvs_wm": 0.12463370158638364,
  "inu_med": 0.8443790674209595,
  "inu_range": 0.7021563291549684,
  "provenance": {
    "md5sum": "adce4a6e1771d29278fefcc99d8ad20c",
    "settings": {
      "testing": false
    },
    "software": "mriqc",
    "version": "23.0.1",
    "warnings": {
      "large_rot_frame": true,
      "small_air_mask": false
    },
    "webapi_port": null,
    "webapi_url": "https://mriqc.nimh.nih.gov/api/v1"
  },
  "qi_1": 0.009166315520585533,
  "qi_2": 0.002546758855534396,
  "rpve_csf": 15.107155304822372,
  "rpve_gm": 13.470662029796301,
  "rpve_wm": 56.28709020098415,
  "size_x": 176,
  "size_y": 256,
  "size_z": 256,
  "snr_csf": 8.003857282641013,
  "snr_gm": 10.943290365387716,
  "snr_total": 6.818198964167304,
  "snr_wm": 1.507449244473182,
  "snrd_csf": 84.97441915216146,
  "snrd_gm": 48.98791610192676,
  "snrd_total": 75.51585223783985,
  "snrd_wm": 92.58522145943132,
  "spacing_x": 1.0,
  "spacing_y": 1.0,
  "spacing_z": 1.0,
  "summary_bg_k": 10.194907538845861,
  "summary_bg_mad": 7.180802813156499,
  "summary_bg_mean": 7.244709666907634,
  "summary_bg_median": 4.843377895653248,
  "summary_bg_n": 3455342.0,
  "summary_bg_p05": 0.0,
  "summary_bg_p95": 27.130791626870632,
  "summary_bg_stdv": 10.73409983852039,
  "summary_csf_k": -0.5499480263149192,
  "summary_csf_mad": 124.05858518664684,
  "summary_csf_mean": 946.888135445094,
  "summary_csf_median": 931.3855070397258,
  "summary_csf_n": 59813.0,
  "summary_csf_p05": 775.3342338651419,
  "summary_csf_p95": 1133.9804604798555,
  "summary_csf_stdv": 116.36610802837643,
  "summary_gm_k": 0.4022594983869654,
  "summary_gm_mad": 47.813638243700595,
  "summary_gm_mean": 538.5691994892268,
  "summary_gm_median": 536.9455364644527,
  "summary_gm_n": 207724.0,
  "summary_gm_p05": 461.3022117689252,
  "summary_gm_p95": 621.4093217179179,
  "summary_gm_stdv": 49.06606935257264,
  "summary_wm_k": -1.8398040879426174,
  "summary_wm_mad": 916.1361637842143,
  "summary_wm_mean": 809.9281035535003,
  "summary_wm_median": 1014.8058003075421,
  "summary_wm_n": 25600.0,
  "summary_wm_p05": 25.083184711635113,
  "summary_wm_p95": 1630.72202270478,
  "summary_wm_stdv": 673.1808605886669,
  "tpm_overlap_csf": 0.12110159705514781,
  "tpm_overlap_gm": 0.313040749133738,
  "tpm_overlap_wm": 0.031248630352848118,
  "wm2max": 0.6401266766020864
}